STORAGE: NONE
STRATEGY: MAX
RESTRICTION: || (== net461) (== netstandard2.0)
NUGET
  remote: https://api.nuget.org/v3/index.json
    akarnokd.reactive_extensions (0.0.27-alpha)
      System.Reactive (>= 4.1.6) - restriction: || (&& (== net461) (>= netstandard2.0)) (== netstandard2.0)
    Castle.Core (4.4.1)
      NETStandard.Library (>= 1.6.1) - restriction: || (&& (== net461) (< net35)) (== netstandard2.0)
      System.Collections.Specialized (>= 4.3) - restriction: || (&& (== net461) (< net35)) (== netstandard2.0)
      System.ComponentModel (>= 4.3) - restriction: || (&& (== net461) (< net35)) (== netstandard2.0)
      System.ComponentModel.TypeConverter (>= 4.3) - restriction: || (&& (== net461) (< net35)) (== netstandard2.0)
      System.Diagnostics.TraceSource (>= 4.3) - restriction: || (&& (== net461) (< net35)) (== netstandard2.0)
      System.Dynamic.Runtime (>= 4.3) - restriction: || (&& (== net461) (< net35)) (== netstandard2.0)
      System.Reflection (>= 4.3) - restriction: || (&& (== net461) (< net35)) (== netstandard2.0)
      System.Reflection.Emit (>= 4.3) - restriction: || (&& (== net461) (< net35)) (== netstandard2.0)
      System.Reflection.TypeExtensions (>= 4.3) - restriction: || (&& (== net461) (< net35)) (== netstandard2.0)
      System.Xml.XmlDocument (>= 4.3) - restriction: || (&& (== net461) (< net35)) (== netstandard2.0)
    DevExpress.Data (20.1.6)
    DevExpress.Xpo (20.1.6)
      DevExpress.Data (20.1.6)
      Microsoft.Extensions.Dependencyinjection (>= 2.0) - restriction: || (&& (== net461) (< net452) (>= netstandard2.0)) (== netstandard2.0)
      Microsoft.Win32.Registry (>= 4.5) - restriction: || (&& (== net461) (< net452) (>= netstandard2.0)) (== netstandard2.0)
      NETStandard.Library (>= 2.0.3) - restriction: || (&& (== net461) (< net452) (>= netstandard2.0)) (== netstandard2.0)
      System.Configuration.ConfigurationManager (>= 4.5) - restriction: || (&& (== net461) (< net452) (>= netstandard2.0)) (== netstandard2.0)
      System.Data.SqlClient (>= 4.5) - restriction: || (&& (== net461) (< net452) (>= netstandard2.0)) (== netstandard2.0)
      System.Drawing.Common (>= 4.5) - restriction: || (&& (== net461) (< net452) (>= netstandard2.0)) (== netstandard2.0)
      System.ServiceModel.Http (>= 4.5) - restriction: || (&& (== net461) (< net452) (>= netstandard2.0)) (== netstandard2.0)
      System.ServiceModel.NetTcp (>= 4.4) - restriction: || (&& (== net461) (< net452) (>= netstandard2.0)) (== netstandard2.0)
      System.ServiceModel.Security (>= 4.4) - restriction: || (&& (== net461) (< net452) (>= netstandard2.0)) (== netstandard2.0)
    Enums.NET (3.0.3)
      System.ComponentModel.Annotations (>= 4.6) - restriction: || (&& (== net461) (< net45)) (&& (== net461) (>= netstandard2.1)) (== netstandard2.0)
      System.Runtime.CompilerServices.Unsafe (>= 4.6) - restriction: || (&& (== net461) (< net45)) (&& (== net461) (< netstandard1.1)) (&& (== net461) (>= netstandard2.1)) (== netstandard2.0)
    FasterFlect.Xpand (2.0.7)
      System.Reflection.Emit.Lightweight (>= 4.6) - restriction: || (&& (== net461) (>= netstandard2.0)) (== netstandard2.0)
    Google.Apis (1.48)
      Google.Apis.Core (>= 1.48)
    Google.Apis.Auth (1.48)
      Google.Apis (>= 1.48)
      Google.Apis.Core (>= 1.48)
    Google.Apis.Calendar.v3 (1.43.0.1809)
      Google.Apis (>= 1.43)
      Google.Apis.Auth (>= 1.43)
    Google.Apis.Core (1.48)
      Newtonsoft.Json (>= 12.0.3)
    Google.Apis.Tasks.v1 (1.43.0.1804)
      Google.Apis (>= 1.43)
      Google.Apis.Auth (>= 1.43)
    Grpc (2.23)
      Grpc.Core (>= 2.23)
    Grpc.Core (2.25)
      Grpc.Core.Api (>= 2.25)
      System.Memory (>= 4.5.3)
    Grpc.Core.Api (2.29)
      System.Memory (>= 4.5.3)
    Humanizer.Core (2.7.9)
      NETStandard.Library (>= 1.6.1) - restriction: == net461
    Jetbrains.Annotations (2020.1)
    MagicOnion (2.6.3)
      Grpc (>= 2.23) - restriction: || (&& (== net461) (>= netstandard2.0)) (== netstandard2.0)
      MessagePack (>= 1.7.3.7) - restriction: || (&& (== net461) (>= netstandard2.0)) (== netstandard2.0)
      System.Buffers (>= 4.5) - restriction: || (&& (== net461) (>= netstandard2.0)) (== netstandard2.0)
      System.Collections.Immutable (>= 1.5) - restriction: || (&& (== net461) (>= netstandard2.0)) (== netstandard2.0)
      System.Runtime.CompilerServices.Unsafe (>= 4.5.2) - restriction: || (&& (== net461) (>= netstandard2.0)) (== netstandard2.0)
      System.Threading.Tasks.Extensions (>= 4.5.3) - restriction: || (&& (== net461) (>= netstandard2.0)) (== netstandard2.0)
      System.Threading.Tasks.Parallel (>= 4.3) - restriction: || (&& (== net461) (>= netstandard2.0)) (== netstandard2.0)
    MessagePack (1.7.3.7)
      System.Reflection.Emit (>= 4.3) - restriction: || (&& (== net461) (< net45) (>= netstandard1.6)) (&& (== net461) (< net45) (>= netstandard2.0)) (== netstandard2.0)
      System.Reflection.Emit.Lightweight (>= 4.3) - restriction: || (&& (== net461) (< net45) (>= netstandard1.6)) (&& (== net461) (< net45) (>= netstandard2.0)) (== netstandard2.0)
      System.Runtime.Serialization.Primitives (>= 4.3) - restriction: || (&& (== net461) (< net45) (>= netstandard1.6)) (&& (== net461) (< net45) (>= netstandard2.0)) (== netstandard2.0)
      System.Threading.Tasks.Extensions (>= 4.3)
      System.ValueTuple (>= 4.3)
    Microsoft.Bcl.AsyncInterfaces (1.1.1)
      System.Threading.Tasks.Extensions (>= 4.5.4)
    Microsoft.CSharp (4.7)
    Microsoft.Extensions.Dependencyinjection (3.1.2)
      Microsoft.Bcl.AsyncInterfaces (>= 1.1)
      Microsoft.Extensions.DependencyInjection.Abstractions (>= 3.1.2)
    Microsoft.Extensions.DependencyInjection.Abstractions (3.1.4)
    Microsoft.Graph.Beta (0.18.0-preview)
      Microsoft.Graph.Core (>= 1.19 < 2.0)
      Newtonsoft.Json (>= 9.0.1) - restriction: == netstandard2.0
      System.Net.Http (>= 4.3.3) - restriction: == netstandard2.0
    Microsoft.Graph.Core (1.19)
      NETStandard.Library (>= 1.6) - restriction: || (&& (== net461) (< net45)) (== netstandard2.0)
      Newtonsoft.Json (>= 6.0.1) - restriction: || (== net461) (&& (== netstandard2.0) (>= net45))
      Newtonsoft.Json (>= 9.0.1) - restriction: || (&& (== net461) (< net45)) (== netstandard2.0)
      System.Diagnostics.DiagnosticSource (>= 4.6)
      System.Net.Http (>= 4.3.3) - restriction: || (&& (== net461) (>= monoandroid7.0)) (&& (== net461) (< net45)) (&& (== net461) (>= xamarinios)) (== netstandard2.0)
      System.ValueTuple (>= 4.3)
    Microsoft.Identity.Client (4.13)
      Microsoft.CSharp (>= 4.5) - restriction: || (&& (== net461) (< net45)) (&& (== net461) (>= netcoreapp2.1)) (&& (== net461) (>= uap10.0)) (&& (== net461) (>= xamarinios)) (== netstandard2.0)
      NETStandard.Library (>= 1.6.1) - restriction: || (&& (== net461) (< net45)) (== netstandard2.0)
      System.ComponentModel.TypeConverter (>= 4.3) - restriction: || (&& (== net461) (< net45)) (&& (== net461) (>= netcoreapp2.1)) (&& (== net461) (>= xamarinios)) (== netstandard2.0)
      System.Diagnostics.Process (>= 4.3) - restriction: || (&& (== net461) (< net45)) (== netstandard2.0)
      System.Dynamic.Runtime (>= 4.3) - restriction: || (&& (== net461) (< net45)) (== netstandard2.0)
      System.Private.Uri (>= 4.3.2) - restriction: || (&& (== net461) (< net45)) (&& (== net461) (>= netcoreapp2.1)) (== netstandard2.0)
      System.Runtime.Serialization.Formatters (>= 4.3) - restriction: || (&& (== net461) (< net45)) (&& (== net461) (>= netcoreapp2.1)) (&& (== net461) (>= uap10.0)) (&& (== net461) (>= xamarinios)) (== netstandard2.0)
      System.Runtime.Serialization.Json (>= 4.3) - restriction: || (&& (== net461) (< net45)) (&& (== net461) (>= netcoreapp2.1)) (&& (== net461) (>= uap10.0)) (== netstandard2.0)
      System.Runtime.Serialization.Primitives (>= 4.3) - restriction: || (&& (== net461) (< net45)) (&& (== net461) (>= netcoreapp2.1)) (&& (== net461) (>= uap10.0)) (&& (== net461) (>= xamarinios)) (== netstandard2.0)
      System.Security.Cryptography.X509Certificates (>= 4.3) - restriction: || (&& (== net461) (< net45)) (== netstandard2.0)
      System.Security.SecureString (>= 4.3) - restriction: || (&& (== net461) (>= monoandroid9.0)) (&& (== net461) (< net45)) (&& (== net461) (>= netcoreapp2.1)) (&& (== net461) (>= uap10.0)) (&& (== net461) (>= xamarinios)) (== netstandard2.0)
      System.Xml.XDocument (>= 4.3) - restriction: || (&& (== net461) (< net45)) (&& (== net461) (>= netcoreapp2.1)) (&& (== net461) (>= uap10.0)) (== netstandard2.0)
      System.Xml.XmlDocument (>= 4.3) - restriction: || (&& (== net461) (< net45)) (&& (== net461) (>= xamarinios)) (== netstandard2.0)
    Microsoft.IdentityModel.JsonWebTokens (6.6)
      Microsoft.IdentityModel.Tokens (>= 6.6)
    Microsoft.IdentityModel.Logging (6.6)
    Microsoft.IdentityModel.Protocols (6.6)
      Microsoft.IdentityModel.Logging (>= 6.6)
      Microsoft.IdentityModel.Tokens (>= 6.6)
    Microsoft.IdentityModel.Protocols.OpenIdConnect (6.6)
      Microsoft.IdentityModel.Protocols (>= 6.6)
      System.IdentityModel.Tokens.Jwt (>= 6.6)
    Microsoft.IdentityModel.Tokens (6.6)
      Microsoft.CSharp (>= 4.5) - restriction: || (&& (== net461) (< net45) (>= netstandard2.0)) (== netstandard2.0)
      Microsoft.IdentityModel.Logging (>= 6.6)
      System.Security.Cryptography.Cng (>= 4.5) - restriction: || (&& (== net461) (< net45) (>= netstandard2.0)) (== netstandard2.0)
    Microsoft.NETCore.Platforms (3.1.1) - restriction: || (&& (== net461) (>= monoandroid7.0)) (&& (== net461) (< net45)) (&& (== net461) (>= xamarinios)) (== netstandard2.0)
    Microsoft.NETCore.Targets (3.1) - restriction: || (&& (== net461) (< net45)) (&& (== net461) (>= netcoreapp2.1)) (== netstandard2.0)
    Microsoft.Owin (4.1)
      Owin (>= 1.0)
    Microsoft.Owin.Host.SystemWeb (4.1)
      Microsoft.Owin (>= 4.1)
      Owin (>= 1.0)
    Microsoft.Owin.Security (4.1)
      Microsoft.Owin (>= 4.1)
      Owin (>= 1.0)
    Microsoft.Owin.Security.Cookies (4.1)
      Microsoft.Owin (>= 4.1)
      Microsoft.Owin.Security (>= 4.1)
      Owin (>= 1.0)
    Microsoft.Owin.Security.OpenIdConnect (4.1)
      Microsoft.IdentityModel.Logging (>= 5.3)
      Microsoft.IdentityModel.Protocols (>= 5.3)
      Microsoft.IdentityModel.Protocols.OpenIdConnect (>= 5.3)
      Microsoft.IdentityModel.Tokens (>= 5.3)
      Microsoft.Owin (>= 4.1)
      Microsoft.Owin.Security (>= 4.1)
      Owin (>= 1.0)
      System.IdentityModel.Tokens.Jwt (>= 5.3)
    Microsoft.Win32.Primitives (4.3) - restriction: || (&& (== net461) (< net45)) (== netstandard2.0)
      Microsoft.NETCore.Platforms (>= 1.1) - restriction: || (&& (== net461) (< net46)) (== netstandard2.0)
      Microsoft.NETCore.Targets (>= 1.1) - restriction: || (&& (== net461) (< net46)) (== netstandard2.0)
      System.Runtime (>= 4.3) - restriction: || (&& (== net461) (< net46)) (== netstandard2.0)
    Microsoft.Win32.Registry (4.7) - restriction: || (&& (== net461) (< net451) (>= netstandard2.0)) (&& (== net461) (>= netcoreapp2.0)) (== netstandard2.0)
      System.Buffers (>= 4.5) - restriction: || (&& (== net461) (>= monoandroid)) (&& (== net461) (>= monotouch)) (&& (== net461) (< net46) (>= netstandard2.0)) (&& (== net461) (>= xamarinios)) (&& (== net461) (>= xamarinmac)) (&& (== net461) (>= xamarintvos)) (&& (== net461) (>= xamarinwatchos)) (== netstandard2.0)
      System.Memory (>= 4.5.3) - restriction: || (&& (== net461) (< net46) (>= netstandard2.0)) (&& (== net461) (>= netcoreapp2.0)) (&& (== net461) (>= uap10.1)) (== netstandard2.0)
      System.Security.AccessControl (>= 4.7)
      System.Security.Principal.Windows (>= 4.7)
    Mono.Cecil (0.11.2)
    Moq (4.13.1)
      Castle.Core (>= 4.4)
      System.Threading.Tasks.Extensions (>= 4.5.1)
    NETStandard.Library (2.0.3)
      Microsoft.NETCore.Platforms (>= 1.1)
    Newtonsoft.Json (12.0.3)
    NUnit (3.12)
      NETStandard.Library (>= 2.0) - restriction: || (&& (== net461) (< net35) (>= netstandard2.0)) (== netstandard2.0)
    NUnit3TestAdapter (3.16.1)
    Owin (1.0)
    Polly (7.2.1)
      System.ValueTuple (>= 4.5) - restriction: || (== net461) (&& (== netstandard2.0) (>= net461))
    runtime.debian.8-x64.runtime.native.System.Security.Cryptography.OpenSsl (4.3.3) - restriction: || (&& (== net461) (>= monoandroid7.0)) (&& (== net461) (< net45) (>= netstandard1.6)) (&& (== net461) (>= xamarinios)) (== netstandard2.0)
    runtime.debian.9-x64.runtime.native.System.Security.Cryptography.OpenSsl (4.3.3) - restriction: || (&& (== net461) (>= monoandroid7.0)) (&& (== net461) (< net45) (>= netstandard1.6)) (&& (== net461) (>= xamarinios)) (== netstandard2.0)
    runtime.fedora.23-x64.runtime.native.System.Security.Cryptography.OpenSsl (4.3.3) - restriction: || (&& (== net461) (>= monoandroid7.0)) (&& (== net461) (< net45) (>= netstandard1.6)) (&& (== net461) (>= xamarinios)) (== netstandard2.0)
    runtime.fedora.24-x64.runtime.native.System.Security.Cryptography.OpenSsl (4.3.3) - restriction: || (&& (== net461) (>= monoandroid7.0)) (&& (== net461) (< net45) (>= netstandard1.6)) (&& (== net461) (>= xamarinios)) (== netstandard2.0)
    runtime.fedora.27-x64.runtime.native.System.Security.Cryptography.OpenSsl (4.3.3) - restriction: || (&& (== net461) (>= monoandroid7.0)) (&& (== net461) (< net45) (>= netstandard1.6)) (&& (== net461) (>= xamarinios)) (== netstandard2.0)
    runtime.fedora.28-x64.runtime.native.System.Security.Cryptography.OpenSsl (4.3.3) - restriction: || (&& (== net461) (>= monoandroid7.0)) (&& (== net461) (< net45) (>= netstandard1.6)) (&& (== net461) (>= xamarinios)) (== netstandard2.0)
    runtime.native.System (4.3.1) - restriction: || (&& (== net461) (>= monoandroid7.0)) (&& (== net461) (< net45) (>= netstandard1.6)) (&& (== net461) (>= xamarinios)) (== netstandard2.0)
      Microsoft.NETCore.Platforms (>= 1.1.1)
      Microsoft.NETCore.Targets (>= 1.1.3)
    runtime.native.System.Data.SqlClient.sni (4.7) - restriction: || (&& (== net461) (< net451) (>= netstandard2.0)) (&& (== net461) (>= netcoreapp2.0)) (== netstandard2.0)
      runtime.win-arm64.runtime.native.System.Data.SqlClient.sni (>= 4.4)
      runtime.win-x64.runtime.native.System.Data.SqlClient.sni (>= 4.4)
      runtime.win-x86.runtime.native.System.Data.SqlClient.sni (>= 4.4)
    runtime.native.System.Net.Http (4.3.1) - restriction: || (&& (== net461) (>= monoandroid7.0)) (&& (== net461) (< net45) (>= netstandard1.6)) (&& (== net461) (>= xamarinios)) (== netstandard2.0)
      Microsoft.NETCore.Platforms (>= 1.1.1)
      Microsoft.NETCore.Targets (>= 1.1.3)
    runtime.native.System.Security.Cryptography.Apple (4.3.1) - restriction: || (&& (== net461) (>= monoandroid7.0)) (&& (== net461) (< net45) (>= netstandard1.6)) (&& (== net461) (>= xamarinios)) (== netstandard2.0)
      runtime.osx.10.10-x64.runtime.native.System.Security.Cryptography.Apple (>= 4.3.1)
    runtime.native.System.Security.Cryptography.OpenSsl (4.3.3) - restriction: || (&& (== net461) (>= monoandroid7.0)) (&& (== net461) (< net45) (>= netstandard1.6)) (&& (== net461) (>= xamarinios)) (== netstandard2.0)
      runtime.debian.8-x64.runtime.native.System.Security.Cryptography.OpenSsl (>= 4.3.3)
      runtime.debian.9-x64.runtime.native.System.Security.Cryptography.OpenSsl (>= 4.3.3)
      runtime.fedora.23-x64.runtime.native.System.Security.Cryptography.OpenSsl (>= 4.3.3)
      runtime.fedora.24-x64.runtime.native.System.Security.Cryptography.OpenSsl (>= 4.3.3)
      runtime.fedora.27-x64.runtime.native.System.Security.Cryptography.OpenSsl (>= 4.3.3)
      runtime.fedora.28-x64.runtime.native.System.Security.Cryptography.OpenSsl (>= 4.3.3)
      runtime.opensuse.13.2-x64.runtime.native.System.Security.Cryptography.OpenSsl (>= 4.3.3)
      runtime.opensuse.42.1-x64.runtime.native.System.Security.Cryptography.OpenSsl (>= 4.3.3)
      runtime.opensuse.42.3-x64.runtime.native.System.Security.Cryptography.OpenSsl (>= 4.3.3)
      runtime.osx.10.10-x64.runtime.native.System.Security.Cryptography.OpenSsl (>= 4.3.3)
      runtime.rhel.7-x64.runtime.native.System.Security.Cryptography.OpenSsl (>= 4.3.3)
      runtime.ubuntu.14.04-x64.runtime.native.System.Security.Cryptography.OpenSsl (>= 4.3.3)
      runtime.ubuntu.16.04-x64.runtime.native.System.Security.Cryptography.OpenSsl (>= 4.3.3)
      runtime.ubuntu.16.10-x64.runtime.native.System.Security.Cryptography.OpenSsl (>= 4.3.3)
      runtime.ubuntu.18.04-x64.runtime.native.System.Security.Cryptography.OpenSsl (>= 4.3.3)
    runtime.opensuse.13.2-x64.runtime.native.System.Security.Cryptography.OpenSsl (4.3.3) - restriction: || (&& (== net461) (>= monoandroid7.0)) (&& (== net461) (< net45) (>= netstandard1.6)) (&& (== net461) (>= xamarinios)) (== netstandard2.0)
    runtime.opensuse.42.1-x64.runtime.native.System.Security.Cryptography.OpenSsl (4.3.3) - restriction: || (&& (== net461) (>= monoandroid7.0)) (&& (== net461) (< net45) (>= netstandard1.6)) (&& (== net461) (>= xamarinios)) (== netstandard2.0)
    runtime.opensuse.42.3-x64.runtime.native.System.Security.Cryptography.OpenSsl (4.3.3) - restriction: || (&& (== net461) (>= monoandroid7.0)) (&& (== net461) (< net45) (>= netstandard1.6)) (&& (== net461) (>= xamarinios)) (== netstandard2.0)
    runtime.osx.10.10-x64.runtime.native.System.Security.Cryptography.Apple (4.3.1) - restriction: || (&& (== net461) (>= monoandroid7.0)) (&& (== net461) (< net45) (>= netstandard1.6)) (&& (== net461) (>= xamarinios)) (== netstandard2.0)
    runtime.osx.10.10-x64.runtime.native.System.Security.Cryptography.OpenSsl (4.3.3) - restriction: || (&& (== net461) (>= monoandroid7.0)) (&& (== net461) (< net45) (>= netstandard1.6)) (&& (== net461) (>= xamarinios)) (== netstandard2.0)
    runtime.rhel.7-x64.runtime.native.System.Security.Cryptography.OpenSsl (4.3.3) - restriction: || (&& (== net461) (>= monoandroid7.0)) (&& (== net461) (< net45) (>= netstandard1.6)) (&& (== net461) (>= xamarinios)) (== netstandard2.0)
    runtime.ubuntu.14.04-x64.runtime.native.System.Security.Cryptography.OpenSsl (4.3.3) - restriction: || (&& (== net461) (>= monoandroid7.0)) (&& (== net461) (< net45) (>= netstandard1.6)) (&& (== net461) (>= xamarinios)) (== netstandard2.0)
    runtime.ubuntu.16.04-x64.runtime.native.System.Security.Cryptography.OpenSsl (4.3.3) - restriction: || (&& (== net461) (>= monoandroid7.0)) (&& (== net461) (< net45) (>= netstandard1.6)) (&& (== net461) (>= xamarinios)) (== netstandard2.0)
    runtime.ubuntu.16.10-x64.runtime.native.System.Security.Cryptography.OpenSsl (4.3.3) - restriction: || (&& (== net461) (>= monoandroid7.0)) (&& (== net461) (< net45) (>= netstandard1.6)) (&& (== net461) (>= xamarinios)) (== netstandard2.0)
    runtime.ubuntu.18.04-x64.runtime.native.System.Security.Cryptography.OpenSsl (4.3.3) - restriction: || (&& (== net461) (>= monoandroid7.0)) (&& (== net461) (< net45) (>= netstandard1.6)) (&& (== net461) (>= xamarinios)) (== netstandard2.0)
    runtime.win-arm64.runtime.native.System.Data.SqlClient.sni (4.4) - restriction: || (&& (== net461) (< net451) (>= netstandard2.0)) (&& (== net461) (>= netcoreapp2.0)) (== netstandard2.0)
    runtime.win-x64.runtime.native.System.Data.SqlClient.sni (4.4) - restriction: || (&& (== net461) (< net451) (>= netstandard2.0)) (&& (== net461) (>= netcoreapp2.0)) (== netstandard2.0)
    runtime.win-x86.runtime.native.System.Data.SqlClient.sni (4.4) - restriction: || (&& (== net461) (< net451) (>= netstandard2.0)) (&& (== net461) (>= netcoreapp2.0)) (== netstandard2.0)
    Ryder (0.8)
      System.Collections (>= 4.3) - restriction: || (&& (== net461) (< net45)) (&& (== net461) (>= netcoreapp2.2)) (== netstandard2.0)
      System.Reflection.Emit.Lightweight (>= 4.3) - restriction: || (&& (== net461) (< net45)) (&& (== net461) (>= netcoreapp2.2)) (== netstandard2.0)
      System.Reflection.Extensions (>= 4.3) - restriction: || (&& (== net461) (< net45)) (&& (== net461) (>= netcoreapp2.2)) (== netstandard2.0)
      System.Reflection.TypeExtensions (>= 4.3) - restriction: || (&& (== net461) (< net45)) (&& (== net461) (>= netcoreapp2.2)) (== netstandard2.0)
      System.Runtime.Extensions (>= 4.3) - restriction: || (&& (== net461) (< net45)) (&& (== net461) (>= netcoreapp2.2)) (== netstandard2.0)
      System.Runtime.InteropServices (>= 4.3) - restriction: || (&& (== net461) (< net45)) (&& (== net461) (>= netcoreapp2.2)) (== netstandard2.0)
      System.Runtime.InteropServices.RuntimeInformation (>= 4.3) - restriction: || (&& (== net461) (< net45)) (&& (== net461) (>= netcoreapp2.2)) (== netstandard2.0)
    Shouldly (3.0.2)
      Microsoft.CSharp (>= 4.3) - restriction: || (&& (== net461) (< net40)) (== netstandard2.0)
      System.Dynamic.Runtime (>= 4.3) - restriction: || (&& (== net461) (< net40)) (== netstandard2.0)
      System.Reflection.TypeExtensions (>= 4.3) - restriction: || (&& (== net461) (< net40)) (== netstandard2.0)
    System.Buffers (4.5.1)
    System.CodeDom (4.7)
    System.Collections (4.3) - restriction: || (&& (== net461) (< net451)) (== netstandard2.0)
      Microsoft.NETCore.Platforms (>= 1.1) - restriction: || (&& (== net461) (< net45)) (== netstandard2.0)
      Microsoft.NETCore.Targets (>= 1.1) - restriction: || (&& (== net461) (< net45)) (== netstandard2.0)
      System.Runtime (>= 4.3) - restriction: || (&& (== net461) (< net45)) (== netstandard2.0)
    System.Collections.Concurrent (4.3) - restriction: || (&& (== net461) (< net45) (>= netstandard2.0)) (== netstandard2.0)
      System.Collections (>= 4.3) - restriction: || (&& (== net461) (< net45)) (== netstandard2.0)
      System.Diagnostics.Debug (>= 4.3) - restriction: || (&& (== net461) (< net45)) (== netstandard2.0)
      System.Diagnostics.Tracing (>= 4.3) - restriction: || (&& (== net461) (< net45)) (== netstandard2.0)
      System.Globalization (>= 4.3) - restriction: || (&& (== net461) (< net45)) (== netstandard2.0)
      System.Reflection (>= 4.3) - restriction: || (&& (== net461) (< net45)) (== netstandard2.0)
      System.Resources.ResourceManager (>= 4.3) - restriction: || (&& (== net461) (< net45)) (== netstandard2.0)
      System.Runtime (>= 4.3) - restriction: || (&& (== net461) (< net45)) (== netstandard2.0)
      System.Runtime.Extensions (>= 4.3) - restriction: || (&& (== net461) (< net45)) (== netstandard2.0)
      System.Threading (>= 4.3) - restriction: || (&& (== net461) (< net45)) (== netstandard2.0)
      System.Threading.Tasks (>= 4.3) - restriction: || (&& (== net461) (< net45)) (== netstandard2.0)
    System.Collections.Immutable (1.7)
      System.Memory (>= 4.5.3)
    System.Collections.NonGeneric (4.3) - restriction: || (&& (== net461) (< net45) (>= net462)) (&& (== net461) (< net45) (>= netstandard1.5)) (&& (== net461) (>= netcoreapp2.1)) (&& (== net461) (>= xamarinios)) (== netstandard2.0)
      System.Diagnostics.Debug (>= 4.3) - restriction: || (&& (== net461) (< net46)) (== netstandard2.0)
      System.Globalization (>= 4.3) - restriction: || (&& (== net461) (< net46)) (== netstandard2.0)
      System.Resources.ResourceManager (>= 4.3) - restriction: || (&& (== net461) (< net46)) (== netstandard2.0)
      System.Runtime (>= 4.3) - restriction: || (&& (== net461) (< net46)) (== netstandard2.0)
      System.Runtime.Extensions (>= 4.3) - restriction: || (&& (== net461) (< net46)) (== netstandard2.0)
      System.Threading (>= 4.3) - restriction: || (&& (== net461) (< net46)) (== netstandard2.0)
    System.Collections.Specialized (4.3) - restriction: || (&& (== net461) (< net35)) (== netstandard2.0)
      System.Collections.NonGeneric (>= 4.3) - restriction: || (&& (== net461) (< net46)) (== netstandard2.0)
      System.Globalization (>= 4.3) - restriction: || (&& (== net461) (< net46)) (== netstandard2.0)
      System.Globalization.Extensions (>= 4.3) - restriction: || (&& (== net461) (< net46)) (== netstandard2.0)
      System.Resources.ResourceManager (>= 4.3) - restriction: || (&& (== net461) (< net46)) (== netstandard2.0)
      System.Runtime (>= 4.3) - restriction: || (&& (== net461) (< net46)) (== netstandard2.0)
      System.Runtime.Extensions (>= 4.3) - restriction: || (&& (== net461) (< net46)) (== netstandard2.0)
      System.Threading (>= 4.3) - restriction: || (&& (== net461) (< net46)) (== netstandard2.0)
    System.ComponentModel (4.3) - restriction: || (&& (== net461) (< net35)) (== netstandard2.0)
      System.Runtime (>= 4.3) - restriction: || (&& (== net461) (< net45)) (== netstandard2.0)
    System.ComponentModel.Annotations (4.7) - restriction: || (&& (== net461) (< net45)) (&& (== net461) (>= netstandard2.1)) (== netstandard2.0)
    System.ComponentModel.Primitives (4.3) - restriction: || (&& (== net461) (< net45)) (&& (== net461) (>= netcoreapp2.1)) (&& (== net461) (< netstandard1.0) (>= win8)) (&& (== net461) (>= wp8)) (&& (== net461) (>= wpa81)) (&& (== net461) (>= xamarinios)) (== netstandard2.0)
      System.ComponentModel (>= 4.3) - restriction: || (&& (== net461) (< net45)) (== netstandard2.0)
      System.Resources.ResourceManager (>= 4.3) - restriction: || (&& (== net461) (< net45)) (== netstandard2.0)
      System.Runtime (>= 4.3) - restriction: || (&& (== net461) (< net45)) (== netstandard2.0)
    System.ComponentModel.TypeConverter (4.3) - restriction: || (&& (== net461) (< net45)) (&& (== net461) (>= netcoreapp2.1)) (&& (== net461) (>= xamarinios)) (== netstandard2.0)
      System.Collections (>= 4.3) - restriction: || (&& (== net461) (< net45)) (== netstandard2.0)
      System.Collections.NonGeneric (>= 4.3) - restriction: || (&& (== net461) (< net45) (>= netstandard1.5)) (&& (== net461) (>= net462)) (== netstandard2.0)
      System.Collections.Specialized (>= 4.3) - restriction: || (&& (== net461) (< net45) (>= netstandard1.5)) (== netstandard2.0)
      System.ComponentModel (>= 4.3) - restriction: || (&& (== net461) (< net45)) (== netstandard2.0)
      System.ComponentModel.Primitives (>= 4.3)
      System.Globalization (>= 4.3) - restriction: || (&& (== net461) (< net45)) (== netstandard2.0)
      System.Linq (>= 4.3) - restriction: || (&& (== net461) (< net45) (>= netstandard1.5)) (== netstandard2.0)
      System.Reflection (>= 4.3) - restriction: || (&& (== net461) (< net45)) (== netstandard2.0)
      System.Reflection.Extensions (>= 4.3) - restriction: || (&& (== net461) (< net45)) (== netstandard2.0)
      System.Reflection.Primitives (>= 4.3) - restriction: || (&& (== net461) (< net45)) (== netstandard2.0)
      System.Reflection.TypeExtensions (>= 4.3) - restriction: || (&& (== net461) (< net45) (>= netstandard1.5)) (== netstandard2.0)
      System.Resources.ResourceManager (>= 4.3) - restriction: || (&& (== net461) (< net45)) (== netstandard2.0)
      System.Runtime (>= 4.3) - restriction: || (&& (== net461) (< net45)) (== netstandard2.0)
      System.Runtime.Extensions (>= 4.3) - restriction: || (&& (== net461) (< net45)) (== netstandard2.0)
      System.Threading (>= 4.3) - restriction: || (&& (== net461) (< net45)) (== netstandard2.0)
    System.Configuration.ConfigurationManager (4.7) - restriction: || (&& (== net461) (< net452) (>= netstandard2.0)) (== netstandard2.0)
      System.Security.Cryptography.ProtectedData (>= 4.7) - restriction: == netstandard2.0
      System.Security.Permissions (>= 4.7)
    System.Data.Common (4.3)
      System.Collections (>= 4.3) - restriction: || (&& (== net461) (< net451)) (== netstandard2.0)
      System.Globalization (>= 4.3) - restriction: || (&& (== net461) (< net451)) (== netstandard2.0)
      System.IO (>= 4.3) - restriction: || (&& (== net461) (< net451)) (== netstandard2.0)
      System.Resources.ResourceManager (>= 4.3) - restriction: || (&& (== net461) (< net451)) (== netstandard2.0)
      System.Runtime (>= 4.3) - restriction: || (&& (== net461) (< net451)) (== netstandard2.0)
      System.Runtime.Extensions (>= 4.3) - restriction: || (&& (== net461) (< net451)) (== netstandard2.0)
      System.Text.RegularExpressions (>= 4.3) - restriction: || (&& (== net461) (< net451)) (== netstandard2.0)
      System.Threading.Tasks (>= 4.3) - restriction: || (&& (== net461) (< net451)) (== netstandard2.0)
    System.Data.SqlClient (4.8.1) - restriction: || (&& (== net461) (< net452) (>= netstandard2.0)) (== netstandard2.0)
      Microsoft.Win32.Registry (>= 4.7) - restriction: || (&& (== net461) (< net451) (>= netstandard2.0)) (&& (== net461) (>= netcoreapp2.0)) (== netstandard2.0)
      runtime.native.System.Data.SqlClient.sni (>= 4.7) - restriction: || (&& (== net461) (< net451)) (&& (== net461) (>= netcoreapp2.0)) (== netstandard2.0)
      System.Buffers (>= 4.5) - restriction: || (&& (== net461) (< net451) (>= netstandard2.0)) (== netstandard2.0)
      System.Diagnostics.DiagnosticSource (>= 4.7) - restriction: || (&& (== net461) (< net451)) (&& (== net461) (>= netcoreapp2.0)) (&& (== net461) (>= netcoreapp2.1)) (&& (== net461) (>= uap10.1)) (== netstandard2.0)
      System.Memory (>= 4.5.3) - restriction: || (&& (== net461) (< net451) (>= netstandard2.0)) (&& (== net461) (>= netcoreapp2.0)) (&& (== net461) (>= uap10.1)) (== netstandard2.0)
      System.Security.Principal.Windows (>= 4.7) - restriction: || (&& (== net461) (< net451)) (&& (== net461) (>= netcoreapp2.0)) (== netstandard2.0)
      System.Text.Encoding.CodePages (>= 4.7) - restriction: || (&& (== net461) (< net451)) (&& (== net461) (>= netcoreapp2.0)) (&& (== net461) (>= netcoreapp2.1)) (&& (== net461) (>= uap10.1)) (== netstandard2.0)
    System.Diagnostics.Debug (4.3) - restriction: || (&& (== net461) (>= monoandroid7.0)) (&& (== net461) (< net45)) (&& (== net461) (>= xamarinios)) (== netstandard2.0)
      Microsoft.NETCore.Platforms (>= 1.1) - restriction: || (&& (== net461) (< net45)) (== netstandard2.0)
      Microsoft.NETCore.Targets (>= 1.1) - restriction: || (&& (== net461) (< net45)) (== netstandard2.0)
      System.Runtime (>= 4.3) - restriction: || (&& (== net461) (< net45)) (== netstandard2.0)
    System.Diagnostics.DiagnosticSource (4.7.1)
      System.Memory (>= 4.5.4)
    System.Diagnostics.EventLog (4.7) - restriction: || (&& (== net461) (>= monoandroid) (>= netstandard2.0)) (&& (== net461) (>= monotouch) (>= netstandard2.0)) (&& (== net461) (< net452) (>= netstandard2.0)) (&& (== net461) (>= netstandard2.0) (>= uap10.1)) (&& (== net461) (>= netstandard2.0) (>= xamarintvos)) (&& (== net461) (>= netstandard2.0) (>= xamarinwatchos)) (== netstandard2.0)
      System.Security.Principal.Windows (>= 4.7)
    System.Diagnostics.Process (4.3) - restriction: || (&& (== net461) (< net45)) (== netstandard2.0)
      Microsoft.NETCore.Platforms (>= 1.1) - restriction: || (&& (== net461) (< net46)) (== netstandard2.0)
      Microsoft.Win32.Primitives (>= 4.3) - restriction: || (&& (== net461) (< net46)) (== netstandard2.0)
      Microsoft.Win32.Registry (>= 4.3) - restriction: || (&& (== net461) (< net46)) (== netstandard2.0)
      runtime.native.System (>= 4.3) - restriction: || (&& (== net461) (< net46)) (== netstandard2.0)
      System.Collections (>= 4.3) - restriction: || (&& (== net461) (< net46)) (== netstandard2.0)
      System.Diagnostics.Debug (>= 4.3) - restriction: || (&& (== net461) (< net46)) (== netstandard2.0)
      System.Globalization (>= 4.3) - restriction: || (&& (== net461) (< net46)) (== netstandard2.0)
      System.IO (>= 4.3) - restriction: || (&& (== net461) (< net46)) (== netstandard2.0)
      System.IO.FileSystem (>= 4.3) - restriction: || (&& (== net461) (< net46)) (== netstandard2.0)
      System.IO.FileSystem.Primitives (>= 4.3) - restriction: || (&& (== net461) (< net46)) (== netstandard2.0)
      System.Resources.ResourceManager (>= 4.3) - restriction: || (&& (== net461) (< net46)) (== netstandard2.0)
      System.Runtime (>= 4.3) - restriction: || (&& (== net461) (< net46)) (== netstandard2.0)
      System.Runtime.Extensions (>= 4.3) - restriction: || (&& (== net461) (< net46)) (== netstandard2.0)
      System.Runtime.Handles (>= 4.3) - restriction: || (&& (== net461) (< net46)) (== netstandard2.0)
      System.Runtime.InteropServices (>= 4.3) - restriction: || (&& (== net461) (< net46)) (== netstandard2.0)
      System.Text.Encoding (>= 4.3) - restriction: || (&& (== net461) (< net46)) (== netstandard2.0)
      System.Text.Encoding.Extensions (>= 4.3) - restriction: || (&& (== net461) (< net46)) (== netstandard2.0)
      System.Threading (>= 4.3) - restriction: || (&& (== net461) (< net46)) (== netstandard2.0)
      System.Threading.Tasks (>= 4.3) - restriction: || (&& (== net461) (< net46)) (== netstandard2.0)
      System.Threading.Thread (>= 4.3) - restriction: || (&& (== net461) (< net46)) (== netstandard2.0)
      System.Threading.ThreadPool (>= 4.3) - restriction: || (&& (== net461) (< net46)) (== netstandard2.0)
    System.Diagnostics.Tools (4.3) - restriction: || (&& (== net461) (< net45)) (&& (== net461) (>= netcoreapp2.1)) (&& (== net461) (>= uap10.0)) (== netstandard2.0)
      Microsoft.NETCore.Platforms (>= 1.1) - restriction: || (&& (== net461) (< net45)) (== netstandard2.0)
      Microsoft.NETCore.Targets (>= 1.1) - restriction: || (&& (== net461) (< net45)) (== netstandard2.0)
      System.Runtime (>= 4.3) - restriction: || (&& (== net461) (< net45)) (== netstandard2.0)
    System.Diagnostics.TraceSource (4.3) - restriction: || (&& (== net461) (< net35)) (== netstandard2.0)
      Microsoft.NETCore.Platforms (>= 1.1) - restriction: || (&& (== net461) (< net46)) (== netstandard2.0)
      runtime.native.System (>= 4.3) - restriction: || (&& (== net461) (< net46)) (== netstandard2.0)
      System.Collections (>= 4.3) - restriction: || (&& (== net461) (< net46)) (== netstandard2.0)
      System.Diagnostics.Debug (>= 4.3) - restriction: || (&& (== net461) (< net46)) (== netstandard2.0)
      System.Globalization (>= 4.3) - restriction: || (&& (== net461) (< net46)) (== netstandard2.0)
      System.Resources.ResourceManager (>= 4.3) - restriction: || (&& (== net461) (< net46)) (== netstandard2.0)
      System.Runtime (>= 4.3) - restriction: || (&& (== net461) (< net46)) (== netstandard2.0)
      System.Runtime.Extensions (>= 4.3) - restriction: || (&& (== net461) (< net46)) (== netstandard2.0)
      System.Threading (>= 4.3) - restriction: || (&& (== net461) (< net46)) (== netstandard2.0)
    System.Diagnostics.Tracing (4.3) - restriction: || (&& (== net461) (>= monoandroid7.0)) (&& (== net461) (< net45)) (&& (== net461) (>= xamarinios)) (== netstandard2.0)
      Microsoft.NETCore.Platforms (>= 1.1) - restriction: || (&& (== net461) (< net45)) (== netstandard2.0)
      Microsoft.NETCore.Targets (>= 1.1) - restriction: || (&& (== net461) (< net45)) (== netstandard2.0)
      System.Runtime (>= 4.3) - restriction: || (&& (== net461) (< net45)) (== netstandard2.0)
    System.Drawing.Common (4.7)
    System.Dynamic.Runtime (4.3) - restriction: || (&& (== net461) (< net45)) (== netstandard2.0)
      System.Collections (>= 4.3) - restriction: || (&& (== net461) (< net45)) (== netstandard2.0)
      System.Diagnostics.Debug (>= 4.3) - restriction: || (&& (== net461) (< net45)) (== netstandard2.0)
      System.Linq (>= 4.3) - restriction: || (&& (== net461) (< net45)) (== netstandard2.0)
      System.Linq.Expressions (>= 4.3) - restriction: || (&& (== net461) (< net45)) (== netstandard2.0)
      System.ObjectModel (>= 4.3) - restriction: || (&& (== net461) (< net45)) (== netstandard2.0)
      System.Reflection (>= 4.3) - restriction: || (&& (== net461) (< net45)) (== netstandard2.0)
      System.Reflection.Emit (>= 4.3) - restriction: || (&& (== net461) (< net45)) (== netstandard2.0)
      System.Reflection.Emit.ILGeneration (>= 4.3) - restriction: || (&& (== net461) (< net45)) (== netstandard2.0)
      System.Reflection.Primitives (>= 4.3) - restriction: || (&& (== net461) (< net45)) (== netstandard2.0)
      System.Reflection.TypeExtensions (>= 4.3) - restriction: || (&& (== net461) (< net45)) (== netstandard2.0)
      System.Resources.ResourceManager (>= 4.3) - restriction: || (&& (== net461) (< net45)) (== netstandard2.0)
      System.Runtime (>= 4.3) - restriction: || (&& (== net461) (< net45)) (== netstandard2.0)
      System.Runtime.Extensions (>= 4.3) - restriction: || (&& (== net461) (< net45)) (== netstandard2.0)
      System.Threading (>= 4.3) - restriction: || (&& (== net461) (< net45)) (== netstandard2.0)
    System.Globalization (4.3) - restriction: || (&& (== net461) (< net451)) (== netstandard2.0)
      Microsoft.NETCore.Platforms (>= 1.1) - restriction: || (&& (== net461) (< net45)) (== netstandard2.0)
      Microsoft.NETCore.Targets (>= 1.1) - restriction: || (&& (== net461) (< net45)) (== netstandard2.0)
      System.Runtime (>= 4.3) - restriction: || (&& (== net461) (< net45)) (== netstandard2.0)
    System.Globalization.Calendars (4.3) - restriction: || (&& (== net461) (< net45) (>= netstandard1.6)) (== netstandard2.0)
      Microsoft.NETCore.Platforms (>= 1.1) - restriction: || (&& (== net461) (< net46)) (== netstandard2.0)
      Microsoft.NETCore.Targets (>= 1.1) - restriction: || (&& (== net461) (< net46)) (== netstandard2.0)
      System.Globalization (>= 4.3) - restriction: || (&& (== net461) (< net46)) (== netstandard2.0)
      System.Runtime (>= 4.3) - restriction: || (&& (== net461) (< net46)) (== netstandard2.0)
    System.Globalization.Extensions (4.3) - restriction: || (&& (== net461) (>= monoandroid7.0)) (&& (== net461) (< net45) (>= netstandard1.6)) (&& (== net461) (>= xamarinios)) (== netstandard2.0)
      Microsoft.NETCore.Platforms (>= 1.1) - restriction: || (&& (== net461) (< net46)) (== netstandard2.0)
      System.Globalization (>= 4.3) - restriction: || (&& (== net461) (< net46)) (== netstandard2.0)
      System.Resources.ResourceManager (>= 4.3) - restriction: || (&& (== net461) (< net46)) (== netstandard2.0)
      System.Runtime (>= 4.3) - restriction: || (&& (== net461) (< net46)) (== netstandard2.0)
      System.Runtime.Extensions (>= 4.3) - restriction: || (&& (== net461) (< net46)) (== netstandard2.0)
      System.Runtime.InteropServices (>= 4.3) - restriction: || (&& (== net461) (< net46)) (== netstandard2.0)
    System.IdentityModel.Tokens.Jwt (6.6)
      Microsoft.IdentityModel.JsonWebTokens (>= 6.6)
      Microsoft.IdentityModel.Tokens (>= 6.6)
    System.Interactive (4.1.1)
    System.Interactive.Async (4.1.1)
      System.Linq.Async (>= 4.1.1)
    System.IO (4.3) - restriction: || (&& (== net461) (< net451)) (== netstandard2.0)
      Microsoft.NETCore.Platforms (>= 1.1) - restriction: || (&& (== net461) (< net45)) (== netstandard2.0)
      Microsoft.NETCore.Targets (>= 1.1) - restriction: || (&& (== net461) (< net45)) (== netstandard2.0)
      System.Runtime (>= 4.3) - restriction: || (&& (== net461) (< net45)) (== netstandard2.0)
      System.Text.Encoding (>= 4.3) - restriction: || (&& (== net461) (< net45)) (== netstandard2.0)
      System.Threading.Tasks (>= 4.3) - restriction: || (&& (== net461) (< net45)) (== netstandard2.0)
    System.IO.FileSystem (4.3) - restriction: || (&& (== net461) (>= monoandroid7.0)) (&& (== net461) (< net45) (>= netstandard1.6)) (&& (== net461) (>= xamarinios)) (== netstandard2.0)
      Microsoft.NETCore.Platforms (>= 1.1) - restriction: || (&& (== net461) (< net46)) (== netstandard2.0)
      Microsoft.NETCore.Targets (>= 1.1) - restriction: || (&& (== net461) (< net46)) (== netstandard2.0)
      System.IO (>= 4.3) - restriction: || (&& (== net461) (< net46)) (== netstandard2.0)
      System.IO.FileSystem.Primitives (>= 4.3)
      System.Runtime (>= 4.3) - restriction: || (&& (== net461) (< net46)) (== netstandard2.0)
      System.Runtime.Handles (>= 4.3) - restriction: || (&& (== net461) (< net46)) (== netstandard2.0)
      System.Text.Encoding (>= 4.3) - restriction: || (&& (== net461) (< net46)) (== netstandard2.0)
      System.Threading.Tasks (>= 4.3) - restriction: || (&& (== net461) (< net46)) (== netstandard2.0)
    System.IO.FileSystem.Primitives (4.3) - restriction: || (&& (== net461) (< net45)) (== netstandard2.0)
      System.Runtime (>= 4.3) - restriction: || (&& (== net461) (< net46)) (== netstandard2.0)
    System.Linq (4.3) - restriction: || (&& (== net461) (< net45) (>= netstandard1.5)) (&& (== net461) (>= netcoreapp2.1)) (&& (== net461) (>= xamarinios)) (== netstandard2.0)
      System.Collections (>= 4.3) - restriction: || (&& (== net461) (< net45)) (== netstandard2.0)
      System.Diagnostics.Debug (>= 4.3) - restriction: || (&& (== net461) (< net45) (>= netstandard1.6)) (== netstandard2.0)
      System.Resources.ResourceManager (>= 4.3) - restriction: || (&& (== net461) (< net45) (>= netstandard1.6)) (== netstandard2.0)
      System.Runtime (>= 4.3) - restriction: || (&& (== net461) (< net45)) (== netstandard2.0)
      System.Runtime.Extensions (>= 4.3) - restriction: || (&& (== net461) (< net45) (>= netstandard1.6)) (== netstandard2.0)
    System.Linq.Async (4.1.1)
      Microsoft.Bcl.AsyncInterfaces (>= 1.1)
    System.Linq.Expressions (4.3) - restriction: || (&& (== net461) (< net45)) (== netstandard2.0)
      System.Collections (>= 4.3) - restriction: || (&& (== net461) (< net45) (>= netstandard1.6)) (== netstandard2.0)
      System.Diagnostics.Debug (>= 4.3) - restriction: || (&& (== net461) (< net45) (>= netstandard1.6)) (== netstandard2.0)
      System.Globalization (>= 4.3) - restriction: || (&& (== net461) (< net45) (>= netstandard1.6)) (== netstandard2.0)
      System.IO (>= 4.3) - restriction: || (&& (== net461) (< net45) (>= netstandard1.6)) (== netstandard2.0)
      System.Linq (>= 4.3) - restriction: || (&& (== net461) (< net45) (>= netstandard1.6)) (== netstandard2.0)
      System.ObjectModel (>= 4.3) - restriction: || (&& (== net461) (< net45) (>= netstandard1.6)) (== netstandard2.0)
      System.Reflection (>= 4.3) - restriction: || (&& (== net461) (< net45)) (== netstandard2.0)
      System.Reflection.Emit (>= 4.3) - restriction: || (&& (== net461) (< net45) (>= netstandard1.6)) (== netstandard2.0)
      System.Reflection.Emit.ILGeneration (>= 4.3) - restriction: || (&& (== net461) (< net45) (>= netstandard1.6)) (== netstandard2.0)
      System.Reflection.Emit.Lightweight (>= 4.3) - restriction: || (&& (== net461) (< net45) (>= netstandard1.6)) (== netstandard2.0)
      System.Reflection.Extensions (>= 4.3) - restriction: || (&& (== net461) (< net45) (>= netstandard1.6)) (== netstandard2.0)
      System.Reflection.Primitives (>= 4.3) - restriction: || (&& (== net461) (< net45) (>= netstandard1.6)) (== netstandard2.0)
      System.Reflection.TypeExtensions (>= 4.3) - restriction: || (&& (== net461) (< net45) (>= netstandard1.6)) (== netstandard2.0)
      System.Resources.ResourceManager (>= 4.3) - restriction: || (&& (== net461) (< net45) (>= netstandard1.6)) (== netstandard2.0)
      System.Runtime (>= 4.3) - restriction: || (&& (== net461) (< net45)) (== netstandard2.0)
      System.Runtime.Extensions (>= 4.3) - restriction: || (&& (== net461) (< net45) (>= netstandard1.6)) (== netstandard2.0)
      System.Threading (>= 4.3) - restriction: || (&& (== net461) (< net45) (>= netstandard1.6)) (== netstandard2.0)
    System.Memory (4.5.4)
      System.Buffers (>= 4.5.1)
      System.Numerics.Vectors (>= 4.4) - restriction: || (&& (== net461) (< net45) (>= netstandard2.0)) (== netstandard2.0)
      System.Numerics.Vectors (>= 4.5) - restriction: || (== net461) (&& (== netstandard2.0) (>= net461))
      System.Runtime.CompilerServices.Unsafe (>= 4.5.3)
    System.Net.Http (4.3.4) - restriction: || (&& (== net461) (>= monoandroid7.0)) (&& (== net461) (< net45)) (&& (== net461) (>= xamarinios)) (== netstandard2.0)
      Microsoft.NETCore.Platforms (>= 1.1.1) - restriction: || (&& (== net461) (< net45)) (== netstandard2.0)
      runtime.native.System (>= 4.3) - restriction: || (&& (== net461) (< net45) (>= netstandard1.6)) (== netstandard2.0)
      runtime.native.System.Net.Http (>= 4.3) - restriction: || (&& (== net461) (< net45) (>= netstandard1.6)) (== netstandard2.0)
      runtime.native.System.Security.Cryptography.OpenSsl (>= 4.3.2) - restriction: || (&& (== net461) (< net45) (>= netstandard1.6)) (== netstandard2.0)
      System.Collections (>= 4.3) - restriction: || (&& (== net461) (< net45)) (== netstandard2.0)
      System.Diagnostics.Debug (>= 4.3) - restriction: || (&& (== net461) (< net45)) (== netstandard2.0)
      System.Diagnostics.DiagnosticSource (>= 4.3) - restriction: || (&& (== net461) (< net45)) (== netstandard2.0)
      System.Diagnostics.Tracing (>= 4.3) - restriction: || (&& (== net461) (< net45)) (== netstandard2.0)
      System.Globalization (>= 4.3) - restriction: || (&& (== net461) (< net45)) (== netstandard2.0)
      System.Globalization.Extensions (>= 4.3) - restriction: || (&& (== net461) (< net45) (>= netstandard1.6)) (== netstandard2.0)
      System.IO (>= 4.3) - restriction: || (&& (== net461) (< net45)) (== netstandard2.0)
      System.IO.FileSystem (>= 4.3) - restriction: || (&& (== net461) (< net45) (>= netstandard1.6)) (== netstandard2.0)
      System.Net.Primitives (>= 4.3) - restriction: || (&& (== net461) (< net45)) (== netstandard2.0)
      System.Resources.ResourceManager (>= 4.3) - restriction: || (&& (== net461) (< net45)) (== netstandard2.0)
      System.Runtime (>= 4.3) - restriction: || (&& (== net461) (< net45)) (== netstandard2.0)
      System.Runtime.Extensions (>= 4.3) - restriction: || (&& (== net461) (< net45)) (== netstandard2.0)
      System.Runtime.Handles (>= 4.3) - restriction: || (&& (== net461) (< net45)) (== netstandard2.0)
      System.Runtime.InteropServices (>= 4.3) - restriction: || (&& (== net461) (< net45)) (== netstandard2.0)
      System.Security.Cryptography.Algorithms (>= 4.3) - restriction: || (&& (== net461) (< net45) (>= netstandard1.6)) (== netstandard2.0)
      System.Security.Cryptography.Encoding (>= 4.3) - restriction: || (&& (== net461) (< net45)) (== netstandard2.0)
      System.Security.Cryptography.OpenSsl (>= 4.3) - restriction: || (&& (== net461) (< net45) (>= netstandard1.6)) (== netstandard2.0)
      System.Security.Cryptography.Primitives (>= 4.3) - restriction: || (&& (== net461) (< net45) (>= netstandard1.6)) (== netstandard2.0)
      System.Security.Cryptography.X509Certificates (>= 4.3)
      System.Text.Encoding (>= 4.3) - restriction: || (&& (== net461) (< net45)) (== netstandard2.0)
      System.Threading (>= 4.3) - restriction: || (&& (== net461) (< net45)) (== netstandard2.0)
      System.Threading.Tasks (>= 4.3) - restriction: || (&& (== net461) (< net45)) (== netstandard2.0)
    System.Net.Primitives (4.3.1) - restriction: || (&& (== net461) (>= monoandroid7.0)) (&& (== net461) (< net45)) (&& (== net461) (>= xamarinios)) (== netstandard2.0)
      Microsoft.NETCore.Platforms (>= 1.1.1) - restriction: || (&& (== net461) (< net45)) (&& (== net461) (< netstandard1.1)) (== netstandard2.0)
      Microsoft.NETCore.Targets (>= 1.1.3) - restriction: || (&& (== net461) (< net45)) (&& (== net461) (< netstandard1.1)) (== netstandard2.0)
      System.Runtime (>= 4.3.1) - restriction: || (&& (== net461) (< net45)) (&& (== net461) (< netstandard1.1)) (== netstandard2.0)
      System.Runtime.Handles (>= 4.3) - restriction: || (&& (== net461) (< net45)) (== netstandard2.0)
    System.Numerics.Vectors (4.5)
    System.ObjectModel (4.3) - restriction: || (&& (== net461) (< net45)) (== netstandard2.0)
      System.Collections (>= 4.3) - restriction: || (&& (== net461) (< net45)) (== netstandard2.0)
      System.Diagnostics.Debug (>= 4.3) - restriction: || (&& (== net461) (< net45)) (== netstandard2.0)
      System.Resources.ResourceManager (>= 4.3) - restriction: || (&& (== net461) (< net45)) (== netstandard2.0)
      System.Runtime (>= 4.3) - restriction: || (&& (== net461) (< net45)) (== netstandard2.0)
      System.Threading (>= 4.3) - restriction: || (&& (== net461) (< net45)) (== netstandard2.0)
    System.Private.DataContractSerialization (4.3) - restriction: || (&& (== net461) (< net45)) (&& (== net461) (>= netcoreapp2.1)) (&& (== net461) (>= uap10.0)) (== netstandard2.0)
      System.Collections (>= 4.3) - restriction: || (&& (== net461) (< net46)) (== netstandard2.0)
      System.Collections.Concurrent (>= 4.3) - restriction: || (&& (== net461) (< net46)) (== netstandard2.0)
      System.Diagnostics.Debug (>= 4.3) - restriction: || (&& (== net461) (< net46)) (== netstandard2.0)
      System.Globalization (>= 4.3) - restriction: || (&& (== net461) (< net46)) (== netstandard2.0)
      System.IO (>= 4.3) - restriction: || (&& (== net461) (< net46)) (== netstandard2.0)
      System.Linq (>= 4.3) - restriction: || (&& (== net461) (< net46)) (== netstandard2.0)
      System.Reflection (>= 4.3) - restriction: || (&& (== net461) (< net46)) (== netstandard2.0)
      System.Reflection.Emit.ILGeneration (>= 4.3) - restriction: || (&& (== net461) (< net46)) (== netstandard2.0)
      System.Reflection.Emit.Lightweight (>= 4.3) - restriction: || (&& (== net461) (< net46)) (== netstandard2.0)
      System.Reflection.Extensions (>= 4.3) - restriction: || (&& (== net461) (< net46)) (== netstandard2.0)
      System.Reflection.Primitives (>= 4.3) - restriction: || (&& (== net461) (< net46)) (== netstandard2.0)
      System.Reflection.TypeExtensions (>= 4.3)
      System.Resources.ResourceManager (>= 4.3) - restriction: || (&& (== net461) (< net46)) (== netstandard2.0)
      System.Runtime (>= 4.3) - restriction: || (&& (== net461) (< net46)) (== netstandard2.0)
      System.Runtime.Extensions (>= 4.3) - restriction: || (&& (== net461) (< net46)) (== netstandard2.0)
      System.Runtime.Serialization.Primitives (>= 4.3)
      System.Text.Encoding (>= 4.3) - restriction: || (&& (== net461) (< net46)) (== netstandard2.0)
      System.Text.Encoding.Extensions (>= 4.3) - restriction: || (&& (== net461) (< net46)) (== netstandard2.0)
      System.Text.RegularExpressions (>= 4.3) - restriction: || (&& (== net461) (< net46)) (== netstandard2.0)
      System.Threading (>= 4.3) - restriction: || (&& (== net461) (< net46)) (== netstandard2.0)
      System.Threading.Tasks (>= 4.3) - restriction: || (&& (== net461) (< net46)) (== netstandard2.0)
      System.Xml.ReaderWriter (>= 4.3) - restriction: || (&& (== net461) (< net46)) (== netstandard2.0)
      System.Xml.XDocument (>= 4.3) - restriction: || (&& (== net461) (< net46)) (== netstandard2.0)
      System.Xml.XmlDocument (>= 4.3)
      System.Xml.XmlSerializer (>= 4.3) - restriction: || (&& (== net461) (< net46)) (== netstandard2.0)
    System.Private.ServiceModel (4.7) - restriction: || (&& (== net461) (< net45) (>= netstandard2.0)) (== netstandard2.0)
      System.Reflection.DispatchProxy (>= 4.5) - restriction: || (&& (== net461) (>= netstandard2.0)) (== netstandard2.0)
      System.Security.Cryptography.Xml (>= 4.5) - restriction: || (&& (== net461) (>= netstandard2.0)) (== netstandard2.0)
      System.Security.Principal.Windows (>= 4.5) - restriction: || (&& (== net461) (>= netstandard2.0)) (== netstandard2.0)
    System.Private.Uri (4.3.2) - restriction: || (&& (== net461) (< net45)) (&& (== net461) (>= netcoreapp2.1)) (== netstandard2.0)
      Microsoft.NETCore.Platforms (>= 1.1.1)
      Microsoft.NETCore.Targets (>= 1.1.3)
    System.Reactive (4.4.1)
      System.Runtime.InteropServices.WindowsRuntime (>= 4.3) - restriction: || (&& (== net461) (< net46) (>= netstandard2.0)) (== netstandard2.0)
      System.Threading.Tasks.Extensions (>= 4.5.4)
      System.ValueTuple (>= 4.5) - restriction: || (== net461) (&& (== netstandard2.0) (>= net46)) (&& (== netstandard2.0) (>= uap10.0))
    System.Reflection (4.3) - restriction: || (&& (== net461) (< net35)) (== netstandard2.0)
      Microsoft.NETCore.Platforms (>= 1.1) - restriction: || (&& (== net461) (< net45)) (== netstandard2.0)
      Microsoft.NETCore.Targets (>= 1.1) - restriction: || (&& (== net461) (< net45)) (== netstandard2.0)
      System.IO (>= 4.3) - restriction: || (&& (== net461) (< net45)) (== netstandard2.0)
      System.Reflection.Primitives (>= 4.3) - restriction: || (&& (== net461) (< net45)) (== netstandard2.0)
      System.Runtime (>= 4.3) - restriction: || (&& (== net461) (< net45)) (== netstandard2.0)
    System.Reflection.DispatchProxy (4.7.1) - restriction: || (&& (== net461) (< net45) (>= netstandard2.0)) (== netstandard2.0)
    System.Reflection.Emit (4.7) - restriction: || (&& (== net461) (< net45) (>= netstandard1.6)) (&& (== net461) (< net45) (>= netstandard2.0)) (== netstandard2.0)
      System.Reflection.Emit.ILGeneration (>= 4.7) - restriction: || (&& (== net461) (< net45)) (&& (== net461) (< netstandard1.1)) (&& (== net461) (>= uap10.1)) (&& (== net461) (>= wpa81)) (== netstandard2.0)
    System.Reflection.Emit.ILGeneration (4.7) - restriction: || (&& (== net461) (< net45) (>= netstandard2.0)) (&& (== net461) (>= netstandard2.0) (< portable-net45+wp8)) (&& (== net461) (>= netstandard2.0) (>= uap10.1)) (&& (== net461) (>= netstandard2.0) (>= wpa81)) (== netstandard2.0)
    System.Reflection.Emit.Lightweight (4.7) - restriction: || (&& (== net461) (>= netstandard2.0)) (== netstandard2.0)
      System.Reflection.Emit.ILGeneration (>= 4.7) - restriction: || (&& (== net461) (< net45)) (&& (== net461) (< portable-net45+wp8)) (&& (== net461) (>= uap10.1)) (&& (== net461) (>= wpa81)) (== netstandard2.0)
    System.Reflection.Extensions (4.3) - restriction: || (&& (== net461) (< net45)) (&& (== net461) (>= netcoreapp2.2)) (== netstandard2.0)
      Microsoft.NETCore.Platforms (>= 1.1) - restriction: || (&& (== net461) (< net45)) (== netstandard2.0)
      Microsoft.NETCore.Targets (>= 1.1) - restriction: || (&& (== net461) (< net45)) (== netstandard2.0)
      System.Reflection (>= 4.3) - restriction: || (&& (== net461) (< net45)) (== netstandard2.0)
      System.Runtime (>= 4.3) - restriction: || (&& (== net461) (< net45)) (== netstandard2.0)
    System.Reflection.Primitives (4.3) - restriction: || (&& (== net461) (< net45)) (&& (== net461) (>= netcoreapp2.1)) (&& (== net461) (>= xamarinios)) (== netstandard2.0)
      Microsoft.NETCore.Platforms (>= 1.1) - restriction: || (&& (== net461) (< net45)) (== netstandard2.0)
      Microsoft.NETCore.Targets (>= 1.1) - restriction: || (&& (== net461) (< net45)) (== netstandard2.0)
      System.Runtime (>= 4.3) - restriction: || (&& (== net461) (< net45)) (== netstandard2.0)
    System.Reflection.TypeExtensions (4.7) - restriction: || (&& (== net461) (< net40)) (== netstandard2.0)
    System.Resources.ResourceManager (4.3) - restriction: || (&& (== net461) (< net451)) (== netstandard2.0)
      Microsoft.NETCore.Platforms (>= 1.1) - restriction: || (&& (== net461) (< net45)) (== netstandard2.0)
      Microsoft.NETCore.Targets (>= 1.1) - restriction: || (&& (== net461) (< net45)) (== netstandard2.0)
      System.Globalization (>= 4.3) - restriction: || (&& (== net461) (< net45)) (== netstandard2.0)
      System.Reflection (>= 4.3) - restriction: || (&& (== net461) (< net45)) (== netstandard2.0)
      System.Runtime (>= 4.3) - restriction: || (&& (== net461) (< net45)) (== netstandard2.0)
    System.Runtime (4.3.1) - restriction: || (&& (== net461) (< net45)) (&& (== net461) (< net451)) (== netstandard2.0)
      Microsoft.NETCore.Platforms (>= 1.1.1) - restriction: || (&& (== net461) (< net45)) (== netstandard2.0)
      Microsoft.NETCore.Targets (>= 1.1.3) - restriction: || (&& (== net461) (< net45)) (== netstandard2.0)
    System.Runtime.CompilerServices.Unsafe (4.7.1)
    System.Runtime.Extensions (4.3.1) - restriction: || (&& (== net461) (< net45) (>= netstandard1.6)) (&& (== net461) (< net451)) (== netstandard2.0)
      Microsoft.NETCore.Platforms (>= 1.1.1) - restriction: || (&& (== net461) (< net45)) (== netstandard2.0)
      Microsoft.NETCore.Targets (>= 1.1.3) - restriction: || (&& (== net461) (< net45)) (== netstandard2.0)
      System.Runtime (>= 4.3.1) - restriction: || (&& (== net461) (< net45)) (== netstandard2.0)
    System.Runtime.Handles (4.3) - restriction: || (&& (== net461) (>= monoandroid7.0)) (&& (== net461) (< net45)) (&& (== net461) (>= xamarinios)) (== netstandard2.0)
      Microsoft.NETCore.Platforms (>= 1.1) - restriction: || (&& (== net461) (< net46)) (== netstandard2.0)
      Microsoft.NETCore.Targets (>= 1.1) - restriction: || (&& (== net461) (< net46)) (== netstandard2.0)
      System.Runtime (>= 4.3) - restriction: || (&& (== net461) (< net46)) (== netstandard2.0)
    System.Runtime.InteropServices (4.3) - restriction: || (&& (== net461) (< net45)) (&& (== net461) (>= netcoreapp2.2)) (== netstandard2.0)
      Microsoft.NETCore.Platforms (>= 1.1) - restriction: || (&& (== net461) (< net45)) (&& (== net461) (>= netcoreapp1.1)) (== netstandard2.0)
      Microsoft.NETCore.Targets (>= 1.1) - restriction: || (&& (== net461) (< net45)) (&& (== net461) (>= netcoreapp1.1)) (== netstandard2.0)
      System.Reflection (>= 4.3) - restriction: || (&& (== net461) (< net45)) (&& (== net461) (>= netcoreapp1.1)) (== netstandard2.0)
      System.Reflection.Primitives (>= 4.3) - restriction: || (&& (== net461) (< net45)) (&& (== net461) (>= netcoreapp1.1)) (== netstandard2.0)
      System.Runtime (>= 4.3) - restriction: || (&& (== net461) (< net45)) (&& (== net461) (>= net462)) (&& (== net461) (>= netcoreapp1.1)) (== netstandard2.0)
      System.Runtime.Handles (>= 4.3) - restriction: || (&& (== net461) (< net45)) (&& (== net461) (>= netcoreapp1.1)) (== netstandard2.0)
    System.Runtime.InteropServices.RuntimeInformation (4.3) - restriction: || (&& (== net461) (< net45)) (&& (== net461) (>= netcoreapp2.2)) (== netstandard2.0)
      runtime.native.System (>= 4.3) - restriction: || (&& (== net461) (< net45)) (== netstandard2.0)
      System.Reflection (>= 4.3) - restriction: || (&& (== net461) (< net45)) (== netstandard2.0)
      System.Reflection.Extensions (>= 4.3) - restriction: || (&& (== net461) (< net45)) (== netstandard2.0)
      System.Resources.ResourceManager (>= 4.3) - restriction: || (&& (== net461) (< net45)) (== netstandard2.0)
      System.Runtime (>= 4.3) - restriction: || (&& (== net461) (< net45)) (== netstandard2.0)
      System.Runtime.InteropServices (>= 4.3) - restriction: || (&& (== net461) (< net45)) (== netstandard2.0)
      System.Threading (>= 4.3) - restriction: || (&& (== net461) (< net45)) (== netstandard2.0)
    System.Runtime.InteropServices.WindowsRuntime (4.3) - restriction: || (&& (== net461) (< net46) (>= netstandard2.0)) (== netstandard2.0)
      System.Runtime (>= 4.3) - restriction: || (&& (== net461) (< net45)) (== netstandard2.0)
    System.Runtime.Numerics (4.3) - restriction: || (&& (== net461) (< net45) (>= netstandard1.6)) (== netstandard2.0)
      System.Globalization (>= 4.3) - restriction: || (&& (== net461) (< net45)) (== netstandard2.0)
      System.Resources.ResourceManager (>= 4.3) - restriction: || (&& (== net461) (< net45)) (== netstandard2.0)
      System.Runtime (>= 4.3) - restriction: || (&& (== net461) (< net45)) (== netstandard2.0)
      System.Runtime.Extensions (>= 4.3) - restriction: || (&& (== net461) (< net45)) (== netstandard2.0)
    System.Runtime.Serialization.Formatters (4.3) - restriction: || (&& (== net461) (< net45)) (&& (== net461) (>= netcoreapp2.1)) (&& (== net461) (>= uap10.0)) (&& (== net461) (>= xamarinios)) (== netstandard2.0)
      System.Collections (>= 4.3) - restriction: || (&& (== net461) (< net46)) (== netstandard2.0)
      System.Reflection (>= 4.3) - restriction: || (&& (== net461) (< net46)) (== netstandard2.0)
      System.Resources.ResourceManager (>= 4.3) - restriction: || (&& (== net461) (< net46)) (== netstandard2.0)
      System.Runtime (>= 4.3) - restriction: || (&& (== net461) (< net46)) (== netstandard2.0)
      System.Runtime.Serialization.Primitives (>= 4.3)
    System.Runtime.Serialization.Json (4.3) - restriction: || (&& (== net461) (< net45)) (&& (== net461) (>= netcoreapp2.1)) (&& (== net461) (>= uap10.0)) (== netstandard2.0)
      System.IO (>= 4.3) - restriction: || (&& (== net461) (< net45)) (== netstandard2.0)
      System.Private.DataContractSerialization (>= 4.3) - restriction: || (&& (== net461) (< net45)) (== netstandard2.0)
      System.Runtime (>= 4.3) - restriction: || (&& (== net461) (< net45)) (== netstandard2.0)
    System.Runtime.Serialization.Primitives (4.3) - restriction: || (&& (== net461) (< net45)) (&& (== net461) (>= netcoreapp2.1)) (&& (== net461) (>= uap10.0)) (&& (== net461) (>= xamarinios)) (== netstandard2.0)
      System.Resources.ResourceManager (>= 4.3) - restriction: || (&& (== net461) (< net45)) (== netstandard2.0)
      System.Runtime (>= 4.3) - restriction: || (&& (== net461) (< net45)) (== netstandard2.0)
    System.Security.AccessControl (4.7) - restriction: || (&& (== net461) (>= monoandroid) (>= netstandard2.0)) (&& (== net461) (>= monotouch) (>= netstandard2.0)) (&& (== net461) (< net452) (>= netstandard2.0)) (&& (== net461) (>= netstandard2.0) (>= xamarintvos)) (&& (== net461) (>= netstandard2.0) (>= xamarinwatchos)) (== netstandard2.0)
      System.Security.Principal.Windows (>= 4.7)
    System.Security.Cryptography.Algorithms (4.3.1) - restriction: || (&& (== net461) (>= monoandroid7.0)) (&& (== net461) (< net45) (>= netstandard1.6)) (&& (== net461) (>= xamarinios)) (== netstandard2.0)
      Microsoft.NETCore.Platforms (>= 1.1) - restriction: || (&& (== net461) (< net46) (>= netstandard1.6)) (== netstandard2.0)
      runtime.native.System.Security.Cryptography.Apple (>= 4.3.1) - restriction: || (&& (== net461) (< net46) (>= netstandard1.6)) (== netstandard2.0)
      runtime.native.System.Security.Cryptography.OpenSsl (>= 4.3.2) - restriction: || (&& (== net461) (< net46) (>= netstandard1.6)) (== netstandard2.0)
      System.Collections (>= 4.3) - restriction: || (&& (== net461) (< net46) (>= netstandard1.6)) (== netstandard2.0)
      System.IO (>= 4.3) - restriction: || (&& (== net461) (< net46)) (&& (== net461) (>= net463)) (== netstandard2.0)
      System.Resources.ResourceManager (>= 4.3) - restriction: || (&& (== net461) (< net46) (>= netstandard1.6)) (== netstandard2.0)
      System.Runtime (>= 4.3) - restriction: || (&& (== net461) (< net46)) (&& (== net461) (>= net463)) (== netstandard2.0)
      System.Runtime.Extensions (>= 4.3) - restriction: || (&& (== net461) (< net46) (>= netstandard1.6)) (== netstandard2.0)
      System.Runtime.Handles (>= 4.3) - restriction: || (&& (== net461) (< net46) (>= netstandard1.6)) (== netstandard2.0)
      System.Runtime.InteropServices (>= 4.3) - restriction: || (&& (== net461) (< net46) (>= netstandard1.6)) (== netstandard2.0)
      System.Runtime.Numerics (>= 4.3) - restriction: || (&& (== net461) (< net46) (>= netstandard1.6)) (== netstandard2.0)
      System.Security.Cryptography.Encoding (>= 4.3) - restriction: || (&& (== net461) (< net46) (>= netstandard1.6)) (&& (== net461) (>= net463)) (== netstandard2.0)
      System.Security.Cryptography.Primitives (>= 4.3)
      System.Text.Encoding (>= 4.3) - restriction: || (&& (== net461) (< net46) (>= netstandard1.6)) (== netstandard2.0)
    System.Security.Cryptography.Cng (4.7) - restriction: || (&& (== net461) (< net45) (>= netstandard2.0)) (&& (== net461) (>= netcoreapp2.0)) (&& (== net461) (>= netcoreapp2.1)) (&& (== net461) (>= netcoreapp3.0)) (&& (== net461) (>= netstandard2.1)) (== netstandard2.0)
    System.Security.Cryptography.Csp (4.3) - restriction: || (&& (== net461) (< net45) (>= netstandard1.6)) (== netstandard2.0)
      Microsoft.NETCore.Platforms (>= 1.1) - restriction: || (&& (== net461) (< net46)) (== netstandard2.0)
      System.IO (>= 4.3) - restriction: || (&& (== net461) (< net46)) (== netstandard2.0)
      System.Reflection (>= 4.3) - restriction: || (&& (== net461) (< net46)) (== netstandard2.0)
      System.Resources.ResourceManager (>= 4.3) - restriction: || (&& (== net461) (< net46)) (== netstandard2.0)
      System.Runtime (>= 4.3) - restriction: || (&& (== net461) (< net46)) (== netstandard2.0)
      System.Runtime.Extensions (>= 4.3) - restriction: || (&& (== net461) (< net46)) (== netstandard2.0)
      System.Runtime.Handles (>= 4.3) - restriction: || (&& (== net461) (< net46)) (== netstandard2.0)
      System.Runtime.InteropServices (>= 4.3) - restriction: || (&& (== net461) (< net46)) (== netstandard2.0)
      System.Security.Cryptography.Algorithms (>= 4.3)
      System.Security.Cryptography.Encoding (>= 4.3) - restriction: || (&& (== net461) (< net46)) (== netstandard2.0)
      System.Security.Cryptography.Primitives (>= 4.3)
      System.Text.Encoding (>= 4.3) - restriction: || (&& (== net461) (< net46)) (== netstandard2.0)
      System.Threading (>= 4.3) - restriction: || (&& (== net461) (< net46)) (== netstandard2.0)
    System.Security.Cryptography.Encoding (4.3) - restriction: || (&& (== net461) (>= monoandroid7.0)) (&& (== net461) (< net45)) (&& (== net461) (>= xamarinios)) (== netstandard2.0)
      Microsoft.NETCore.Platforms (>= 1.1) - restriction: || (&& (== net461) (< net46)) (== netstandard2.0)
      runtime.native.System.Security.Cryptography.OpenSsl (>= 4.3) - restriction: || (&& (== net461) (< net46)) (== netstandard2.0)
      System.Collections (>= 4.3) - restriction: || (&& (== net461) (< net46)) (== netstandard2.0)
      System.Collections.Concurrent (>= 4.3) - restriction: || (&& (== net461) (< net46)) (== netstandard2.0)
      System.Linq (>= 4.3) - restriction: || (&& (== net461) (< net46)) (== netstandard2.0)
      System.Resources.ResourceManager (>= 4.3) - restriction: || (&& (== net461) (< net46)) (== netstandard2.0)
      System.Runtime (>= 4.3) - restriction: || (&& (== net461) (< net46)) (== netstandard2.0)
      System.Runtime.Extensions (>= 4.3) - restriction: || (&& (== net461) (< net46)) (== netstandard2.0)
      System.Runtime.Handles (>= 4.3) - restriction: || (&& (== net461) (< net46)) (== netstandard2.0)
      System.Runtime.InteropServices (>= 4.3) - restriction: || (&& (== net461) (< net46)) (== netstandard2.0)
      System.Security.Cryptography.Primitives (>= 4.3) - restriction: || (&& (== net461) (< net46)) (== netstandard2.0)
      System.Text.Encoding (>= 4.3) - restriction: || (&& (== net461) (< net46)) (== netstandard2.0)
    System.Security.Cryptography.OpenSsl (4.7) - restriction: || (&& (== net461) (>= monoandroid7.0)) (&& (== net461) (< net45) (>= netstandard1.6)) (&& (== net461) (>= xamarinios)) (== netstandard2.0)
    System.Security.Cryptography.Pkcs (4.7) - restriction: || (&& (== net461) (< net45) (>= netstandard2.0)) (== netstandard2.0)
      System.Buffers (>= 4.5) - restriction: || (&& (== net461) (< net46) (>= netstandard2.0)) (== netstandard2.0)
      System.Memory (>= 4.5.3) - restriction: || (&& (== net461) (< net46) (>= netstandard2.0)) (&& (== net461) (>= netcoreapp2.0)) (&& (== net461) (>= uap10.1)) (== netstandard2.0)
      System.Security.Cryptography.Cng (>= 4.7) - restriction: || (&& (== net461) (< net46) (>= netstandard2.0)) (&& (== net461) (>= netcoreapp2.0)) (&& (== net461) (>= netcoreapp2.1)) (&& (== net461) (>= netcoreapp3.0)) (&& (== net461) (>= netstandard2.1)) (== netstandard2.0)
    System.Security.Cryptography.Primitives (4.3) - restriction: || (&& (== net461) (>= monoandroid7.0)) (&& (== net461) (< net45) (>= netstandard1.6)) (&& (== net461) (>= xamarinios)) (== netstandard2.0)
      System.Diagnostics.Debug (>= 4.3) - restriction: || (&& (== net461) (< net46)) (== netstandard2.0)
      System.Globalization (>= 4.3) - restriction: || (&& (== net461) (< net46)) (== netstandard2.0)
      System.IO (>= 4.3) - restriction: || (&& (== net461) (< net46)) (== netstandard2.0)
      System.Resources.ResourceManager (>= 4.3) - restriction: || (&& (== net461) (< net46)) (== netstandard2.0)
      System.Runtime (>= 4.3) - restriction: || (&& (== net461) (< net46)) (== netstandard2.0)
      System.Threading (>= 4.3) - restriction: || (&& (== net461) (< net46)) (== netstandard2.0)
      System.Threading.Tasks (>= 4.3) - restriction: || (&& (== net461) (< net46)) (== netstandard2.0)
    System.Security.Cryptography.ProtectedData (4.7) - restriction: || (&& (== net461) (< net452) (>= netstandard2.0)) (== netstandard2.0)
      System.Memory (>= 4.5.3) - restriction: || (&& (== net461) (< net46) (>= netstandard2.0)) (== netstandard2.0)
    System.Security.Cryptography.X509Certificates (4.3.2) - restriction: || (&& (== net461) (< net45)) (== netstandard2.0)
      Microsoft.NETCore.Platforms (>= 1.1) - restriction: || (&& (== net461) (< net46) (>= netstandard1.6)) (== netstandard2.0)
      runtime.native.System (>= 4.3) - restriction: || (&& (== net461) (< net46) (>= netstandard1.6)) (== netstandard2.0)
      runtime.native.System.Net.Http (>= 4.3) - restriction: || (&& (== net461) (< net46) (>= netstandard1.6)) (== netstandard2.0)
      runtime.native.System.Security.Cryptography.OpenSsl (>= 4.3.2) - restriction: || (&& (== net461) (< net46) (>= netstandard1.6)) (== netstandard2.0)
      System.Collections (>= 4.3) - restriction: || (&& (== net461) (< net46) (>= netstandard1.6)) (== netstandard2.0)
      System.Diagnostics.Debug (>= 4.3) - restriction: || (&& (== net461) (< net46) (>= netstandard1.6)) (== netstandard2.0)
      System.Globalization (>= 4.3) - restriction: || (&& (== net461) (< net46) (>= netstandard1.6)) (== netstandard2.0)
      System.Globalization.Calendars (>= 4.3) - restriction: || (&& (== net461) (< net46) (>= netstandard1.6)) (== netstandard2.0)
      System.IO (>= 4.3) - restriction: || (&& (== net461) (< net46) (>= netstandard1.6)) (== netstandard2.0)
      System.IO.FileSystem (>= 4.3) - restriction: || (&& (== net461) (< net46) (>= netstandard1.6)) (== netstandard2.0)
      System.IO.FileSystem.Primitives (>= 4.3) - restriction: || (&& (== net461) (< net46) (>= netstandard1.6)) (== netstandard2.0)
      System.Resources.ResourceManager (>= 4.3) - restriction: || (&& (== net461) (< net46) (>= netstandard1.6)) (== netstandard2.0)
      System.Runtime (>= 4.3) - restriction: || (&& (== net461) (< net46)) (== netstandard2.0)
      System.Runtime.Extensions (>= 4.3) - restriction: || (&& (== net461) (< net46) (>= netstandard1.6)) (== netstandard2.0)
      System.Runtime.Handles (>= 4.3) - restriction: || (&& (== net461) (< net46)) (== netstandard2.0)
      System.Runtime.InteropServices (>= 4.3) - restriction: || (&& (== net461) (< net46) (>= netstandard1.6)) (== netstandard2.0)
      System.Runtime.Numerics (>= 4.3) - restriction: || (&& (== net461) (< net46) (>= netstandard1.6)) (== netstandard2.0)
      System.Security.Cryptography.Algorithms (>= 4.3)
      System.Security.Cryptography.Cng (>= 4.3) - restriction: || (&& (== net461) (< net46) (>= netstandard1.6)) (== netstandard2.0)
      System.Security.Cryptography.Csp (>= 4.3) - restriction: || (&& (== net461) (< net46) (>= netstandard1.6)) (== netstandard2.0)
      System.Security.Cryptography.Encoding (>= 4.3)
      System.Security.Cryptography.OpenSsl (>= 4.3) - restriction: || (&& (== net461) (< net46) (>= netstandard1.6)) (== netstandard2.0)
      System.Security.Cryptography.Primitives (>= 4.3) - restriction: || (&& (== net461) (< net46) (>= netstandard1.6)) (== netstandard2.0)
      System.Text.Encoding (>= 4.3) - restriction: || (&& (== net461) (< net46) (>= netstandard1.6)) (== netstandard2.0)
      System.Threading (>= 4.3) - restriction: || (&& (== net461) (< net46) (>= netstandard1.6)) (== netstandard2.0)
    System.Security.Cryptography.Xml (4.7) - restriction: || (&& (== net461) (< net45) (>= netstandard2.0)) (== netstandard2.0)
      System.Security.Cryptography.Pkcs (>= 4.7) - restriction: == netstandard2.0
      System.Security.Permissions (>= 4.7)
    System.Security.Permissions (4.7) - restriction: || (&& (== net461) (>= monoandroid) (>= netstandard2.0)) (&& (== net461) (>= monotouch) (>= netstandard2.0)) (&& (== net461) (< net452) (>= netstandard2.0)) (&& (== net461) (>= netstandard2.0) (>= xamarintvos)) (&& (== net461) (>= netstandard2.0) (>= xamarinwatchos)) (== netstandard2.0)
      System.Security.AccessControl (>= 4.7)
    System.Security.Principal.Windows (4.7) - restriction: || (&& (== net461) (< net451) (>= netstandard2.0)) (&& (== net461) (>= netcoreapp2.0)) (== netstandard2.0)
    System.Security.SecureString (4.3) - restriction: || (&& (== net461) (>= monoandroid9.0)) (&& (== net461) (< net45)) (&& (== net461) (>= netcoreapp2.1)) (&& (== net461) (>= uap10.0)) (&& (== net461) (>= xamarinios)) (== netstandard2.0)
      Microsoft.NETCore.Platforms (>= 1.1) - restriction: || (&& (== net461) (< net46)) (== netstandard2.0)
      System.Resources.ResourceManager (>= 4.3) - restriction: || (&& (== net461) (< net46)) (== netstandard2.0)
      System.Runtime (>= 4.3) - restriction: || (&& (== net461) (< net46)) (== netstandard2.0)
      System.Runtime.Handles (>= 4.3) - restriction: || (&& (== net461) (< net46)) (== netstandard2.0)
      System.Runtime.InteropServices (>= 4.3) - restriction: || (&& (== net461) (< net46)) (== netstandard2.0)
      System.Security.Cryptography.Primitives (>= 4.3) - restriction: || (&& (== net461) (< net46)) (== netstandard2.0)
      System.Text.Encoding (>= 4.3) - restriction: || (&& (== net461) (< net46)) (== netstandard2.0)
      System.Threading (>= 4.3) - restriction: || (&& (== net461) (< net46)) (== netstandard2.0)
    System.ServiceModel.Http (4.7) - restriction: || (&& (== net461) (< net452) (>= netstandard2.0)) (== netstandard2.0)
      System.Private.ServiceModel (>= 4.7) - restriction: || (&& (== net461) (< net45) (>= netstandard2.0)) (== netstandard2.0)
      System.ServiceModel.Primitives (>= 4.7)
    System.ServiceModel.NetTcp (4.7) - restriction: || (&& (== net461) (< net452) (>= netstandard2.0)) (== netstandard2.0)
      System.Private.ServiceModel (>= 4.7) - restriction: || (&& (== net461) (< net45) (>= netstandard2.0)) (== netstandard2.0)
      System.ServiceModel.Primitives (>= 4.7)
    System.ServiceModel.Primitives (4.7) - restriction: || (&& (== net461) (< net45) (>= netstandard2.0)) (&& (== net461) (< net452) (>= netstandard2.0)) (== netstandard2.0)
      System.Private.ServiceModel (>= 4.7) - restriction: || (&& (== net461) (< net45) (>= netstandard2.0)) (&& (== net461) (>= netcoreapp2.1)) (== netstandard2.0)
    System.ServiceModel.Security (4.7) - restriction: || (&& (== net461) (< net452) (>= netstandard2.0)) (== netstandard2.0)
      System.Private.ServiceModel (>= 4.7) - restriction: || (&& (== net461) (< net45) (>= netstandard2.0)) (== netstandard2.0)
      System.ServiceModel.Primitives (>= 4.7)
    System.ServiceProcess.ServiceController (4.7) - restriction: || (&& (== net461) (< net452) (>= netstandard2.0)) (== netstandard2.0)
      System.Buffers (>= 4.5) - restriction: || (&& (== net461) (>= monoandroid)) (&& (== net461) (>= monotouch)) (&& (== net461) (>= xamarinios)) (&& (== net461) (>= xamarinmac)) (&& (== net461) (>= xamarintvos)) (&& (== net461) (>= xamarinwatchos)) (== netstandard2.0)
      System.Diagnostics.EventLog (>= 4.7)
      System.Memory (>= 4.5.3) - restriction: || (&& (== net461) (>= netcoreapp2.0)) (&& (== net461) (>= uap10.1)) (== netstandard2.0)
    System.Text.Encoding (4.3) - restriction: || (&& (== net461) (>= monoandroid7.0)) (&& (== net461) (< net45)) (&& (== net461) (>= xamarinios)) (== netstandard2.0)
      Microsoft.NETCore.Platforms (>= 1.1) - restriction: || (&& (== net461) (< net45)) (== netstandard2.0)
      Microsoft.NETCore.Targets (>= 1.1) - restriction: || (&& (== net461) (< net45)) (== netstandard2.0)
      System.Runtime (>= 4.3) - restriction: || (&& (== net461) (< net45)) (== netstandard2.0)
    System.Text.Encoding.CodePages (4.7.1) - restriction: || (&& (== net461) (< net451) (>= netstandard2.0)) (&& (== net461) (>= netcoreapp2.0)) (&& (== net461) (>= netcoreapp2.1)) (&& (== net461) (>= netstandard2.0) (>= uap10.1)) (== netstandard2.0)
      System.Runtime.CompilerServices.Unsafe (>= 4.7.1)
    System.Text.Encoding.Extensions (4.3) - restriction: || (&& (== net461) (< net45)) (== netstandard2.0)
      Microsoft.NETCore.Platforms (>= 1.1) - restriction: || (&& (== net461) (< net45)) (== netstandard2.0)
      Microsoft.NETCore.Targets (>= 1.1) - restriction: || (&& (== net461) (< net45)) (== netstandard2.0)
      System.Runtime (>= 4.3) - restriction: || (&& (== net461) (< net45)) (== netstandard2.0)
      System.Text.Encoding (>= 4.3) - restriction: || (&& (== net461) (< net45)) (== netstandard2.0)
    System.Text.RegularExpressions (4.3.1) - restriction: || (&& (== net461) (< net451)) (== netstandard2.0)
      System.Collections (>= 4.3) - restriction: || (&& (== net461) (< net45) (>= netstandard1.6)) (== netstandard2.0)
      System.Globalization (>= 4.3) - restriction: || (&& (== net461) (< net45) (>= netstandard1.6)) (== netstandard2.0)
      System.Resources.ResourceManager (>= 4.3) - restriction: || (&& (== net461) (< net45) (>= netstandard1.6)) (== netstandard2.0)
      System.Runtime (>= 4.3.1) - restriction: || (&& (== net461) (< net45)) (&& (== net461) (>= netcoreapp1.1)) (== netstandard2.0)
      System.Runtime.Extensions (>= 4.3.1) - restriction: || (&& (== net461) (< net45) (>= netstandard1.6)) (== netstandard2.0)
      System.Threading (>= 4.3) - restriction: || (&& (== net461) (< net45) (>= netstandard1.6)) (== netstandard2.0)
    System.Threading (4.3) - restriction: || (&& (== net461) (>= monoandroid7.0)) (&& (== net461) (< net45)) (&& (== net461) (>= xamarinios)) (== netstandard2.0)
      System.Runtime (>= 4.3) - restriction: || (&& (== net461) (< net45)) (== netstandard2.0)
      System.Threading.Tasks (>= 4.3) - restriction: || (&& (== net461) (< net45)) (== netstandard2.0)
    System.Threading.Tasks (4.3) - restriction: || (&& (== net461) (< net451)) (== netstandard2.0)
      Microsoft.NETCore.Platforms (>= 1.1) - restriction: || (&& (== net461) (< net45)) (== netstandard2.0)
      Microsoft.NETCore.Targets (>= 1.1) - restriction: || (&& (== net461) (< net45)) (== netstandard2.0)
      System.Runtime (>= 4.3) - restriction: || (&& (== net461) (< net45)) (== netstandard2.0)
    System.Threading.Tasks.Extensions (4.5.4)
      System.Runtime.CompilerServices.Unsafe (>= 4.5.3)
    System.Threading.Tasks.Parallel (4.3) - restriction: || (&& (== net461) (>= netstandard2.0)) (== netstandard2.0)
      System.Collections.Concurrent (>= 4.3) - restriction: || (&& (== net461) (< net45)) (== netstandard2.0)
      System.Diagnostics.Debug (>= 4.3) - restriction: || (&& (== net461) (< net45)) (== netstandard2.0)
      System.Diagnostics.Tracing (>= 4.3) - restriction: || (&& (== net461) (< net45)) (== netstandard2.0)
      System.Resources.ResourceManager (>= 4.3) - restriction: || (&& (== net461) (< net45)) (== netstandard2.0)
      System.Runtime (>= 4.3) - restriction: || (&& (== net461) (< net45)) (== netstandard2.0)
      System.Runtime.Extensions (>= 4.3) - restriction: || (&& (== net461) (< net45)) (== netstandard2.0)
      System.Threading (>= 4.3) - restriction: || (&& (== net461) (< net45)) (== netstandard2.0)
      System.Threading.Tasks (>= 4.3) - restriction: || (&& (== net461) (< net45)) (== netstandard2.0)
    System.Threading.Thread (4.3) - restriction: || (&& (== net461) (< net45)) (== netstandard2.0)
      System.Runtime (>= 4.3) - restriction: || (&& (== net461) (< net46)) (== netstandard2.0)
    System.Threading.ThreadPool (4.3) - restriction: || (&& (== net461) (< net45)) (== netstandard2.0)
      System.Runtime (>= 4.3) - restriction: || (&& (== net461) (< net46)) (== netstandard2.0)
      System.Runtime.Handles (>= 4.3) - restriction: || (&& (== net461) (< net46)) (== netstandard2.0)
    System.ValueTuple (4.5)
    System.Xml.ReaderWriter (4.3.1) - restriction: || (&& (== net461) (< net45)) (&& (== net461) (>= netcoreapp2.1)) (&& (== net461) (>= uap10.0)) (== netstandard2.0)
      System.Collections (>= 4.3) - restriction: || (&& (== net461) (< net45)) (== netstandard2.0)
      System.Diagnostics.Debug (>= 4.3) - restriction: || (&& (== net461) (< net45)) (== netstandard2.0)
      System.Globalization (>= 4.3) - restriction: || (&& (== net461) (< net45)) (== netstandard2.0)
      System.IO (>= 4.3) - restriction: || (&& (== net461) (< net45)) (== netstandard2.0)
      System.IO.FileSystem (>= 4.3) - restriction: || (&& (== net461) (< net45)) (== netstandard2.0)
      System.IO.FileSystem.Primitives (>= 4.3) - restriction: || (&& (== net461) (< net45)) (== netstandard2.0)
      System.Resources.ResourceManager (>= 4.3) - restriction: || (&& (== net461) (< net45)) (== netstandard2.0)
      System.Runtime (>= 4.3) - restriction: || (&& (== net461) (< net45)) (== netstandard2.0)
      System.Runtime.Extensions (>= 4.3) - restriction: || (&& (== net461) (< net45)) (== netstandard2.0)
      System.Runtime.InteropServices (>= 4.3) - restriction: || (&& (== net461) (< net45)) (== netstandard2.0)
      System.Text.Encoding (>= 4.3) - restriction: || (&& (== net461) (< net45)) (== netstandard2.0)
      System.Text.Encoding.Extensions (>= 4.3) - restriction: || (&& (== net461) (< net45)) (== netstandard2.0)
      System.Text.RegularExpressions (>= 4.3) - restriction: || (&& (== net461) (< net45)) (== netstandard2.0)
      System.Threading.Tasks (>= 4.3) - restriction: || (&& (== net461) (< net45)) (== netstandard2.0)
      System.Threading.Tasks.Extensions (>= 4.3) - restriction: || (&& (== net461) (< net45)) (== netstandard2.0)
    System.Xml.XDocument (4.3) - restriction: || (&& (== net461) (< net45)) (&& (== net461) (>= netcoreapp2.1)) (&& (== net461) (>= uap10.0)) (== netstandard2.0)
      System.Collections (>= 4.3) - restriction: || (&& (== net461) (< net45)) (== netstandard2.0)
      System.Diagnostics.Debug (>= 4.3) - restriction: || (&& (== net461) (< net45)) (== netstandard2.0)
      System.Diagnostics.Tools (>= 4.3) - restriction: || (&& (== net461) (< net45)) (== netstandard2.0)
      System.Globalization (>= 4.3) - restriction: || (&& (== net461) (< net45)) (== netstandard2.0)
      System.IO (>= 4.3) - restriction: || (&& (== net461) (< net45)) (== netstandard2.0)
      System.Reflection (>= 4.3) - restriction: || (&& (== net461) (< net45)) (== netstandard2.0)
      System.Resources.ResourceManager (>= 4.3) - restriction: || (&& (== net461) (< net45)) (== netstandard2.0)
      System.Runtime (>= 4.3) - restriction: || (&& (== net461) (< net45)) (== netstandard2.0)
      System.Runtime.Extensions (>= 4.3) - restriction: || (&& (== net461) (< net45)) (== netstandard2.0)
      System.Text.Encoding (>= 4.3) - restriction: || (&& (== net461) (< net45)) (== netstandard2.0)
      System.Threading (>= 4.3) - restriction: || (&& (== net461) (< net45)) (== netstandard2.0)
      System.Xml.ReaderWriter (>= 4.3) - restriction: || (&& (== net461) (< net45)) (== netstandard2.0)
    System.Xml.XmlDocument (4.3) - restriction: || (&& (== net461) (< net45)) (&& (== net461) (>= xamarinios)) (== netstandard2.0)
      System.Collections (>= 4.3) - restriction: || (&& (== net461) (< net46)) (== netstandard2.0)
      System.Diagnostics.Debug (>= 4.3) - restriction: || (&& (== net461) (< net46)) (== netstandard2.0)
      System.Globalization (>= 4.3) - restriction: || (&& (== net461) (< net46)) (== netstandard2.0)
      System.IO (>= 4.3) - restriction: || (&& (== net461) (< net46)) (== netstandard2.0)
      System.Resources.ResourceManager (>= 4.3) - restriction: || (&& (== net461) (< net46)) (== netstandard2.0)
      System.Runtime (>= 4.3) - restriction: || (&& (== net461) (< net46)) (== netstandard2.0)
      System.Runtime.Extensions (>= 4.3) - restriction: || (&& (== net461) (< net46)) (== netstandard2.0)
      System.Text.Encoding (>= 4.3) - restriction: || (&& (== net461) (< net46)) (== netstandard2.0)
      System.Threading (>= 4.3) - restriction: || (&& (== net461) (< net46)) (== netstandard2.0)
      System.Xml.ReaderWriter (>= 4.3) - restriction: || (&& (== net461) (< net46)) (== netstandard2.0)
    System.Xml.XmlSerializer (4.3) - restriction: || (&& (== net461) (< net45)) (&& (== net461) (>= netcoreapp2.1)) (&& (== net461) (>= uap10.0)) (== netstandard2.0)
      System.Collections (>= 4.3) - restriction: || (&& (== net461) (< net45)) (== netstandard2.0)
      System.Globalization (>= 4.3) - restriction: || (&& (== net461) (< net45)) (== netstandard2.0)
      System.IO (>= 4.3) - restriction: || (&& (== net461) (< net45)) (== netstandard2.0)
      System.Linq (>= 4.3) - restriction: || (&& (== net461) (< net45)) (== netstandard2.0)
      System.Reflection (>= 4.3) - restriction: || (&& (== net461) (< net45)) (== netstandard2.0)
      System.Reflection.Emit (>= 4.3) - restriction: || (&& (== net461) (< net45)) (== netstandard2.0)
      System.Reflection.Emit.ILGeneration (>= 4.3) - restriction: || (&& (== net461) (< net45)) (== netstandard2.0)
      System.Reflection.Extensions (>= 4.3) - restriction: || (&& (== net461) (< net45)) (== netstandard2.0)
      System.Reflection.Primitives (>= 4.3) - restriction: || (&& (== net461) (< net45)) (== netstandard2.0)
      System.Reflection.TypeExtensions (>= 4.3) - restriction: || (&& (== net461) (< net45)) (== netstandard2.0)
      System.Resources.ResourceManager (>= 4.3) - restriction: || (&& (== net461) (< net45)) (== netstandard2.0)
      System.Runtime (>= 4.3) - restriction: || (&& (== net461) (< net45)) (== netstandard2.0)
      System.Runtime.Extensions (>= 4.3) - restriction: || (&& (== net461) (< net45)) (== netstandard2.0)
      System.Text.RegularExpressions (>= 4.3) - restriction: || (&& (== net461) (< net45)) (== netstandard2.0)
      System.Threading (>= 4.3) - restriction: || (&& (== net461) (< net45)) (== netstandard2.0)
      System.Xml.ReaderWriter (>= 4.3) - restriction: || (&& (== net461) (< net45)) (== netstandard2.0)
      System.Xml.XmlDocument (>= 4.3) - restriction: || (&& (== net461) (< net45)) (== netstandard2.0)
    Unofficial.Microsoft.mshtml (7.0.3300)
    Xpand.Collections (1.0.1)
    YamlDotNet (8.1.1)
  remote: F:\devexpress\Packages\
    DevExpress.Charts (20.1.6)
      DevExpress.Charts.Core (20.1.6)
      DevExpress.Data (20.1.6)
      DevExpress.Printing.Core (20.1.6)
      NETStandard.Library (>= 2.0.3) - restriction: || (&& (== net461) (< net452) (>= netstandard2.0)) (== netstandard2.0)
      System.Drawing.Common (>= 4.5) - restriction: || (&& (== net461) (< net452) (>= netstandard2.0)) (== netstandard2.0)
    DevExpress.Charts.Core (20.1.6)
      DevExpress.Data (20.1.6)
    DevExpress.CodeParser (20.1.6)
      DevExpress.Data (20.1.6)
    DevExpress.Dashboard.Core (20.1.6)
      DevExpress.Charts (20.1.6)
      DevExpress.Charts.Core (20.1.6)
      DevExpress.Data (20.1.6)
      DevExpress.DataAccess (20.1.6)
      DevExpress.Gauges.Core (20.1.6)
      DevExpress.Map.Core (20.1.6)
      DevExpress.Office.Core (20.1.6)
      DevExpress.PivotGrid.Core (20.1.6)
      DevExpress.Printing.Core (20.1.6)
      DevExpress.Reporting.Core (20.1.6)
      DevExpress.RichEdit.Core (20.1.6)
      DevExpress.Sparkline.Core (20.1.6)
      DevExpress.TreeMap.Core (20.1.6)
      DevExpress.Xpo (20.1.6)
      NETStandard.Library (>= 2.0.3) - restriction: || (&& (== net461) (< net452) (>= netstandard2.0)) (== netstandard2.0)
      System.Drawing.Common (>= 4.5) - restriction: || (&& (== net461) (< net452) (>= netstandard2.0)) (== netstandard2.0)
    DevExpress.Data.Desktop (20.1.6) - restriction: || (== net461) (&& (== netstandard2.0) (>= net452))
      DevExpress.Data (20.1.6) - restriction: || (== net461) (&& (== netstandard2.0) (>= net452))
    DevExpress.DataAccess (20.1.6)
      DevExpress.CodeParser (20.1.6)
      DevExpress.Data (20.1.6)
      DevExpress.Office.Core (20.1.6)
      DevExpress.Printing.Core (20.1.6)
      DevExpress.RichEdit.Core (20.1.6)
      DevExpress.Xpo (20.1.6)
    DevExpress.DataAccess.UI (20.1.6) - restriction: || (== net461) (&& (== netstandard2.0) (>= net452))
      DevExpress.CodeParser (20.1.6) - restriction: || (== net461) (&& (== netstandard2.0) (>= net452))
      DevExpress.Data (20.1.6) - restriction: || (== net461) (&& (== netstandard2.0) (>= net452))
      DevExpress.Data.Desktop (20.1.6) - restriction: || (== net461) (&& (== netstandard2.0) (>= net452))
      DevExpress.DataAccess (20.1.6) - restriction: || (== net461) (&& (== netstandard2.0) (>= net452))
      DevExpress.Diagram.Core (20.1.6) - restriction: || (== net461) (&& (== netstandard2.0) (>= net452))
      DevExpress.Printing.Core (20.1.6) - restriction: || (== net461) (&& (== netstandard2.0) (>= net452))
      DevExpress.RichEdit.Core (20.1.6) - restriction: || (== net461) (&& (== netstandard2.0) (>= net452))
      DevExpress.Utils (20.1.6) - restriction: || (== net461) (&& (== netstandard2.0) (>= net452))
      DevExpress.Utils.UI (20.1.6) - restriction: || (== net461) (&& (== netstandard2.0) (>= net452))
      DevExpress.Win.Diagram (20.1.6) - restriction: || (== net461) (&& (== netstandard2.0) (>= net452))
      DevExpress.Win.Grid (20.1.6) - restriction: || (== net461) (&& (== netstandard2.0) (>= net452))
      DevExpress.Win.Navigation (20.1.6) - restriction: || (== net461) (&& (== netstandard2.0) (>= net452))
      DevExpress.Win.Printing (20.1.6) - restriction: || (== net461) (&& (== netstandard2.0) (>= net452))
      DevExpress.Win.RichEdit (20.1.6) - restriction: || (== net461) (&& (== netstandard2.0) (>= net452))
      DevExpress.Win.TreeList (20.1.6) - restriction: || (== net461) (&& (== netstandard2.0) (>= net452))
      DevExpress.Xpo (20.1.6) - restriction: || (== net461) (&& (== netstandard2.0) (>= net452))
    DevExpress.Diagram.Core (20.1.6) - restriction: || (== net461) (&& (== netstandard2.0) (>= net452))
      DevExpress.Data (20.1.6) - restriction: || (== net461) (&& (== netstandard2.0) (>= net452))
      DevExpress.Data.Desktop (20.1.6) - restriction: || (== net461) (&& (== netstandard2.0) (>= net452))
      DevExpress.Printing.Core (20.1.6) - restriction: || (== net461) (&& (== netstandard2.0) (>= net452))
    DevExpress.EasyTest (20.1.6)
      Microsoft.Win32.Registry (>= 4.6) - restriction: || (&& (== net461) (< net452) (>= netstandard2.0)) (== netstandard2.0)
      NETStandard.Library (>= 2.0.3) - restriction: || (&& (== net461) (< net452) (>= netstandard2.0)) (== netstandard2.0)
      System.Configuration.ConfigurationManager (>= 4.6) - restriction: || (&& (== net461) (< net452) (>= netstandard2.0)) (== netstandard2.0)
      System.Data.SqlClient (>= 4.7) - restriction: || (&& (== net461) (< net452) (>= netstandard2.0)) (== netstandard2.0)
      System.Drawing.Common (>= 4.6) - restriction: || (&& (== net461) (< net452) (>= netstandard2.0)) (== netstandard2.0)
      System.ServiceProcess.ServiceController (>= 4.6) - restriction: || (&& (== net461) (< net452) (>= netstandard2.0)) (== netstandard2.0)
    DevExpress.ExpressApp (20.1.6)
      DevExpress.Data (20.1.6)
      DevExpress.Images (20.1.6)
      DevExpress.Printing.Core (20.1.6)
      DevExpress.Utils (20.1.6) - restriction: || (== net461) (&& (== netstandard2.0) (>= net452))
    DevExpress.ExpressApp.AuditTrail (20.1.6)
      DevExpress.Data (20.1.6)
      DevExpress.ExpressApp (20.1.6)
      DevExpress.ExpressApp.Xpo (20.1.6)
      DevExpress.Persistent.BaseImpl (20.1.6)
      DevExpress.Xpo (20.1.6)
      NETStandard.Library (>= 2.0.3) - restriction: || (&& (== net461) (< net452) (>= netstandard2.0)) (== netstandard2.0)
      System.Drawing.Common (>= 4.5) - restriction: || (&& (== net461) (< net452) (>= netstandard2.0)) (== netstandard2.0)
    DevExpress.ExpressApp.Chart (20.1.6)
      DevExpress.Charts (20.1.6)
      DevExpress.Data (20.1.6)
      DevExpress.ExpressApp (20.1.6)
      DevExpress.Persistent.Base (20.1.6)
      NETStandard.Library (>= 2.0.3) - restriction: || (&& (== net461) (< net452) (>= netstandard2.0)) (== netstandard2.0)
      System.Drawing.Common (>= 4.5) - restriction: || (&& (== net461) (< net452) (>= netstandard2.0)) (== netstandard2.0)
    DevExpress.ExpressApp.Chart.Web (20.1.6) - restriction: || (== net461) (&& (== netstandard2.0) (>= net452))
      DevExpress.Charts (20.1.6) - restriction: || (== net461) (&& (== netstandard2.0) (>= net452))
      DevExpress.Data (20.1.6) - restriction: || (== net461) (&& (== netstandard2.0) (>= net452))
      DevExpress.ExpressApp (20.1.6) - restriction: || (== net461) (&& (== netstandard2.0) (>= net452))
      DevExpress.ExpressApp.Chart (20.1.6) - restriction: || (== net461) (&& (== netstandard2.0) (>= net452))
      DevExpress.ExpressApp.Web (20.1.6) - restriction: || (== net461) (&& (== netstandard2.0) (>= net452))
      DevExpress.Persistent.Base (20.1.6) - restriction: || (== net461) (&& (== netstandard2.0) (>= net452))
      DevExpress.Web (20.1.6) - restriction: || (== net461) (&& (== netstandard2.0) (>= net452))
      DevExpress.Web.Visualization (20.1.6) - restriction: || (== net461) (&& (== netstandard2.0) (>= net452))
    DevExpress.ExpressApp.Chart.Win (20.1.6) - restriction: || (== net461) (&& (== netstandard2.0) (>= net452))
      DevExpress.Charts (20.1.6) - restriction: || (== net461) (&& (== netstandard2.0) (>= net452))
      DevExpress.Data (20.1.6) - restriction: || (== net461) (&& (== netstandard2.0) (>= net452))
      DevExpress.ExpressApp (20.1.6) - restriction: || (== net461) (&& (== netstandard2.0) (>= net452))
      DevExpress.ExpressApp.Chart (20.1.6) - restriction: || (== net461) (&& (== netstandard2.0) (>= net452))
      DevExpress.ExpressApp.Win (20.1.6) - restriction: || (== net461) (&& (== netstandard2.0) (>= net452))
      DevExpress.Persistent.Base (20.1.6) - restriction: || (== net461) (&& (== netstandard2.0) (>= net452))
      DevExpress.Printing.Core (20.1.6) - restriction: || (== net461) (&& (== netstandard2.0) (>= net452))
      DevExpress.Utils (20.1.6) - restriction: || (== net461) (&& (== netstandard2.0) (>= net452))
      DevExpress.Win.Charts (20.1.6) - restriction: || (== net461) (&& (== netstandard2.0) (>= net452))
      DevExpress.Win.Navigation (20.1.6) - restriction: || (== net461) (&& (== netstandard2.0) (>= net452))
    DevExpress.ExpressApp.CloneObject (20.1.6)
      DevExpress.Data (20.1.6)
      DevExpress.ExpressApp (20.1.6)
      DevExpress.Persistent.Base (20.1.6)
      NETStandard.Library (>= 2.0.3) - restriction: || (&& (== net461) (< net452) (>= netstandard2.0)) (== netstandard2.0)
      System.Drawing.Common (>= 4.5) - restriction: || (&& (== net461) (< net452) (>= netstandard2.0)) (== netstandard2.0)
    DevExpress.ExpressApp.ConditionalAppearance (20.1.6)
      DevExpress.Data (20.1.6)
      DevExpress.ExpressApp (20.1.6)
      DevExpress.Persistent.Base (20.1.6)
      NETStandard.Library (>= 2.0.3) - restriction: || (&& (== net461) (< net452) (>= netstandard2.0)) (== netstandard2.0)
      System.Drawing.Common (>= 4.5) - restriction: || (&& (== net461) (< net452) (>= netstandard2.0)) (== netstandard2.0)
    DevExpress.ExpressApp.Core.All (20.1.6)
      DevExpress.EasyTest (20.1.6)
      DevExpress.ExpressApp.AuditTrail (20.1.6)
      DevExpress.ExpressApp.Chart (20.1.6)
      DevExpress.ExpressApp.CloneObject (20.1.6)
      DevExpress.ExpressApp.ConditionalAppearance (20.1.6)
      DevExpress.ExpressApp.Dashboards (20.1.6)
      DevExpress.ExpressApp.Images (20.1.6) - restriction: || (== net461) (&& (== netstandard2.0) (>= net452))
      DevExpress.ExpressApp.Kpi (20.1.6)
      DevExpress.ExpressApp.Notifications (20.1.6)
      DevExpress.ExpressApp.Objects (20.1.6)
      DevExpress.ExpressApp.Office (20.1.6)
      DevExpress.ExpressApp.PivotChart (20.1.6)
      DevExpress.ExpressApp.PivotGrid (20.1.6)
      DevExpress.ExpressApp.ReportsV2 (20.1.6)
      DevExpress.ExpressApp.Scheduler (20.1.6) - restriction: || (== net461) (&& (== netstandard2.0) (>= net452))
      DevExpress.ExpressApp.ScriptRecorder (20.1.6)
      DevExpress.ExpressApp.Security (20.1.6)
      DevExpress.ExpressApp.StateMachine (20.1.6)
      DevExpress.ExpressApp.TreeListEditors (20.1.6)
      DevExpress.ExpressApp.Validation (20.1.6)
      DevExpress.ExpressApp.ViewVariantsModule (20.1.6)
      DevExpress.ExpressApp.Workflow (20.1.6) - restriction: || (== net461) (&& (== netstandard2.0) (>= net452))
      DevExpress.Persistent.Base (20.1.6)
    DevExpress.ExpressApp.Dashboards (20.1.6)
      DevExpress.Dashboard.Core (20.1.6)
      DevExpress.Data (20.1.6)
      DevExpress.DataAccess (20.1.6)
      DevExpress.ExpressApp (20.1.6)
      DevExpress.Persistent.Base (20.1.6)
      DevExpress.Utils (20.1.6) - restriction: || (== net461) (&& (== netstandard2.0) (>= net452))
      NETStandard.Library (>= 2.0.3) - restriction: || (&& (== net461) (< net452) (>= netstandard2.0)) (== netstandard2.0)
      System.Drawing.Common (>= 4.5) - restriction: || (&& (== net461) (< net452) (>= netstandard2.0)) (== netstandard2.0)
    DevExpress.ExpressApp.Dashboards.Web (20.1.6) - restriction: || (== net461) (&& (== netstandard2.0) (>= net452))
      DevExpress.Dashboard.Core (20.1.6) - restriction: || (== net461) (&& (== netstandard2.0) (>= net452))
      DevExpress.Data (20.1.6) - restriction: || (== net461) (&& (== netstandard2.0) (>= net452))
      DevExpress.DataAccess (20.1.6) - restriction: || (== net461) (&& (== netstandard2.0) (>= net452))
      DevExpress.ExpressApp (20.1.6) - restriction: || (== net461) (&& (== netstandard2.0) (>= net452))
      DevExpress.ExpressApp.Dashboards (20.1.6) - restriction: || (== net461) (&& (== netstandard2.0) (>= net452))
      DevExpress.ExpressApp.Web (20.1.6) - restriction: || (== net461) (&& (== netstandard2.0) (>= net452))
      DevExpress.Persistent.Base (20.1.6) - restriction: || (== net461) (&& (== netstandard2.0) (>= net452))
      DevExpress.Web (20.1.6) - restriction: || (== net461) (&& (== netstandard2.0) (>= net452))
      DevExpress.Web.Dashboard (20.1.6) - restriction: || (== net461) (&& (== netstandard2.0) (>= net452))
      DevExpress.Web.Dashboard.Common (20.1.6) - restriction: || (== net461) (&& (== netstandard2.0) (>= net452))
    DevExpress.ExpressApp.Dashboards.Win (20.1.6) - restriction: || (== net461) (&& (== netstandard2.0) (>= net452))
      DevExpress.Dashboard.Core (20.1.6) - restriction: || (== net461) (&& (== netstandard2.0) (>= net452))
      DevExpress.Data (20.1.6) - restriction: || (== net461) (&& (== netstandard2.0) (>= net452))
      DevExpress.DataAccess (20.1.6) - restriction: || (== net461) (&& (== netstandard2.0) (>= net452))
      DevExpress.DataAccess.UI (20.1.6) - restriction: || (== net461) (&& (== netstandard2.0) (>= net452))
      DevExpress.ExpressApp (20.1.6) - restriction: || (== net461) (&& (== netstandard2.0) (>= net452))
      DevExpress.ExpressApp.Dashboards (20.1.6) - restriction: || (== net461) (&& (== netstandard2.0) (>= net452))
      DevExpress.ExpressApp.Win (20.1.6) - restriction: || (== net461) (&& (== netstandard2.0) (>= net452))
      DevExpress.Persistent.Base (20.1.6) - restriction: || (== net461) (&& (== netstandard2.0) (>= net452))
      DevExpress.Utils (20.1.6) - restriction: || (== net461) (&& (== netstandard2.0) (>= net452))
      DevExpress.Win.Dashboard (20.1.6) - restriction: || (== net461) (&& (== netstandard2.0) (>= net452))
      DevExpress.Win.Navigation (20.1.6) - restriction: || (== net461) (&& (== netstandard2.0) (>= net452))
    DevExpress.ExpressApp.EasyTest.WebAdapter (20.1.6)
      DevExpress.Data (20.1.6) - restriction: || (== net461) (&& (== netstandard2.0) (>= net452))
      DevExpress.EasyTest (20.1.6) - restriction: || (== net461) (&& (== netstandard2.0) (>= net452))
    DevExpress.ExpressApp.EasyTest.WinAdapter (20.1.6)
      DevExpress.Data (20.1.6) - restriction: || (== net461) (&& (== netstandard2.0) (>= net452))
      DevExpress.DataAccess.UI (20.1.6) - restriction: || (== net461) (&& (== netstandard2.0) (>= net452))
      DevExpress.EasyTest (20.1.6) - restriction: || (== net461) (&& (== netstandard2.0) (>= net452))
      DevExpress.ExpressApp (20.1.6) - restriction: || (== net461) (&& (== netstandard2.0) (>= net452))
      DevExpress.ExpressApp.HtmlPropertyEditor.Win (20.1.6) - restriction: || (== net461) (&& (== netstandard2.0) (>= net452))
      DevExpress.ExpressApp.Office.Win (20.1.6) - restriction: || (== net461) (&& (== netstandard2.0) (>= net452))
      DevExpress.ExpressApp.PivotChart.Win (20.1.6) - restriction: || (== net461) (&& (== netstandard2.0) (>= net452))
      DevExpress.ExpressApp.Win (20.1.6) - restriction: || (== net461) (&& (== netstandard2.0) (>= net452))
      DevExpress.PivotGrid.Core (20.1.6) - restriction: || (== net461) (&& (== netstandard2.0) (>= net452))
      DevExpress.Scheduler.Core (20.1.6) - restriction: || (== net461) (&& (== netstandard2.0) (>= net452))
      DevExpress.Spreadsheet.Core (20.1.6) - restriction: || (== net461) (&& (== netstandard2.0) (>= net452))
      DevExpress.Utils (20.1.6) - restriction: || (== net461) (&& (== netstandard2.0) (>= net452))
      DevExpress.Win (20.1.6) - restriction: || (== net461) (&& (== netstandard2.0) (>= net452))
      DevExpress.Win.Grid (20.1.6) - restriction: || (== net461) (&& (== netstandard2.0) (>= net452))
      DevExpress.Win.Navigation (20.1.6) - restriction: || (== net461) (&& (== netstandard2.0) (>= net452))
      DevExpress.Win.PivotGrid (20.1.6) - restriction: || (== net461) (&& (== netstandard2.0) (>= net452))
      DevExpress.Win.RichEdit (20.1.6) - restriction: || (== net461) (&& (== netstandard2.0) (>= net452))
      DevExpress.Win.Scheduler (20.1.6) - restriction: || (== net461) (&& (== netstandard2.0) (>= net452))
      DevExpress.Win.Spreadsheet (20.1.6) - restriction: || (== net461) (&& (== netstandard2.0) (>= net452))
      DevExpress.Win.TreeList (20.1.6) - restriction: || (== net461) (&& (== netstandard2.0) (>= net452))
      DevExpress.Win.VerticalGrid (20.1.6) - restriction: || (== net461) (&& (== netstandard2.0) (>= net452))
    DevExpress.ExpressApp.FileAttachment.Web (20.1.6) - restriction: || (== net461) (&& (== netstandard2.0) (>= net452))
      DevExpress.Data (20.1.6) - restriction: || (== net461) (&& (== netstandard2.0) (>= net452))
      DevExpress.ExpressApp (20.1.6) - restriction: || (== net461) (&& (== netstandard2.0) (>= net452))
      DevExpress.ExpressApp.Web (20.1.6) - restriction: || (== net461) (&& (== netstandard2.0) (>= net452))
      DevExpress.Persistent.Base (20.1.6) - restriction: || (== net461) (&& (== netstandard2.0) (>= net452))
      DevExpress.Web (20.1.6) - restriction: || (== net461) (&& (== netstandard2.0) (>= net452))
    DevExpress.ExpressApp.FileAttachment.Win (20.1.6) - restriction: || (== net461) (&& (== netstandard2.0) (>= net452))
      DevExpress.Data (20.1.6) - restriction: || (== net461) (&& (== netstandard2.0) (>= net452))
      DevExpress.ExpressApp (20.1.6) - restriction: || (== net461) (&& (== netstandard2.0) (>= net452))
      DevExpress.ExpressApp.Win (20.1.6) - restriction: || (== net461) (&& (== netstandard2.0) (>= net452))
      DevExpress.Persistent.Base (20.1.6) - restriction: || (== net461) (&& (== netstandard2.0) (>= net452))
      DevExpress.Utils (20.1.6) - restriction: || (== net461) (&& (== netstandard2.0) (>= net452))
      DevExpress.Win.Navigation (20.1.6) - restriction: || (== net461) (&& (== netstandard2.0) (>= net452))
    DevExpress.ExpressApp.HtmlPropertyEditor.Web (20.1.6) - restriction: || (== net461) (&& (== netstandard2.0) (>= net452))
      DevExpress.Data (20.1.6) - restriction: || (== net461) (&& (== netstandard2.0) (>= net452))
      DevExpress.ExpressApp (20.1.6) - restriction: || (== net461) (&& (== netstandard2.0) (>= net452))
      DevExpress.ExpressApp.Web (20.1.6) - restriction: || (== net461) (&& (== netstandard2.0) (>= net452))
      DevExpress.Web (20.1.6) - restriction: || (== net461) (&& (== netstandard2.0) (>= net452))
    DevExpress.ExpressApp.HtmlPropertyEditor.Win (20.1.6) - restriction: || (== net461) (&& (== netstandard2.0) (>= net452))
      DevExpress.Data (20.1.6) - restriction: || (== net461) (&& (== netstandard2.0) (>= net452))
      DevExpress.ExpressApp (20.1.6) - restriction: || (== net461) (&& (== netstandard2.0) (>= net452))
      DevExpress.ExpressApp.Win (20.1.6) - restriction: || (== net461) (&& (== netstandard2.0) (>= net452))
      DevExpress.Utils (20.1.6) - restriction: || (== net461) (&& (== netstandard2.0) (>= net452))
      DevExpress.Win.Navigation (20.1.6) - restriction: || (== net461) (&& (== netstandard2.0) (>= net452))
    DevExpress.ExpressApp.Images (20.1.6) - restriction: || (== net461) (&& (== netstandard2.0) (>= net452))
    DevExpress.ExpressApp.Kpi (20.1.6)
      DevExpress.Data (20.1.6)
      DevExpress.ExpressApp (20.1.6)
      DevExpress.ExpressApp.Validation (20.1.6)
      DevExpress.Persistent.Base (20.1.6)
      NETStandard.Library (>= 2.0.3) - restriction: || (&& (== net461) (< net452) (>= netstandard2.0)) (== netstandard2.0)
      System.Drawing.Common (>= 4.5) - restriction: || (&& (== net461) (< net452) (>= netstandard2.0)) (== netstandard2.0)
    DevExpress.ExpressApp.Maps.Web (20.1.6) - restriction: || (== net461) (&& (== netstandard2.0) (>= net452))
      DevExpress.Data (20.1.6) - restriction: || (== net461) (&& (== netstandard2.0) (>= net452))
      DevExpress.ExpressApp (20.1.6) - restriction: || (== net461) (&& (== netstandard2.0) (>= net452))
      DevExpress.ExpressApp.Web (20.1.6) - restriction: || (== net461) (&& (== netstandard2.0) (>= net452))
      DevExpress.Persistent.Base (20.1.6) - restriction: || (== net461) (&& (== netstandard2.0) (>= net452))
      DevExpress.Web (20.1.6) - restriction: || (== net461) (&& (== netstandard2.0) (>= net452))
    DevExpress.ExpressApp.Notifications (20.1.6)
      DevExpress.Data (20.1.6)
      DevExpress.ExpressApp (20.1.6)
      DevExpress.Persistent.Base (20.1.6)
      NETStandard.Library (>= 2.0.3) - restriction: || (&& (== net461) (< net452) (>= netstandard2.0)) (== netstandard2.0)
      System.Drawing.Common (>= 4.5) - restriction: || (&& (== net461) (< net452) (>= netstandard2.0)) (== netstandard2.0)
    DevExpress.ExpressApp.Notifications.Web (20.1.6) - restriction: || (== net461) (&& (== netstandard2.0) (>= net452))
      DevExpress.Data (20.1.6) - restriction: || (== net461) (&& (== netstandard2.0) (>= net452))
      DevExpress.ExpressApp (20.1.6) - restriction: || (== net461) (&& (== netstandard2.0) (>= net452))
      DevExpress.ExpressApp.Notifications (20.1.6) - restriction: || (== net461) (&& (== netstandard2.0) (>= net452))
      DevExpress.ExpressApp.Web (20.1.6) - restriction: || (== net461) (&& (== netstandard2.0) (>= net452))
      DevExpress.Web (20.1.6) - restriction: || (== net461) (&& (== netstandard2.0) (>= net452))
    DevExpress.ExpressApp.Notifications.Win (20.1.6) - restriction: || (== net461) (&& (== netstandard2.0) (>= net452))
      DevExpress.Data (20.1.6) - restriction: || (== net461) (&& (== netstandard2.0) (>= net452))
      DevExpress.ExpressApp (20.1.6) - restriction: || (== net461) (&& (== netstandard2.0) (>= net452))
      DevExpress.ExpressApp.Notifications (20.1.6) - restriction: || (== net461) (&& (== netstandard2.0) (>= net452))
      DevExpress.ExpressApp.Win (20.1.6) - restriction: || (== net461) (&& (== netstandard2.0) (>= net452))
      DevExpress.Utils (20.1.6) - restriction: || (== net461) (&& (== netstandard2.0) (>= net452))
      DevExpress.Win.Grid (20.1.6) - restriction: || (== net461) (&& (== netstandard2.0) (>= net452))
      DevExpress.Win.Navigation (20.1.6) - restriction: || (== net461) (&& (== netstandard2.0) (>= net452))
    DevExpress.ExpressApp.Objects (20.1.6)
      DevExpress.Data (20.1.6)
      DevExpress.ExpressApp (20.1.6)
      NETStandard.Library (>= 2.0.3) - restriction: || (&& (== net461) (< net452) (>= netstandard2.0)) (== netstandard2.0)
      System.Drawing.Common (>= 4.5) - restriction: || (&& (== net461) (< net452) (>= netstandard2.0)) (== netstandard2.0)
    DevExpress.ExpressApp.Office (20.1.6)
      DevExpress.Data (20.1.6)
      DevExpress.ExpressApp (20.1.6)
      DevExpress.Office.Core (20.1.6)
      DevExpress.Persistent.Base (20.1.6)
      DevExpress.RichEdit.Core (20.1.6)
      DevExpress.Spreadsheet.Core (20.1.6)
      NETStandard.Library (>= 2.0.3) - restriction: || (&& (== net461) (< net452) (>= netstandard2.0)) (== netstandard2.0)
      System.Drawing.Common (>= 4.5) - restriction: || (&& (== net461) (< net452) (>= netstandard2.0)) (== netstandard2.0)
    DevExpress.ExpressApp.Office.Web (20.1.6) - restriction: || (== net461) (&& (== netstandard2.0) (>= net452))
      DevExpress.Data (20.1.6) - restriction: || (== net461) (&& (== netstandard2.0) (>= net452))
      DevExpress.ExpressApp (20.1.6) - restriction: || (== net461) (&& (== netstandard2.0) (>= net452))
      DevExpress.ExpressApp.Office (20.1.6) - restriction: || (== net461) (&& (== netstandard2.0) (>= net452))
      DevExpress.ExpressApp.Web (20.1.6) - restriction: || (== net461) (&& (== netstandard2.0) (>= net452))
      DevExpress.Persistent.Base (20.1.6) - restriction: || (== net461) (&& (== netstandard2.0) (>= net452))
      DevExpress.RichEdit.Core (20.1.6) - restriction: || (== net461) (&& (== netstandard2.0) (>= net452))
      DevExpress.Spreadsheet.Core (20.1.6) - restriction: || (== net461) (&& (== netstandard2.0) (>= net452))
      DevExpress.Web (20.1.6) - restriction: || (== net461) (&& (== netstandard2.0) (>= net452))
      DevExpress.Web.Office (20.1.6) - restriction: || (== net461) (&& (== netstandard2.0) (>= net452))
    DevExpress.ExpressApp.Office.Win (20.1.6) - restriction: || (== net461) (&& (== netstandard2.0) (>= net452))
      DevExpress.Data (20.1.6) - restriction: || (== net461) (&& (== netstandard2.0) (>= net452))
      DevExpress.ExpressApp (20.1.6) - restriction: || (== net461) (&& (== netstandard2.0) (>= net452))
      DevExpress.ExpressApp.Office (20.1.6) - restriction: || (== net461) (&& (== netstandard2.0) (>= net452))
      DevExpress.ExpressApp.Win (20.1.6) - restriction: || (== net461) (&& (== netstandard2.0) (>= net452))
      DevExpress.Office.Core (20.1.6) - restriction: || (== net461) (&& (== netstandard2.0) (>= net452))
      DevExpress.Persistent.Base (20.1.6) - restriction: || (== net461) (&& (== netstandard2.0) (>= net452))
      DevExpress.RichEdit.Core (20.1.6) - restriction: || (== net461) (&& (== netstandard2.0) (>= net452))
      DevExpress.Spreadsheet.Core (20.1.6) - restriction: || (== net461) (&& (== netstandard2.0) (>= net452))
      DevExpress.Utils (20.1.6) - restriction: || (== net461) (&& (== netstandard2.0) (>= net452))
      DevExpress.Win.Grid (20.1.6) - restriction: || (== net461) (&& (== netstandard2.0) (>= net452))
      DevExpress.Win.Navigation (20.1.6) - restriction: || (== net461) (&& (== netstandard2.0) (>= net452))
      DevExpress.Win.RichEdit (20.1.6) - restriction: || (== net461) (&& (== netstandard2.0) (>= net452))
      DevExpress.Win.Spreadsheet (20.1.6) - restriction: || (== net461) (&& (== netstandard2.0) (>= net452))
    DevExpress.ExpressApp.PivotChart (20.1.6)
      DevExpress.Charts (20.1.6)
      DevExpress.Data (20.1.6)
      DevExpress.ExpressApp (20.1.6)
      DevExpress.Persistent.Base (20.1.6)
      DevExpress.PivotGrid.Core (20.1.6)
      NETStandard.Library (>= 2.0.3) - restriction: || (&& (== net461) (< net452) (>= netstandard2.0)) (== netstandard2.0)
      System.Drawing.Common (>= 4.5) - restriction: || (&& (== net461) (< net452) (>= netstandard2.0)) (== netstandard2.0)
    DevExpress.ExpressApp.PivotChart.Web (20.1.6) - restriction: || (== net461) (&& (== netstandard2.0) (>= net452))
      DevExpress.Charts (20.1.6) - restriction: || (== net461) (&& (== netstandard2.0) (>= net452))
      DevExpress.Data (20.1.6) - restriction: || (== net461) (&& (== netstandard2.0) (>= net452))
      DevExpress.ExpressApp (20.1.6) - restriction: || (== net461) (&& (== netstandard2.0) (>= net452))
      DevExpress.ExpressApp.PivotChart (20.1.6) - restriction: || (== net461) (&& (== netstandard2.0) (>= net452))
      DevExpress.ExpressApp.Web (20.1.6) - restriction: || (== net461) (&& (== netstandard2.0) (>= net452))
      DevExpress.Persistent.Base (20.1.6) - restriction: || (== net461) (&& (== netstandard2.0) (>= net452))
      DevExpress.PivotGrid.Core (20.1.6) - restriction: || (== net461) (&& (== netstandard2.0) (>= net452))
      DevExpress.Printing.Core (20.1.6) - restriction: || (== net461) (&& (== netstandard2.0) (>= net452))
      DevExpress.Web (20.1.6) - restriction: || (== net461) (&& (== netstandard2.0) (>= net452))
      DevExpress.Web.Visualization (20.1.6) - restriction: || (== net461) (&& (== netstandard2.0) (>= net452))
    DevExpress.ExpressApp.PivotChart.Win (20.1.6) - restriction: || (== net461) (&& (== netstandard2.0) (>= net452))
      DevExpress.Charts (20.1.6) - restriction: || (== net461) (&& (== netstandard2.0) (>= net452))
      DevExpress.Data (20.1.6) - restriction: || (== net461) (&& (== netstandard2.0) (>= net452))
      DevExpress.ExpressApp (20.1.6) - restriction: || (== net461) (&& (== netstandard2.0) (>= net452))
      DevExpress.ExpressApp.PivotChart (20.1.6) - restriction: || (== net461) (&& (== netstandard2.0) (>= net452))
      DevExpress.ExpressApp.Win (20.1.6) - restriction: || (== net461) (&& (== netstandard2.0) (>= net452))
      DevExpress.Persistent.Base (20.1.6) - restriction: || (== net461) (&& (== netstandard2.0) (>= net452))
      DevExpress.PivotGrid.Core (20.1.6) - restriction: || (== net461) (&& (== netstandard2.0) (>= net452))
      DevExpress.Printing.Core (20.1.6) - restriction: || (== net461) (&& (== netstandard2.0) (>= net452))
      DevExpress.Utils (20.1.6) - restriction: || (== net461) (&& (== netstandard2.0) (>= net452))
      DevExpress.Win.Charts (20.1.6) - restriction: || (== net461) (&& (== netstandard2.0) (>= net452))
      DevExpress.Win.Navigation (20.1.6) - restriction: || (== net461) (&& (== netstandard2.0) (>= net452))
      DevExpress.Win.PivotGrid (20.1.6) - restriction: || (== net461) (&& (== netstandard2.0) (>= net452))
    DevExpress.ExpressApp.PivotGrid (20.1.6)
      DevExpress.Data (20.1.6)
      DevExpress.ExpressApp (20.1.6)
      DevExpress.PivotGrid.Core (20.1.6)
      NETStandard.Library (>= 2.0.3) - restriction: || (&& (== net461) (< net452) (>= netstandard2.0)) (== netstandard2.0)
      System.Drawing.Common (>= 4.5) - restriction: || (&& (== net461) (< net452) (>= netstandard2.0)) (== netstandard2.0)
    DevExpress.ExpressApp.PivotGrid.Web (20.1.6) - restriction: || (== net461) (&& (== netstandard2.0) (>= net452))
      DevExpress.Charts (20.1.6) - restriction: || (== net461) (&& (== netstandard2.0) (>= net452))
      DevExpress.Data (20.1.6) - restriction: || (== net461) (&& (== netstandard2.0) (>= net452))
      DevExpress.ExpressApp (20.1.6) - restriction: || (== net461) (&& (== netstandard2.0) (>= net452))
      DevExpress.ExpressApp.PivotGrid (20.1.6) - restriction: || (== net461) (&& (== netstandard2.0) (>= net452))
      DevExpress.ExpressApp.Web (20.1.6) - restriction: || (== net461) (&& (== netstandard2.0) (>= net452))
      DevExpress.PivotGrid.Core (20.1.6) - restriction: || (== net461) (&& (== netstandard2.0) (>= net452))
      DevExpress.Web (20.1.6) - restriction: || (== net461) (&& (== netstandard2.0) (>= net452))
      DevExpress.Web.Visualization (20.1.6) - restriction: || (== net461) (&& (== netstandard2.0) (>= net452))
    DevExpress.ExpressApp.PivotGrid.Win (20.1.6) - restriction: || (== net461) (&& (== netstandard2.0) (>= net452))
      DevExpress.Charts (20.1.6) - restriction: || (== net461) (&& (== netstandard2.0) (>= net452))
      DevExpress.Data (20.1.6) - restriction: || (== net461) (&& (== netstandard2.0) (>= net452))
      DevExpress.ExpressApp (20.1.6) - restriction: || (== net461) (&& (== netstandard2.0) (>= net452))
      DevExpress.ExpressApp.PivotGrid (20.1.6) - restriction: || (== net461) (&& (== netstandard2.0) (>= net452))
      DevExpress.ExpressApp.Win (20.1.6) - restriction: || (== net461) (&& (== netstandard2.0) (>= net452))
      DevExpress.PivotGrid.Core (20.1.6) - restriction: || (== net461) (&& (== netstandard2.0) (>= net452))
      DevExpress.Utils (20.1.6) - restriction: || (== net461) (&& (== netstandard2.0) (>= net452))
      DevExpress.Win.Charts (20.1.6) - restriction: || (== net461) (&& (== netstandard2.0) (>= net452))
      DevExpress.Win.Navigation (20.1.6) - restriction: || (== net461) (&& (== netstandard2.0) (>= net452))
      DevExpress.Win.PivotGrid (20.1.6) - restriction: || (== net461) (&& (== netstandard2.0) (>= net452))
    DevExpress.ExpressApp.ReportsV2 (20.1.6)
      DevExpress.Data (20.1.6)
      DevExpress.ExpressApp (20.1.6)
      DevExpress.Persistent.Base (20.1.6)
      DevExpress.Printing.Core (20.1.6)
      DevExpress.Reporting.Core (20.1.6)
      DevExpress.Utils (20.1.6) - restriction: || (== net461) (&& (== netstandard2.0) (>= net452))
      NETStandard.Library (>= 2.0.3) - restriction: || (&& (== net461) (< net452) (>= netstandard2.0)) (== netstandard2.0)
      System.Drawing.Common (>= 4.5) - restriction: || (&& (== net461) (< net452) (>= netstandard2.0)) (== netstandard2.0)
    DevExpress.ExpressApp.ReportsV2.Web (20.1.6) - restriction: || (== net461) (&& (== netstandard2.0) (>= net452))
      DevExpress.Data (20.1.6) - restriction: || (== net461) (&& (== netstandard2.0) (>= net452))
      DevExpress.ExpressApp (20.1.6) - restriction: || (== net461) (&& (== netstandard2.0) (>= net452))
      DevExpress.ExpressApp.ReportsV2 (20.1.6) - restriction: || (== net461) (&& (== netstandard2.0) (>= net452))
      DevExpress.ExpressApp.Web (20.1.6) - restriction: || (== net461) (&& (== netstandard2.0) (>= net452))
      DevExpress.Persistent.Base (20.1.6) - restriction: || (== net461) (&& (== netstandard2.0) (>= net452))
      DevExpress.Printing.Core (20.1.6) - restriction: || (== net461) (&& (== netstandard2.0) (>= net452))
      DevExpress.Reporting.Core (20.1.6) - restriction: || (== net461) (&& (== netstandard2.0) (>= net452))
      DevExpress.Web (20.1.6) - restriction: || (== net461) (&& (== netstandard2.0) (>= net452))
      DevExpress.Web.Reporting (20.1.6) - restriction: || (== net461) (&& (== netstandard2.0) (>= net452))
      DevExpress.Web.Reporting.Common (20.1.6) - restriction: || (== net461) (&& (== netstandard2.0) (>= net452))
    DevExpress.ExpressApp.ReportsV2.Win (20.1.6) - restriction: || (== net461) (&& (== netstandard2.0) (>= net452))
      DevExpress.Data (20.1.6) - restriction: || (== net461) (&& (== netstandard2.0) (>= net452))
      DevExpress.DataAccess (20.1.6) - restriction: || (== net461) (&& (== netstandard2.0) (>= net452))
      DevExpress.DataAccess.UI (20.1.6) - restriction: || (== net461) (&& (== netstandard2.0) (>= net452))
      DevExpress.ExpressApp (20.1.6) - restriction: || (== net461) (&& (== netstandard2.0) (>= net452))
      DevExpress.ExpressApp.ReportsV2 (20.1.6) - restriction: || (== net461) (&& (== netstandard2.0) (>= net452))
      DevExpress.ExpressApp.Win (20.1.6) - restriction: || (== net461) (&& (== netstandard2.0) (>= net452))
      DevExpress.Persistent.Base (20.1.6) - restriction: || (== net461) (&& (== netstandard2.0) (>= net452))
      DevExpress.Printing.Core (20.1.6) - restriction: || (== net461) (&& (== netstandard2.0) (>= net452))
      DevExpress.Reporting.Core (20.1.6) - restriction: || (== net461) (&& (== netstandard2.0) (>= net452))
      DevExpress.Utils (20.1.6) - restriction: || (== net461) (&& (== netstandard2.0) (>= net452))
      DevExpress.Utils.UI (20.1.6) - restriction: || (== net461) (&& (== netstandard2.0) (>= net452))
      DevExpress.Win.Grid (20.1.6) - restriction: || (== net461) (&& (== netstandard2.0) (>= net452))
      DevExpress.Win.Navigation (20.1.6) - restriction: || (== net461) (&& (== netstandard2.0) (>= net452))
      DevExpress.Win.Printing (20.1.6) - restriction: || (== net461) (&& (== netstandard2.0) (>= net452))
      DevExpress.Win.Reporting (20.1.6) - restriction: || (== net461) (&& (== netstandard2.0) (>= net452))
      DevExpress.Win.TreeList (20.1.6) - restriction: || (== net461) (&& (== netstandard2.0) (>= net452))
    DevExpress.ExpressApp.Scheduler (20.1.6) - restriction: || (== net461) (&& (== netstandard2.0) (>= net452))
      DevExpress.Data (20.1.6) - restriction: || (== net461) (&& (== netstandard2.0) (>= net452))
      DevExpress.ExpressApp (20.1.6) - restriction: || (== net461) (&& (== netstandard2.0) (>= net452))
      DevExpress.Persistent.Base (20.1.6) - restriction: || (== net461) (&& (== netstandard2.0) (>= net452))
      DevExpress.Scheduler.Core (20.1.6) - restriction: || (== net461) (&& (== netstandard2.0) (>= net452))
    DevExpress.ExpressApp.Scheduler.Web (20.1.6) - restriction: || (== net461) (&& (== netstandard2.0) (>= net452))
      DevExpress.Data (20.1.6) - restriction: || (== net461) (&& (== netstandard2.0) (>= net452))
      DevExpress.ExpressApp (20.1.6) - restriction: || (== net461) (&& (== netstandard2.0) (>= net452))
      DevExpress.ExpressApp.Scheduler (20.1.6) - restriction: || (== net461) (&& (== netstandard2.0) (>= net452))
      DevExpress.ExpressApp.Web (20.1.6) - restriction: || (== net461) (&& (== netstandard2.0) (>= net452))
      DevExpress.Persistent.Base (20.1.6) - restriction: || (== net461) (&& (== netstandard2.0) (>= net452))
      DevExpress.Scheduler.Core (20.1.6) - restriction: || (== net461) (&& (== netstandard2.0) (>= net452))
      DevExpress.Web (20.1.6) - restriction: || (== net461) (&& (== netstandard2.0) (>= net452))
      DevExpress.Web.Scheduler (20.1.6) - restriction: || (== net461) (&& (== netstandard2.0) (>= net452))
    DevExpress.ExpressApp.Scheduler.Win (20.1.6) - restriction: || (== net461) (&& (== netstandard2.0) (>= net452))
      DevExpress.Data (20.1.6) - restriction: || (== net461) (&& (== netstandard2.0) (>= net452))
      DevExpress.ExpressApp (20.1.6) - restriction: || (== net461) (&& (== netstandard2.0) (>= net452))
      DevExpress.ExpressApp.Scheduler (20.1.6) - restriction: || (== net461) (&& (== netstandard2.0) (>= net452))
      DevExpress.ExpressApp.Win (20.1.6) - restriction: || (== net461) (&& (== netstandard2.0) (>= net452))
      DevExpress.Persistent.Base (20.1.6) - restriction: || (== net461) (&& (== netstandard2.0) (>= net452))
      DevExpress.Scheduler.Core (20.1.6) - restriction: || (== net461) (&& (== netstandard2.0) (>= net452))
      DevExpress.Utils (20.1.6) - restriction: || (== net461) (&& (== netstandard2.0) (>= net452))
      DevExpress.Win.Navigation (20.1.6) - restriction: || (== net461) (&& (== netstandard2.0) (>= net452))
      DevExpress.Win.Scheduler (20.1.6) - restriction: || (== net461) (&& (== netstandard2.0) (>= net452))
    DevExpress.ExpressApp.ScriptRecorder (20.1.6)
      DevExpress.ExpressApp (20.1.6)
      NETStandard.Library (>= 2.0.3) - restriction: || (&& (== net461) (< net452) (>= netstandard2.0)) (== netstandard2.0)
      System.Drawing.Common (>= 4.5) - restriction: || (&& (== net461) (< net452) (>= netstandard2.0)) (== netstandard2.0)
    DevExpress.ExpressApp.ScriptRecorder.Web (20.1.6) - restriction: || (== net461) (&& (== netstandard2.0) (>= net452))
      DevExpress.Data (20.1.6) - restriction: || (== net461) (&& (== netstandard2.0) (>= net452))
      DevExpress.ExpressApp (20.1.6) - restriction: || (== net461) (&& (== netstandard2.0) (>= net452))
      DevExpress.ExpressApp.ScriptRecorder (20.1.6) - restriction: || (== net461) (&& (== netstandard2.0) (>= net452))
      DevExpress.ExpressApp.Web (20.1.6) - restriction: || (== net461) (&& (== netstandard2.0) (>= net452))
    DevExpress.ExpressApp.ScriptRecorder.Win (20.1.6) - restriction: || (== net461) (&& (== netstandard2.0) (>= net452))
      DevExpress.Data (20.1.6) - restriction: || (== net461) (&& (== netstandard2.0) (>= net452))
      DevExpress.ExpressApp (20.1.6) - restriction: || (== net461) (&& (== netstandard2.0) (>= net452))
      DevExpress.ExpressApp.ScriptRecorder (20.1.6) - restriction: || (== net461) (&& (== netstandard2.0) (>= net452))
      DevExpress.ExpressApp.Win (20.1.6) - restriction: || (== net461) (&& (== netstandard2.0) (>= net452))
      DevExpress.Utils (20.1.6) - restriction: || (== net461) (&& (== netstandard2.0) (>= net452))
      DevExpress.Win.Navigation (20.1.6) - restriction: || (== net461) (&& (== netstandard2.0) (>= net452))
    DevExpress.ExpressApp.Security (20.1.6)
      DevExpress.Data (20.1.6)
      DevExpress.ExpressApp (20.1.6)
      DevExpress.Persistent.Base (20.1.6)
      NETStandard.Library (>= 2.0.3) - restriction: || (&& (== net461) (< net452) (>= netstandard2.0)) (== netstandard2.0)
      System.Drawing.Common (>= 4.5) - restriction: || (&& (== net461) (< net452) (>= netstandard2.0)) (== netstandard2.0)
      System.Security.Permissions (>= 4.5) - restriction: || (&& (== net461) (< net452) (>= netstandard2.0)) (== netstandard2.0)
    DevExpress.ExpressApp.Security.Xpo (20.1.6)
      DevExpress.Data (20.1.6)
      DevExpress.ExpressApp (20.1.6)
      DevExpress.ExpressApp.Security (20.1.6)
      DevExpress.ExpressApp.Xpo (20.1.6)
      DevExpress.Persistent.Base (20.1.6)
      DevExpress.Xpo (20.1.6)
      NETStandard.Library (>= 2.0.3) - restriction: || (&& (== net461) (< net452) (>= netstandard2.0)) (== netstandard2.0)
      System.ServiceModel.Http (>= 4.6) - restriction: || (&& (== net461) (< net452) (>= netstandard2.0)) (== netstandard2.0)
      System.ServiceModel.NetTcp (>= 4.6) - restriction: || (&& (== net461) (< net452) (>= netstandard2.0)) (== netstandard2.0)
      System.ServiceModel.Primitives (>= 4.6) - restriction: || (&& (== net461) (< net452) (>= netstandard2.0)) (== netstandard2.0)
    DevExpress.ExpressApp.StateMachine (20.1.6)
      DevExpress.Data (20.1.6)
      DevExpress.ExpressApp (20.1.6)
      DevExpress.ExpressApp.ConditionalAppearance (20.1.6)
      DevExpress.ExpressApp.Validation (20.1.6)
      DevExpress.Persistent.Base (20.1.6)
      NETStandard.Library (>= 2.0.3) - restriction: || (&& (== net461) (< net452) (>= netstandard2.0)) (== netstandard2.0)
      System.Drawing.Common (>= 4.5) - restriction: || (&& (== net461) (< net452) (>= netstandard2.0)) (== netstandard2.0)
    DevExpress.ExpressApp.TreeListEditors (20.1.6)
      DevExpress.Data (20.1.6)
      DevExpress.ExpressApp (20.1.6)
      DevExpress.Persistent.Base (20.1.6)
      NETStandard.Library (>= 2.0.3) - restriction: || (&& (== net461) (< net452) (>= netstandard2.0)) (== netstandard2.0)
      System.Drawing.Common (>= 4.5) - restriction: || (&& (== net461) (< net452) (>= netstandard2.0)) (== netstandard2.0)
    DevExpress.ExpressApp.TreeListEditors.Web (20.1.6) - restriction: || (== net461) (&& (== netstandard2.0) (>= net452))
      DevExpress.Data (20.1.6) - restriction: || (== net461) (&& (== netstandard2.0) (>= net452))
      DevExpress.ExpressApp (20.1.6) - restriction: || (== net461) (&& (== netstandard2.0) (>= net452))
      DevExpress.ExpressApp.TreeListEditors (20.1.6) - restriction: || (== net461) (&& (== netstandard2.0) (>= net452))
      DevExpress.ExpressApp.Web (20.1.6) - restriction: || (== net461) (&& (== netstandard2.0) (>= net452))
      DevExpress.Persistent.Base (20.1.6) - restriction: || (== net461) (&& (== netstandard2.0) (>= net452))
      DevExpress.Web (20.1.6) - restriction: || (== net461) (&& (== netstandard2.0) (>= net452))
    DevExpress.ExpressApp.TreeListEditors.Win (20.1.6) - restriction: || (== net461) (&& (== netstandard2.0) (>= net452))
      DevExpress.Data (20.1.6) - restriction: || (== net461) (&& (== netstandard2.0) (>= net452))
      DevExpress.ExpressApp (20.1.6) - restriction: || (== net461) (&& (== netstandard2.0) (>= net452))
      DevExpress.ExpressApp.TreeListEditors (20.1.6) - restriction: || (== net461) (&& (== netstandard2.0) (>= net452))
      DevExpress.ExpressApp.Win (20.1.6) - restriction: || (== net461) (&& (== netstandard2.0) (>= net452))
      DevExpress.Persistent.Base (20.1.6) - restriction: || (== net461) (&& (== netstandard2.0) (>= net452))
      DevExpress.Utils (20.1.6) - restriction: || (== net461) (&& (== netstandard2.0) (>= net452))
      DevExpress.Win.Navigation (20.1.6) - restriction: || (== net461) (&& (== netstandard2.0) (>= net452))
      DevExpress.Win.TreeList (20.1.6) - restriction: || (== net461) (&& (== netstandard2.0) (>= net452))
    DevExpress.ExpressApp.Validation (20.1.6)
      DevExpress.Data (20.1.6)
      DevExpress.ExpressApp (20.1.6)
      DevExpress.Persistent.Base (20.1.6)
      NETStandard.Library (>= 2.0.3) - restriction: || (&& (== net461) (< net452) (>= netstandard2.0)) (== netstandard2.0)
      System.Drawing.Common (>= 4.5) - restriction: || (&& (== net461) (< net452) (>= netstandard2.0)) (== netstandard2.0)
    DevExpress.ExpressApp.Validation.Web (20.1.6) - restriction: || (== net461) (&& (== netstandard2.0) (>= net452))
      DevExpress.Data (20.1.6) - restriction: || (== net461) (&& (== netstandard2.0) (>= net452))
      DevExpress.ExpressApp (20.1.6) - restriction: || (== net461) (&& (== netstandard2.0) (>= net452))
      DevExpress.ExpressApp.Validation (20.1.6) - restriction: || (== net461) (&& (== netstandard2.0) (>= net452))
      DevExpress.ExpressApp.Web (20.1.6) - restriction: || (== net461) (&& (== netstandard2.0) (>= net452))
      DevExpress.Persistent.Base (20.1.6) - restriction: || (== net461) (&& (== netstandard2.0) (>= net452))
      DevExpress.Web (20.1.6) - restriction: || (== net461) (&& (== netstandard2.0) (>= net452))
    DevExpress.ExpressApp.Validation.Win (20.1.6) - restriction: || (== net461) (&& (== netstandard2.0) (>= net452))
      DevExpress.Data (20.1.6) - restriction: || (== net461) (&& (== netstandard2.0) (>= net452))
      DevExpress.ExpressApp (20.1.6) - restriction: || (== net461) (&& (== netstandard2.0) (>= net452))
      DevExpress.ExpressApp.Validation (20.1.6) - restriction: || (== net461) (&& (== netstandard2.0) (>= net452))
      DevExpress.ExpressApp.Win (20.1.6) - restriction: || (== net461) (&& (== netstandard2.0) (>= net452))
      DevExpress.Persistent.Base (20.1.6) - restriction: || (== net461) (&& (== netstandard2.0) (>= net452))
      DevExpress.Win.Grid (20.1.6) - restriction: || (== net461) (&& (== netstandard2.0) (>= net452))
      DevExpress.Win.Navigation (20.1.6) - restriction: || (== net461) (&& (== netstandard2.0) (>= net452))
    DevExpress.ExpressApp.ViewVariantsModule (20.1.6)
      DevExpress.Data (20.1.6)
      DevExpress.ExpressApp (20.1.6)
      NETStandard.Library (>= 2.0.3) - restriction: || (&& (== net461) (< net452) (>= netstandard2.0)) (== netstandard2.0)
      System.Drawing.Common (>= 4.5) - restriction: || (&& (== net461) (< net452) (>= netstandard2.0)) (== netstandard2.0)
    DevExpress.ExpressApp.Web (20.1.6) - restriction: || (== net461) (&& (== netstandard2.0) (>= net452))
      DevExpress.Data (20.1.6) - restriction: || (== net461) (&& (== netstandard2.0) (>= net452))
      DevExpress.ExpressApp (20.1.6) - restriction: || (== net461) (&& (== netstandard2.0) (>= net452))
      DevExpress.Persistent.Base (20.1.6) - restriction: || (== net461) (&& (== netstandard2.0) (>= net452))
      DevExpress.Printing.Core (20.1.6) - restriction: || (== net461) (&& (== netstandard2.0) (>= net452))
      DevExpress.Utils (20.1.6) - restriction: || (== net461) (&& (== netstandard2.0) (>= net452))
      DevExpress.Web (20.1.6) - restriction: || (== net461) (&& (== netstandard2.0) (>= net452))
      DevExpress.Web.Themes (20.1.6) - restriction: || (== net461) (&& (== netstandard2.0) (>= net452))
    DevExpress.ExpressApp.Web.All (20.1.6)
      DevExpress.ExpressApp.Chart.Web (20.1.6) - restriction: || (== net461) (&& (== netstandard2.0) (>= net452))
      DevExpress.ExpressApp.Core.All (20.1.6) - restriction: || (== net461) (&& (== netstandard2.0) (>= net452))
      DevExpress.ExpressApp.Dashboards.Web (20.1.6) - restriction: || (== net461) (&& (== netstandard2.0) (>= net452))
      DevExpress.ExpressApp.EasyTest.WebAdapter (20.1.6) - restriction: || (== net461) (&& (== netstandard2.0) (>= net452))
      DevExpress.ExpressApp.FileAttachment.Web (20.1.6) - restriction: || (== net461) (&& (== netstandard2.0) (>= net452))
      DevExpress.ExpressApp.HtmlPropertyEditor.Web (20.1.6) - restriction: || (== net461) (&& (== netstandard2.0) (>= net452))
      DevExpress.ExpressApp.Maps.Web (20.1.6) - restriction: || (== net461) (&& (== netstandard2.0) (>= net452))
      DevExpress.ExpressApp.Notifications.Web (20.1.6) - restriction: || (== net461) (&& (== netstandard2.0) (>= net452))
      DevExpress.ExpressApp.Office.Web (20.1.6) - restriction: || (== net461) (&& (== netstandard2.0) (>= net452))
      DevExpress.ExpressApp.PivotChart.Web (20.1.6) - restriction: || (== net461) (&& (== netstandard2.0) (>= net452))
      DevExpress.ExpressApp.PivotGrid.Web (20.1.6) - restriction: || (== net461) (&& (== netstandard2.0) (>= net452))
      DevExpress.ExpressApp.ReportsV2.Web (20.1.6) - restriction: || (== net461) (&& (== netstandard2.0) (>= net452))
      DevExpress.ExpressApp.Scheduler.Web (20.1.6) - restriction: || (== net461) (&& (== netstandard2.0) (>= net452))
      DevExpress.ExpressApp.ScriptRecorder.Web (20.1.6) - restriction: || (== net461) (&& (== netstandard2.0) (>= net452))
      DevExpress.ExpressApp.TreeListEditors.Web (20.1.6) - restriction: || (== net461) (&& (== netstandard2.0) (>= net452))
      DevExpress.ExpressApp.Validation.Web (20.1.6) - restriction: || (== net461) (&& (== netstandard2.0) (>= net452))
      DevExpress.ExpressApp.Web (20.1.6) - restriction: || (== net461) (&& (== netstandard2.0) (>= net452))
    DevExpress.ExpressApp.Win (20.1.6) - restriction: || (== net461) (&& (== netstandard2.0) (>= net452))
      DevExpress.Data (20.1.6) - restriction: || (== net461) (&& (== netstandard2.0) (>= net452))
      DevExpress.Data.Desktop (20.1.6) - restriction: || (== net461) (&& (== netstandard2.0) (>= net452))
      DevExpress.DataAccess.UI (20.1.6) - restriction: || (== net461) (&& (== netstandard2.0) (>= net452))
      DevExpress.ExpressApp (20.1.6) - restriction: || (== net461) (&& (== netstandard2.0) (>= net452))
      DevExpress.Office.Core (20.1.6) - restriction: || (== net461) (&& (== netstandard2.0) (>= net452))
      DevExpress.Persistent.Base (20.1.6) - restriction: || (== net461) (&& (== netstandard2.0) (>= net452))
      DevExpress.Printing.Core (20.1.6) - restriction: || (== net461) (&& (== netstandard2.0) (>= net452))
      DevExpress.RichEdit.Core (20.1.6) - restriction: || (== net461) (&& (== netstandard2.0) (>= net452))
      DevExpress.Utils (20.1.6) - restriction: || (== net461) (&& (== netstandard2.0) (>= net452))
      DevExpress.Win (20.1.6) - restriction: || (== net461) (&& (== netstandard2.0) (>= net452))
      DevExpress.Win.BonusSkins (20.1.6) - restriction: || (== net461) (&& (== netstandard2.0) (>= net452))
      DevExpress.Win.Grid (20.1.6) - restriction: || (== net461) (&& (== netstandard2.0) (>= net452))
      DevExpress.Win.Navigation (20.1.6) - restriction: || (== net461) (&& (== netstandard2.0) (>= net452))
      DevExpress.Win.Printing (20.1.6) - restriction: || (== net461) (&& (== netstandard2.0) (>= net452))
      DevExpress.Win.RichEdit (20.1.6) - restriction: || (== net461) (&& (== netstandard2.0) (>= net452))
      DevExpress.Win.TreeList (20.1.6) - restriction: || (== net461) (&& (== netstandard2.0) (>= net452))
      DevExpress.Win.VerticalGrid (20.1.6) - restriction: || (== net461) (&& (== netstandard2.0) (>= net452))
    DevExpress.ExpressApp.Win.All (20.1.6)
      DevExpress.ExpressApp.Chart.Win (20.1.6) - restriction: || (== net461) (&& (== netstandard2.0) (>= net452))
      DevExpress.ExpressApp.Core.All (20.1.6) - restriction: || (== net461) (&& (== netstandard2.0) (>= net452))
      DevExpress.ExpressApp.Dashboards.Win (20.1.6) - restriction: || (== net461) (&& (== netstandard2.0) (>= net452))
      DevExpress.ExpressApp.EasyTest.WinAdapter (20.1.6) - restriction: || (== net461) (&& (== netstandard2.0) (>= net452))
      DevExpress.ExpressApp.FileAttachment.Win (20.1.6) - restriction: || (== net461) (&& (== netstandard2.0) (>= net452))
      DevExpress.ExpressApp.HtmlPropertyEditor.Win (20.1.6) - restriction: || (== net461) (&& (== netstandard2.0) (>= net452))
      DevExpress.ExpressApp.Notifications.Win (20.1.6) - restriction: || (== net461) (&& (== netstandard2.0) (>= net452))
      DevExpress.ExpressApp.Office.Win (20.1.6) - restriction: || (== net461) (&& (== netstandard2.0) (>= net452))
      DevExpress.ExpressApp.PivotChart.Win (20.1.6) - restriction: || (== net461) (&& (== netstandard2.0) (>= net452))
      DevExpress.ExpressApp.PivotGrid.Win (20.1.6) - restriction: || (== net461) (&& (== netstandard2.0) (>= net452))
      DevExpress.ExpressApp.ReportsV2.Win (20.1.6) - restriction: || (== net461) (&& (== netstandard2.0) (>= net452))
      DevExpress.ExpressApp.Scheduler.Win (20.1.6) - restriction: || (== net461) (&& (== netstandard2.0) (>= net452))
      DevExpress.ExpressApp.ScriptRecorder.Win (20.1.6) - restriction: || (== net461) (&& (== netstandard2.0) (>= net452))
      DevExpress.ExpressApp.TreeListEditors.Win (20.1.6) - restriction: || (== net461) (&& (== netstandard2.0) (>= net452))
      DevExpress.ExpressApp.Validation.Win (20.1.6) - restriction: || (== net461) (&& (== netstandard2.0) (>= net452))
      DevExpress.ExpressApp.Win (20.1.6) - restriction: || (== net461) (&& (== netstandard2.0) (>= net452))
      DevExpress.ExpressApp.Workflow.Win (20.1.6) - restriction: || (== net461) (&& (== netstandard2.0) (>= net452))
    DevExpress.ExpressApp.Workflow (20.1.6) - restriction: || (== net461) (&& (== netstandard2.0) (>= net452))
      DevExpress.Data (20.1.6) - restriction: || (== net461) (&& (== netstandard2.0) (>= net452))
      DevExpress.ExpressApp (20.1.6) - restriction: || (== net461) (&& (== netstandard2.0) (>= net452))
      DevExpress.ExpressApp.ConditionalAppearance (20.1.6) - restriction: || (== net461) (&& (== netstandard2.0) (>= net452))
      DevExpress.ExpressApp.Security (20.1.6) - restriction: || (== net461) (&& (== netstandard2.0) (>= net452))
      DevExpress.Persistent.Base (20.1.6) - restriction: || (== net461) (&& (== netstandard2.0) (>= net452))
      DevExpress.Utils (20.1.6) - restriction: || (== net461) (&& (== netstandard2.0) (>= net452))
    DevExpress.ExpressApp.Workflow.Win (20.1.6) - restriction: || (== net461) (&& (== netstandard2.0) (>= net452))
      DevExpress.Data (20.1.6) - restriction: || (== net461) (&& (== netstandard2.0) (>= net452))
      DevExpress.ExpressApp (20.1.6) - restriction: || (== net461) (&& (== netstandard2.0) (>= net452))
      DevExpress.ExpressApp.Win (20.1.6) - restriction: || (== net461) (&& (== netstandard2.0) (>= net452))
      DevExpress.ExpressApp.Workflow (20.1.6) - restriction: || (== net461) (&& (== netstandard2.0) (>= net452))
      DevExpress.Persistent.Base (20.1.6) - restriction: || (== net461) (&& (== netstandard2.0) (>= net452))
      DevExpress.Utils (20.1.6) - restriction: || (== net461) (&& (== netstandard2.0) (>= net452))
    DevExpress.ExpressApp.Xpo (20.1.6)
      DevExpress.Data (20.1.6)
      DevExpress.ExpressApp (20.1.6)
      DevExpress.Xpo (20.1.6)
      NETStandard.Library (>= 2.0.3) - restriction: || (&& (== net461) (< net452) (>= netstandard2.0)) (== netstandard2.0)
      System.Drawing.Common (>= 4.5) - restriction: || (&& (== net461) (< net452) (>= netstandard2.0)) (== netstandard2.0)
      System.Security.Permissions (>= 4.5) - restriction: || (&& (== net461) (< net452) (>= netstandard2.0)) (== netstandard2.0)
    DevExpress.Gauges.Core (20.1.6)
      DevExpress.Data (20.1.6)
      DevExpress.Printing.Core (20.1.6)
      NETStandard.Library (>= 2.0.3) - restriction: || (&& (== net461) (< net452) (>= netstandard2.0)) (== netstandard2.0)
      System.Drawing.Common (>= 4.5) - restriction: || (&& (== net461) (< net452) (>= netstandard2.0)) (== netstandard2.0)
    DevExpress.Images (20.1.6) - restriction: || (== net461) (&& (== netstandard2.0) (>= net452))
      DevExpress.Data (20.1.6)
    DevExpress.Map.Core (20.1.6)
      DevExpress.Data (20.1.6)
      NETStandard.Library (>= 2.0.3) - restriction: || (&& (== net461) (< net452) (>= netstandard2.0)) (== netstandard2.0)
      System.Drawing.Common (>= 4.5) - restriction: || (&& (== net461) (< net452) (>= netstandard2.0)) (== netstandard2.0)
    DevExpress.Office.Core (20.1.6)
      DevExpress.Data (20.1.6)
      DevExpress.Pdf.Core (20.1.6)
      DevExpress.Printing.Core (20.1.6)
      NETStandard.Library (>= 2.0.3) - restriction: || (&& (== net461) (< net452) (>= netstandard2.0)) (== netstandard2.0)
      System.Drawing.Common (>= 4.5) - restriction: || (&& (== net461) (< net452) (>= netstandard2.0)) (== netstandard2.0)
    DevExpress.Pdf.Core (20.1.6)
      DevExpress.Data (20.1.6)
    DevExpress.Pdf.Drawing (20.1.6)
      DevExpress.Data (20.1.6)
      DevExpress.Pdf.Core (20.1.6)
    DevExpress.Persistent.Base (20.1.6)
      DevExpress.Data (20.1.6)
      DevExpress.ExpressApp (20.1.6)
      DevExpress.Printing.Core (20.1.6)
      DevExpress.Reporting.Core (20.1.6) - restriction: || (== net461) (&& (== netstandard2.0) (>= net452))
      NETStandard.Library (>= 2.0.3) - restriction: || (&& (== net461) (< net452) (>= netstandard2.0)) (== netstandard2.0)
      System.Drawing.Common (>= 4.5) - restriction: || (&& (== net461) (< net452) (>= netstandard2.0)) (== netstandard2.0)
    DevExpress.Persistent.BaseImpl (20.1.6)
      DevExpress.Data (20.1.6)
      DevExpress.ExpressApp (20.1.6)
      DevExpress.ExpressApp.Objects (20.1.6)
      DevExpress.ExpressApp.Xpo (20.1.6)
      DevExpress.Persistent.Base (20.1.6)
      DevExpress.Reporting.Core (20.1.6)
      DevExpress.Xpo (20.1.6)
      NETStandard.Library (>= 2.0.3) - restriction: || (&& (== net461) (< net452) (>= netstandard2.0)) (== netstandard2.0)
      System.Drawing.Common (>= 4.5) - restriction: || (&& (== net461) (< net452) (>= netstandard2.0)) (== netstandard2.0)
    DevExpress.PivotGrid.Core (20.1.6)
      DevExpress.Data (20.1.6)
      DevExpress.Printing.Core (20.1.6)
    DevExpress.Printing.Core (20.1.6)
      DevExpress.Data (20.1.6)
      DevExpress.Pdf.Core (20.1.6)
      DevExpress.Pdf.Drawing (20.1.6)
    DevExpress.Reporting.Core (20.1.6)
      DevExpress.Charts (20.1.6)
      DevExpress.Charts.Core (20.1.6)
      DevExpress.CodeParser (20.1.6)
      DevExpress.Data (20.1.6)
      DevExpress.DataAccess (20.1.6)
      DevExpress.Gauges.Core (20.1.6)
      DevExpress.Office.Core (20.1.6)
      DevExpress.Pdf.Core (20.1.6)
      DevExpress.Pdf.Drawing (20.1.6)
      DevExpress.PivotGrid.Core (20.1.6)
      DevExpress.Printing.Core (20.1.6)
      DevExpress.RichEdit.Core (20.1.6)
      DevExpress.RichEdit.Export (20.1.6)
      DevExpress.Sparkline.Core (20.1.6)
      DevExpress.Xpo (20.1.6)
      NETStandard.Library (>= 2.0.3) - restriction: || (&& (== net461) (< net452) (>= netstandard2.0)) (== netstandard2.0)
      System.CodeDom (>= 4.4) - restriction: || (&& (== net461) (< net452) (>= netstandard2.0)) (== netstandard2.0)
      System.Collections.Immutable (>= 1.5) - restriction: || (&& (== net461) (< net452) (>= netstandard2.0)) (== netstandard2.0)
      System.Configuration.ConfigurationManager (>= 4.5) - restriction: || (&& (== net461) (< net452) (>= netstandard2.0)) (== netstandard2.0)
      System.Data.Common (>= 4.3) - restriction: || (&& (== net461) (< net452) (>= netstandard2.0)) (== netstandard2.0)
      System.Drawing.Common (>= 4.5) - restriction: || (&& (== net461) (< net452) (>= netstandard2.0)) (== netstandard2.0)
      System.Security.Permissions (>= 4.5) - restriction: || (&& (== net461) (< net452) (>= netstandard2.0)) (== netstandard2.0)
    DevExpress.RichEdit.Core (20.1.6)
      DevExpress.Data (20.1.6)
      DevExpress.Office.Core (20.1.6)
      DevExpress.Pdf.Core (20.1.6)
      DevExpress.Printing.Core (20.1.6)
    DevExpress.RichEdit.Export (20.1.6)
      DevExpress.Data (20.1.6)
      DevExpress.Office.Core (20.1.6)
      DevExpress.Printing.Core (20.1.6)
      DevExpress.RichEdit.Core (20.1.6)
    DevExpress.Scheduler.Core (20.1.6) - restriction: || (== net461) (&& (== netstandard2.0) (>= net452))
      DevExpress.Data (20.1.6) - restriction: || (== net461) (&& (== netstandard2.0) (>= net452))
      DevExpress.Data.Desktop (20.1.6) - restriction: || (== net461) (&& (== netstandard2.0) (>= net452))
      DevExpress.Images (20.1.6) - restriction: || (== net461) (&& (== netstandard2.0) (>= net452))
      DevExpress.Printing.Core (20.1.6) - restriction: || (== net461) (&& (== netstandard2.0) (>= net452))
    DevExpress.Sparkline.Core (20.1.6)
      DevExpress.Data (20.1.6)
    DevExpress.SpellChecker.Core (20.1.6) - restriction: || (== net461) (&& (== netstandard2.0) (>= net452))
      DevExpress.Data (20.1.6) - restriction: || (== net461) (&& (== netstandard2.0) (>= net452))
    DevExpress.Spreadsheet.Core (20.1.6)
      DevExpress.Charts.Core (20.1.6)
      DevExpress.Data (20.1.6)
      DevExpress.DataAccess (20.1.6)
      DevExpress.Office.Core (20.1.6)
      DevExpress.Pdf.Core (20.1.6)
      DevExpress.Printing.Core (20.1.6)
      DevExpress.Sparkline.Core (20.1.6)
    DevExpress.TreeMap.Core (20.1.6)
      DevExpress.Data (20.1.6)
      NETStandard.Library (>= 2.0.3) - restriction: || (&& (== net461) (< net452) (>= netstandard2.0)) (== netstandard2.0)
    DevExpress.Utils (20.1.6) - restriction: || (== net461) (&& (== netstandard2.0) (>= net452))
      DevExpress.Data (20.1.6) - restriction: || (== net461) (&& (== netstandard2.0) (>= net452))
      DevExpress.Data.Desktop (20.1.6) - restriction: || (== net461) (&& (== netstandard2.0) (>= net452))
      DevExpress.Printing.Core (20.1.6) - restriction: || (== net461) (&& (== netstandard2.0) (>= net452))
    DevExpress.Utils.UI (20.1.6) - restriction: || (== net461) (&& (== netstandard2.0) (>= net452))
      DevExpress.Data (20.1.6) - restriction: || (== net461) (&& (== netstandard2.0) (>= net452))
      DevExpress.Data.Desktop (20.1.6) - restriction: || (== net461) (&& (== netstandard2.0) (>= net452))
      DevExpress.DataAccess (20.1.6) - restriction: || (== net461) (&& (== netstandard2.0) (>= net452))
      DevExpress.Printing.Core (20.1.6) - restriction: || (== net461) (&& (== netstandard2.0) (>= net452))
      DevExpress.Utils (20.1.6) - restriction: || (== net461) (&& (== netstandard2.0) (>= net452))
      DevExpress.Win.Navigation (20.1.6) - restriction: || (== net461) (&& (== netstandard2.0) (>= net452))
      DevExpress.Win.Printing (20.1.6) - restriction: || (== net461) (&& (== netstandard2.0) (>= net452))
      DevExpress.Win.RichEdit (20.1.6) - restriction: || (== net461) (&& (== netstandard2.0) (>= net452))
      DevExpress.Win.TreeList (20.1.6) - restriction: || (== net461) (&& (== netstandard2.0) (>= net452))
      DevExpress.Win.VerticalGrid (20.1.6) - restriction: || (== net461) (&& (== netstandard2.0) (>= net452))
    DevExpress.Web (20.1.6) - restriction: || (== net461) (&& (== netstandard2.0) (>= net452))
      DevExpress.Data (20.1.6) - restriction: || (== net461) (&& (== netstandard2.0) (>= net452))
      DevExpress.Office.Core (20.1.6) - restriction: || (== net461) (&& (== netstandard2.0) (>= net452))
      DevExpress.PivotGrid.Core (20.1.6) - restriction: || (== net461) (&& (== netstandard2.0) (>= net452))
      DevExpress.Printing.Core (20.1.6) - restriction: || (== net461) (&& (== netstandard2.0) (>= net452))
      DevExpress.RichEdit.Core (20.1.6) - restriction: || (== net461) (&& (== netstandard2.0) (>= net452))
      DevExpress.RichEdit.Export (20.1.6) - restriction: || (== net461) (&& (== netstandard2.0) (>= net452))
      DevExpress.SpellChecker.Core (20.1.6) - restriction: || (== net461) (&& (== netstandard2.0) (>= net452))
    DevExpress.Web.Dashboard (20.1.6) - restriction: || (== net461) (&& (== netstandard2.0) (>= net452))
      DevExpress.Dashboard.Core (20.1.6) - restriction: || (== net461) (&& (== netstandard2.0) (>= net452))
      DevExpress.Data (20.1.6) - restriction: || (== net461) (&& (== netstandard2.0) (>= net452))
      DevExpress.DataAccess (20.1.6) - restriction: || (== net461) (&& (== netstandard2.0) (>= net452))
      DevExpress.Web (20.1.6) - restriction: || (== net461) (&& (== netstandard2.0) (>= net452))
      DevExpress.Web.Dashboard.Common (20.1.6) - restriction: || (== net461) (&& (== netstandard2.0) (>= net452))
    DevExpress.Web.Dashboard.Common (20.1.6) - restriction: || (== net461) (&& (== netstandard2.0) (>= net452))
      DevExpress.Charts.Core (20.1.6) - restriction: || (== net461) (&& (== netstandard2.0) (>= net452))
      DevExpress.Dashboard.Core (20.1.6)
      DevExpress.Data (20.1.6)
      DevExpress.DataAccess (20.1.6)
      DevExpress.Pdf.Core (20.1.6) - restriction: || (== net461) (&& (== netstandard2.0) (>= net452))
      DevExpress.PivotGrid.Core (20.1.6)
      DevExpress.Printing.Core (20.1.6)
      DevExpress.Reporting.Core (20.1.6)
      DevExpress.RichEdit.Core (20.1.6) - restriction: || (== net461) (&& (== netstandard2.0) (>= net452))
      DevExpress.Xpo (20.1.6) - restriction: || (== net461) (&& (== netstandard2.0) (>= net452))
    DevExpress.Web.Office (20.1.6) - restriction: || (== net461) (&& (== netstandard2.0) (>= net452))
      DevExpress.Charts (20.1.6) - restriction: || (== net461) (&& (== netstandard2.0) (>= net452))
      DevExpress.Charts.Core (20.1.6) - restriction: || (== net461) (&& (== netstandard2.0) (>= net452))
      DevExpress.Data (20.1.6) - restriction: || (== net461) (&& (== netstandard2.0) (>= net452))
      DevExpress.Office.Core (20.1.6) - restriction: || (== net461) (&& (== netstandard2.0) (>= net452))
      DevExpress.Printing.Core (20.1.6) - restriction: || (== net461) (&& (== netstandard2.0) (>= net452))
      DevExpress.RichEdit.Core (20.1.6) - restriction: || (== net461) (&& (== netstandard2.0) (>= net452))
      DevExpress.SpellChecker.Core (20.1.6) - restriction: || (== net461) (&& (== netstandard2.0) (>= net452))
      DevExpress.Spreadsheet.Core (20.1.6) - restriction: || (== net461) (&& (== netstandard2.0) (>= net452))
      DevExpress.Web (20.1.6) - restriction: || (== net461) (&& (== netstandard2.0) (>= net452))
    DevExpress.Web.Reporting (20.1.6) - restriction: || (== net461) (&& (== netstandard2.0) (>= net452))
      DevExpress.Data (20.1.6) - restriction: || (== net461) (&& (== netstandard2.0) (>= net452))
      DevExpress.DataAccess (20.1.6) - restriction: || (== net461) (&& (== netstandard2.0) (>= net452))
      DevExpress.Printing.Core (20.1.6) - restriction: || (== net461) (&& (== netstandard2.0) (>= net452))
      DevExpress.Reporting.Core (20.1.6) - restriction: || (== net461) (&& (== netstandard2.0) (>= net452))
      DevExpress.Utils (20.1.6) - restriction: || (== net461) (&& (== netstandard2.0) (>= net452))
      DevExpress.Web (20.1.6) - restriction: || (== net461) (&& (== netstandard2.0) (>= net452))
      DevExpress.Web.Reporting.Common (20.1.6) - restriction: || (== net461) (&& (== netstandard2.0) (>= net452))
    DevExpress.Web.Reporting.Common (20.1.6) - restriction: || (== net461) (&& (== netstandard2.0) (>= net452))
      DevExpress.Charts (20.1.6)
      DevExpress.Charts.Core (20.1.6)
      DevExpress.Data (20.1.6)
      DevExpress.DataAccess (20.1.6)
      DevExpress.Gauges.Core (20.1.6)
      DevExpress.PivotGrid.Core (20.1.6)
      DevExpress.Printing.Core (20.1.6)
      DevExpress.Reporting.Core (20.1.6)
      DevExpress.Sparkline.Core (20.1.6)
    DevExpress.Web.Scheduler (20.1.6) - restriction: || (== net461) (&& (== netstandard2.0) (>= net452))
      DevExpress.Data (20.1.6) - restriction: || (== net461) (&& (== netstandard2.0) (>= net452))
      DevExpress.Scheduler.Core (20.1.6) - restriction: || (== net461) (&& (== netstandard2.0) (>= net452))
      DevExpress.Web (20.1.6) - restriction: || (== net461) (&& (== netstandard2.0) (>= net452))
    DevExpress.Web.Themes (20.1.6) - restriction: || (== net461) (&& (== netstandard2.0) (>= net452))
      DevExpress.Web (20.1.6) - restriction: || (== net461) (&& (== netstandard2.0) (>= net452))
    DevExpress.Web.Visualization (20.1.6) - restriction: || (== net461) (&& (== netstandard2.0) (>= net452))
      DevExpress.Charts (20.1.6) - restriction: || (== net461) (&& (== netstandard2.0) (>= net452))
      DevExpress.Charts.Core (20.1.6) - restriction: || (== net461) (&& (== netstandard2.0) (>= net452))
      DevExpress.Data (20.1.6) - restriction: || (== net461) (&& (== netstandard2.0) (>= net452))
      DevExpress.Gauges.Core (20.1.6) - restriction: || (== net461) (&& (== netstandard2.0) (>= net452))
      DevExpress.Printing.Core (20.1.6) - restriction: || (== net461) (&& (== netstandard2.0) (>= net452))
      DevExpress.Web (20.1.6) - restriction: || (== net461) (&& (== netstandard2.0) (>= net452))
    DevExpress.Win (20.1.6) - restriction: || (== net461) (&& (== netstandard2.0) (>= net452))
      DevExpress.Data (20.1.6) - restriction: || (== net461) (&& (== netstandard2.0) (>= net452))
      DevExpress.Data.Desktop (20.1.6) - restriction: || (== net461) (&& (== netstandard2.0) (>= net452))
      DevExpress.RichEdit.Export (20.1.6) - restriction: || (== net461) (&& (== netstandard2.0) (>= net452))
      DevExpress.Utils (20.1.6) - restriction: || (== net461) (&& (== netstandard2.0) (>= net452))
      DevExpress.Win.Grid (20.1.6) - restriction: || (== net461) (&& (== netstandard2.0) (>= net452))
      DevExpress.Win.Navigation (20.1.6) - restriction: || (== net461) (&& (== netstandard2.0) (>= net452))
      DevExpress.Win.PivotGrid (20.1.6) - restriction: || (== net461) (&& (== netstandard2.0) (>= net452))
      DevExpress.Win.Printing (20.1.6) - restriction: || (== net461) (&& (== netstandard2.0) (>= net452))
      DevExpress.Win.TreeList (20.1.6) - restriction: || (== net461) (&& (== netstandard2.0) (>= net452))
      DevExpress.Win.VerticalGrid (20.1.6) - restriction: || (== net461) (&& (== netstandard2.0) (>= net452))
    DevExpress.Win.BonusSkins (20.1.6) - restriction: || (== net461) (&& (== netstandard2.0) (>= net452))
      DevExpress.Utils (20.1.6) - restriction: || (== net461) (&& (== netstandard2.0) (>= net452))
    DevExpress.Win.Charts (20.1.6) - restriction: || (== net461) (&& (== netstandard2.0) (>= net452))
      DevExpress.Charts (20.1.6) - restriction: || (== net461) (&& (== netstandard2.0) (>= net452))
      DevExpress.Charts.Core (20.1.6) - restriction: || (== net461) (&& (== netstandard2.0) (>= net452))
      DevExpress.Data (20.1.6) - restriction: || (== net461) (&& (== netstandard2.0) (>= net452))
      DevExpress.Data.Desktop (20.1.6) - restriction: || (== net461) (&& (== netstandard2.0) (>= net452))
      DevExpress.DataAccess.UI (20.1.6) - restriction: || (== net461) (&& (== netstandard2.0) (>= net452))
      DevExpress.Printing.Core (20.1.6) - restriction: || (== net461) (&& (== netstandard2.0) (>= net452))
      DevExpress.Utils (20.1.6) - restriction: || (== net461) (&& (== netstandard2.0) (>= net452))
      DevExpress.Utils.UI (20.1.6) - restriction: || (== net461) (&& (== netstandard2.0) (>= net452))
      DevExpress.Win (20.1.6) - restriction: || (== net461) (&& (== netstandard2.0) (>= net452))
      DevExpress.Win.Grid (20.1.6) - restriction: || (== net461) (&& (== netstandard2.0) (>= net452))
      DevExpress.Win.Navigation (20.1.6) - restriction: || (== net461) (&& (== netstandard2.0) (>= net452))
      DevExpress.Win.Printing (20.1.6) - restriction: || (== net461) (&& (== netstandard2.0) (>= net452))
      DevExpress.Win.TreeList (20.1.6) - restriction: || (== net461) (&& (== netstandard2.0) (>= net452))
      DevExpress.Win.VerticalGrid (20.1.6) - restriction: || (== net461) (&& (== netstandard2.0) (>= net452))
    DevExpress.Win.Dashboard (20.1.6) - restriction: || (== net461) (&& (== netstandard2.0) (>= net452))
      DevExpress.Charts (20.1.6) - restriction: || (== net461) (&& (== netstandard2.0) (>= net452))
      DevExpress.Charts.Core (20.1.6) - restriction: || (== net461) (&& (== netstandard2.0) (>= net452))
      DevExpress.Dashboard.Core (20.1.6) - restriction: || (== net461) (&& (== netstandard2.0) (>= net452))
      DevExpress.Data (20.1.6) - restriction: || (== net461) (&& (== netstandard2.0) (>= net452))
      DevExpress.Data.Desktop (20.1.6) - restriction: || (== net461) (&& (== netstandard2.0) (>= net452))
      DevExpress.DataAccess (20.1.6) - restriction: || (== net461) (&& (== netstandard2.0) (>= net452))
      DevExpress.DataAccess.UI (20.1.6) - restriction: || (== net461) (&& (== netstandard2.0) (>= net452))
      DevExpress.Gauges.Core (20.1.6) - restriction: || (== net461) (&& (== netstandard2.0) (>= net452))
      DevExpress.Map.Core (20.1.6) - restriction: || (== net461) (&& (== netstandard2.0) (>= net452))
      DevExpress.Office.Core (20.1.6) - restriction: || (== net461) (&& (== netstandard2.0) (>= net452))
      DevExpress.PivotGrid.Core (20.1.6) - restriction: || (== net461) (&& (== netstandard2.0) (>= net452))
      DevExpress.Printing.Core (20.1.6) - restriction: || (== net461) (&& (== netstandard2.0) (>= net452))
      DevExpress.Reporting.Core (20.1.6) - restriction: || (== net461) (&& (== netstandard2.0) (>= net452))
      DevExpress.RichEdit.Core (20.1.6) - restriction: || (== net461) (&& (== netstandard2.0) (>= net452))
      DevExpress.Sparkline.Core (20.1.6) - restriction: || (== net461) (&& (== netstandard2.0) (>= net452))
      DevExpress.TreeMap.Core (20.1.6) - restriction: || (== net461) (&& (== netstandard2.0) (>= net452))
      DevExpress.Utils (20.1.6) - restriction: || (== net461) (&& (== netstandard2.0) (>= net452))
      DevExpress.Utils.UI (20.1.6) - restriction: || (== net461) (&& (== netstandard2.0) (>= net452))
      DevExpress.Win.Charts (20.1.6) - restriction: || (== net461) (&& (== netstandard2.0) (>= net452))
      DevExpress.Win.Gauges (20.1.6) - restriction: || (== net461) (&& (== netstandard2.0) (>= net452))
      DevExpress.Win.Grid (20.1.6) - restriction: || (== net461) (&& (== netstandard2.0) (>= net452))
      DevExpress.Win.Map (20.1.6) - restriction: || (== net461) (&& (== netstandard2.0) (>= net452))
      DevExpress.Win.Navigation (20.1.6) - restriction: || (== net461) (&& (== netstandard2.0) (>= net452))
      DevExpress.Win.PivotGrid (20.1.6) - restriction: || (== net461) (&& (== netstandard2.0) (>= net452))
      DevExpress.Win.Printing (20.1.6) - restriction: || (== net461) (&& (== netstandard2.0) (>= net452))
      DevExpress.Win.RichEdit (20.1.6) - restriction: || (== net461) (&& (== netstandard2.0) (>= net452))
      DevExpress.Win.TreeList (20.1.6) - restriction: || (== net461) (&& (== netstandard2.0) (>= net452))
      DevExpress.Win.TreeMap (20.1.6) - restriction: || (== net461) (&& (== netstandard2.0) (>= net452))
      DevExpress.Xpo (20.1.6) - restriction: || (== net461) (&& (== netstandard2.0) (>= net452))
    DevExpress.Win.Diagram (20.1.6) - restriction: || (== net461) (&& (== netstandard2.0) (>= net452))
      DevExpress.Data (20.1.6) - restriction: || (== net461) (&& (== netstandard2.0) (>= net452))
      DevExpress.Data.Desktop (20.1.6) - restriction: || (== net461) (&& (== netstandard2.0) (>= net452))
      DevExpress.Diagram.Core (20.1.6) - restriction: || (== net461) (&& (== netstandard2.0) (>= net452))
      DevExpress.Pdf.Core (20.1.6) - restriction: || (== net461) (&& (== netstandard2.0) (>= net452))
      DevExpress.Printing.Core (20.1.6) - restriction: || (== net461) (&& (== netstandard2.0) (>= net452))
      DevExpress.Utils (20.1.6) - restriction: || (== net461) (&& (== netstandard2.0) (>= net452))
      DevExpress.Win.Navigation (20.1.6) - restriction: || (== net461) (&& (== netstandard2.0) (>= net452))
      DevExpress.Win.Printing (20.1.6) - restriction: || (== net461) (&& (== netstandard2.0) (>= net452))
      DevExpress.Win.VerticalGrid (20.1.6) - restriction: || (== net461) (&& (== netstandard2.0) (>= net452))
    DevExpress.Win.Gauges (20.1.6) - restriction: || (== net461) (&& (== netstandard2.0) (>= net452))
      DevExpress.Data (20.1.6) - restriction: || (== net461) (&& (== netstandard2.0) (>= net452))
      DevExpress.Data.Desktop (20.1.6) - restriction: || (== net461) (&& (== netstandard2.0) (>= net452))
      DevExpress.Gauges.Core (20.1.6) - restriction: || (== net461) (&& (== netstandard2.0) (>= net452))
      DevExpress.Printing.Core (20.1.6) - restriction: || (== net461) (&& (== netstandard2.0) (>= net452))
      DevExpress.Utils (20.1.6) - restriction: || (== net461) (&& (== netstandard2.0) (>= net452))
      DevExpress.Win.Navigation (20.1.6) - restriction: || (== net461) (&& (== netstandard2.0) (>= net452))
      DevExpress.Win.Printing (20.1.6) - restriction: || (== net461) (&& (== netstandard2.0) (>= net452))
    DevExpress.Win.Grid (20.1.6) - restriction: || (== net461) (&& (== netstandard2.0) (>= net452))
      DevExpress.Data (20.1.6) - restriction: || (== net461) (&& (== netstandard2.0) (>= net452))
      DevExpress.Data.Desktop (20.1.6) - restriction: || (== net461) (&& (== netstandard2.0) (>= net452))
      DevExpress.Printing.Core (20.1.6) - restriction: || (== net461) (&& (== netstandard2.0) (>= net452))
      DevExpress.Utils (20.1.6) - restriction: || (== net461) (&& (== netstandard2.0) (>= net452))
      DevExpress.Win.Navigation (20.1.6) - restriction: || (== net461) (&& (== netstandard2.0) (>= net452))
      DevExpress.Win.Printing (20.1.6) - restriction: || (== net461) (&& (== netstandard2.0) (>= net452))
    DevExpress.Win.Map (20.1.6) - restriction: || (== net461) (&& (== netstandard2.0) (>= net452))
      DevExpress.Data (20.1.6) - restriction: || (== net461) (&& (== netstandard2.0) (>= net452))
      DevExpress.Data.Desktop (20.1.6) - restriction: || (== net461) (&& (== netstandard2.0) (>= net452))
      DevExpress.Map.Core (20.1.6) - restriction: || (== net461) (&& (== netstandard2.0) (>= net452))
      DevExpress.Printing.Core (20.1.6) - restriction: || (== net461) (&& (== netstandard2.0) (>= net452))
      DevExpress.Utils (20.1.6) - restriction: || (== net461) (&& (== netstandard2.0) (>= net452))
      DevExpress.Win.Navigation (20.1.6) - restriction: || (== net461) (&& (== netstandard2.0) (>= net452))
      DevExpress.Win.Printing (20.1.6) - restriction: || (== net461) (&& (== netstandard2.0) (>= net452))
    DevExpress.Win.Navigation (20.1.6) - restriction: || (== net461) (&& (== netstandard2.0) (>= net452))
      DevExpress.Data (20.1.6) - restriction: || (== net461) (&& (== netstandard2.0) (>= net452))
      DevExpress.Data.Desktop (20.1.6) - restriction: || (== net461) (&& (== netstandard2.0) (>= net452))
      DevExpress.Printing.Core (20.1.6) - restriction: || (== net461) (&& (== netstandard2.0) (>= net452))
      DevExpress.Sparkline.Core (20.1.6) - restriction: || (== net461) (&& (== netstandard2.0) (>= net452))
      DevExpress.Utils (20.1.6) - restriction: || (== net461) (&& (== netstandard2.0) (>= net452))
    DevExpress.Win.PivotGrid (20.1.6) - restriction: || (== net461) (&& (== netstandard2.0) (>= net452))
      DevExpress.Data (20.1.6) - restriction: || (== net461) (&& (== netstandard2.0) (>= net452))
      DevExpress.PivotGrid.Core (20.1.6) - restriction: || (== net461) (&& (== netstandard2.0) (>= net452))
      DevExpress.Printing.Core (20.1.6) - restriction: || (== net461) (&& (== netstandard2.0) (>= net452))
      DevExpress.Utils (20.1.6) - restriction: || (== net461) (&& (== netstandard2.0) (>= net452))
      DevExpress.Win.Navigation (20.1.6) - restriction: || (== net461) (&& (== netstandard2.0) (>= net452))
    DevExpress.Win.Printing (20.1.6) - restriction: || (== net461) (&& (== netstandard2.0) (>= net452))
      DevExpress.Data (20.1.6) - restriction: || (== net461) (&& (== netstandard2.0) (>= net452))
      DevExpress.Data.Desktop (20.1.6) - restriction: || (== net461) (&& (== netstandard2.0) (>= net452))
      DevExpress.Printing.Core (20.1.6) - restriction: || (== net461) (&& (== netstandard2.0) (>= net452))
      DevExpress.RichEdit.Core (20.1.6) - restriction: || (== net461) (&& (== netstandard2.0) (>= net452))
      DevExpress.Utils (20.1.6) - restriction: || (== net461) (&& (== netstandard2.0) (>= net452))
      DevExpress.Win.Navigation (20.1.6) - restriction: || (== net461) (&& (== netstandard2.0) (>= net452))
      DevExpress.Win.TreeList (20.1.6) - restriction: || (== net461) (&& (== netstandard2.0) (>= net452))
    DevExpress.Win.Reporting (20.1.6) - restriction: || (== net461) (&& (== netstandard2.0) (>= net452))
      DevExpress.Charts (20.1.6) - restriction: || (== net461) (&& (== netstandard2.0) (>= net452))
      DevExpress.Charts.Core (20.1.6) - restriction: || (== net461) (&& (== netstandard2.0) (>= net452))
      DevExpress.CodeParser (20.1.6) - restriction: || (== net461) (&& (== netstandard2.0) (>= net452))
      DevExpress.Data (20.1.6) - restriction: || (== net461) (&& (== netstandard2.0) (>= net452))
      DevExpress.Data.Desktop (20.1.6) - restriction: || (== net461) (&& (== netstandard2.0) (>= net452))
      DevExpress.DataAccess (20.1.6) - restriction: || (== net461) (&& (== netstandard2.0) (>= net452))
      DevExpress.DataAccess.UI (20.1.6) - restriction: || (== net461) (&& (== netstandard2.0) (>= net452))
      DevExpress.Gauges.Core (20.1.6) - restriction: || (== net461) (&& (== netstandard2.0) (>= net452))
      DevExpress.Office.Core (20.1.6) - restriction: || (== net461) (&& (== netstandard2.0) (>= net452))
      DevExpress.PivotGrid.Core (20.1.6) - restriction: || (== net461) (&& (== netstandard2.0) (>= net452))
      DevExpress.Printing.Core (20.1.6) - restriction: || (== net461) (&& (== netstandard2.0) (>= net452))
      DevExpress.Reporting.Core (20.1.6) - restriction: || (== net461) (&& (== netstandard2.0) (>= net452))
      DevExpress.RichEdit.Core (20.1.6) - restriction: || (== net461) (&& (== netstandard2.0) (>= net452))
      DevExpress.Sparkline.Core (20.1.6) - restriction: || (== net461) (&& (== netstandard2.0) (>= net452))
      DevExpress.Utils (20.1.6) - restriction: || (== net461) (&& (== netstandard2.0) (>= net452))
      DevExpress.Utils.UI (20.1.6) - restriction: || (== net461) (&& (== netstandard2.0) (>= net452))
      DevExpress.Win (20.1.6) - restriction: || (== net461) (&& (== netstandard2.0) (>= net452))
      DevExpress.Win.Charts (20.1.6) - restriction: || (== net461) (&& (== netstandard2.0) (>= net452))
      DevExpress.Win.Grid (20.1.6) - restriction: || (== net461) (&& (== netstandard2.0) (>= net452))
      DevExpress.Win.Navigation (20.1.6) - restriction: || (== net461) (&& (== netstandard2.0) (>= net452))
      DevExpress.Win.PivotGrid (20.1.6) - restriction: || (== net461) (&& (== netstandard2.0) (>= net452))
      DevExpress.Win.Printing (20.1.6) - restriction: || (== net461) (&& (== netstandard2.0) (>= net452))
      DevExpress.Win.RichEdit (20.1.6) - restriction: || (== net461) (&& (== netstandard2.0) (>= net452))
      DevExpress.Win.TreeList (20.1.6) - restriction: || (== net461) (&& (== netstandard2.0) (>= net452))
      DevExpress.Win.VerticalGrid (20.1.6) - restriction: || (== net461) (&& (== netstandard2.0) (>= net452))
    DevExpress.Win.RichEdit (20.1.6) - restriction: || (== net461) (&& (== netstandard2.0) (>= net452))
      DevExpress.Data (20.1.6) - restriction: || (== net461) (&& (== netstandard2.0) (>= net452))
      DevExpress.Data.Desktop (20.1.6) - restriction: || (== net461) (&& (== netstandard2.0) (>= net452))
      DevExpress.Images (20.1.6) - restriction: || (== net461) (&& (== netstandard2.0) (>= net452))
      DevExpress.Office.Core (20.1.6) - restriction: || (== net461) (&& (== netstandard2.0) (>= net452))
      DevExpress.Pdf.Core (20.1.6) - restriction: || (== net461) (&& (== netstandard2.0) (>= net452))
      DevExpress.Printing.Core (20.1.6) - restriction: || (== net461) (&& (== netstandard2.0) (>= net452))
      DevExpress.RichEdit.Core (20.1.6) - restriction: || (== net461) (&& (== netstandard2.0) (>= net452))
      DevExpress.Utils (20.1.6) - restriction: || (== net461) (&& (== netstandard2.0) (>= net452))
      DevExpress.Win.Grid (20.1.6) - restriction: || (== net461) (&& (== netstandard2.0) (>= net452))
      DevExpress.Win.Navigation (20.1.6) - restriction: || (== net461) (&& (== netstandard2.0) (>= net452))
      DevExpress.Win.Printing (20.1.6) - restriction: || (== net461) (&& (== netstandard2.0) (>= net452))
    DevExpress.Win.Scheduler (20.1.6) - restriction: || (== net461) (&& (== netstandard2.0) (>= net452))
      DevExpress.Data (20.1.6) - restriction: || (== net461) (&& (== netstandard2.0) (>= net452))
      DevExpress.Data.Desktop (20.1.6) - restriction: || (== net461) (&& (== netstandard2.0) (>= net452))
      DevExpress.Printing.Core (20.1.6) - restriction: || (== net461) (&& (== netstandard2.0) (>= net452))
      DevExpress.Scheduler.Core (20.1.6) - restriction: || (== net461) (&& (== netstandard2.0) (>= net452))
      DevExpress.Utils (20.1.6) - restriction: || (== net461) (&& (== netstandard2.0) (>= net452))
      DevExpress.Win.Grid (20.1.6) - restriction: || (== net461) (&& (== netstandard2.0) (>= net452))
      DevExpress.Win.Navigation (20.1.6) - restriction: || (== net461) (&& (== netstandard2.0) (>= net452))
      DevExpress.Win.Printing (20.1.6) - restriction: || (== net461) (&& (== netstandard2.0) (>= net452))
    DevExpress.Win.Spreadsheet (20.1.6) - restriction: || (== net461) (&& (== netstandard2.0) (>= net452))
      DevExpress.Charts (20.1.6) - restriction: || (== net461) (&& (== netstandard2.0) (>= net452))
      DevExpress.Charts.Core (20.1.6) - restriction: || (== net461) (&& (== netstandard2.0) (>= net452))
      DevExpress.Data (20.1.6) - restriction: || (== net461) (&& (== netstandard2.0) (>= net452))
      DevExpress.Data.Desktop (20.1.6) - restriction: || (== net461) (&& (== netstandard2.0) (>= net452))
      DevExpress.DataAccess (20.1.6) - restriction: || (== net461) (&& (== netstandard2.0) (>= net452))
      DevExpress.DataAccess.UI (20.1.6) - restriction: || (== net461) (&& (== netstandard2.0) (>= net452))
      DevExpress.Office.Core (20.1.6) - restriction: || (== net461) (&& (== netstandard2.0) (>= net452))
      DevExpress.Printing.Core (20.1.6) - restriction: || (== net461) (&& (== netstandard2.0) (>= net452))
      DevExpress.RichEdit.Core (20.1.6) - restriction: || (== net461) (&& (== netstandard2.0) (>= net452))
      DevExpress.Spreadsheet.Core (20.1.6) - restriction: || (== net461) (&& (== netstandard2.0) (>= net452))
      DevExpress.Utils (20.1.6) - restriction: || (== net461) (&& (== netstandard2.0) (>= net452))
      DevExpress.Utils.UI (20.1.6) - restriction: || (== net461) (&& (== netstandard2.0) (>= net452))
      DevExpress.Win (20.1.6) - restriction: || (== net461) (&& (== netstandard2.0) (>= net452))
      DevExpress.Win.Grid (20.1.6) - restriction: || (== net461) (&& (== netstandard2.0) (>= net452))
      DevExpress.Win.Navigation (20.1.6) - restriction: || (== net461) (&& (== netstandard2.0) (>= net452))
      DevExpress.Win.Printing (20.1.6) - restriction: || (== net461) (&& (== netstandard2.0) (>= net452))
      DevExpress.Win.RichEdit (20.1.6) - restriction: || (== net461) (&& (== netstandard2.0) (>= net452))
      DevExpress.Win.TreeList (20.1.6) - restriction: || (== net461) (&& (== netstandard2.0) (>= net452))
    DevExpress.Win.TreeList (20.1.6) - restriction: || (== net461) (&& (== netstandard2.0) (>= net452))
      DevExpress.Data (20.1.6) - restriction: || (== net461) (&& (== netstandard2.0) (>= net452))
      DevExpress.Data.Desktop (20.1.6) - restriction: || (== net461) (&& (== netstandard2.0) (>= net452))
      DevExpress.Printing.Core (20.1.6) - restriction: || (== net461) (&& (== netstandard2.0) (>= net452))
      DevExpress.Utils (20.1.6) - restriction: || (== net461) (&& (== netstandard2.0) (>= net452))
      DevExpress.Win.Navigation (20.1.6) - restriction: || (== net461) (&& (== netstandard2.0) (>= net452))
    DevExpress.Win.TreeMap (20.1.6) - restriction: || (== net461) (&& (== netstandard2.0) (>= net452))
      DevExpress.Data (20.1.6) - restriction: || (== net461) (&& (== netstandard2.0) (>= net452))
      DevExpress.Printing.Core (20.1.6) - restriction: || (== net461) (&& (== netstandard2.0) (>= net452))
      DevExpress.TreeMap.Core (20.1.6) - restriction: || (== net461) (&& (== netstandard2.0) (>= net452))
      DevExpress.Utils (20.1.6) - restriction: || (== net461) (&& (== netstandard2.0) (>= net452))
      DevExpress.Win.Navigation (20.1.6) - restriction: || (== net461) (&& (== netstandard2.0) (>= net452))
      DevExpress.Win.Printing (20.1.6) - restriction: || (== net461) (&& (== netstandard2.0) (>= net452))
    DevExpress.Win.VerticalGrid (20.1.6) - restriction: || (== net461) (&& (== netstandard2.0) (>= net452))
      DevExpress.Data (20.1.6) - restriction: || (== net461) (&& (== netstandard2.0) (>= net452))
      DevExpress.Data.Desktop (20.1.6) - restriction: || (== net461) (&& (== netstandard2.0) (>= net452))
      DevExpress.Printing.Core (20.1.6) - restriction: || (== net461) (&& (== netstandard2.0) (>= net452))
      DevExpress.Utils (20.1.6) - restriction: || (== net461) (&& (== netstandard2.0) (>= net452))
      DevExpress.Win.Navigation (20.1.6) - restriction: || (== net461) (&& (== netstandard2.0) (>= net452))
      DevExpress.Win.Printing (20.1.6) - restriction: || (== net461) (&& (== netstandard2.0) (>= net452))
  remote: https://xpandnugetserver.azurewebsites.net/nuget
    Xpand.Patcher (2.0.23)
