STORAGE: NONE
STRATEGY: MAX
LOWEST_MATCHING: FALSE
RESTRICTION: || (== net461) (== net472) (== netcoreapp3.1) (== netstandard2.0)
NUGET
  remote: https://api.nuget.org/v3/index.json
    akarnokd.reactive_extensions (0.0.27-alpha)
      System.Reactive (>= 4.1.6) - restriction: || (&& (== net461) (>= netstandard2.0)) (== net472) (== netcoreapp3.1) (== netstandard2.0)
    Castle.Core (4.4.1)
      NETStandard.Library (>= 1.6.1) - restriction: || (&& (== net461) (< net35)) (&& (== net472) (< net35)) (== netcoreapp3.1) (== netstandard2.0)
      System.Collections.Specialized (>= 4.3) - restriction: || (&& (== net461) (< net35)) (&& (== net472) (< net35)) (== netcoreapp3.1) (== netstandard2.0)
      System.ComponentModel (>= 4.3) - restriction: || (&& (== net461) (< net35)) (&& (== net472) (< net35)) (== netcoreapp3.1) (== netstandard2.0)
      System.ComponentModel.TypeConverter (>= 4.3) - restriction: || (&& (== net461) (< net35)) (&& (== net472) (< net35)) (== netcoreapp3.1) (== netstandard2.0)
      System.Diagnostics.TraceSource (>= 4.3) - restriction: || (&& (== net461) (< net35)) (&& (== net472) (< net35)) (== netcoreapp3.1) (== netstandard2.0)
      System.Dynamic.Runtime (>= 4.3) - restriction: || (&& (== net461) (< net35)) (&& (== net472) (< net35)) (== netcoreapp3.1) (== netstandard2.0)
      System.Reflection (>= 4.3) - restriction: || (&& (== net461) (< net35)) (&& (== net472) (< net35)) (== netcoreapp3.1) (== netstandard2.0)
      System.Reflection.Emit (>= 4.3) - restriction: || (&& (== net461) (< net35)) (&& (== net472) (< net35)) (== netcoreapp3.1) (== netstandard2.0)
      System.Reflection.TypeExtensions (>= 4.3) - restriction: || (&& (== net461) (< net35)) (&& (== net472) (< net35)) (== netcoreapp3.1) (== netstandard2.0)
      System.Xml.XmlDocument (>= 4.3) - restriction: || (&& (== net461) (< net35)) (&& (== net472) (< net35)) (== netcoreapp3.1) (== netstandard2.0)
    DevExpress.Data (20.2.3)
    DevExpress.Xpo (20.2.3)
      DevExpress.Data (20.2.3)
      Microsoft.Extensions.DependencyInjection (>= 2.0) - restriction: || (&& (== net461) (< net452) (>= netstandard2.0)) (&& (== net472) (< net452)) (== netcoreapp3.1) (== netstandard2.0)
      Microsoft.Win32.Registry (>= 4.5) - restriction: || (&& (== net461) (< net452) (>= netstandard2.0)) (&& (== net472) (< net452)) (== netcoreapp3.1) (== netstandard2.0)
      NETStandard.Library (>= 2.0.3) - restriction: || (&& (== net461) (< net452) (>= netstandard2.0)) (&& (== net472) (< net452)) (== netcoreapp3.1) (== netstandard2.0)
      System.Configuration.ConfigurationManager (>= 4.5) - restriction: || (&& (== net461) (< net452) (>= netstandard2.0)) (&& (== net472) (< net452)) (== netcoreapp3.1) (== netstandard2.0)
      System.Data.SqlClient (>= 4.5) - restriction: || (&& (== net461) (< net452) (>= netstandard2.0)) (&& (== net472) (< net452)) (== netcoreapp3.1) (== netstandard2.0)
      System.Drawing.Common (>= 4.5) - restriction: || (&& (== net461) (< net452) (>= netstandard2.0)) (&& (== net472) (< net452)) (== netcoreapp3.1) (== netstandard2.0)
      System.ServiceModel.Http (>= 4.5) - restriction: || (&& (== net461) (< net452) (>= netstandard2.0)) (&& (== net472) (< net452)) (== netcoreapp3.1) (== netstandard2.0)
      System.ServiceModel.NetTcp (>= 4.4.1) - restriction: || (&& (== net461) (< net452) (>= netstandard2.0)) (&& (== net472) (< net452)) (== netcoreapp3.1) (== netstandard2.0)
      System.ServiceModel.Security (>= 4.4.3) - restriction: || (&& (== net461) (< net452) (>= netstandard2.0)) (&& (== net472) (< net452)) (== netcoreapp3.1) (== netstandard2.0)
    DiffEngine (6.4) - restriction: || (&& (== net461) (>= netstandard2.0)) (== net472) (== netcoreapp3.1) (== netstandard2.0)
      EmptyFiles (>= 2.3)
      Microsoft.Bcl.AsyncInterfaces (>= 5.0) - restriction: || (== net461) (== net472) (&& (== netcoreapp3.1) (>= net461)) (&& (== netcoreapp3.1) (< netstandard2.1)) (== netstandard2.0)
      Microsoft.Windows.Compatibility (>= 5.0) - restriction: || (&& (== net461) (>= netstandard2.1)) (&& (== net472) (< net461)) (&& (== net472) (>= netstandard2.1)) (== netcoreapp3.1) (== netstandard2.0)
      System.Runtime.InteropServices.RuntimeInformation (>= 4.3) - restriction: || (== net461) (== net472) (&& (== netcoreapp3.1) (>= net461)) (&& (== netstandard2.0) (>= net461))
    EmptyFiles (2.3) - restriction: || (&& (== net461) (>= netstandard2.0)) (== net472) (== netcoreapp3.1) (== netstandard2.0)
    Enums.NET (3.0.3)
      System.ComponentModel.Annotations (>= 4.6) - restriction: || (&& (== net461) (< net45)) (&& (== net461) (>= netstandard2.1)) (&& (== net472) (< net45)) (&& (== net472) (>= netstandard2.1)) (&& (== netcoreapp3.1) (< netcoreapp3.0)) (&& (== netcoreapp3.1) (< netstandard1.3)) (&& (== netcoreapp3.1) (< netstandard2.0)) (&& (== netcoreapp3.1) (< netstandard2.1)) (== netstandard2.0)
      System.Runtime.CompilerServices.Unsafe (>= 4.6) - restriction: || (&& (== net461) (< net45)) (&& (== net461) (< netstandard1.1)) (&& (== net461) (>= netstandard2.1)) (&& (== net472) (< net45)) (&& (== net472) (< netstandard1.1)) (&& (== net472) (>= netstandard2.1)) (&& (== netcoreapp3.1) (< netcoreapp3.0)) (&& (== netcoreapp3.1) (< netstandard1.1)) (&& (== netcoreapp3.1) (< netstandard1.3)) (&& (== netcoreapp3.1) (< netstandard2.0)) (&& (== netcoreapp3.1) (< netstandard2.1)) (== netstandard2.0)
    Fasterflect.Xpand (2.0.7)
      System.Reflection.Emit.Lightweight (>= 4.6) - restriction: || (&& (== net461) (>= netstandard2.0)) (== net472) (== netcoreapp3.1) (== netstandard2.0)
    Google.Apis (1.49)
      Google.Apis.Core (>= 1.49)
    Google.Apis.Auth (1.49)
      Google.Apis (>= 1.49)
      Google.Apis.Core (>= 1.49)
    Google.Apis.Calendar.v3 (1.49.0.2119)
      Google.Apis (>= 1.49)
      Google.Apis.Auth (>= 1.49)
    Google.Apis.Core (1.49)
      Newtonsoft.Json (>= 12.0.3)
    Google.Apis.People.v1 (1.25.0.830)
      Google.Apis (>= 1.25)
      Google.Apis.Auth (>= 1.25)
    Google.Apis.Tasks.v1 (1.49.0.2119)
      Google.Apis (>= 1.49)
      Google.Apis.Auth (>= 1.49)
    Grpc (2.23)
      Grpc.Core (>= 2.23)
    Grpc.Core (2.25)
      Grpc.Core.Api (>= 2.25)
      System.Memory (>= 4.5.3)
    Grpc.Core.Api (2.33.1)
      System.Memory (>= 4.5.3)
    Humanizer.Core (2.8.26)
      NETStandard.Library (>= 1.6.1) - restriction: || (== net461) (&& (== net472) (< netstandard2.0)) (&& (== netcoreapp3.1) (< netstandard2.0))
    JetBrains.Annotations (2020.1)
    MagicOnion (2.6.3)
      Grpc (>= 2.23) - restriction: || (&& (== net461) (>= netstandard2.0)) (== net472) (== netcoreapp3.1) (== netstandard2.0)
      MessagePack (>= 1.7.3.7) - restriction: || (&& (== net461) (>= netstandard2.0)) (== net472) (== netcoreapp3.1) (== netstandard2.0)
      System.Buffers (>= 4.5) - restriction: || (&& (== net461) (>= netstandard2.0)) (== net472) (== netcoreapp3.1) (== netstandard2.0)
      System.Collections.Immutable (>= 1.5) - restriction: || (&& (== net461) (>= netstandard2.0)) (== net472) (== netcoreapp3.1) (== netstandard2.0)
      System.Runtime.CompilerServices.Unsafe (>= 4.5.2) - restriction: || (&& (== net461) (>= netstandard2.0)) (== net472) (== netcoreapp3.1) (== netstandard2.0)
      System.Threading.Tasks.Extensions (>= 4.5.3) - restriction: || (&& (== net461) (>= netstandard2.0)) (== net472) (== netcoreapp3.1) (== netstandard2.0)
      System.Threading.Tasks.Parallel (>= 4.3) - restriction: || (&& (== net461) (>= netstandard2.0)) (== net472) (== netcoreapp3.1) (== netstandard2.0)
    MessagePack (1.7.3.7)
      System.Reflection.Emit (>= 4.3) - restriction: || (&& (== net461) (< net45) (>= netstandard1.6)) (&& (== net461) (< net45) (>= netstandard2.0)) (&& (== net472) (< net45)) (== netcoreapp3.1) (== netstandard2.0)
      System.Reflection.Emit.Lightweight (>= 4.3) - restriction: || (&& (== net461) (< net45) (>= netstandard1.6)) (&& (== net461) (< net45) (>= netstandard2.0)) (&& (== net472) (< net45)) (== netcoreapp3.1) (== netstandard2.0)
      System.Runtime.Serialization.Primitives (>= 4.3) - restriction: || (&& (== net461) (< net45) (>= netstandard1.6)) (&& (== net461) (< net45) (>= netstandard2.0)) (&& (== net472) (< net45)) (== netcoreapp3.1) (== netstandard2.0)
      System.Threading.Tasks.Extensions (>= 4.3)
      System.ValueTuple (>= 4.3) - restriction: || (== net461) (&& (== net472) (< net45)) (&& (== net472) (< net47) (< netstandard1.6)) (== netcoreapp3.1) (== netstandard2.0)
    Microsoft.AspNetCore.Hosting (2.2.7)
      Microsoft.AspNetCore.Hosting.Abstractions (>= 2.2) - restriction: || (&& (== net461) (>= netstandard2.0)) (== net472) (== netcoreapp3.1) (== netstandard2.0)
      Microsoft.AspNetCore.Http (>= 2.2) - restriction: || (&& (== net461) (>= netstandard2.0)) (== net472) (== netcoreapp3.1) (== netstandard2.0)
      Microsoft.AspNetCore.Http.Extensions (>= 2.2) - restriction: || (&& (== net461) (>= netstandard2.0)) (== net472) (== netcoreapp3.1) (== netstandard2.0)
      Microsoft.Extensions.Configuration (>= 2.2) - restriction: || (&& (== net461) (>= netstandard2.0)) (== net472) (== netcoreapp3.1) (== netstandard2.0)
      Microsoft.Extensions.Configuration.EnvironmentVariables (>= 2.2.4) - restriction: || (&& (== net461) (>= netstandard2.0)) (== net472) (== netcoreapp3.1) (== netstandard2.0)
      Microsoft.Extensions.Configuration.FileExtensions (>= 2.2) - restriction: || (&& (== net461) (>= netstandard2.0)) (== net472) (== netcoreapp3.1) (== netstandard2.0)
      Microsoft.Extensions.DependencyInjection (>= 2.2) - restriction: || (&& (== net461) (>= netstandard2.0)) (== net472) (== netcoreapp3.1) (== netstandard2.0)
      Microsoft.Extensions.FileProviders.Physical (>= 2.2) - restriction: || (&& (== net461) (>= netstandard2.0)) (== net472) (== netcoreapp3.1) (== netstandard2.0)
      Microsoft.Extensions.Hosting.Abstractions (>= 2.2) - restriction: || (&& (== net461) (>= netstandard2.0)) (== net472) (== netcoreapp3.1) (== netstandard2.0)
      Microsoft.Extensions.Logging (>= 2.2) - restriction: || (&& (== net461) (>= netstandard2.0)) (== net472) (== netcoreapp3.1) (== netstandard2.0)
      Microsoft.Extensions.Options (>= 2.2) - restriction: || (&& (== net461) (>= netstandard2.0)) (== net472) (== netcoreapp3.1) (== netstandard2.0)
      System.Diagnostics.DiagnosticSource (>= 4.5.1) - restriction: || (&& (== net461) (>= netstandard2.0)) (== net472) (== netcoreapp3.1) (== netstandard2.0)
      System.Reflection.Metadata (>= 1.6) - restriction: || (&& (== net461) (>= netstandard2.0)) (== net472) (== netcoreapp3.1) (== netstandard2.0)
    Microsoft.AspNetCore.Hosting.Abstractions (2.2) - restriction: || (&& (== net461) (>= netstandard2.0)) (== net472) (== netcoreapp3.1) (== netstandard2.0)
      Microsoft.AspNetCore.Hosting.Server.Abstractions (>= 2.2) - restriction: || (&& (== net461) (>= netstandard2.0)) (== net472) (== netcoreapp3.1) (== netstandard2.0)
      Microsoft.AspNetCore.Http.Abstractions (>= 2.2) - restriction: || (&& (== net461) (>= netstandard2.0)) (== net472) (== netcoreapp3.1) (== netstandard2.0)
      Microsoft.Extensions.Hosting.Abstractions (>= 2.2) - restriction: || (&& (== net461) (>= netstandard2.0)) (== net472) (== netcoreapp3.1) (== netstandard2.0)
    Microsoft.AspNetCore.Hosting.Server.Abstractions (2.2) - restriction: || (&& (== net461) (>= netstandard2.0)) (== net472) (== netcoreapp3.1) (== netstandard2.0)
      Microsoft.AspNetCore.Http.Features (>= 2.2) - restriction: || (&& (== net461) (>= netstandard2.0)) (== net472) (== netcoreapp3.1) (== netstandard2.0)
      Microsoft.Extensions.Configuration.Abstractions (>= 2.2) - restriction: || (&& (== net461) (>= netstandard2.0)) (== net472) (== netcoreapp3.1) (== netstandard2.0)
    Microsoft.AspNetCore.Http (2.2.2) - restriction: || (&& (== net461) (>= netstandard2.0)) (== net472) (== netcoreapp3.1) (== netstandard2.0)
      Microsoft.AspNetCore.Http.Abstractions (>= 2.2) - restriction: || (&& (== net461) (>= netstandard2.0)) (== net472) (== netcoreapp3.1) (== netstandard2.0)
      Microsoft.AspNetCore.WebUtilities (>= 2.2) - restriction: || (&& (== net461) (>= netstandard2.0)) (== net472) (== netcoreapp3.1) (== netstandard2.0)
      Microsoft.Extensions.ObjectPool (>= 2.2) - restriction: || (&& (== net461) (>= netstandard2.0)) (== net472) (== netcoreapp3.1) (== netstandard2.0)
      Microsoft.Extensions.Options (>= 2.2) - restriction: || (&& (== net461) (>= netstandard2.0)) (== net472) (== netcoreapp3.1) (== netstandard2.0)
      Microsoft.Net.Http.Headers (>= 2.2) - restriction: || (&& (== net461) (>= netstandard2.0)) (== net472) (== netcoreapp3.1) (== netstandard2.0)
    Microsoft.AspNetCore.Http.Abstractions (2.2) - restriction: || (&& (== net461) (>= netstandard2.0)) (== net472) (== netcoreapp3.1) (== netstandard2.0)
      Microsoft.AspNetCore.Http.Features (>= 2.2) - restriction: || (&& (== net461) (>= netstandard2.0)) (== net472) (== netcoreapp3.1) (== netstandard2.0)
      System.Text.Encodings.Web (>= 4.5) - restriction: || (&& (== net461) (>= netstandard2.0)) (== net472) (== netcoreapp3.1) (== netstandard2.0)
    Microsoft.AspNetCore.Http.Extensions (2.2) - restriction: || (&& (== net461) (>= netstandard2.0)) (== net472) (== netcoreapp3.1) (== netstandard2.0)
      Microsoft.AspNetCore.Http.Abstractions (>= 2.2) - restriction: || (&& (== net461) (>= netstandard2.0)) (== net472) (== netcoreapp3.1) (== netstandard2.0)
      Microsoft.Extensions.FileProviders.Abstractions (>= 2.2) - restriction: || (&& (== net461) (>= netstandard2.0)) (== net472) (== netcoreapp3.1) (== netstandard2.0)
      Microsoft.Net.Http.Headers (>= 2.2) - restriction: || (&& (== net461) (>= netstandard2.0)) (== net472) (== netcoreapp3.1) (== netstandard2.0)
      System.Buffers (>= 4.5) - restriction: || (&& (== net461) (>= netstandard2.0)) (== net472) (== netcoreapp3.1) (== netstandard2.0)
    Microsoft.AspNetCore.Http.Features (5.0) - restriction: || (&& (== net461) (>= netstandard2.0)) (== net472) (== netcoreapp3.1) (== netstandard2.0)
      Microsoft.Extensions.Primitives (>= 5.0)
      System.IO.Pipelines (>= 5.0)
    Microsoft.AspNetCore.WebUtilities (2.2) - restriction: || (&& (== net461) (>= netstandard2.0)) (== net472) (== netcoreapp3.1) (== netstandard2.0)
      Microsoft.Net.Http.Headers (>= 2.2) - restriction: || (&& (== net461) (>= netstandard2.0)) (== net472) (== netcoreapp3.1) (== netstandard2.0)
      System.Text.Encodings.Web (>= 4.5) - restriction: || (&& (== net461) (>= netstandard2.0)) (== net472) (== netcoreapp3.1) (== netstandard2.0)
    Microsoft.Bcl.AsyncInterfaces (5.0) - restriction: || (== net461) (== net472) (&& (== netcoreapp3.1) (>= net461)) (&& (== netcoreapp3.1) (< netstandard2.1)) (== netstandard2.0)
      System.Threading.Tasks.Extensions (>= 4.5.4) - restriction: || (== net461) (== net472) (&& (== netcoreapp3.1) (>= net461)) (&& (== netcoreapp3.1) (< netcoreapp2.1) (< netstandard2.1)) (== netstandard2.0)
    Microsoft.CodeAnalysis.Analyzers (3.3.1) - restriction: || (&& (== net461) (>= netstandard2.0)) (== net472) (== netcoreapp3.1) (== netstandard2.0)
    Microsoft.CodeAnalysis.Common (3.7) - restriction: || (&& (== net461) (>= netstandard2.0)) (== net472) (== netcoreapp3.1) (== netstandard2.0)
      Microsoft.CodeAnalysis.Analyzers (>= 3.0) - restriction: || (&& (== net461) (>= netstandard2.0)) (== net472) (== netcoreapp3.1) (== netstandard2.0)
      System.Collections.Immutable (>= 1.5) - restriction: || (&& (== net461) (>= netstandard2.0)) (== net472) (== netcoreapp3.1) (== netstandard2.0)
      System.Memory (>= 4.5.4) - restriction: || (&& (== net461) (>= netstandard2.0)) (== net472) (== netcoreapp3.1) (== netstandard2.0)
      System.Reflection.Metadata (>= 1.6) - restriction: || (&& (== net461) (>= netstandard2.0)) (== net472) (== netcoreapp3.1) (== netstandard2.0)
      System.Runtime.CompilerServices.Unsafe (>= 4.7) - restriction: || (&& (== net461) (>= netstandard2.0)) (== net472) (== netcoreapp3.1) (== netstandard2.0)
      System.Text.Encoding.CodePages (>= 4.5.1) - restriction: || (&& (== net461) (>= netstandard2.0)) (== net472) (== netcoreapp3.1) (== netstandard2.0)
      System.Threading.Tasks.Extensions (>= 4.5.3) - restriction: || (&& (== net461) (>= netstandard2.0)) (== net472) (== netcoreapp3.1) (== netstandard2.0)
    Microsoft.CodeAnalysis.CSharp (3.7)
      Microsoft.CodeAnalysis.Common (3.7) - restriction: || (&& (== net461) (>= netstandard2.0)) (== net472) (== netcoreapp3.1) (== netstandard2.0)
    Microsoft.CSharp (4.7)
    Microsoft.DotNet.InternalAbstractions (1.0) - restriction: || (&& (== net461) (>= netcoreapp2.1)) (&& (== net472) (>= netcoreapp2.1)) (== netcoreapp3.1) (&& (== netstandard2.0) (>= netcoreapp2.1))
      System.AppContext (>= 4.1) - restriction: || (&& (== net461) (< net451)) (&& (== net472) (< net451)) (== netcoreapp3.1) (== netstandard2.0)
      System.Collections (>= 4.0.11) - restriction: || (&& (== net461) (< net451)) (&& (== net472) (< net451)) (== netcoreapp3.1) (== netstandard2.0)
      System.IO (>= 4.1) - restriction: || (&& (== net461) (< net451)) (&& (== net472) (< net451)) (== netcoreapp3.1) (== netstandard2.0)
      System.IO.FileSystem (>= 4.0.1) - restriction: || (&& (== net461) (< net451)) (&& (== net472) (< net451)) (== netcoreapp3.1) (== netstandard2.0)
      System.Reflection.TypeExtensions (>= 4.1) - restriction: || (&& (== net461) (< net451)) (&& (== net472) (< net451)) (== netcoreapp3.1) (== netstandard2.0)
      System.Runtime.Extensions (>= 4.1) - restriction: || (&& (== net461) (< net451)) (&& (== net472) (< net451)) (== netcoreapp3.1) (== netstandard2.0)
      System.Runtime.InteropServices (>= 4.1) - restriction: || (&& (== net461) (< net451)) (&& (== net472) (< net451)) (== netcoreapp3.1) (== netstandard2.0)
      System.Runtime.InteropServices.RuntimeInformation (>= 4.0) - restriction: || (&& (== net461) (< net451)) (&& (== net472) (< net451)) (== netcoreapp3.1) (== netstandard2.0)
    Microsoft.Extensions.Configuration (5.0) - restriction: || (&& (== net461) (>= netcoreapp3.0)) (&& (== net461) (>= netstandard2.0)) (== net472) (== netcoreapp3.1) (== netstandard2.0)
      Microsoft.Extensions.Configuration.Abstractions (>= 5.0)
      Microsoft.Extensions.Primitives (>= 5.0)
    Microsoft.Extensions.Configuration.Abstractions (5.0) - restriction: || (&& (== net461) (>= netcoreapp3.0)) (&& (== net461) (>= netstandard2.0)) (== net472) (== netcoreapp3.1) (== netstandard2.0)
      Microsoft.Extensions.Primitives (>= 5.0)
      System.ValueTuple (>= 4.5) - restriction: || (== net461) (== net472) (&& (== netcoreapp3.1) (>= net461)) (&& (== netstandard2.0) (>= net461))
    Microsoft.Extensions.Configuration.EnvironmentVariables (5.0) - restriction: || (&& (== net461) (>= netstandard2.0)) (== net472) (== netcoreapp3.1) (== netstandard2.0)
      Microsoft.Extensions.Configuration (>= 5.0)
      Microsoft.Extensions.Configuration.Abstractions (>= 5.0)
    Microsoft.Extensions.Configuration.FileExtensions (5.0) - restriction: || (&& (== net461) (>= netcoreapp3.0)) (&& (== net461) (>= netstandard2.0)) (== net472) (== netcoreapp3.1) (== netstandard2.0)
      Microsoft.Extensions.Configuration (>= 5.0)
      Microsoft.Extensions.Configuration.Abstractions (>= 5.0)
      Microsoft.Extensions.FileProviders.Abstractions (>= 5.0)
      Microsoft.Extensions.FileProviders.Physical (>= 5.0)
      Microsoft.Extensions.Primitives (>= 5.0)
    Microsoft.Extensions.Configuration.Json (5.0) - restriction: || (&& (== net461) (>= netcoreapp3.0)) (&& (== net472) (>= netcoreapp3.0)) (== netcoreapp3.1) (&& (== netstandard2.0) (>= netcoreapp3.0))
      Microsoft.Extensions.Configuration (>= 5.0)
      Microsoft.Extensions.Configuration.Abstractions (>= 5.0)
      Microsoft.Extensions.Configuration.FileExtensions (>= 5.0)
      Microsoft.Extensions.FileProviders.Abstractions (>= 5.0)
      System.Text.Json (>= 5.0)
    Microsoft.Extensions.DependencyInjection (5.0)
      Microsoft.Bcl.AsyncInterfaces (>= 5.0) - restriction: || (== net461) (== net472) (&& (== netcoreapp3.1) (>= net461)) (&& (== netcoreapp3.1) (< netstandard2.1)) (== netstandard2.0)
      Microsoft.Extensions.DependencyInjection.Abstractions (>= 5.0)
      System.Threading.Tasks.Extensions (>= 4.5.4) - restriction: || (== net461) (== net472) (&& (== netcoreapp3.1) (>= net461)) (&& (== netcoreapp3.1) (< netcoreapp2.1) (< netstandard2.1)) (== netstandard2.0)
    Microsoft.Extensions.DependencyInjection.Abstractions (5.0)
    Microsoft.Extensions.FileProviders.Abstractions (5.0) - restriction: || (&& (== net461) (>= netcoreapp3.0)) (&& (== net461) (>= netstandard2.0)) (== net472) (== netcoreapp3.1) (== netstandard2.0)
      Microsoft.Extensions.Primitives (>= 5.0)
    Microsoft.Extensions.FileProviders.Physical (5.0) - restriction: || (&& (== net461) (>= netstandard2.0)) (== net472) (== netcoreapp3.1) (== netstandard2.0)
      Microsoft.Extensions.FileProviders.Abstractions (>= 5.0)
      Microsoft.Extensions.FileSystemGlobbing (>= 5.0)
      Microsoft.Extensions.Primitives (>= 5.0)
      System.Security.Cryptography.Algorithms (>= 4.3.1) - restriction: || (== net461) (== net472) (&& (== netcoreapp3.1) (>= net461)) (&& (== netstandard2.0) (>= net461))
    Microsoft.Extensions.FileSystemGlobbing (5.0) - restriction: || (&& (== net461) (>= netstandard2.0)) (== net472) (== netcoreapp3.1) (== netstandard2.0)
    Microsoft.Extensions.Hosting.Abstractions (5.0) - restriction: || (&& (== net461) (>= netstandard2.0)) (== net472) (== netcoreapp3.1) (== netstandard2.0)
      Microsoft.Bcl.AsyncInterfaces (>= 5.0) - restriction: || (== net461) (== net472) (&& (== netcoreapp3.1) (>= net461)) (&& (== netcoreapp3.1) (< netstandard2.1)) (== netstandard2.0)
      Microsoft.Extensions.Configuration.Abstractions (>= 5.0)
      Microsoft.Extensions.DependencyInjection.Abstractions (>= 5.0)
      Microsoft.Extensions.FileProviders.Abstractions (>= 5.0)
      System.Threading.Tasks.Extensions (>= 4.5.4) - restriction: || (== net461) (== net472) (&& (== netcoreapp3.1) (>= net461)) (&& (== netcoreapp3.1) (< netcoreapp2.1) (< netstandard2.1)) (== netstandard2.0)
    Microsoft.Extensions.Logging (5.0) - restriction: || (&& (== net461) (>= netstandard2.0)) (== net472) (== netcoreapp3.1) (== netstandard2.0)
      Microsoft.Extensions.DependencyInjection (>= 5.0)
      Microsoft.Extensions.DependencyInjection.Abstractions (>= 5.0)
      Microsoft.Extensions.Logging.Abstractions (>= 5.0)
      Microsoft.Extensions.Options (>= 5.0)
      System.Diagnostics.DiagnosticSource (>= 5.0)
      System.ValueTuple (>= 4.5) - restriction: || (== net461) (== net472) (&& (== netcoreapp3.1) (>= net461)) (&& (== netstandard2.0) (>= net461))
    Microsoft.Extensions.Logging.Abstractions (5.0) - restriction: || (&& (== net461) (>= netstandard2.0)) (== net472) (== netcoreapp3.1) (== netstandard2.0)
    Microsoft.Extensions.ObjectPool (5.0) - restriction: || (&& (== net461) (>= netstandard2.0)) (== net472) (== netcoreapp3.1) (== netstandard2.0)
    Microsoft.Extensions.Options (5.0) - restriction: || (&& (== net461) (>= netcoreapp3.0)) (&& (== net461) (>= netstandard2.0)) (== net472) (== netcoreapp3.1) (== netstandard2.0)
      Microsoft.Extensions.DependencyInjection.Abstractions (>= 5.0)
      Microsoft.Extensions.Primitives (>= 5.0)
    Microsoft.Extensions.Primitives (5.0) - restriction: || (&& (== net461) (>= netstandard2.0)) (== net472) (== netcoreapp3.1) (== netstandard2.0)
      System.Buffers (>= 4.5.1) - restriction: || (== net461) (== net472) (&& (== netcoreapp3.1) (>= monoandroid)) (&& (== netcoreapp3.1) (>= monotouch)) (&& (== netcoreapp3.1) (>= net461)) (&& (== netcoreapp3.1) (< netcoreapp2.0)) (&& (== netcoreapp3.1) (>= xamarinios)) (&& (== netcoreapp3.1) (>= xamarinmac)) (&& (== netcoreapp3.1) (>= xamarintvos)) (&& (== netcoreapp3.1) (>= xamarinwatchos)) (== netstandard2.0)
      System.Memory (>= 4.5.4) - restriction: || (== net461) (== net472) (&& (== netcoreapp3.1) (>= net461)) (&& (== netcoreapp3.1) (< netcoreapp2.0)) (&& (== netcoreapp3.1) (< netcoreapp2.1)) (&& (== netcoreapp3.1) (>= uap10.1)) (== netstandard2.0)
      System.Runtime.CompilerServices.Unsafe (>= 5.0) - restriction: || (== net461) (== net472) (&& (== netcoreapp3.1) (>= monoandroid)) (&& (== netcoreapp3.1) (>= monotouch)) (&& (== netcoreapp3.1) (>= net461)) (&& (== netcoreapp3.1) (< netcoreapp2.0)) (&& (== netcoreapp3.1) (< netcoreapp2.1)) (&& (== netcoreapp3.1) (< netcoreapp3.0)) (&& (== netcoreapp3.1) (>= uap10.1)) (&& (== netcoreapp3.1) (>= xamarinios)) (&& (== netcoreapp3.1) (>= xamarinmac)) (&& (== netcoreapp3.1) (>= xamarintvos)) (&& (== netcoreapp3.1) (>= xamarinwatchos)) (== netstandard2.0)
    Microsoft.Graph.Beta (0.32.0-preview)
      Microsoft.Graph.Core (>= 1.22)
      Newtonsoft.Json (>= 9.0.1) - restriction: || (&& (== net472) (< net461)) (== netcoreapp3.1) (== netstandard2.0)
      System.Net.Http (>= 4.3.4) - restriction: || (&& (== net472) (< net461)) (== netcoreapp3.1) (== netstandard2.0)
    Microsoft.Graph.Core (1.22)
      NETStandard.Library (>= 1.6) - restriction: || (&& (== net461) (< net45)) (&& (== net472) (< net45)) (== netcoreapp3.1) (== netstandard2.0)
      Newtonsoft.Json (>= 6.0.1) - restriction: || (== net461) (== net472) (&& (== netcoreapp3.1) (>= net45)) (&& (== netstandard2.0) (>= net45))
      Newtonsoft.Json (>= 9.0.1) - restriction: || (&& (== net461) (< net45)) (&& (== net472) (< net45)) (== netcoreapp3.1) (== netstandard2.0)
      System.Diagnostics.DiagnosticSource (>= 4.6)
      System.Net.Http (>= 4.3.3) - restriction: || (&& (== net461) (>= monoandroid7.0)) (&& (== net461) (< net45)) (&& (== net461) (>= xamarinios)) (&& (== net461) (>= xamarinmac)) (&& (== net472) (>= monoandroid7.0)) (&& (== net472) (< net45)) (&& (== net472) (>= xamarinios)) (&& (== net472) (>= xamarinmac)) (== netcoreapp3.1) (== netstandard2.0)
      System.ValueTuple (>= 4.3)
    Microsoft.Identity.Client (4.22)
      Microsoft.CSharp (>= 4.5) - restriction: || (&& (== net461) (< net45)) (&& (== net461) (>= uap10.0)) (&& (== net461) (>= xamarinios)) (&& (== net472) (< net45)) (&& (== net472) (>= uap10.0)) (&& (== net472) (>= xamarinios)) (&& (== netcoreapp3.1) (< netcoreapp2.1)) (&& (== netcoreapp3.1) (>= uap10.0)) (&& (== netcoreapp3.1) (>= xamarinios)) (== netstandard2.0)
      NETStandard.Library (>= 1.6.1) - restriction: || (&& (== net461) (< net45)) (&& (== net472) (< net45)) (&& (== netcoreapp3.1) (< netcoreapp2.1)) (== netstandard2.0)
      System.ComponentModel.TypeConverter (>= 4.3) - restriction: || (&& (== net461) (< net45)) (&& (== net461) (>= xamarinios)) (&& (== net472) (< net45)) (&& (== net472) (>= xamarinios)) (&& (== netcoreapp3.1) (< netcoreapp2.1)) (&& (== netcoreapp3.1) (>= xamarinios)) (== netstandard2.0)
      System.Diagnostics.Process (>= 4.3) - restriction: || (&& (== net461) (< net45)) (&& (== net472) (< net45)) (&& (== netcoreapp3.1) (< netcoreapp2.1)) (== netstandard2.0)
      System.Dynamic.Runtime (>= 4.3) - restriction: || (&& (== net461) (< net45)) (&& (== net472) (< net45)) (&& (== netcoreapp3.1) (< netcoreapp2.1)) (== netstandard2.0)
      System.Private.Uri (>= 4.3.2) - restriction: || (&& (== net461) (< net45)) (&& (== net472) (< net45)) (&& (== netcoreapp3.1) (< netcoreapp2.1)) (== netstandard2.0)
      System.Runtime.Serialization.Formatters (>= 4.3) - restriction: || (&& (== net461) (< net45)) (&& (== net461) (>= uap10.0)) (&& (== net461) (>= xamarinios)) (&& (== net472) (< net45)) (&& (== net472) (>= uap10.0)) (&& (== net472) (>= xamarinios)) (&& (== netcoreapp3.1) (< netcoreapp2.1)) (&& (== netcoreapp3.1) (>= uap10.0)) (&& (== netcoreapp3.1) (>= xamarinios)) (== netstandard2.0)
      System.Runtime.Serialization.Json (>= 4.3) - restriction: || (&& (== net461) (< net45)) (&& (== net461) (>= uap10.0)) (&& (== net472) (< net45)) (&& (== net472) (>= uap10.0)) (&& (== netcoreapp3.1) (< netcoreapp2.1)) (&& (== netcoreapp3.1) (>= uap10.0)) (== netstandard2.0)
      System.Runtime.Serialization.Primitives (>= 4.3) - restriction: || (&& (== net461) (< net45)) (&& (== net461) (>= uap10.0)) (&& (== net461) (>= xamarinios)) (&& (== net472) (< net45)) (&& (== net472) (>= uap10.0)) (&& (== net472) (>= xamarinios)) (&& (== netcoreapp3.1) (< netcoreapp2.1)) (&& (== netcoreapp3.1) (>= uap10.0)) (&& (== netcoreapp3.1) (>= xamarinios)) (== netstandard2.0)
      System.Security.Cryptography.X509Certificates (>= 4.3) - restriction: || (&& (== net461) (< net45)) (&& (== net472) (< net45)) (&& (== netcoreapp3.1) (< netcoreapp2.1)) (== netstandard2.0)
      System.Security.SecureString (>= 4.3) - restriction: || (&& (== net461) (>= monoandroid9.0)) (&& (== net461) (< net45)) (&& (== net461) (>= uap10.0)) (&& (== net461) (>= xamarinios)) (&& (== net472) (>= monoandroid9.0)) (&& (== net472) (< net45)) (&& (== net472) (>= uap10.0)) (&& (== net472) (>= xamarinios)) (&& (== netcoreapp3.1) (>= monoandroid9.0)) (&& (== netcoreapp3.1) (< netcoreapp2.1)) (&& (== netcoreapp3.1) (>= uap10.0)) (&& (== netcoreapp3.1) (>= xamarinios)) (== netstandard2.0)
      System.Xml.XDocument (>= 4.3) - restriction: || (&& (== net461) (< net45)) (&& (== net461) (>= uap10.0)) (&& (== net472) (< net45)) (&& (== net472) (>= uap10.0)) (&& (== netcoreapp3.1) (< netcoreapp2.1)) (&& (== netcoreapp3.1) (>= uap10.0)) (== netstandard2.0)
      System.Xml.XmlDocument (>= 4.3) - restriction: || (&& (== net461) (< net45)) (&& (== net461) (>= xamarinios)) (&& (== net472) (< net45)) (&& (== net472) (>= xamarinios)) (&& (== netcoreapp3.1) (< netcoreapp2.1)) (&& (== netcoreapp3.1) (>= xamarinios)) (== netstandard2.0)
    Microsoft.IdentityModel.JsonWebTokens (6.8)
      Microsoft.IdentityModel.Tokens (>= 6.8)
    Microsoft.IdentityModel.Logging (6.8)
    Microsoft.IdentityModel.Protocols (6.8)
      Microsoft.IdentityModel.Logging (>= 6.8)
      Microsoft.IdentityModel.Tokens (>= 6.8)
    Microsoft.IdentityModel.Protocols.OpenIdConnect (6.8)
      Microsoft.IdentityModel.Protocols (>= 6.8)
      System.IdentityModel.Tokens.Jwt (>= 6.8)
    Microsoft.IdentityModel.Tokens (6.8)
      Microsoft.CSharp (>= 4.5) - restriction: || (&& (== net461) (< net45) (>= netstandard2.0)) (&& (== net472) (< net45)) (== netcoreapp3.1) (== netstandard2.0)
      Microsoft.IdentityModel.Logging (>= 6.8)
      System.Security.Cryptography.Cng (>= 4.5) - restriction: || (&& (== net461) (< net45) (>= netstandard2.0)) (&& (== net472) (< net45)) (== netcoreapp3.1) (== netstandard2.0)
    Microsoft.Net.Http.Headers (2.2.8) - restriction: || (&& (== net461) (>= netstandard2.0)) (== net472) (== netcoreapp3.1) (== netstandard2.0)
      Microsoft.Extensions.Primitives (>= 2.2) - restriction: || (&& (== net461) (>= netstandard2.0)) (== net472) (== netcoreapp3.1) (== netstandard2.0)
      System.Buffers (>= 4.5) - restriction: || (&& (== net461) (>= netstandard2.0)) (== net472) (== netcoreapp3.1) (== netstandard2.0)
    Microsoft.NETCore.Platforms (5.0) - restriction: || (&& (== net461) (< net45)) (&& (== net461) (>= netcoreapp2.0)) (&& (== net472) (< net45)) (&& (== net472) (>= netcoreapp2.0)) (== netcoreapp3.1) (== netstandard2.0)
    Microsoft.NETCore.Targets (5.0) - restriction: || (&& (== net461) (< net45)) (&& (== net461) (>= netcoreapp2.1)) (&& (== net472) (< net45)) (&& (== net472) (>= netcoreapp2.1)) (== netcoreapp3.1) (== netstandard2.0)
    Microsoft.Owin (4.1.1)
      Owin (>= 1.0)
    Microsoft.Owin.Host.SystemWeb (4.1.1)
      Microsoft.Owin (>= 4.1.1)
      Owin (>= 1.0)
    Microsoft.Owin.Security (4.1.1)
      Microsoft.Owin (>= 4.1.1)
      Owin (>= 1.0)
    Microsoft.Owin.Security.Cookies (4.1.1)
      Microsoft.Owin (>= 4.1.1)
      Microsoft.Owin.Security (>= 4.1.1)
      Owin (>= 1.0)
    Microsoft.Owin.Security.OpenIdConnect (4.1.1)
      Microsoft.IdentityModel.Logging (>= 5.3)
      Microsoft.IdentityModel.Protocols (>= 5.3)
      Microsoft.IdentityModel.Protocols.OpenIdConnect (>= 5.3)
      Microsoft.IdentityModel.Tokens (>= 5.3)
      Microsoft.Owin (>= 4.1.1)
      Microsoft.Owin.Security (>= 4.1.1)
      Owin (>= 1.0)
      System.IdentityModel.Tokens.Jwt (>= 5.3)
    Microsoft.Win32.Primitives (4.3) - restriction: || (&& (== net461) (== netcoreapp3.1)) (&& (== net461) (< net45)) (&& (== net472) (== netcoreapp3.1)) (&& (== net472) (< net45)) (&& (== netcoreapp3.1) (< netcoreapp2.1)) (== netstandard2.0)
      Microsoft.NETCore.Platforms (>= 1.1) - restriction: || (&& (== net461) (< net46)) (&& (== net472) (< net46)) (== netcoreapp3.1) (== netstandard2.0)
      Microsoft.NETCore.Targets (>= 1.1) - restriction: || (&& (== net461) (< net46)) (&& (== net472) (< net46)) (== netcoreapp3.1) (== netstandard2.0)
      System.Runtime (>= 4.3) - restriction: || (&& (== net461) (< net46)) (&& (== net472) (< net46)) (== netcoreapp3.1) (== netstandard2.0)
    Microsoft.Win32.Registry (5.0) - restriction: || (&& (== net461) (< net45)) (&& (== net461) (< net452) (>= netstandard2.0)) (&& (== net461) (>= netcoreapp2.0)) (&& (== net461) (>= netcoreapp3.0)) (&& (== net461) (>= netstandard2.1)) (&& (== net472) (< net45)) (&& (== net472) (< net452)) (&& (== net472) (< net461)) (&& (== net472) (>= netcoreapp2.0)) (&& (== net472) (>= netcoreapp2.1)) (&& (== net472) (>= netcoreapp3.0)) (&& (== net472) (>= netstandard2.1)) (== netcoreapp3.1) (== netstandard2.0)
      System.Buffers (>= 4.5.1) - restriction: || (&& (== net461) (>= monoandroid)) (&& (== net461) (>= monotouch)) (&& (== net461) (< net46) (>= netstandard2.0)) (&& (== net461) (>= xamarinios)) (&& (== net461) (>= xamarinmac)) (&& (== net461) (>= xamarintvos)) (&& (== net461) (>= xamarinwatchos)) (&& (== net472) (>= monoandroid)) (&& (== net472) (>= monotouch)) (&& (== net472) (< net46)) (&& (== net472) (>= xamarinios)) (&& (== net472) (>= xamarinmac)) (&& (== net472) (>= xamarintvos)) (&& (== net472) (>= xamarinwatchos)) (&& (== netcoreapp3.1) (>= monoandroid)) (&& (== netcoreapp3.1) (>= monotouch)) (&& (== netcoreapp3.1) (< netcoreapp2.0)) (&& (== netcoreapp3.1) (>= xamarinios)) (&& (== netcoreapp3.1) (>= xamarinmac)) (&& (== netcoreapp3.1) (>= xamarintvos)) (&& (== netcoreapp3.1) (>= xamarinwatchos)) (== netstandard2.0)
      System.Memory (>= 4.5.4) - restriction: || (&& (== net461) (< net46) (>= netstandard2.0)) (&& (== net461) (>= netcoreapp2.0)) (&& (== net461) (>= uap10.1)) (&& (== net472) (< net46)) (&& (== net472) (>= netcoreapp2.0)) (&& (== net472) (>= uap10.1)) (&& (== netcoreapp3.1) (< netcoreapp2.0)) (&& (== netcoreapp3.1) (< netcoreapp2.1)) (&& (== netcoreapp3.1) (>= uap10.1)) (== netstandard2.0)
      System.Security.AccessControl (>= 5.0)
      System.Security.Principal.Windows (>= 5.0)
    Microsoft.Win32.Registry.AccessControl (5.0) - restriction: || (&& (== net461) (>= netcoreapp3.0)) (&& (== net461) (>= netstandard2.1)) (&& (== net472) (< net461)) (&& (== net472) (>= netcoreapp2.0)) (&& (== net472) (>= netcoreapp2.1)) (&& (== net472) (>= netcoreapp3.0)) (&& (== net472) (>= netstandard2.1)) (== netcoreapp3.1) (== netstandard2.0)
      Microsoft.Win32.Registry (>= 5.0)
      System.Security.AccessControl (>= 5.0)
    Microsoft.Win32.SystemEvents (5.0) - restriction: || (&& (== net461) (>= netcoreapp2.0)) (&& (== net461) (>= netcoreapp3.0)) (&& (== net461) (>= netstandard2.1)) (&& (== net472) (< net461)) (&& (== net472) (>= netcoreapp2.0)) (&& (== net472) (>= netcoreapp2.1)) (&& (== net472) (>= netcoreapp3.0)) (&& (== net472) (>= netstandard2.1)) (== netcoreapp3.1) (== netstandard2.0)
      Microsoft.NETCore.Platforms (>= 5.0) - restriction: || (&& (== net461) (>= netcoreapp2.0)) (&& (== net472) (>= netcoreapp2.0)) (== netcoreapp3.1) (&& (== netstandard2.0) (>= netcoreapp2.0))
    Microsoft.Windows.Compatibility (5.0) - restriction: || (&& (== net461) (>= netstandard2.1)) (&& (== net472) (< net461)) (&& (== net472) (>= netstandard2.1)) (== netcoreapp3.1) (== netstandard2.0)
      Microsoft.Win32.Registry (>= 5.0) - restriction: || (&& (== net461) (>= netcoreapp2.0)) (&& (== net461) (>= netcoreapp2.1)) (&& (== net461) (>= netcoreapp3.0)) (&& (== net461) (>= netstandard2.0)) (&& (== net461) (>= netstandard2.1)) (== net472) (== netcoreapp3.1) (== netstandard2.0)
      Microsoft.Win32.Registry.AccessControl (>= 5.0) - restriction: || (&& (== net461) (>= netcoreapp2.0)) (&& (== net461) (>= netcoreapp2.1)) (&& (== net461) (>= netcoreapp3.0)) (&& (== net461) (>= netstandard2.0)) (&& (== net461) (>= netstandard2.1)) (== net472) (== netcoreapp3.1) (== netstandard2.0)
      Microsoft.Win32.SystemEvents (>= 5.0) - restriction: || (&& (== net461) (>= netcoreapp2.0)) (&& (== net461) (>= netcoreapp2.1)) (&& (== net461) (>= netcoreapp3.0)) (&& (== net461) (>= netstandard2.0)) (&& (== net461) (>= netstandard2.1)) (== net472) (== netcoreapp3.1) (== netstandard2.0)
      System.CodeDom (>= 5.0) - restriction: || (&& (== net461) (>= netcoreapp2.0)) (&& (== net461) (>= netcoreapp2.1)) (&& (== net461) (>= netcoreapp3.0)) (&& (== net461) (>= netstandard2.0)) (&& (== net461) (>= netstandard2.1)) (== net472) (== netcoreapp3.1) (== netstandard2.0)
      System.ComponentModel.Composition (>= 5.0) - restriction: || (&& (== net461) (>= netcoreapp2.0)) (&& (== net461) (>= netcoreapp2.1)) (&& (== net461) (>= netcoreapp3.0)) (&& (== net461) (>= netstandard2.0)) (&& (== net461) (>= netstandard2.1)) (== net472) (== netcoreapp3.1) (== netstandard2.0)
      System.ComponentModel.Composition.Registration (>= 5.0) - restriction: || (&& (== net461) (>= netcoreapp3.0)) (&& (== net461) (>= netstandard2.1)) (&& (== net472) (>= netcoreapp3.0)) (&& (== net472) (>= netstandard2.1)) (== netcoreapp3.1) (&& (== netstandard2.0) (>= netcoreapp3.0)) (&& (== netstandard2.0) (>= netstandard2.1))
      System.Configuration.ConfigurationManager (>= 5.0) - restriction: || (&& (== net461) (>= netcoreapp2.0)) (&& (== net461) (>= netcoreapp2.1)) (&& (== net461) (>= netcoreapp3.0)) (&& (== net461) (>= netstandard2.0)) (&& (== net461) (>= netstandard2.1)) (== net472) (== netcoreapp3.1) (== netstandard2.0)
      System.Data.DataSetExtensions (>= 4.5) - restriction: || (&& (== net461) (>= netcoreapp2.0)) (&& (== net461) (>= netcoreapp2.1)) (&& (== net461) (>= netcoreapp3.0)) (&& (== net461) (>= netstandard2.0)) (&& (== net461) (>= netstandard2.1)) (== net472) (== netcoreapp3.1) (== netstandard2.0)
      System.Data.Odbc (>= 5.0) - restriction: || (&& (== net461) (>= netcoreapp2.0)) (&& (== net461) (>= netcoreapp2.1)) (&& (== net461) (>= netcoreapp3.0)) (&& (== net461) (>= netstandard2.0)) (&& (== net461) (>= netstandard2.1)) (== net472) (== netcoreapp3.1) (== netstandard2.0)
      System.Data.OleDb (>= 5.0) - restriction: || (&& (== net461) (>= netcoreapp2.0)) (&& (== net461) (>= netcoreapp2.1)) (&& (== net461) (>= netcoreapp3.0)) (&& (== net461) (>= netstandard2.0)) (&& (== net461) (>= netstandard2.1)) (== net472) (== netcoreapp3.1) (== netstandard2.0)
      System.Data.SqlClient (>= 4.8.1) - restriction: || (&& (== net461) (>= netcoreapp2.0)) (&& (== net461) (>= netcoreapp2.1)) (&& (== net461) (>= netcoreapp3.0)) (&& (== net461) (>= netstandard2.0)) (&& (== net461) (>= netstandard2.1)) (== net472) (== netcoreapp3.1) (== netstandard2.0)
      System.Diagnostics.EventLog (>= 5.0) - restriction: || (&& (== net461) (>= netcoreapp2.0)) (&& (== net461) (>= netcoreapp2.1)) (&& (== net461) (>= netcoreapp3.0)) (&& (== net461) (>= netstandard2.0)) (&& (== net461) (>= netstandard2.1)) (== net472) (== netcoreapp3.1) (== netstandard2.0)
      System.Diagnostics.PerformanceCounter (>= 5.0) - restriction: || (&& (== net461) (>= netcoreapp2.0)) (&& (== net461) (>= netcoreapp2.1)) (&& (== net461) (>= netcoreapp3.0)) (&& (== net461) (>= netstandard2.0)) (&& (== net461) (>= netstandard2.1)) (== net472) (== netcoreapp3.1) (== netstandard2.0)
      System.DirectoryServices (>= 5.0) - restriction: || (&& (== net461) (>= netcoreapp2.0)) (&& (== net461) (>= netcoreapp2.1)) (&& (== net461) (>= netcoreapp3.0)) (&& (== net461) (>= netstandard2.0)) (&& (== net461) (>= netstandard2.1)) (== net472) (== netcoreapp3.1) (== netstandard2.0)
      System.DirectoryServices.AccountManagement (>= 5.0) - restriction: || (&& (== net461) (>= netcoreapp2.0)) (&& (== net461) (>= netcoreapp2.1)) (&& (== net461) (>= netcoreapp3.0)) (&& (== net461) (>= netstandard2.0)) (&& (== net461) (>= netstandard2.1)) (== net472) (== netcoreapp3.1) (== netstandard2.0)
      System.DirectoryServices.Protocols (>= 5.0) - restriction: || (&& (== net461) (>= netcoreapp2.0)) (&& (== net461) (>= netcoreapp2.1)) (&& (== net461) (>= netcoreapp3.0)) (&& (== net461) (>= netstandard2.0)) (&& (== net461) (>= netstandard2.1)) (== net472) (== netcoreapp3.1) (== netstandard2.0)
      System.Drawing.Common (>= 5.0) - restriction: || (&& (== net461) (>= netcoreapp2.0)) (&& (== net461) (>= netcoreapp2.1)) (&& (== net461) (>= netcoreapp3.0)) (&& (== net461) (>= netstandard2.0)) (&& (== net461) (>= netstandard2.1)) (== net472) (== netcoreapp3.1) (== netstandard2.0)
      System.IO.FileSystem.AccessControl (>= 5.0) - restriction: || (&& (== net461) (>= netcoreapp2.0)) (&& (== net461) (>= netcoreapp2.1)) (&& (== net461) (>= netcoreapp3.0)) (&& (== net461) (>= netstandard2.0)) (&& (== net461) (>= netstandard2.1)) (== net472) (== netcoreapp3.1) (== netstandard2.0)
      System.IO.Packaging (>= 5.0) - restriction: || (&& (== net461) (>= netcoreapp2.0)) (&& (== net461) (>= netcoreapp2.1)) (&& (== net461) (>= netcoreapp3.0)) (&& (== net461) (>= netstandard2.0)) (&& (== net461) (>= netstandard2.1)) (== net472) (== netcoreapp3.1) (== netstandard2.0)
      System.IO.Pipes.AccessControl (>= 5.0) - restriction: || (&& (== net461) (>= netcoreapp2.0)) (&& (== net461) (>= netcoreapp2.1)) (&& (== net461) (>= netcoreapp3.0)) (&& (== net461) (>= netstandard2.0)) (&& (== net461) (>= netstandard2.1)) (== net472) (== netcoreapp3.1) (== netstandard2.0)
      System.IO.Ports (>= 5.0) - restriction: || (&& (== net461) (>= netcoreapp2.0)) (&& (== net461) (>= netcoreapp2.1)) (&& (== net461) (>= netcoreapp3.0)) (&& (== net461) (>= netstandard2.0)) (&& (== net461) (>= netstandard2.1)) (== net472) (== netcoreapp3.1) (== netstandard2.0)
      System.Management (>= 5.0) - restriction: || (&& (== net461) (>= netcoreapp2.0)) (&& (== net461) (>= netcoreapp2.1)) (&& (== net461) (>= netcoreapp3.0)) (&& (== net461) (>= netstandard2.0)) (&& (== net461) (>= netstandard2.1)) (== net472) (== netcoreapp3.1) (== netstandard2.0)
      System.Reflection.Context (>= 5.0) - restriction: || (&& (== net461) (>= netcoreapp3.0)) (&& (== net461) (>= netstandard2.1)) (&& (== net472) (>= netcoreapp3.0)) (&& (== net472) (>= netstandard2.1)) (== netcoreapp3.1) (&& (== netstandard2.0) (>= netcoreapp3.0)) (&& (== netstandard2.0) (>= netstandard2.1))
      System.Reflection.Emit (>= 4.7) - restriction: || (&& (== net461) (>= netcoreapp2.0)) (&& (== net461) (>= netcoreapp2.1)) (&& (== net461) (>= netcoreapp3.0)) (&& (== net461) (>= netstandard2.0)) (&& (== net461) (>= netstandard2.1)) (== net472) (== netcoreapp3.1) (== netstandard2.0)
      System.Reflection.Emit.ILGeneration (>= 4.7) - restriction: || (&& (== net461) (>= netcoreapp2.0)) (&& (== net461) (>= netcoreapp2.1)) (&& (== net461) (>= netcoreapp3.0)) (&& (== net461) (>= netstandard2.0)) (&& (== net461) (>= netstandard2.1)) (== net472) (== netcoreapp3.1) (== netstandard2.0)
      System.Reflection.Emit.Lightweight (>= 4.7) - restriction: || (&& (== net461) (>= netcoreapp2.0)) (&& (== net461) (>= netcoreapp2.1)) (&& (== net461) (>= netcoreapp3.0)) (&& (== net461) (>= netstandard2.0)) (&& (== net461) (>= netstandard2.1)) (== net472) (== netcoreapp3.1) (== netstandard2.0)
      System.Runtime.Caching (>= 5.0) - restriction: || (&& (== net461) (>= netcoreapp2.0)) (&& (== net461) (>= netcoreapp2.1)) (&& (== net461) (>= netcoreapp3.0)) (&& (== net461) (>= netstandard2.0)) (&& (== net461) (>= netstandard2.1)) (== net472) (== netcoreapp3.1) (== netstandard2.0)
      System.Security.AccessControl (>= 5.0) - restriction: || (&& (== net461) (>= netcoreapp2.0)) (&& (== net461) (>= netcoreapp2.1)) (&& (== net461) (>= netcoreapp3.0)) (&& (== net461) (>= netstandard2.0)) (&& (== net461) (>= netstandard2.1)) (== net472) (== netcoreapp3.1) (== netstandard2.0)
      System.Security.Cryptography.Cng (>= 5.0) - restriction: || (&& (== net461) (>= netcoreapp2.0)) (&& (== net461) (>= netcoreapp2.1)) (&& (== net461) (>= netcoreapp3.0)) (&& (== net461) (>= netstandard2.0)) (&& (== net461) (>= netstandard2.1)) (== net472) (== netcoreapp3.1) (== netstandard2.0)
      System.Security.Cryptography.Pkcs (>= 5.0) - restriction: || (&& (== net461) (>= netcoreapp2.0)) (&& (== net461) (>= netcoreapp2.1)) (&& (== net461) (>= netcoreapp3.0)) (&& (== net461) (>= netstandard2.0)) (&& (== net461) (>= netstandard2.1)) (== net472) (== netcoreapp3.1) (== netstandard2.0)
      System.Security.Cryptography.ProtectedData (>= 5.0) - restriction: || (&& (== net461) (>= netcoreapp2.0)) (&& (== net461) (>= netcoreapp2.1)) (&& (== net461) (>= netcoreapp3.0)) (&& (== net461) (>= netstandard2.0)) (&& (== net461) (>= netstandard2.1)) (== net472) (== netcoreapp3.1) (== netstandard2.0)
      System.Security.Cryptography.Xml (>= 5.0) - restriction: || (&& (== net461) (>= netcoreapp2.0)) (&& (== net461) (>= netcoreapp2.1)) (&& (== net461) (>= netcoreapp3.0)) (&& (== net461) (>= netstandard2.0)) (&& (== net461) (>= netstandard2.1)) (== net472) (== netcoreapp3.1) (== netstandard2.0)
      System.Security.Permissions (>= 5.0) - restriction: || (&& (== net461) (>= netcoreapp2.0)) (&& (== net461) (>= netcoreapp2.1)) (&& (== net461) (>= netcoreapp3.0)) (&& (== net461) (>= netstandard2.0)) (&& (== net461) (>= netstandard2.1)) (== net472) (== netcoreapp3.1) (== netstandard2.0)
      System.Security.Principal.Windows (>= 5.0) - restriction: || (&& (== net461) (>= netcoreapp2.0)) (&& (== net461) (>= netcoreapp2.1)) (&& (== net461) (>= netcoreapp3.0)) (&& (== net461) (>= netstandard2.0)) (&& (== net461) (>= netstandard2.1)) (== net472) (== netcoreapp3.1) (== netstandard2.0)
      System.ServiceModel.Duplex (>= 4.7) - restriction: || (&& (== net461) (>= netcoreapp2.0)) (&& (== net461) (>= netcoreapp2.1)) (&& (== net461) (>= netcoreapp3.0)) (&& (== net461) (>= netstandard2.0)) (&& (== net461) (>= netstandard2.1)) (== net472) (== netcoreapp3.1) (== netstandard2.0)
      System.ServiceModel.Http (>= 4.7) - restriction: || (&& (== net461) (>= netcoreapp2.0)) (&& (== net461) (>= netcoreapp2.1)) (&& (== net461) (>= netcoreapp3.0)) (&& (== net461) (>= netstandard2.0)) (&& (== net461) (>= netstandard2.1)) (== net472) (== netcoreapp3.1) (== netstandard2.0)
      System.ServiceModel.NetTcp (>= 4.7) - restriction: || (&& (== net461) (>= netcoreapp2.0)) (&& (== net461) (>= netcoreapp2.1)) (&& (== net461) (>= netcoreapp3.0)) (&& (== net461) (>= netstandard2.0)) (&& (== net461) (>= netstandard2.1)) (== net472) (== netcoreapp3.1) (== netstandard2.0)
      System.ServiceModel.Primitives (>= 4.7) - restriction: || (&& (== net461) (>= netcoreapp2.0)) (&& (== net461) (>= netcoreapp2.1)) (&& (== net461) (>= netcoreapp3.0)) (&& (== net461) (>= netstandard2.0)) (&& (== net461) (>= netstandard2.1)) (== net472) (== netcoreapp3.1) (== netstandard2.0)
      System.ServiceModel.Security (>= 4.7) - restriction: || (&& (== net461) (>= netcoreapp2.0)) (&& (== net461) (>= netcoreapp2.1)) (&& (== net461) (>= netcoreapp3.0)) (&& (== net461) (>= netstandard2.0)) (&& (== net461) (>= netstandard2.1)) (== net472) (== netcoreapp3.1) (== netstandard2.0)
      System.ServiceModel.Syndication (>= 5.0) - restriction: || (&& (== net461) (>= netcoreapp2.0)) (&& (== net461) (>= netcoreapp2.1)) (&& (== net461) (>= netcoreapp3.0)) (&& (== net461) (>= netstandard2.0)) (&& (== net461) (>= netstandard2.1)) (== net472) (== netcoreapp3.1) (== netstandard2.0)
      System.ServiceProcess.ServiceController (>= 5.0) - restriction: || (&& (== net461) (>= netcoreapp2.0)) (&& (== net461) (>= netcoreapp2.1)) (&& (== net461) (>= netcoreapp3.0)) (&& (== net461) (>= netstandard2.0)) (&& (== net461) (>= netstandard2.1)) (== net472) (== netcoreapp3.1) (== netstandard2.0)
      System.Text.Encoding.CodePages (>= 5.0) - restriction: || (&& (== net461) (>= netcoreapp2.0)) (&& (== net461) (>= netcoreapp2.1)) (&& (== net461) (>= netcoreapp3.0)) (&& (== net461) (>= netstandard2.0)) (&& (== net461) (>= netstandard2.1)) (== net472) (== netcoreapp3.1) (== netstandard2.0)
      System.Threading.AccessControl (>= 5.0) - restriction: || (&& (== net461) (>= netcoreapp2.0)) (&& (== net461) (>= netcoreapp2.1)) (&& (== net461) (>= netcoreapp3.0)) (&& (== net461) (>= netstandard2.0)) (&& (== net461) (>= netstandard2.1)) (== net472) (== netcoreapp3.1) (== netstandard2.0)
    Mono.Cecil (0.11.2)
    Moq (4.15.1)
      Castle.Core (>= 4.4)
      System.Threading.Tasks.Extensions (>= 4.5.1)
    NETStandard.Library (2.0.3) - restriction: || (== net461) (&& (== net472) (< net45)) (&& (== net472) (< net452)) (&& (== net472) (>= netcoreapp3.0)) (&& (== net472) (< netstandard2.0)) (== netcoreapp3.1) (== netstandard2.0)
      Microsoft.NETCore.Platforms (>= 1.1)
    Newtonsoft.Json (12.0.3)
    NUnit (3.12)
      NETStandard.Library (>= 2.0) - restriction: || (&& (== net461) (< net35) (>= netstandard2.0)) (&& (== net472) (< net35)) (== netcoreapp3.1) (== netstandard2.0)
    NUnit3TestAdapter (3.17)
      Microsoft.DotNet.InternalAbstractions (>= 1.0) - restriction: || (&& (== net461) (>= netcoreapp2.1)) (&& (== net472) (>= netcoreapp2.1)) (== netcoreapp3.1) (&& (== netstandard2.0) (>= netcoreapp2.1))
      System.ComponentModel.EventBasedAsync (>= 4.3) - restriction: || (&& (== net461) (>= netcoreapp2.1)) (&& (== net472) (>= netcoreapp2.1)) (== netcoreapp3.1) (&& (== netstandard2.0) (>= netcoreapp2.1))
      System.ComponentModel.TypeConverter (>= 4.3) - restriction: || (&& (== net461) (>= netcoreapp2.1)) (&& (== net472) (>= netcoreapp2.1)) (== netcoreapp3.1) (&& (== netstandard2.0) (>= netcoreapp2.1))
      System.Diagnostics.Process (>= 4.3) - restriction: || (&& (== net461) (>= netcoreapp2.1)) (&& (== net472) (>= netcoreapp2.1)) (== netcoreapp3.1) (&& (== netstandard2.0) (>= netcoreapp2.1))
      System.Reflection (>= 4.3) - restriction: || (&& (== net461) (>= netcoreapp2.1)) (&& (== net472) (>= netcoreapp2.1)) (== netcoreapp3.1) (&& (== netstandard2.0) (>= netcoreapp2.1))
      System.Runtime.InteropServices.RuntimeInformation (>= 4.3) - restriction: || (&& (== net461) (>= netcoreapp2.1)) (&& (== net472) (>= netcoreapp2.1)) (== netcoreapp3.1) (&& (== netstandard2.0) (>= netcoreapp2.1))
      System.Threading.Thread (>= 4.3) - restriction: || (&& (== net461) (>= netcoreapp2.1)) (&& (== net472) (>= netcoreapp2.1)) (== netcoreapp3.1) (&& (== netstandard2.0) (>= netcoreapp2.1))
      System.Xml.XmlDocument (>= 4.3) - restriction: || (&& (== net461) (>= netcoreapp2.1)) (&& (== net472) (>= netcoreapp2.1)) (== netcoreapp3.1) (&& (== netstandard2.0) (>= netcoreapp2.1))
      System.Xml.XPath.XmlDocument (>= 4.3) - restriction: || (&& (== net461) (>= netcoreapp2.1)) (&& (== net472) (>= netcoreapp2.1)) (== netcoreapp3.1) (&& (== netstandard2.0) (>= netcoreapp2.1))
    Owin (1.0)
    Polly (7.2.1)
      System.ValueTuple (>= 4.5) - restriction: || (== net461) (&& (== net472) (< net461) (< netstandard2.0)) (&& (== netcoreapp3.1) (>= net461)) (&& (== netcoreapp3.1) (< netstandard2.0)) (&& (== netstandard2.0) (>= net461))
    runtime.debian.8-x64.runtime.native.System.Security.Cryptography.OpenSsl (4.3.3) - restriction: || (&& (== net472) (< net45)) (== netcoreapp3.1) (== netstandard2.0)
    runtime.debian.9-x64.runtime.native.System.Security.Cryptography.OpenSsl (4.3.3) - restriction: || (&& (== net472) (< net45)) (== netcoreapp3.1) (== netstandard2.0)
    runtime.fedora.23-x64.runtime.native.System.Security.Cryptography.OpenSsl (4.3.3) - restriction: || (&& (== net472) (< net45)) (== netcoreapp3.1) (== netstandard2.0)
    runtime.fedora.24-x64.runtime.native.System.Security.Cryptography.OpenSsl (4.3.3) - restriction: || (&& (== net472) (< net45)) (== netcoreapp3.1) (== netstandard2.0)
    runtime.fedora.27-x64.runtime.native.System.Security.Cryptography.OpenSsl (4.3.3) - restriction: || (&& (== net472) (< net45)) (== netcoreapp3.1) (== netstandard2.0)
    runtime.fedora.28-x64.runtime.native.System.Security.Cryptography.OpenSsl (4.3.3) - restriction: || (&& (== net472) (< net45)) (== netcoreapp3.1) (== netstandard2.0)
    runtime.linux-arm.runtime.native.System.IO.Ports (5.0.0-rtm.20519.4) - restriction: || (&& (== net461) (>= netcoreapp3.0)) (&& (== net461) (>= netstandard2.1)) (&& (== net472) (>= monoandroid)) (&& (== net472) (>= monotouch)) (&& (== net472) (< net461)) (&& (== net472) (>= netcoreapp2.0)) (&& (== net472) (>= netcoreapp2.1)) (&& (== net472) (>= netcoreapp3.0)) (&& (== net472) (>= netstandard2.1)) (&& (== net472) (>= xamarinios)) (&& (== net472) (>= xamarinmac)) (&& (== net472) (>= xamarintvos)) (&& (== net472) (>= xamarinwatchos)) (== netcoreapp3.1) (== netstandard2.0)
    runtime.linux-arm64.runtime.native.System.IO.Ports (5.0.0-rtm.20519.4) - restriction: || (&& (== net461) (>= netcoreapp3.0)) (&& (== net461) (>= netstandard2.1)) (&& (== net472) (>= monoandroid)) (&& (== net472) (>= monotouch)) (&& (== net472) (< net461)) (&& (== net472) (>= netcoreapp2.0)) (&& (== net472) (>= netcoreapp2.1)) (&& (== net472) (>= netcoreapp3.0)) (&& (== net472) (>= netstandard2.1)) (&& (== net472) (>= xamarinios)) (&& (== net472) (>= xamarinmac)) (&& (== net472) (>= xamarintvos)) (&& (== net472) (>= xamarinwatchos)) (== netcoreapp3.1) (== netstandard2.0)
    runtime.linux-x64.runtime.native.System.IO.Ports (5.0.0-rtm.20519.4) - restriction: || (&& (== net461) (>= netcoreapp3.0)) (&& (== net461) (>= netstandard2.1)) (&& (== net472) (>= monoandroid)) (&& (== net472) (>= monotouch)) (&& (== net472) (< net461)) (&& (== net472) (>= netcoreapp2.0)) (&& (== net472) (>= netcoreapp2.1)) (&& (== net472) (>= netcoreapp3.0)) (&& (== net472) (>= netstandard2.1)) (&& (== net472) (>= xamarinios)) (&& (== net472) (>= xamarinmac)) (&& (== net472) (>= xamarintvos)) (&& (== net472) (>= xamarinwatchos)) (== netcoreapp3.1) (== netstandard2.0)
    runtime.native.System (4.3.1) - restriction: || (&& (== net461) (< net45)) (&& (== net461) (>= netcoreapp2.1)) (&& (== net472) (< net45)) (&& (== net472) (>= netcoreapp2.1)) (== netcoreapp3.1) (== netstandard2.0)
      Microsoft.NETCore.Platforms (>= 1.1.1)
      Microsoft.NETCore.Targets (>= 1.1.3)
    runtime.native.System.Data.SqlClient.sni (4.7) - restriction: || (&& (== net461) (< net451) (>= netstandard2.0)) (&& (== net461) (>= netcoreapp2.0)) (&& (== net472) (< net451)) (&& (== net472) (>= netcoreapp2.0)) (== netcoreapp3.1) (== netstandard2.0)
      runtime.win-arm64.runtime.native.System.Data.SqlClient.sni (>= 4.4)
      runtime.win-x64.runtime.native.System.Data.SqlClient.sni (>= 4.4)
      runtime.win-x86.runtime.native.System.Data.SqlClient.sni (>= 4.4)
    runtime.native.System.IO.Ports (5.0) - restriction: || (&& (== net461) (>= netcoreapp3.0)) (&& (== net461) (>= netstandard2.1)) (&& (== net472) (>= monoandroid)) (&& (== net472) (>= monotouch)) (&& (== net472) (< net461)) (&& (== net472) (>= netcoreapp2.0)) (&& (== net472) (>= netcoreapp2.1)) (&& (== net472) (>= netcoreapp3.0)) (&& (== net472) (>= netstandard2.1)) (&& (== net472) (>= xamarinios)) (&& (== net472) (>= xamarinmac)) (&& (== net472) (>= xamarintvos)) (&& (== net472) (>= xamarinwatchos)) (== netcoreapp3.1) (== netstandard2.0)
      runtime.linux-arm.runtime.native.System.IO.Ports (>= 5.0.0-rtm.20519.4)
      runtime.linux-arm64.runtime.native.System.IO.Ports (>= 5.0.0-rtm.20519.4)
      runtime.linux-x64.runtime.native.System.IO.Ports (>= 5.0.0-rtm.20519.4)
      runtime.osx-x64.runtime.native.System.IO.Ports (>= 5.0.0-rtm.20519.4)
    runtime.native.System.Net.Http (4.3.1) - restriction: || (&& (== net461) (< net45) (>= netstandard1.6)) (&& (== net472) (< net45)) (== netcoreapp3.1) (== netstandard2.0)
      Microsoft.NETCore.Platforms (>= 1.1.1)
      Microsoft.NETCore.Targets (>= 1.1.3)
    runtime.native.System.Security.Cryptography.Apple (4.3.1) - restriction: || (&& (== net472) (< net45)) (== netcoreapp3.1) (== netstandard2.0)
      runtime.osx.10.10-x64.runtime.native.System.Security.Cryptography.Apple (>= 4.3.1)
    runtime.native.System.Security.Cryptography.OpenSsl (4.3.3) - restriction: || (&& (== net461) (< net45) (>= netstandard1.6)) (&& (== net472) (< net45)) (== netcoreapp3.1) (== netstandard2.0)
      runtime.debian.8-x64.runtime.native.System.Security.Cryptography.OpenSsl (>= 4.3.3)
      runtime.debian.9-x64.runtime.native.System.Security.Cryptography.OpenSsl (>= 4.3.3)
      runtime.fedora.23-x64.runtime.native.System.Security.Cryptography.OpenSsl (>= 4.3.3)
      runtime.fedora.24-x64.runtime.native.System.Security.Cryptography.OpenSsl (>= 4.3.3)
      runtime.fedora.27-x64.runtime.native.System.Security.Cryptography.OpenSsl (>= 4.3.3)
      runtime.fedora.28-x64.runtime.native.System.Security.Cryptography.OpenSsl (>= 4.3.3)
      runtime.opensuse.13.2-x64.runtime.native.System.Security.Cryptography.OpenSsl (>= 4.3.3)
      runtime.opensuse.42.1-x64.runtime.native.System.Security.Cryptography.OpenSsl (>= 4.3.3)
      runtime.opensuse.42.3-x64.runtime.native.System.Security.Cryptography.OpenSsl (>= 4.3.3)
      runtime.osx.10.10-x64.runtime.native.System.Security.Cryptography.OpenSsl (>= 4.3.3)
      runtime.rhel.7-x64.runtime.native.System.Security.Cryptography.OpenSsl (>= 4.3.3)
      runtime.ubuntu.14.04-x64.runtime.native.System.Security.Cryptography.OpenSsl (>= 4.3.3)
      runtime.ubuntu.16.04-x64.runtime.native.System.Security.Cryptography.OpenSsl (>= 4.3.3)
      runtime.ubuntu.16.10-x64.runtime.native.System.Security.Cryptography.OpenSsl (>= 4.3.3)
      runtime.ubuntu.18.04-x64.runtime.native.System.Security.Cryptography.OpenSsl (>= 4.3.3)
    runtime.opensuse.13.2-x64.runtime.native.System.Security.Cryptography.OpenSsl (4.3.3) - restriction: || (&& (== net472) (< net45)) (== netcoreapp3.1) (== netstandard2.0)
    runtime.opensuse.42.1-x64.runtime.native.System.Security.Cryptography.OpenSsl (4.3.3) - restriction: || (&& (== net472) (< net45)) (== netcoreapp3.1) (== netstandard2.0)
    runtime.opensuse.42.3-x64.runtime.native.System.Security.Cryptography.OpenSsl (4.3.3) - restriction: || (&& (== net472) (< net45)) (== netcoreapp3.1) (== netstandard2.0)
    runtime.osx-x64.runtime.native.System.IO.Ports (5.0.0-rtm.20519.4) - restriction: || (&& (== net461) (>= netcoreapp3.0)) (&& (== net461) (>= netstandard2.1)) (&& (== net472) (>= monoandroid)) (&& (== net472) (>= monotouch)) (&& (== net472) (< net461)) (&& (== net472) (>= netcoreapp2.0)) (&& (== net472) (>= netcoreapp2.1)) (&& (== net472) (>= netcoreapp3.0)) (&& (== net472) (>= netstandard2.1)) (&& (== net472) (>= xamarinios)) (&& (== net472) (>= xamarinmac)) (&& (== net472) (>= xamarintvos)) (&& (== net472) (>= xamarinwatchos)) (== netcoreapp3.1) (== netstandard2.0)
    runtime.osx.10.10-x64.runtime.native.System.Security.Cryptography.Apple (4.3.1) - restriction: || (&& (== net472) (< net45)) (== netcoreapp3.1) (== netstandard2.0)
    runtime.osx.10.10-x64.runtime.native.System.Security.Cryptography.OpenSsl (4.3.3) - restriction: || (&& (== net472) (< net45)) (== netcoreapp3.1) (== netstandard2.0)
    runtime.rhel.7-x64.runtime.native.System.Security.Cryptography.OpenSsl (4.3.3) - restriction: || (&& (== net472) (< net45)) (== netcoreapp3.1) (== netstandard2.0)
    runtime.ubuntu.14.04-x64.runtime.native.System.Security.Cryptography.OpenSsl (4.3.3) - restriction: || (&& (== net472) (< net45)) (== netcoreapp3.1) (== netstandard2.0)
    runtime.ubuntu.16.04-x64.runtime.native.System.Security.Cryptography.OpenSsl (4.3.3) - restriction: || (&& (== net472) (< net45)) (== netcoreapp3.1) (== netstandard2.0)
    runtime.ubuntu.16.10-x64.runtime.native.System.Security.Cryptography.OpenSsl (4.3.3) - restriction: || (&& (== net472) (< net45)) (== netcoreapp3.1) (== netstandard2.0)
    runtime.ubuntu.18.04-x64.runtime.native.System.Security.Cryptography.OpenSsl (4.3.3) - restriction: || (&& (== net472) (< net45)) (== netcoreapp3.1) (== netstandard2.0)
    runtime.win-arm64.runtime.native.System.Data.SqlClient.sni (4.4) - restriction: || (&& (== net461) (< net451) (>= netstandard2.0)) (&& (== net461) (>= netcoreapp2.0)) (&& (== net472) (< net451)) (&& (== net472) (>= netcoreapp2.0)) (== netcoreapp3.1) (== netstandard2.0)
    runtime.win-x64.runtime.native.System.Data.SqlClient.sni (4.4) - restriction: || (&& (== net461) (< net451) (>= netstandard2.0)) (&& (== net461) (>= netcoreapp2.0)) (&& (== net472) (< net451)) (&& (== net472) (>= netcoreapp2.0)) (== netcoreapp3.1) (== netstandard2.0)
    runtime.win-x86.runtime.native.System.Data.SqlClient.sni (4.4) - restriction: || (&& (== net461) (< net451) (>= netstandard2.0)) (&& (== net461) (>= netcoreapp2.0)) (&& (== net472) (< net451)) (&& (== net472) (>= netcoreapp2.0)) (== netcoreapp3.1) (== netstandard2.0)
    Ryder (0.8)
      System.Collections (>= 4.3) - restriction: || (&& (== net461) (< net45)) (&& (== net461) (>= netcoreapp2.2)) (&& (== net472) (< net45)) (&& (== net472) (>= netcoreapp2.2)) (== netcoreapp3.1) (== netstandard2.0)
      System.Reflection.Emit.Lightweight (>= 4.3) - restriction: || (&& (== net461) (< net45)) (&& (== net461) (>= netcoreapp2.2)) (&& (== net472) (< net45)) (&& (== net472) (>= netcoreapp2.2)) (== netcoreapp3.1) (== netstandard2.0)
      System.Reflection.Extensions (>= 4.3) - restriction: || (&& (== net461) (< net45)) (&& (== net461) (>= netcoreapp2.2)) (&& (== net472) (< net45)) (&& (== net472) (>= netcoreapp2.2)) (== netcoreapp3.1) (== netstandard2.0)
      System.Reflection.TypeExtensions (>= 4.3) - restriction: || (&& (== net461) (< net45)) (&& (== net461) (>= netcoreapp2.2)) (&& (== net472) (< net45)) (&& (== net472) (>= netcoreapp2.2)) (== netcoreapp3.1) (== netstandard2.0)
      System.Runtime.Extensions (>= 4.3) - restriction: || (&& (== net461) (< net45)) (&& (== net461) (>= netcoreapp2.2)) (&& (== net472) (< net45)) (&& (== net472) (>= netcoreapp2.2)) (== netcoreapp3.1) (== netstandard2.0)
      System.Runtime.InteropServices (>= 4.3) - restriction: || (&& (== net461) (< net45)) (&& (== net461) (>= netcoreapp2.2)) (&& (== net472) (< net45)) (&& (== net472) (>= netcoreapp2.2)) (== netcoreapp3.1) (== netstandard2.0)
      System.Runtime.InteropServices.RuntimeInformation (>= 4.3) - restriction: || (&& (== net461) (< net45)) (&& (== net461) (>= netcoreapp2.2)) (&& (== net472) (< net45)) (&& (== net472) (>= netcoreapp2.2)) (== netcoreapp3.1) (== netstandard2.0)
    Shouldly (4.0)
      DiffEngine (>= 6.1.4) - restriction: || (&& (== net461) (>= netstandard2.0)) (== net472) (== netcoreapp3.1) (== netstandard2.0)
      Microsoft.CSharp (>= 4.7) - restriction: || (&& (== net461) (>= netstandard2.0)) (== net472) (== netcoreapp3.1) (== netstandard2.0)
      System.Memory (>= 4.5.4) - restriction: || (&& (== net461) (>= netstandard2.0)) (== net472) (== netcoreapp3.1) (== netstandard2.0)
    System.AppContext (4.3) - restriction: || (&& (== net461) (>= netcoreapp2.1)) (&& (== net472) (>= netcoreapp2.1)) (== netcoreapp3.1) (&& (== netstandard2.0) (>= netcoreapp2.1))
      System.Runtime (>= 4.3) - restriction: || (&& (== net461) (< net46)) (&& (== net472) (< net46)) (== netcoreapp3.1) (== netstandard2.0)
    System.Buffers (4.5.1) - restriction: || (&& (== net461) (>= netstandard2.0)) (&& (== net461) (>= xamarinios)) (&& (== net461) (>= xamarinmac)) (== net472) (== netcoreapp3.1) (== netstandard2.0)
    System.CodeDom (5.0)
    System.Collections (4.3) - restriction: || (&& (== net461) (< net45)) (&& (== net461) (< net451)) (&& (== net461) (>= netcoreapp2.1)) (&& (== net461) (>= xamarinios)) (&& (== net472) (< net45)) (&& (== net472) (< net451)) (&& (== net472) (>= netcoreapp2.1)) (&& (== net472) (>= xamarinios)) (== netcoreapp3.1) (== netstandard2.0)
      Microsoft.NETCore.Platforms (>= 1.1) - restriction: || (&& (== net461) (< net45)) (&& (== net472) (< net45)) (== netcoreapp3.1) (== netstandard2.0)
      Microsoft.NETCore.Targets (>= 1.1) - restriction: || (&& (== net461) (< net45)) (&& (== net472) (< net45)) (== netcoreapp3.1) (== netstandard2.0)
      System.Runtime (>= 4.3) - restriction: || (&& (== net461) (< net45)) (&& (== net472) (< net45)) (== netcoreapp3.1) (== netstandard2.0)
    System.Collections.Concurrent (4.3) - restriction: || (&& (== net461) (< net45)) (&& (== net461) (>= uap10.0)) (&& (== net472) (< net45)) (&& (== net472) (>= uap10.0)) (== netcoreapp3.1) (== netstandard2.0)
      System.Collections (>= 4.3) - restriction: || (&& (== net461) (< net45)) (&& (== net472) (< net45)) (== netcoreapp3.1) (== netstandard2.0)
      System.Diagnostics.Debug (>= 4.3) - restriction: || (&& (== net461) (< net45)) (&& (== net472) (< net45)) (== netcoreapp3.1) (== netstandard2.0)
      System.Diagnostics.Tracing (>= 4.3) - restriction: || (&& (== net461) (< net45)) (&& (== net472) (< net45)) (== netcoreapp3.1) (== netstandard2.0)
      System.Globalization (>= 4.3) - restriction: || (&& (== net461) (< net45)) (&& (== net472) (< net45)) (== netcoreapp3.1) (== netstandard2.0)
      System.Reflection (>= 4.3) - restriction: || (&& (== net461) (< net45)) (&& (== net472) (< net45)) (== netcoreapp3.1) (== netstandard2.0)
      System.Resources.ResourceManager (>= 4.3) - restriction: || (&& (== net461) (< net45)) (&& (== net472) (< net45)) (== netcoreapp3.1) (== netstandard2.0)
      System.Runtime (>= 4.3) - restriction: || (&& (== net461) (< net45)) (&& (== net472) (< net45)) (== netcoreapp3.1) (== netstandard2.0)
      System.Runtime.Extensions (>= 4.3) - restriction: || (&& (== net461) (< net45)) (&& (== net472) (< net45)) (== netcoreapp3.1) (== netstandard2.0)
      System.Threading (>= 4.3) - restriction: || (&& (== net461) (< net45)) (&& (== net472) (< net45)) (== netcoreapp3.1) (== netstandard2.0)
      System.Threading.Tasks (>= 4.3) - restriction: || (&& (== net461) (< net45)) (&& (== net472) (< net45)) (== netcoreapp3.1) (== netstandard2.0)
    System.Collections.Immutable (5.0)
      System.Memory (>= 4.5.4) - restriction: || (== net461) (== net472) (&& (== netcoreapp3.1) (>= net461)) (&& (== netcoreapp3.1) (< netcoreapp2.1)) (&& (== netcoreapp3.1) (< netstandard2.0)) (&& (== netcoreapp3.1) (>= uap10.1)) (== netstandard2.0)
    System.Collections.NonGeneric (4.3) - restriction: || (&& (== net461) (< net35)) (&& (== net461) (< net45) (>= net462)) (&& (== net461) (< net45) (>= netstandard1.5)) (&& (== net461) (>= xamarinios)) (&& (== net472) (< net35)) (&& (== net472) (< net45)) (&& (== net472) (>= xamarinios)) (== netcoreapp3.1) (== netstandard2.0)
      System.Diagnostics.Debug (>= 4.3) - restriction: || (&& (== net461) (< net46)) (&& (== net472) (< net46)) (== netcoreapp3.1) (== netstandard2.0)
      System.Globalization (>= 4.3) - restriction: || (&& (== net461) (< net46)) (&& (== net472) (< net46)) (== netcoreapp3.1) (== netstandard2.0)
      System.Resources.ResourceManager (>= 4.3) - restriction: || (&& (== net461) (< net46)) (&& (== net472) (< net46)) (== netcoreapp3.1) (== netstandard2.0)
      System.Runtime (>= 4.3) - restriction: || (&& (== net461) (< net46)) (&& (== net472) (< net46)) (== netcoreapp3.1) (== netstandard2.0)
      System.Runtime.Extensions (>= 4.3) - restriction: || (&& (== net461) (< net46)) (&& (== net472) (< net46)) (== netcoreapp3.1) (== netstandard2.0)
      System.Threading (>= 4.3) - restriction: || (&& (== net461) (< net46)) (&& (== net472) (< net46)) (== netcoreapp3.1) (== netstandard2.0)
    System.Collections.Specialized (4.3) - restriction: || (&& (== net461) (< net35)) (&& (== net461) (< net45) (>= netstandard1.5)) (&& (== net461) (>= xamarinios)) (&& (== net472) (< net35)) (&& (== net472) (< net45)) (&& (== net472) (>= xamarinios)) (== netcoreapp3.1) (== netstandard2.0)
      System.Collections.NonGeneric (>= 4.3) - restriction: || (&& (== net461) (< net46)) (&& (== net472) (< net46)) (== netcoreapp3.1) (== netstandard2.0)
      System.Globalization (>= 4.3) - restriction: || (&& (== net461) (< net46)) (&& (== net472) (< net46)) (== netcoreapp3.1) (== netstandard2.0)
      System.Globalization.Extensions (>= 4.3) - restriction: || (&& (== net461) (< net46)) (&& (== net472) (< net46)) (== netcoreapp3.1) (== netstandard2.0)
      System.Resources.ResourceManager (>= 4.3) - restriction: || (&& (== net461) (< net46)) (&& (== net472) (< net46)) (== netcoreapp3.1) (== netstandard2.0)
      System.Runtime (>= 4.3) - restriction: || (&& (== net461) (< net46)) (&& (== net472) (< net46)) (== netcoreapp3.1) (== netstandard2.0)
      System.Runtime.Extensions (>= 4.3) - restriction: || (&& (== net461) (< net46)) (&& (== net472) (< net46)) (== netcoreapp3.1) (== netstandard2.0)
      System.Threading (>= 4.3) - restriction: || (&& (== net461) (< net46)) (&& (== net472) (< net46)) (== netcoreapp3.1) (== netstandard2.0)
    System.ComponentModel (4.3) - restriction: || (&& (== net461) (< net35)) (&& (== net461) (< net45)) (&& (== net461) (>= xamarinios)) (&& (== net472) (< net35)) (&& (== net472) (< net45)) (&& (== net472) (>= xamarinios)) (== netcoreapp3.1) (== netstandard2.0)
      System.Runtime (>= 4.3) - restriction: || (&& (== net461) (< net45)) (&& (== net472) (< net45)) (== netcoreapp3.1) (== netstandard2.0)
    System.ComponentModel.Annotations (5.0) - restriction: || (&& (== net461) (< net45)) (&& (== net461) (>= netcoreapp3.0)) (&& (== net461) (>= netstandard2.1)) (&& (== net472) (< net45)) (&& (== net472) (>= netcoreapp3.0)) (&& (== net472) (>= netstandard2.1)) (== netcoreapp3.1) (== netstandard2.0)
    System.ComponentModel.Composition (5.0) - restriction: || (&& (== net461) (>= netcoreapp3.0)) (&& (== net461) (>= netstandard2.1)) (&& (== net472) (< net461)) (&& (== net472) (>= netcoreapp2.0)) (&& (== net472) (>= netcoreapp2.1)) (&& (== net472) (>= netcoreapp3.0)) (&& (== net472) (>= netstandard2.1)) (== netcoreapp3.1) (== netstandard2.0)
    System.ComponentModel.Composition.Registration (5.0) - restriction: || (&& (== net461) (>= netcoreapp3.0)) (&& (== net461) (>= netstandard2.1)) (&& (== net472) (>= netcoreapp3.0)) (&& (== net472) (>= netstandard2.1)) (== netcoreapp3.1) (&& (== netstandard2.0) (>= netcoreapp3.0)) (&& (== netstandard2.0) (>= netstandard2.1))
      System.ComponentModel.Composition (>= 5.0) - restriction: || (&& (== net461) (>= netstandard2.1)) (&& (== net472) (>= netstandard2.1)) (== netcoreapp3.1) (&& (== netstandard2.0) (>= netstandard2.1))
      System.Reflection.Context (>= 5.0) - restriction: || (&& (== net461) (>= monoandroid)) (&& (== net461) (>= monotouch)) (&& (== net461) (>= netstandard2.1)) (&& (== net461) (>= xamarinios)) (&& (== net461) (>= xamarinmac)) (&& (== net461) (>= xamarintvos)) (&& (== net461) (>= xamarinwatchos)) (&& (== net472) (>= monoandroid)) (&& (== net472) (>= monotouch)) (&& (== net472) (>= netstandard2.1)) (&& (== net472) (>= xamarinios)) (&& (== net472) (>= xamarinmac)) (&& (== net472) (>= xamarintvos)) (&& (== net472) (>= xamarinwatchos)) (== netcoreapp3.1) (&& (== netstandard2.0) (>= monoandroid)) (&& (== netstandard2.0) (>= monotouch)) (&& (== netstandard2.0) (>= netstandard2.1)) (&& (== netstandard2.0) (>= xamarinios)) (&& (== netstandard2.0) (>= xamarinmac)) (&& (== netstandard2.0) (>= xamarintvos)) (&& (== netstandard2.0) (>= xamarinwatchos))
    System.ComponentModel.EventBasedAsync (4.3) - restriction: || (&& (== net461) (>= netcoreapp2.1)) (&& (== net472) (>= netcoreapp2.1)) (== netcoreapp3.1) (&& (== netstandard2.0) (>= netcoreapp2.1))
      System.Resources.ResourceManager (>= 4.3) - restriction: || (&& (== net461) (< net45)) (&& (== net472) (< net45)) (== netcoreapp3.1) (== netstandard2.0)
      System.Runtime (>= 4.3) - restriction: || (&& (== net461) (< net45)) (&& (== net472) (< net45)) (== netcoreapp3.1) (== netstandard2.0)
      System.Threading (>= 4.3) - restriction: || (&& (== net461) (< net45)) (&& (== net472) (< net45)) (== netcoreapp3.1) (== netstandard2.0)
      System.Threading.Tasks (>= 4.3) - restriction: || (&& (== net461) (< net45)) (&& (== net472) (< net45)) (== netcoreapp3.1) (== netstandard2.0)
    System.ComponentModel.Primitives (4.3) - restriction: || (&& (== net461) (== netcoreapp3.1)) (&& (== net461) (< net45)) (&& (== net461) (< netstandard1.0) (>= win8)) (&& (== net461) (>= wp8)) (&& (== net461) (>= wpa81)) (&& (== net461) (>= xamarinios)) (&& (== net472) (== netcoreapp3.1)) (&& (== net472) (< net45)) (&& (== net472) (< netstandard1.0) (>= win8)) (&& (== net472) (>= wp8)) (&& (== net472) (>= wpa81)) (&& (== net472) (>= xamarinios)) (&& (== netcoreapp3.1) (>= net462)) (&& (== netcoreapp3.1) (< netcoreapp2.1)) (&& (== netcoreapp3.1) (< netstandard1.0) (>= win8)) (&& (== netcoreapp3.1) (< netstandard1.5)) (&& (== netcoreapp3.1) (>= wp8)) (&& (== netcoreapp3.1) (>= wpa81)) (&& (== netcoreapp3.1) (>= xamarinios)) (== netstandard2.0)
      System.ComponentModel (>= 4.3) - restriction: || (&& (== net461) (< net45)) (&& (== net472) (< net45)) (== netcoreapp3.1) (== netstandard2.0)
      System.Resources.ResourceManager (>= 4.3) - restriction: || (&& (== net461) (< net45)) (&& (== net472) (< net45)) (== netcoreapp3.1) (== netstandard2.0)
      System.Runtime (>= 4.3) - restriction: || (&& (== net461) (< net45)) (&& (== net472) (< net45)) (== netcoreapp3.1) (== netstandard2.0)
    System.ComponentModel.TypeConverter (4.3) - restriction: || (&& (== net461) (< net35)) (&& (== net461) (< net45)) (&& (== net461) (>= netcoreapp2.1)) (&& (== net461) (>= xamarinios)) (&& (== net472) (< net35)) (&& (== net472) (< net45)) (&& (== net472) (>= netcoreapp2.1)) (&& (== net472) (>= xamarinios)) (== netcoreapp3.1) (== netstandard2.0)
      System.Collections (>= 4.3) - restriction: || (&& (== net461) (< net45)) (&& (== net472) (< net45)) (== netcoreapp3.1) (== netstandard2.0)
      System.Collections.NonGeneric (>= 4.3) - restriction: || (&& (== net461) (< net45) (>= netstandard1.5)) (&& (== net461) (>= net462)) (== net472) (== netcoreapp3.1) (== netstandard2.0)
      System.Collections.Specialized (>= 4.3) - restriction: || (&& (== net461) (< net45) (>= netstandard1.5)) (&& (== net472) (< net45)) (== netcoreapp3.1) (== netstandard2.0)
      System.ComponentModel (>= 4.3) - restriction: || (&& (== net461) (< net45)) (&& (== net472) (< net45)) (== netcoreapp3.1) (== netstandard2.0)
      System.ComponentModel.Primitives (>= 4.3)
      System.Globalization (>= 4.3) - restriction: || (&& (== net461) (< net45)) (&& (== net472) (< net45)) (== netcoreapp3.1) (== netstandard2.0)
      System.Linq (>= 4.3) - restriction: || (&& (== net461) (< net45) (>= netstandard1.5)) (&& (== net472) (< net45)) (== netcoreapp3.1) (== netstandard2.0)
      System.Reflection (>= 4.3) - restriction: || (&& (== net461) (< net45)) (&& (== net472) (< net45)) (== netcoreapp3.1) (== netstandard2.0)
      System.Reflection.Extensions (>= 4.3) - restriction: || (&& (== net461) (< net45)) (&& (== net472) (< net45)) (== netcoreapp3.1) (== netstandard2.0)
      System.Reflection.Primitives (>= 4.3) - restriction: || (&& (== net461) (< net45)) (&& (== net472) (< net45)) (== netcoreapp3.1) (== netstandard2.0)
      System.Reflection.TypeExtensions (>= 4.3) - restriction: || (&& (== net461) (< net45) (>= netstandard1.5)) (&& (== net472) (< net45)) (== netcoreapp3.1) (== netstandard2.0)
      System.Resources.ResourceManager (>= 4.3) - restriction: || (&& (== net461) (< net45)) (&& (== net472) (< net45)) (== netcoreapp3.1) (== netstandard2.0)
      System.Runtime (>= 4.3) - restriction: || (&& (== net461) (< net45)) (&& (== net472) (< net45)) (== netcoreapp3.1) (== netstandard2.0)
      System.Runtime.Extensions (>= 4.3) - restriction: || (&& (== net461) (< net45)) (&& (== net472) (< net45)) (== netcoreapp3.1) (== netstandard2.0)
      System.Threading (>= 4.3) - restriction: || (&& (== net461) (< net45)) (&& (== net472) (< net45)) (== netcoreapp3.1) (== netstandard2.0)
    System.Configuration.ConfigurationManager (5.0)
      System.Security.Cryptography.ProtectedData (>= 5.0) - restriction: || (&& (== net472) (< net461)) (== netcoreapp3.1) (== netstandard2.0)
      System.Security.Permissions (>= 5.0)
    System.Data.Common (4.3)
      System.Collections (>= 4.3) - restriction: || (&& (== net461) (< net451)) (&& (== net472) (< net451)) (== netcoreapp3.1) (== netstandard2.0)
      System.Globalization (>= 4.3) - restriction: || (&& (== net461) (< net451)) (&& (== net472) (< net451)) (== netcoreapp3.1) (== netstandard2.0)
      System.IO (>= 4.3) - restriction: || (&& (== net461) (< net451)) (&& (== net472) (< net451)) (== netcoreapp3.1) (== netstandard2.0)
      System.Resources.ResourceManager (>= 4.3) - restriction: || (&& (== net461) (< net451)) (&& (== net472) (< net451)) (== netcoreapp3.1) (== netstandard2.0)
      System.Runtime (>= 4.3) - restriction: || (&& (== net461) (< net451)) (&& (== net472) (< net451)) (== netcoreapp3.1) (== netstandard2.0)
      System.Runtime.Extensions (>= 4.3) - restriction: || (&& (== net461) (< net451)) (&& (== net472) (< net451)) (== netcoreapp3.1) (== netstandard2.0)
      System.Text.RegularExpressions (>= 4.3) - restriction: || (&& (== net461) (< net451)) (&& (== net472) (< net451)) (== netcoreapp3.1) (== netstandard2.0)
      System.Threading.Tasks (>= 4.3) - restriction: || (&& (== net461) (< net451)) (&& (== net472) (< net451)) (== netcoreapp3.1) (== netstandard2.0)
    System.Data.DataSetExtensions (4.5) - restriction: || (&& (== net461) (>= netcoreapp3.0)) (&& (== net461) (>= netstandard2.1)) (&& (== net472) (< net461)) (&& (== net472) (>= netcoreapp2.0)) (&& (== net472) (>= netcoreapp2.1)) (&& (== net472) (>= netcoreapp3.0)) (&& (== net472) (>= netstandard2.1)) (== netcoreapp3.1) (== netstandard2.0)
    System.Data.Odbc (5.0) - restriction: || (&& (== net461) (>= netcoreapp3.0)) (&& (== net461) (>= netstandard2.1)) (&& (== net472) (< net461)) (&& (== net472) (>= netcoreapp2.0)) (&& (== net472) (>= netcoreapp2.1)) (&& (== net472) (>= netcoreapp3.0)) (&& (== net472) (>= netstandard2.1)) (== netcoreapp3.1) (== netstandard2.0)
      Microsoft.NETCore.Platforms (>= 5.0) - restriction: || (&& (== net461) (>= netcoreapp2.0)) (&& (== net472) (>= netcoreapp2.0)) (== netcoreapp3.1) (&& (== netstandard2.0) (>= netcoreapp2.0))
    System.Data.OleDb (5.0) - restriction: || (&& (== net461) (>= netcoreapp3.0)) (&& (== net461) (>= netstandard2.1)) (&& (== net472) (< net461)) (&& (== net472) (>= netcoreapp2.0)) (&& (== net472) (>= netcoreapp2.1)) (&& (== net472) (>= netcoreapp3.0)) (&& (== net472) (>= netstandard2.1)) (== netcoreapp3.1) (== netstandard2.0)
      Microsoft.Win32.Registry (>= 5.0) - restriction: || (&& (== net461) (>= monoandroid)) (&& (== net461) (>= monotouch)) (&& (== net461) (>= netcoreapp2.1)) (&& (== net461) (>= xamarinios)) (&& (== net461) (>= xamarinmac)) (&& (== net461) (>= xamarintvos)) (&& (== net461) (>= xamarinwatchos)) (&& (== net472) (>= monoandroid)) (&& (== net472) (>= monotouch)) (&& (== net472) (< net461)) (&& (== net472) (>= netcoreapp2.1)) (&& (== net472) (>= xamarinios)) (&& (== net472) (>= xamarinmac)) (&& (== net472) (>= xamarintvos)) (&& (== net472) (>= xamarinwatchos)) (== netcoreapp3.1) (== netstandard2.0)
      System.Configuration.ConfigurationManager (>= 5.0) - restriction: || (&& (== net461) (>= monoandroid)) (&& (== net461) (>= monotouch)) (&& (== net461) (>= netcoreapp2.1)) (&& (== net461) (>= xamarinios)) (&& (== net461) (>= xamarinmac)) (&& (== net461) (>= xamarintvos)) (&& (== net461) (>= xamarinwatchos)) (&& (== net472) (>= monoandroid)) (&& (== net472) (>= monotouch)) (&& (== net472) (< net461)) (&& (== net472) (>= netcoreapp2.1)) (&& (== net472) (>= xamarinios)) (&& (== net472) (>= xamarinmac)) (&& (== net472) (>= xamarintvos)) (&& (== net472) (>= xamarinwatchos)) (== netcoreapp3.1) (== netstandard2.0)
      System.Diagnostics.PerformanceCounter (>= 5.0) - restriction: || (&& (== net461) (>= netcoreapp2.1)) (&& (== net472) (< net461)) (&& (== net472) (>= netcoreapp2.1)) (== netcoreapp3.1) (== netstandard2.0)
      System.Memory (>= 4.5.4) - restriction: || (&& (== net472) (< net461)) (&& (== netcoreapp3.1) (< netcoreapp2.1)) (== netstandard2.0)
      System.Security.Principal.Windows (>= 5.0) - restriction: || (&& (== net461) (>= monoandroid)) (&& (== net461) (>= monotouch)) (&& (== net461) (>= netcoreapp2.1)) (&& (== net461) (>= xamarinios)) (&& (== net461) (>= xamarinmac)) (&& (== net461) (>= xamarintvos)) (&& (== net461) (>= xamarinwatchos)) (&& (== net472) (>= monoandroid)) (&& (== net472) (>= monotouch)) (&& (== net472) (< net461)) (&& (== net472) (>= netcoreapp2.1)) (&& (== net472) (>= xamarinios)) (&& (== net472) (>= xamarinmac)) (&& (== net472) (>= xamarintvos)) (&& (== net472) (>= xamarinwatchos)) (== netcoreapp3.1) (== netstandard2.0)
    System.Data.SqlClient (4.8.2) - restriction: || (&& (== net461) (< net452) (>= netstandard2.0)) (&& (== net461) (>= netcoreapp3.0)) (&& (== net461) (>= netstandard2.1)) (&& (== net472) (< net452)) (&& (== net472) (< net461)) (&& (== net472) (>= netcoreapp2.0)) (&& (== net472) (>= netcoreapp2.1)) (&& (== net472) (>= netcoreapp3.0)) (&& (== net472) (>= netstandard2.1)) (== netcoreapp3.1) (== netstandard2.0)
      Microsoft.Win32.Registry (>= 4.7) - restriction: || (&& (== net461) (< net451) (>= netstandard2.0)) (&& (== net461) (>= netcoreapp2.0)) (&& (== net472) (< net451)) (&& (== net472) (>= netcoreapp2.0)) (== netcoreapp3.1) (== netstandard2.0)
      runtime.native.System.Data.SqlClient.sni (>= 4.7) - restriction: || (&& (== net461) (< net451)) (&& (== net461) (>= netcoreapp2.0)) (&& (== net472) (< net451)) (&& (== net472) (>= netcoreapp2.0)) (== netcoreapp3.1) (== netstandard2.0)
      System.Buffers (>= 4.5.1) - restriction: || (&& (== net461) (< net451) (>= netstandard2.0)) (&& (== net472) (< net451)) (&& (== netcoreapp3.1) (< netcoreapp2.0)) (== netstandard2.0)
      System.Diagnostics.DiagnosticSource (>= 4.7) - restriction: || (&& (== net461) (< net451)) (&& (== net461) (>= netcoreapp2.0)) (&& (== net461) (>= netcoreapp2.1)) (&& (== net461) (>= uap10.1)) (&& (== net472) (< net451)) (&& (== net472) (>= netcoreapp2.0)) (&& (== net472) (>= netcoreapp2.1)) (&& (== net472) (>= uap10.1)) (&& (== netcoreapp3.1) (< netcoreapp2.0)) (&& (== netcoreapp3.1) (< netcoreapp2.1)) (&& (== netcoreapp3.1) (< netstandard2.0)) (&& (== netcoreapp3.1) (>= uap10.1)) (== netstandard2.0)
      System.Memory (>= 4.5.4) - restriction: || (&& (== net461) (< net451) (>= netstandard2.0)) (&& (== net461) (>= netcoreapp2.0)) (&& (== net461) (>= uap10.1)) (&& (== net472) (< net451)) (&& (== net472) (>= netcoreapp2.0)) (&& (== net472) (>= uap10.1)) (&& (== netcoreapp3.1) (< netcoreapp2.0)) (&& (== netcoreapp3.1) (< netcoreapp2.1)) (&& (== netcoreapp3.1) (>= uap10.1)) (== netstandard2.0)
      System.Security.Principal.Windows (>= 4.7) - restriction: || (&& (== net461) (< net451)) (&& (== net461) (>= netcoreapp2.0)) (&& (== net472) (< net451)) (&& (== net472) (>= netcoreapp2.0)) (== netcoreapp3.1) (== netstandard2.0)
      System.Text.Encoding.CodePages (>= 4.7) - restriction: || (&& (== net461) (< net451)) (&& (== net461) (>= netcoreapp2.0)) (&& (== net461) (>= netcoreapp2.1)) (&& (== net461) (>= uap10.1)) (&& (== net472) (< net451)) (&& (== net472) (>= netcoreapp2.0)) (&& (== net472) (>= netcoreapp2.1)) (&& (== net472) (>= uap10.1)) (&& (== netcoreapp3.1) (< netcoreapp2.0)) (&& (== netcoreapp3.1) (< netcoreapp2.1)) (&& (== netcoreapp3.1) (< netstandard2.0)) (&& (== netcoreapp3.1) (>= uap10.1)) (== netstandard2.0)
    System.Diagnostics.Debug (4.3) - restriction: || (&& (== net461) (< net45)) (&& (== net461) (>= netcoreapp2.1)) (&& (== net472) (< net45)) (&& (== net472) (>= netcoreapp2.1)) (== netcoreapp3.1) (== netstandard2.0)
      Microsoft.NETCore.Platforms (>= 1.1) - restriction: || (&& (== net461) (< net45)) (&& (== net472) (< net45)) (== netcoreapp3.1) (== netstandard2.0)
      Microsoft.NETCore.Targets (>= 1.1) - restriction: || (&& (== net461) (< net45)) (&& (== net472) (< net45)) (== netcoreapp3.1) (== netstandard2.0)
      System.Runtime (>= 4.3) - restriction: || (&& (== net461) (< net45)) (&& (== net472) (< net45)) (== netcoreapp3.1) (== netstandard2.0)
    System.Diagnostics.DiagnosticSource (5.0)
      System.Memory (>= 4.5.4) - restriction: || (== net461) (== net472) (&& (== netcoreapp3.1) (>= net45) (< netstandard1.3)) (&& (== netcoreapp3.1) (>= net46)) (&& (== netcoreapp3.1) (< netcoreapp2.1)) (&& (== netcoreapp3.1) (< netstandard2.0)) (&& (== netcoreapp3.1) (>= uap10.1)) (== netstandard2.0)
      System.Runtime.CompilerServices.Unsafe (>= 5.0) - restriction: || (== net461) (== net472) (&& (== netcoreapp3.1) (>= monoandroid)) (&& (== netcoreapp3.1) (>= monotouch)) (&& (== netcoreapp3.1) (>= net45) (< netstandard1.3)) (&& (== netcoreapp3.1) (>= net46)) (&& (== netcoreapp3.1) (< netcoreapp2.1)) (&& (== netcoreapp3.1) (< netcoreapp3.0)) (&& (== netcoreapp3.1) (< netstandard2.0)) (&& (== netcoreapp3.1) (>= uap10.1)) (&& (== netcoreapp3.1) (>= xamarinios)) (&& (== netcoreapp3.1) (>= xamarinmac)) (&& (== netcoreapp3.1) (>= xamarintvos)) (&& (== netcoreapp3.1) (>= xamarinwatchos)) (== netstandard2.0)
    System.Diagnostics.EventLog (5.0) - restriction: || (&& (== net461) (>= monoandroid) (>= netstandard2.0)) (&& (== net461) (>= monotouch) (>= netstandard2.0)) (&& (== net461) (< net452) (>= netstandard2.0)) (&& (== net461) (>= netcoreapp3.0)) (&& (== net461) (>= netstandard2.0) (>= uap10.1)) (&& (== net461) (>= netstandard2.0) (>= xamarintvos)) (&& (== net461) (>= netstandard2.0) (>= xamarinwatchos)) (&& (== net472) (>= monoandroid)) (&& (== net472) (>= monotouch)) (&& (== net472) (< net452)) (&& (== net472) (>= netcoreapp3.0)) (&& (== net472) (>= uap10.1)) (&& (== net472) (>= xamarintvos)) (&& (== net472) (>= xamarinwatchos)) (== netcoreapp3.1) (== netstandard2.0)
      Microsoft.NETCore.Platforms (>= 5.0) - restriction: || (&& (== net461) (>= netcoreapp2.0)) (&& (== net472) (>= netcoreapp2.0)) (== netcoreapp3.1) (&& (== netstandard2.0) (>= netcoreapp2.0))
      Microsoft.Win32.Registry (>= 5.0) - restriction: || (&& (== net461) (>= netcoreapp2.0)) (&& (== net472) (>= netcoreapp2.0)) (== netcoreapp3.1) (&& (== netstandard2.0) (>= netcoreapp2.0))
      System.Security.Principal.Windows (>= 5.0)
    System.Diagnostics.PerformanceCounter (5.0) - restriction: || (&& (== net461) (>= netcoreapp3.0)) (&& (== net461) (>= netstandard2.1)) (&& (== net472) (< net461)) (&& (== net472) (>= netcoreapp2.0)) (&& (== net472) (>= netcoreapp2.1)) (&& (== net472) (>= netcoreapp3.0)) (&& (== net472) (>= netstandard2.1)) (== netcoreapp3.1) (== netstandard2.0)
      Microsoft.NETCore.Platforms (>= 5.0) - restriction: || (&& (== net461) (>= netcoreapp2.0)) (&& (== net472) (>= netcoreapp2.0)) (== netcoreapp3.1) (&& (== netstandard2.0) (>= netcoreapp2.0))
      Microsoft.Win32.Registry (>= 5.0) - restriction: || (&& (== net461) (>= netcoreapp2.0)) (&& (== net472) (>= netcoreapp2.0)) (== netcoreapp3.1) (&& (== netstandard2.0) (>= netcoreapp2.0))
      System.Configuration.ConfigurationManager (>= 5.0) - restriction: || (&& (== net461) (>= netcoreapp2.0)) (&& (== net472) (>= netcoreapp2.0)) (== netcoreapp3.1) (&& (== netstandard2.0) (>= netcoreapp2.0))
      System.Security.Principal.Windows (>= 5.0) - restriction: || (&& (== net461) (>= netcoreapp2.0)) (&& (== net472) (>= netcoreapp2.0)) (== netcoreapp3.1) (&& (== netstandard2.0) (>= netcoreapp2.0))
    System.Diagnostics.Process (4.3) - restriction: || (&& (== net461) (< net45)) (&& (== net461) (>= netcoreapp2.1)) (&& (== net472) (< net45)) (&& (== net472) (>= netcoreapp2.1)) (== netcoreapp3.1) (== netstandard2.0)
      Microsoft.NETCore.Platforms (>= 1.1) - restriction: || (&& (== net461) (< net46)) (&& (== net472) (< net46)) (== netcoreapp3.1) (== netstandard2.0)
      Microsoft.Win32.Primitives (>= 4.3) - restriction: || (&& (== net461) (< net46)) (&& (== net472) (< net46)) (== netcoreapp3.1) (== netstandard2.0)
      Microsoft.Win32.Registry (>= 4.3) - restriction: || (&& (== net461) (< net46)) (&& (== net472) (< net46)) (== netcoreapp3.1) (== netstandard2.0)
      runtime.native.System (>= 4.3) - restriction: || (&& (== net461) (< net46)) (&& (== net472) (< net46)) (== netcoreapp3.1) (== netstandard2.0)
      System.Collections (>= 4.3) - restriction: || (&& (== net461) (< net46)) (&& (== net472) (< net46)) (== netcoreapp3.1) (== netstandard2.0)
      System.Diagnostics.Debug (>= 4.3) - restriction: || (&& (== net461) (< net46)) (&& (== net472) (< net46)) (== netcoreapp3.1) (== netstandard2.0)
      System.Globalization (>= 4.3) - restriction: || (&& (== net461) (< net46)) (&& (== net472) (< net46)) (== netcoreapp3.1) (== netstandard2.0)
      System.IO (>= 4.3) - restriction: || (&& (== net461) (< net46)) (&& (== net472) (< net46)) (== netcoreapp3.1) (== netstandard2.0)
      System.IO.FileSystem (>= 4.3) - restriction: || (&& (== net461) (< net46)) (&& (== net472) (< net46)) (== netcoreapp3.1) (== netstandard2.0)
      System.IO.FileSystem.Primitives (>= 4.3) - restriction: || (&& (== net461) (< net46)) (&& (== net472) (< net46)) (== netcoreapp3.1) (== netstandard2.0)
      System.Resources.ResourceManager (>= 4.3) - restriction: || (&& (== net461) (< net46)) (&& (== net472) (< net46)) (== netcoreapp3.1) (== netstandard2.0)
      System.Runtime (>= 4.3) - restriction: || (&& (== net461) (< net46)) (&& (== net472) (< net46)) (== netcoreapp3.1) (== netstandard2.0)
      System.Runtime.Extensions (>= 4.3) - restriction: || (&& (== net461) (< net46)) (&& (== net472) (< net46)) (== netcoreapp3.1) (== netstandard2.0)
      System.Runtime.Handles (>= 4.3) - restriction: || (&& (== net461) (< net46)) (&& (== net472) (< net46)) (== netcoreapp3.1) (== netstandard2.0)
      System.Runtime.InteropServices (>= 4.3) - restriction: || (&& (== net461) (< net46)) (&& (== net472) (< net46)) (== netcoreapp3.1) (== netstandard2.0)
      System.Text.Encoding (>= 4.3) - restriction: || (&& (== net461) (< net46)) (&& (== net472) (< net46)) (== netcoreapp3.1) (== netstandard2.0)
      System.Text.Encoding.Extensions (>= 4.3) - restriction: || (&& (== net461) (< net46)) (&& (== net472) (< net46)) (== netcoreapp3.1) (== netstandard2.0)
      System.Threading (>= 4.3) - restriction: || (&& (== net461) (< net46)) (&& (== net472) (< net46)) (== netcoreapp3.1) (== netstandard2.0)
      System.Threading.Tasks (>= 4.3) - restriction: || (&& (== net461) (< net46)) (&& (== net472) (< net46)) (== netcoreapp3.1) (== netstandard2.0)
      System.Threading.Thread (>= 4.3) - restriction: || (&& (== net461) (< net46)) (&& (== net472) (< net46)) (== netcoreapp3.1) (== netstandard2.0)
      System.Threading.ThreadPool (>= 4.3) - restriction: || (&& (== net461) (< net46)) (&& (== net472) (< net46)) (== netcoreapp3.1) (== netstandard2.0)
    System.Diagnostics.Tools (4.3) - restriction: || (&& (== net461) (== netcoreapp3.1)) (&& (== net461) (< net45)) (&& (== net461) (>= uap10.0)) (&& (== net472) (== netcoreapp3.1)) (&& (== net472) (< net45)) (&& (== net472) (>= uap10.0)) (&& (== netcoreapp3.1) (< netcoreapp2.1)) (&& (== netcoreapp3.1) (>= uap10.0)) (== netstandard2.0)
      Microsoft.NETCore.Platforms (>= 1.1) - restriction: || (&& (== net461) (< net45)) (&& (== net472) (< net45)) (== netcoreapp3.1) (== netstandard2.0)
      Microsoft.NETCore.Targets (>= 1.1) - restriction: || (&& (== net461) (< net45)) (&& (== net472) (< net45)) (== netcoreapp3.1) (== netstandard2.0)
      System.Runtime (>= 4.3) - restriction: || (&& (== net461) (< net45)) (&& (== net472) (< net45)) (== netcoreapp3.1) (== netstandard2.0)
    System.Diagnostics.TraceSource (4.3) - restriction: || (&& (== net461) (< net35)) (&& (== net472) (< net35)) (== netcoreapp3.1) (== netstandard2.0)
      Microsoft.NETCore.Platforms (>= 1.1) - restriction: || (&& (== net461) (< net46)) (&& (== net472) (< net46)) (== netcoreapp3.1) (== netstandard2.0)
      runtime.native.System (>= 4.3) - restriction: || (&& (== net461) (< net46)) (&& (== net472) (< net46)) (== netcoreapp3.1) (== netstandard2.0)
      System.Collections (>= 4.3) - restriction: || (&& (== net461) (< net46)) (&& (== net472) (< net46)) (== netcoreapp3.1) (== netstandard2.0)
      System.Diagnostics.Debug (>= 4.3) - restriction: || (&& (== net461) (< net46)) (&& (== net472) (< net46)) (== netcoreapp3.1) (== netstandard2.0)
      System.Globalization (>= 4.3) - restriction: || (&& (== net461) (< net46)) (&& (== net472) (< net46)) (== netcoreapp3.1) (== netstandard2.0)
      System.Resources.ResourceManager (>= 4.3) - restriction: || (&& (== net461) (< net46)) (&& (== net472) (< net46)) (== netcoreapp3.1) (== netstandard2.0)
      System.Runtime (>= 4.3) - restriction: || (&& (== net461) (< net46)) (&& (== net472) (< net46)) (== netcoreapp3.1) (== netstandard2.0)
      System.Runtime.Extensions (>= 4.3) - restriction: || (&& (== net461) (< net46)) (&& (== net472) (< net46)) (== netcoreapp3.1) (== netstandard2.0)
      System.Threading (>= 4.3) - restriction: || (&& (== net461) (< net46)) (&& (== net472) (< net46)) (== netcoreapp3.1) (== netstandard2.0)
    System.Diagnostics.Tracing (4.3) - restriction: || (&& (== net472) (< net45)) (== netcoreapp3.1) (== netstandard2.0)
      Microsoft.NETCore.Platforms (>= 1.1) - restriction: || (&& (== net461) (< net45)) (&& (== net472) (< net45)) (== netcoreapp3.1) (== netstandard2.0)
      Microsoft.NETCore.Targets (>= 1.1) - restriction: || (&& (== net461) (< net45)) (&& (== net472) (< net45)) (== netcoreapp3.1) (== netstandard2.0)
      System.Runtime (>= 4.3) - restriction: || (&& (== net461) (< net45)) (&& (== net472) (< net45)) (== netcoreapp3.1) (== netstandard2.0)
    System.DirectoryServices (5.0) - restriction: || (&& (== net461) (>= netcoreapp3.0)) (&& (== net461) (>= netstandard2.1)) (&& (== net472) (< net461)) (&& (== net472) (>= netcoreapp2.0)) (&& (== net472) (>= netcoreapp2.1)) (&& (== net472) (>= netcoreapp3.0)) (&& (== net472) (>= netstandard2.1)) (== netcoreapp3.1) (== netstandard2.0)
      Microsoft.NETCore.Platforms (>= 5.0) - restriction: || (&& (== net461) (>= netcoreapp2.0)) (&& (== net472) (>= netcoreapp2.0)) (== netcoreapp3.1) (&& (== netstandard2.0) (>= netcoreapp2.0))
      System.IO.FileSystem.AccessControl (>= 5.0) - restriction: || (&& (== net461) (< net45) (>= netstandard2.0)) (&& (== net461) (>= netcoreapp2.0)) (&& (== net472) (< net45)) (&& (== net472) (>= netcoreapp2.0)) (== netcoreapp3.1) (== netstandard2.0)
      System.Security.AccessControl (>= 5.0) - restriction: || (&& (== net461) (< net45) (>= netstandard2.0)) (&& (== net461) (>= netcoreapp2.0)) (&& (== net472) (< net45)) (&& (== net472) (>= netcoreapp2.0)) (== netcoreapp3.1) (== netstandard2.0)
      System.Security.Permissions (>= 5.0) - restriction: || (&& (== net461) (< net45) (>= netstandard2.0)) (&& (== net461) (>= netcoreapp2.0)) (&& (== net472) (< net45)) (&& (== net472) (>= netcoreapp2.0)) (== netcoreapp3.1) (== netstandard2.0)
      System.Security.Principal.Windows (>= 5.0) - restriction: || (&& (== net461) (< net45) (>= netstandard2.0)) (&& (== net461) (>= netcoreapp2.0)) (&& (== net472) (< net45)) (&& (== net472) (>= netcoreapp2.0)) (== netcoreapp3.1) (== netstandard2.0)
    System.DirectoryServices.AccountManagement (5.0) - restriction: || (&& (== net461) (>= netcoreapp3.0)) (&& (== net461) (>= netstandard2.1)) (&& (== net472) (< net461)) (&& (== net472) (>= netcoreapp2.0)) (&& (== net472) (>= netcoreapp2.1)) (&& (== net472) (>= netcoreapp3.0)) (&& (== net472) (>= netstandard2.1)) (== netcoreapp3.1) (== netstandard2.0)
      Microsoft.NETCore.Platforms (>= 5.0) - restriction: || (&& (== net461) (>= netcoreapp2.0)) (&& (== net472) (>= netcoreapp2.0)) (== netcoreapp3.1) (&& (== netstandard2.0) (>= netcoreapp2.0))
      System.Configuration.ConfigurationManager (>= 5.0) - restriction: || (&& (== net461) (>= netcoreapp2.0)) (&& (== net472) (>= netcoreapp2.0)) (== netcoreapp3.1) (&& (== netstandard2.0) (>= netcoreapp2.0))
      System.DirectoryServices (>= 5.0) - restriction: || (&& (== net461) (>= netcoreapp2.0)) (&& (== net472) (>= netcoreapp2.0)) (== netcoreapp3.1) (&& (== netstandard2.0) (>= netcoreapp2.0))
      System.DirectoryServices.Protocols (>= 5.0) - restriction: || (&& (== net461) (>= netcoreapp2.0)) (&& (== net472) (>= netcoreapp2.0)) (== netcoreapp3.1) (&& (== netstandard2.0) (>= netcoreapp2.0))
      System.IO.FileSystem.AccessControl (>= 5.0) - restriction: || (&& (== net461) (>= netcoreapp2.0)) (&& (== net472) (>= netcoreapp2.0)) (== netcoreapp3.1) (&& (== netstandard2.0) (>= netcoreapp2.0))
      System.Security.AccessControl (>= 5.0) - restriction: || (&& (== net461) (>= netcoreapp2.0)) (&& (== net472) (>= netcoreapp2.0)) (== netcoreapp3.1) (&& (== netstandard2.0) (>= netcoreapp2.0))
      System.Security.Principal.Windows (>= 5.0) - restriction: || (&& (== net461) (< net45) (>= netstandard2.0)) (&& (== net461) (>= netcoreapp2.0)) (&& (== net472) (< net45)) (&& (== net472) (>= netcoreapp2.0)) (== netcoreapp3.1) (== netstandard2.0)
    System.DirectoryServices.Protocols (5.0) - restriction: || (&& (== net461) (>= netcoreapp3.0)) (&& (== net461) (>= netstandard2.1)) (&& (== net472) (< net461)) (&& (== net472) (>= netcoreapp2.0)) (&& (== net472) (>= netcoreapp2.1)) (&& (== net472) (>= netcoreapp3.0)) (&& (== net472) (>= netstandard2.1)) (== netcoreapp3.1) (== netstandard2.0)
      Microsoft.NETCore.Platforms (>= 5.0) - restriction: || (&& (== net461) (>= netcoreapp2.0)) (&& (== net472) (>= netcoreapp2.0)) (== netcoreapp3.1) (&& (== netstandard2.0) (>= netcoreapp2.0))
      System.Security.Principal.Windows (>= 5.0) - restriction: || (&& (== net461) (< net45) (>= netstandard2.0)) (&& (== net461) (>= netcoreapp2.0)) (&& (== net472) (< net45)) (&& (== net472) (>= netcoreapp2.0)) (== netcoreapp3.1) (== netstandard2.0)
    System.Drawing.Common (5.0)
      Microsoft.Win32.SystemEvents (>= 5.0) - restriction: || (&& (== net461) (>= netcoreapp2.0)) (&& (== net472) (>= netcoreapp2.0)) (== netcoreapp3.1) (&& (== netstandard2.0) (>= netcoreapp2.0))
    System.Dynamic.Runtime (4.3) - restriction: || (&& (== net461) (< net35)) (&& (== net461) (< net45)) (&& (== net472) (< net35)) (&& (== net472) (< net45)) (== netcoreapp3.1) (== netstandard2.0)
      System.Collections (>= 4.3) - restriction: || (&& (== net461) (< net45)) (&& (== net472) (< net45)) (== netcoreapp3.1) (== netstandard2.0)
      System.Diagnostics.Debug (>= 4.3) - restriction: || (&& (== net461) (< net45)) (&& (== net472) (< net45)) (== netcoreapp3.1) (== netstandard2.0)
      System.Linq (>= 4.3) - restriction: || (&& (== net461) (< net45)) (&& (== net472) (< net45)) (== netcoreapp3.1) (== netstandard2.0)
      System.Linq.Expressions (>= 4.3) - restriction: || (&& (== net461) (< net45)) (&& (== net472) (< net45)) (== netcoreapp3.1) (== netstandard2.0)
      System.ObjectModel (>= 4.3) - restriction: || (&& (== net461) (< net45)) (&& (== net472) (< net45)) (== netcoreapp3.1) (== netstandard2.0)
      System.Reflection (>= 4.3) - restriction: || (&& (== net461) (< net45)) (&& (== net472) (< net45)) (== netcoreapp3.1) (== netstandard2.0)
      System.Reflection.Emit (>= 4.3) - restriction: || (&& (== net461) (< net45)) (&& (== net472) (< net45)) (== netcoreapp3.1) (== netstandard2.0)
      System.Reflection.Emit.ILGeneration (>= 4.3) - restriction: || (&& (== net461) (< net45)) (&& (== net472) (< net45)) (== netcoreapp3.1) (== netstandard2.0)
      System.Reflection.Primitives (>= 4.3) - restriction: || (&& (== net461) (< net45)) (&& (== net472) (< net45)) (== netcoreapp3.1) (== netstandard2.0)
      System.Reflection.TypeExtensions (>= 4.3) - restriction: || (&& (== net461) (< net45)) (&& (== net472) (< net45)) (== netcoreapp3.1) (== netstandard2.0)
      System.Resources.ResourceManager (>= 4.3) - restriction: || (&& (== net461) (< net45)) (&& (== net472) (< net45)) (== netcoreapp3.1) (== netstandard2.0)
      System.Runtime (>= 4.3) - restriction: || (&& (== net461) (< net45)) (&& (== net472) (< net45)) (== netcoreapp3.1) (== netstandard2.0)
      System.Runtime.Extensions (>= 4.3) - restriction: || (&& (== net461) (< net45)) (&& (== net472) (< net45)) (== netcoreapp3.1) (== netstandard2.0)
      System.Threading (>= 4.3) - restriction: || (&& (== net461) (< net45)) (&& (== net472) (< net45)) (== netcoreapp3.1) (== netstandard2.0)
    System.Formats.Asn1 (5.0) - restriction: || (&& (== net461) (>= netcoreapp3.0)) (&& (== net472) (>= netcoreapp3.0)) (== netcoreapp3.1) (&& (== netstandard2.0) (>= netcoreapp3.0))
    System.Globalization (4.3) - restriction: || (&& (== net461) (< net45)) (&& (== net461) (< net451)) (&& (== net461) (>= netcoreapp2.1)) (&& (== net461) (>= xamarinios)) (&& (== net472) (< net45)) (&& (== net472) (< net451)) (&& (== net472) (>= netcoreapp2.1)) (&& (== net472) (>= xamarinios)) (== netcoreapp3.1) (== netstandard2.0)
      Microsoft.NETCore.Platforms (>= 1.1) - restriction: || (&& (== net461) (< net45)) (&& (== net472) (< net45)) (== netcoreapp3.1) (== netstandard2.0)
      Microsoft.NETCore.Targets (>= 1.1) - restriction: || (&& (== net461) (< net45)) (&& (== net472) (< net45)) (== netcoreapp3.1) (== netstandard2.0)
      System.Runtime (>= 4.3) - restriction: || (&& (== net461) (< net45)) (&& (== net472) (< net45)) (== netcoreapp3.1) (== netstandard2.0)
    System.Globalization.Calendars (4.3) - restriction: || (&& (== net461) (== netcoreapp3.1)) (&& (== net461) (< net45) (>= netstandard1.6)) (&& (== net472) (== netcoreapp3.1)) (&& (== net472) (< net45)) (&& (== netcoreapp3.1) (< netcoreapp2.1)) (== netstandard2.0)
      Microsoft.NETCore.Platforms (>= 1.1) - restriction: || (&& (== net461) (< net46)) (&& (== net472) (< net46)) (== netcoreapp3.1) (== netstandard2.0)
      Microsoft.NETCore.Targets (>= 1.1) - restriction: || (&& (== net461) (< net46)) (&& (== net472) (< net46)) (== netcoreapp3.1) (== netstandard2.0)
      System.Globalization (>= 4.3) - restriction: || (&& (== net461) (< net46)) (&& (== net472) (< net46)) (== netcoreapp3.1) (== netstandard2.0)
      System.Runtime (>= 4.3) - restriction: || (&& (== net461) (< net46)) (&& (== net472) (< net46)) (== netcoreapp3.1) (== netstandard2.0)
    System.Globalization.Extensions (4.3) - restriction: || (&& (== net472) (< net45)) (== netcoreapp3.1) (== netstandard2.0)
      Microsoft.NETCore.Platforms (>= 1.1) - restriction: || (&& (== net461) (< net46)) (&& (== net472) (< net46)) (== netcoreapp3.1) (== netstandard2.0)
      System.Globalization (>= 4.3) - restriction: || (&& (== net461) (< net46)) (&& (== net472) (< net46)) (== netcoreapp3.1) (== netstandard2.0)
      System.Resources.ResourceManager (>= 4.3) - restriction: || (&& (== net461) (< net46)) (&& (== net472) (< net46)) (== netcoreapp3.1) (== netstandard2.0)
      System.Runtime (>= 4.3) - restriction: || (&& (== net461) (< net46)) (&& (== net472) (< net46)) (== netcoreapp3.1) (== netstandard2.0)
      System.Runtime.Extensions (>= 4.3) - restriction: || (&& (== net461) (< net46)) (&& (== net472) (< net46)) (== netcoreapp3.1) (== netstandard2.0)
      System.Runtime.InteropServices (>= 4.3) - restriction: || (&& (== net461) (< net46)) (&& (== net472) (< net46)) (== netcoreapp3.1) (== netstandard2.0)
    System.IdentityModel.Tokens.Jwt (6.8)
      Microsoft.IdentityModel.JsonWebTokens (>= 6.8)
      Microsoft.IdentityModel.Tokens (>= 6.8)
    System.Interactive (5.0)
    System.Interactive.Async (5.0)
      System.Linq.Async (>= 5.0)
    System.IO (4.3) - restriction: || (&& (== net461) (< net45)) (&& (== net461) (< net451)) (&& (== net461) (>= netcoreapp2.1)) (&& (== net472) (< net45)) (&& (== net472) (< net451)) (&& (== net472) (>= netcoreapp2.1)) (== netcoreapp3.1) (== netstandard2.0)
      Microsoft.NETCore.Platforms (>= 1.1) - restriction: || (&& (== net461) (< net45)) (&& (== net472) (< net45)) (== netcoreapp3.1) (== netstandard2.0)
      Microsoft.NETCore.Targets (>= 1.1) - restriction: || (&& (== net461) (< net45)) (&& (== net472) (< net45)) (== netcoreapp3.1) (== netstandard2.0)
      System.Runtime (>= 4.3) - restriction: || (&& (== net461) (< net45)) (&& (== net472) (< net45)) (== netcoreapp3.1) (== netstandard2.0)
      System.Text.Encoding (>= 4.3) - restriction: || (&& (== net461) (< net45)) (&& (== net472) (< net45)) (== netcoreapp3.1) (== netstandard2.0)
      System.Threading.Tasks (>= 4.3) - restriction: || (&& (== net461) (< net45)) (&& (== net472) (< net45)) (== netcoreapp3.1) (== netstandard2.0)
    System.IO.FileSystem (4.3) - restriction: || (&& (== net461) (< net45)) (&& (== net461) (>= netcoreapp2.1)) (&& (== net472) (< net45)) (&& (== net472) (>= netcoreapp2.1)) (== netcoreapp3.1) (== netstandard2.0)
      Microsoft.NETCore.Platforms (>= 1.1) - restriction: || (&& (== net461) (< net46)) (&& (== net472) (< net46)) (== netcoreapp3.1) (== netstandard2.0)
      Microsoft.NETCore.Targets (>= 1.1) - restriction: || (&& (== net461) (< net46)) (&& (== net472) (< net46)) (== netcoreapp3.1) (== netstandard2.0)
      System.IO (>= 4.3) - restriction: || (&& (== net461) (< net46)) (&& (== net472) (< net46)) (== netcoreapp3.1) (== netstandard2.0)
      System.IO.FileSystem.Primitives (>= 4.3)
      System.Runtime (>= 4.3) - restriction: || (&& (== net461) (< net46)) (&& (== net472) (< net46)) (== netcoreapp3.1) (== netstandard2.0)
      System.Runtime.Handles (>= 4.3) - restriction: || (&& (== net461) (< net46)) (&& (== net472) (< net46)) (== netcoreapp3.1) (== netstandard2.0)
      System.Text.Encoding (>= 4.3) - restriction: || (&& (== net461) (< net46)) (&& (== net472) (< net46)) (== netcoreapp3.1) (== netstandard2.0)
      System.Threading.Tasks (>= 4.3) - restriction: || (&& (== net461) (< net46)) (&& (== net472) (< net46)) (== netcoreapp3.1) (== netstandard2.0)
    System.IO.FileSystem.AccessControl (5.0) - restriction: || (&& (== net461) (>= netcoreapp3.0)) (&& (== net461) (>= netstandard2.1)) (&& (== net472) (< net461)) (&& (== net472) (>= netcoreapp2.0)) (&& (== net472) (>= netcoreapp2.1)) (&& (== net472) (>= netcoreapp3.0)) (&& (== net472) (>= netstandard2.1)) (== netcoreapp3.1) (== netstandard2.0)
      System.Buffers (>= 4.5.1) - restriction: || (&& (== net461) (>= monoandroid)) (&& (== net461) (>= monotouch)) (&& (== net461) (< net46) (>= netstandard2.0)) (&& (== net461) (>= xamarinios)) (&& (== net461) (>= xamarinmac)) (&& (== net461) (>= xamarintvos)) (&& (== net461) (>= xamarinwatchos)) (&& (== net472) (>= monoandroid)) (&& (== net472) (>= monotouch)) (&& (== net472) (< net46)) (&& (== net472) (>= xamarinios)) (&& (== net472) (>= xamarinmac)) (&& (== net472) (>= xamarintvos)) (&& (== net472) (>= xamarinwatchos)) (&& (== netcoreapp3.1) (>= monoandroid)) (&& (== netcoreapp3.1) (>= monotouch)) (&& (== netcoreapp3.1) (< netcoreapp2.0)) (&& (== netcoreapp3.1) (>= xamarinios)) (&& (== netcoreapp3.1) (>= xamarinmac)) (&& (== netcoreapp3.1) (>= xamarintvos)) (&& (== netcoreapp3.1) (>= xamarinwatchos)) (== netstandard2.0)
      System.Memory (>= 4.5.4) - restriction: || (&& (== net461) (< net46) (>= netstandard2.0)) (&& (== net461) (>= netcoreapp2.0)) (&& (== net461) (>= uap10.1)) (&& (== net472) (< net46)) (&& (== net472) (>= netcoreapp2.0)) (&& (== net472) (>= uap10.1)) (&& (== netcoreapp3.1) (< netcoreapp2.0)) (&& (== netcoreapp3.1) (< netcoreapp2.1)) (&& (== netcoreapp3.1) (>= uap10.1)) (== netstandard2.0)
      System.Security.AccessControl (>= 5.0)
      System.Security.Principal.Windows (>= 5.0)
    System.IO.FileSystem.Primitives (4.3) - restriction: || (&& (== net461) (== netcoreapp3.1)) (&& (== net461) (< net45)) (&& (== net472) (== netcoreapp3.1)) (&& (== net472) (< net45)) (&& (== netcoreapp3.1) (< netcoreapp2.1)) (== netstandard2.0)
      System.Runtime (>= 4.3) - restriction: || (&& (== net461) (< net46)) (&& (== net472) (< net46)) (== netcoreapp3.1) (== netstandard2.0)
    System.IO.Packaging (5.0) - restriction: || (&& (== net461) (>= netcoreapp3.0)) (&& (== net461) (>= netstandard2.1)) (&& (== net472) (< net461)) (&& (== net472) (>= netcoreapp2.0)) (&& (== net472) (>= netcoreapp2.1)) (&& (== net472) (>= netcoreapp3.0)) (&& (== net472) (>= netstandard2.1)) (== netcoreapp3.1) (== netstandard2.0)
    System.IO.Pipelines (5.0) - restriction: || (&& (== net461) (>= netstandard2.0)) (== net472) (== netcoreapp3.1) (== netstandard2.0)
      System.Buffers (>= 4.5.1) - restriction: || (== net461) (== net472) (&& (== netcoreapp3.1) (>= monoandroid)) (&& (== netcoreapp3.1) (>= monotouch)) (&& (== netcoreapp3.1) (>= net461)) (&& (== netcoreapp3.1) (< netcoreapp2.0)) (&& (== netcoreapp3.1) (< netstandard2.0)) (&& (== netcoreapp3.1) (>= xamarinios)) (&& (== netcoreapp3.1) (>= xamarinmac)) (&& (== netcoreapp3.1) (>= xamarintvos)) (&& (== netcoreapp3.1) (>= xamarinwatchos)) (== netstandard2.0)
      System.Memory (>= 4.5.4) - restriction: || (== net461) (== net472) (&& (== netcoreapp3.1) (>= net461)) (&& (== netcoreapp3.1) (< netcoreapp2.0)) (&& (== netcoreapp3.1) (< netcoreapp2.1)) (&& (== netcoreapp3.1) (< netstandard2.0)) (&& (== netcoreapp3.1) (>= uap10.1)) (== netstandard2.0)
      System.Threading.Tasks.Extensions (>= 4.5.4) - restriction: || (== net461) (== net472) (&& (== netcoreapp3.1) (>= net461)) (&& (== netcoreapp3.1) (< netcoreapp2.0)) (&& (== netcoreapp3.1) (< netcoreapp2.1)) (&& (== netcoreapp3.1) (< netstandard2.0)) (&& (== netcoreapp3.1) (>= uap10.1)) (== netstandard2.0)
    System.IO.Pipes.AccessControl (5.0) - restriction: || (&& (== net461) (>= netcoreapp3.0)) (&& (== net461) (>= netstandard2.1)) (&& (== net472) (< net461)) (&& (== net472) (>= netcoreapp2.0)) (&& (== net472) (>= netcoreapp2.1)) (&& (== net472) (>= netcoreapp3.0)) (&& (== net472) (>= netstandard2.1)) (== netcoreapp3.1) (== netstandard2.0)
      Microsoft.NETCore.Platforms (>= 5.0) - restriction: || (&& (== net461) (>= netcoreapp2.1)) (&& (== net472) (>= netcoreapp2.1)) (== netcoreapp3.1) (&& (== netstandard2.0) (>= netcoreapp2.1))
      System.Security.AccessControl (>= 5.0)
      System.Security.Principal.Windows (>= 5.0)
    System.IO.Ports (5.0) - restriction: || (&& (== net461) (>= netcoreapp3.0)) (&& (== net461) (>= netstandard2.1)) (&& (== net472) (< net461)) (&& (== net472) (>= netcoreapp2.0)) (&& (== net472) (>= netcoreapp2.1)) (&& (== net472) (>= netcoreapp3.0)) (&& (== net472) (>= netstandard2.1)) (== netcoreapp3.1) (== netstandard2.0)
      Microsoft.Win32.Registry (>= 5.0) - restriction: || (&& (== net461) (>= monoandroid)) (&& (== net461) (>= monotouch)) (&& (== net461) (>= netcoreapp2.1)) (&& (== net461) (>= xamarinios)) (&& (== net461) (>= xamarinmac)) (&& (== net461) (>= xamarintvos)) (&& (== net461) (>= xamarinwatchos)) (&& (== net472) (>= monoandroid)) (&& (== net472) (>= monotouch)) (&& (== net472) (< net461)) (&& (== net472) (>= netcoreapp2.1)) (&& (== net472) (>= xamarinios)) (&& (== net472) (>= xamarinmac)) (&& (== net472) (>= xamarintvos)) (&& (== net472) (>= xamarinwatchos)) (== netcoreapp3.1) (== netstandard2.0)
      runtime.native.System.IO.Ports (>= 5.0) - restriction: || (&& (== net461) (>= monoandroid)) (&& (== net461) (>= monotouch)) (&& (== net461) (>= netcoreapp2.1)) (&& (== net461) (>= xamarinios)) (&& (== net461) (>= xamarinmac)) (&& (== net461) (>= xamarintvos)) (&& (== net461) (>= xamarinwatchos)) (&& (== net472) (>= monoandroid)) (&& (== net472) (>= monotouch)) (&& (== net472) (< net461)) (&& (== net472) (>= netcoreapp2.1)) (&& (== net472) (>= xamarinios)) (&& (== net472) (>= xamarinmac)) (&& (== net472) (>= xamarintvos)) (&& (== net472) (>= xamarinwatchos)) (== netcoreapp3.1) (== netstandard2.0)
      System.Memory (>= 4.5.4) - restriction: || (&& (== net472) (< net461)) (&& (== netcoreapp3.1) (< netcoreapp2.1)) (== netstandard2.0)
    System.Linq (4.3) - restriction: || (&& (== net461) (< net45) (>= netstandard1.5)) (&& (== net461) (>= xamarinios)) (&& (== net472) (< net45)) (&& (== net472) (>= xamarinios)) (== netcoreapp3.1) (== netstandard2.0)
      System.Collections (>= 4.3) - restriction: || (&& (== net461) (< net45)) (&& (== net472) (< net45)) (== netcoreapp3.1) (== netstandard2.0)
      System.Diagnostics.Debug (>= 4.3) - restriction: || (&& (== net461) (< net45) (>= netstandard1.6)) (&& (== net472) (< net45)) (== netcoreapp3.1) (== netstandard2.0)
      System.Resources.ResourceManager (>= 4.3) - restriction: || (&& (== net461) (< net45) (>= netstandard1.6)) (&& (== net472) (< net45)) (== netcoreapp3.1) (== netstandard2.0)
      System.Runtime (>= 4.3) - restriction: || (&& (== net461) (< net45)) (&& (== net472) (< net45)) (== netcoreapp3.1) (== netstandard2.0)
      System.Runtime.Extensions (>= 4.3) - restriction: || (&& (== net461) (< net45) (>= netstandard1.6)) (&& (== net472) (< net45)) (== netcoreapp3.1) (== netstandard2.0)
    System.Linq.Async (5.0)
      Microsoft.Bcl.AsyncInterfaces (>= 1.1.1) - restriction: || (== net461) (== net472) (&& (== netcoreapp3.1) (>= net461)) (&& (== netcoreapp3.1) (< netstandard2.1)) (== netstandard2.0)
    System.Linq.Expressions (4.3) - restriction: || (&& (== net461) (== netcoreapp3.1)) (&& (== net461) (< net45)) (&& (== net472) (== netcoreapp3.1)) (&& (== net472) (< net45)) (&& (== netcoreapp3.1) (< netcoreapp2.1)) (&& (== netcoreapp3.1) (< netstandard1.3)) (== netstandard2.0)
      System.Collections (>= 4.3) - restriction: || (&& (== net461) (< net45) (>= netstandard1.6)) (&& (== net472) (< net45)) (== netcoreapp3.1) (== netstandard2.0)
      System.Diagnostics.Debug (>= 4.3) - restriction: || (&& (== net461) (< net45) (>= netstandard1.6)) (&& (== net472) (< net45)) (== netcoreapp3.1) (== netstandard2.0)
      System.Globalization (>= 4.3) - restriction: || (&& (== net461) (< net45) (>= netstandard1.6)) (&& (== net472) (< net45)) (== netcoreapp3.1) (== netstandard2.0)
      System.IO (>= 4.3) - restriction: || (&& (== net461) (< net45) (>= netstandard1.6)) (&& (== net472) (< net45)) (== netcoreapp3.1) (== netstandard2.0)
      System.Linq (>= 4.3) - restriction: || (&& (== net461) (< net45) (>= netstandard1.6)) (&& (== net472) (< net45)) (== netcoreapp3.1) (== netstandard2.0)
      System.ObjectModel (>= 4.3) - restriction: || (&& (== net461) (< net45) (>= netstandard1.6)) (&& (== net472) (< net45)) (== netcoreapp3.1) (== netstandard2.0)
      System.Reflection (>= 4.3) - restriction: || (&& (== net461) (< net45)) (&& (== net472) (< net45)) (== netcoreapp3.1) (== netstandard2.0)
      System.Reflection.Emit (>= 4.3) - restriction: || (&& (== net461) (< net45) (>= netstandard1.6)) (&& (== net472) (< net45)) (== netcoreapp3.1) (== netstandard2.0)
      System.Reflection.Emit.ILGeneration (>= 4.3) - restriction: || (&& (== net461) (< net45) (>= netstandard1.6)) (&& (== net472) (< net45)) (== netcoreapp3.1) (== netstandard2.0)
      System.Reflection.Emit.Lightweight (>= 4.3) - restriction: || (&& (== net461) (< net45) (>= netstandard1.6)) (&& (== net472) (< net45)) (== netcoreapp3.1) (== netstandard2.0)
      System.Reflection.Extensions (>= 4.3) - restriction: || (&& (== net461) (< net45) (>= netstandard1.6)) (&& (== net472) (< net45)) (== netcoreapp3.1) (== netstandard2.0)
      System.Reflection.Primitives (>= 4.3) - restriction: || (&& (== net461) (< net45) (>= netstandard1.6)) (&& (== net472) (< net45)) (== netcoreapp3.1) (== netstandard2.0)
      System.Reflection.TypeExtensions (>= 4.3) - restriction: || (&& (== net461) (< net45) (>= netstandard1.6)) (&& (== net472) (< net45)) (== netcoreapp3.1) (== netstandard2.0)
      System.Resources.ResourceManager (>= 4.3) - restriction: || (&& (== net461) (< net45) (>= netstandard1.6)) (&& (== net472) (< net45)) (== netcoreapp3.1) (== netstandard2.0)
      System.Runtime (>= 4.3) - restriction: || (&& (== net461) (< net45)) (&& (== net472) (< net45)) (== netcoreapp3.1) (== netstandard2.0)
      System.Runtime.Extensions (>= 4.3) - restriction: || (&& (== net461) (< net45) (>= netstandard1.6)) (&& (== net472) (< net45)) (== netcoreapp3.1) (== netstandard2.0)
      System.Threading (>= 4.3) - restriction: || (&& (== net461) (< net45) (>= netstandard1.6)) (&& (== net472) (< net45)) (== netcoreapp3.1) (== netstandard2.0)
    System.Management (5.0) - restriction: || (&& (== net461) (>= netcoreapp3.0)) (&& (== net461) (>= netstandard2.1)) (&& (== net472) (< net461)) (&& (== net472) (>= netcoreapp2.0)) (&& (== net472) (>= netcoreapp2.1)) (&& (== net472) (>= netcoreapp3.0)) (&& (== net472) (>= netstandard2.1)) (== netcoreapp3.1) (== netstandard2.0)
      Microsoft.NETCore.Platforms (>= 5.0) - restriction: || (&& (== net461) (>= netcoreapp2.0)) (&& (== net472) (>= netcoreapp2.0)) (== netcoreapp3.1) (&& (== netstandard2.0) (>= netcoreapp2.0))
      Microsoft.Win32.Registry (>= 5.0) - restriction: || (&& (== net461) (>= netcoreapp2.0)) (&& (== net472) (>= netcoreapp2.0)) (== netcoreapp3.1) (&& (== netstandard2.0) (>= netcoreapp2.0))
      System.CodeDom (>= 5.0) - restriction: || (&& (== net461) (< net45) (>= netstandard2.0)) (&& (== net461) (>= netcoreapp2.0)) (&& (== net472) (< net45)) (&& (== net472) (>= netcoreapp2.0)) (== netcoreapp3.1) (== netstandard2.0)
    System.Memory (4.5.4)
      System.Buffers (>= 4.5.1) - restriction: || (== net461) (== net472) (&& (== netcoreapp3.1) (>= monoandroid)) (&& (== netcoreapp3.1) (>= monotouch)) (&& (== netcoreapp3.1) (>= net461)) (&& (== netcoreapp3.1) (< netcoreapp2.0)) (&& (== netcoreapp3.1) (< netstandard1.1)) (&& (== netcoreapp3.1) (< netstandard2.0)) (&& (== netcoreapp3.1) (>= xamarinios)) (&& (== netcoreapp3.1) (>= xamarinmac)) (&& (== netcoreapp3.1) (>= xamarintvos)) (&& (== netcoreapp3.1) (>= xamarinwatchos)) (== netstandard2.0)
      System.Numerics.Vectors (>= 4.4) - restriction: || (&& (== net461) (< net45) (>= netstandard2.0)) (&& (== net472) (< net45)) (&& (== netcoreapp3.1) (< netcoreapp2.0)) (== netstandard2.0)
      System.Numerics.Vectors (>= 4.5) - restriction: || (== net461) (== net472) (&& (== netcoreapp3.1) (>= net461)) (&& (== netstandard2.0) (>= net461))
      System.Runtime.CompilerServices.Unsafe (>= 4.5.3) - restriction: || (== net461) (== net472) (&& (== netcoreapp3.1) (>= monoandroid)) (&& (== netcoreapp3.1) (>= monotouch)) (&& (== netcoreapp3.1) (>= net461)) (&& (== netcoreapp3.1) (< netcoreapp2.0)) (&& (== netcoreapp3.1) (< netcoreapp2.1)) (&& (== netcoreapp3.1) (< netstandard1.1)) (&& (== netcoreapp3.1) (< netstandard2.0)) (&& (== netcoreapp3.1) (>= uap10.1)) (&& (== netcoreapp3.1) (>= xamarinios)) (&& (== netcoreapp3.1) (>= xamarinmac)) (&& (== netcoreapp3.1) (>= xamarintvos)) (&& (== netcoreapp3.1) (>= xamarinwatchos)) (== netstandard2.0)
    System.Net.Http (4.3.4) - restriction: || (&& (== net472) (< net461)) (== netcoreapp3.1) (== netstandard2.0)
      Microsoft.NETCore.Platforms (>= 1.1.1) - restriction: || (&& (== net461) (< net45)) (&& (== net472) (< net45)) (== netcoreapp3.1) (== netstandard2.0)
      runtime.native.System (>= 4.3) - restriction: || (&& (== net461) (< net45) (>= netstandard1.6)) (&& (== net472) (< net45)) (== netcoreapp3.1) (== netstandard2.0)
      runtime.native.System.Net.Http (>= 4.3) - restriction: || (&& (== net461) (< net45) (>= netstandard1.6)) (&& (== net472) (< net45)) (== netcoreapp3.1) (== netstandard2.0)
      runtime.native.System.Security.Cryptography.OpenSsl (>= 4.3.2) - restriction: || (&& (== net461) (< net45) (>= netstandard1.6)) (&& (== net472) (< net45)) (== netcoreapp3.1) (== netstandard2.0)
      System.Collections (>= 4.3) - restriction: || (&& (== net461) (< net45)) (&& (== net472) (< net45)) (== netcoreapp3.1) (== netstandard2.0)
      System.Diagnostics.Debug (>= 4.3) - restriction: || (&& (== net461) (< net45)) (&& (== net472) (< net45)) (== netcoreapp3.1) (== netstandard2.0)
      System.Diagnostics.DiagnosticSource (>= 4.3) - restriction: || (&& (== net461) (< net45)) (&& (== net472) (< net45)) (== netcoreapp3.1) (== netstandard2.0)
      System.Diagnostics.Tracing (>= 4.3) - restriction: || (&& (== net461) (< net45)) (&& (== net472) (< net45)) (== netcoreapp3.1) (== netstandard2.0)
      System.Globalization (>= 4.3) - restriction: || (&& (== net461) (< net45)) (&& (== net472) (< net45)) (== netcoreapp3.1) (== netstandard2.0)
      System.Globalization.Extensions (>= 4.3) - restriction: || (&& (== net461) (< net45) (>= netstandard1.6)) (&& (== net472) (< net45)) (== netcoreapp3.1) (== netstandard2.0)
      System.IO (>= 4.3) - restriction: || (&& (== net461) (< net45)) (&& (== net472) (< net45)) (== netcoreapp3.1) (== netstandard2.0)
      System.IO.FileSystem (>= 4.3) - restriction: || (&& (== net461) (< net45) (>= netstandard1.6)) (&& (== net472) (< net45)) (== netcoreapp3.1) (== netstandard2.0)
      System.Net.Primitives (>= 4.3) - restriction: || (&& (== net461) (< net45)) (&& (== net472) (< net45)) (== netcoreapp3.1) (== netstandard2.0)
      System.Resources.ResourceManager (>= 4.3) - restriction: || (&& (== net461) (< net45)) (&& (== net472) (< net45)) (== netcoreapp3.1) (== netstandard2.0)
      System.Runtime (>= 4.3) - restriction: || (&& (== net461) (< net45)) (&& (== net472) (< net45)) (== netcoreapp3.1) (== netstandard2.0)
      System.Runtime.Extensions (>= 4.3) - restriction: || (&& (== net461) (< net45)) (&& (== net472) (< net45)) (== netcoreapp3.1) (== netstandard2.0)
      System.Runtime.Handles (>= 4.3) - restriction: || (&& (== net461) (< net45)) (&& (== net472) (< net45)) (== netcoreapp3.1) (== netstandard2.0)
      System.Runtime.InteropServices (>= 4.3) - restriction: || (&& (== net461) (< net45)) (&& (== net472) (< net45)) (== netcoreapp3.1) (== netstandard2.0)
      System.Security.Cryptography.Algorithms (>= 4.3) - restriction: || (&& (== net461) (< net45) (>= netstandard1.6)) (&& (== net472) (< net45)) (== netcoreapp3.1) (== netstandard2.0)
      System.Security.Cryptography.Encoding (>= 4.3) - restriction: || (&& (== net461) (< net45)) (&& (== net472) (< net45)) (== netcoreapp3.1) (== netstandard2.0)
      System.Security.Cryptography.OpenSsl (>= 4.3) - restriction: || (&& (== net461) (< net45) (>= netstandard1.6)) (&& (== net472) (< net45)) (== netcoreapp3.1) (== netstandard2.0)
      System.Security.Cryptography.Primitives (>= 4.3) - restriction: || (&& (== net461) (< net45) (>= netstandard1.6)) (&& (== net472) (< net45)) (== netcoreapp3.1) (== netstandard2.0)
      System.Security.Cryptography.X509Certificates (>= 4.3)
      System.Text.Encoding (>= 4.3) - restriction: || (&& (== net461) (< net45)) (&& (== net472) (< net45)) (== netcoreapp3.1) (== netstandard2.0)
      System.Threading (>= 4.3) - restriction: || (&& (== net461) (< net45)) (&& (== net472) (< net45)) (== netcoreapp3.1) (== netstandard2.0)
      System.Threading.Tasks (>= 4.3) - restriction: || (&& (== net461) (< net45)) (&& (== net472) (< net45)) (== netcoreapp3.1) (== netstandard2.0)
    System.Net.Primitives (4.3.1) - restriction: || (&& (== net472) (< net45)) (== netcoreapp3.1) (== netstandard2.0)
      Microsoft.NETCore.Platforms (>= 1.1.1) - restriction: || (&& (== net461) (< net45)) (&& (== net461) (< netstandard1.1)) (&& (== net472) (< net45)) (&& (== net472) (< netstandard1.1)) (== netcoreapp3.1) (== netstandard2.0)
      Microsoft.NETCore.Targets (>= 1.1.3) - restriction: || (&& (== net461) (< net45)) (&& (== net461) (< netstandard1.1)) (&& (== net472) (< net45)) (&& (== net472) (< netstandard1.1)) (== netcoreapp3.1) (== netstandard2.0)
      System.Runtime (>= 4.3.1) - restriction: || (&& (== net461) (< net45)) (&& (== net461) (< netstandard1.1)) (&& (== net472) (< net45)) (&& (== net472) (< netstandard1.1)) (== netcoreapp3.1) (== netstandard2.0)
      System.Runtime.Handles (>= 4.3) - restriction: || (&& (== net461) (< net45)) (&& (== net472) (< net45)) (== netcoreapp3.1) (== netstandard2.0)
    System.Numerics.Vectors (4.5) - restriction: || (&& (== net461) (>= netstandard2.0)) (== net472) (== netcoreapp3.1) (== netstandard2.0)
    System.ObjectModel (4.3) - restriction: || (&& (== net461) (== netcoreapp3.1)) (&& (== net461) (< net45)) (&& (== net472) (== netcoreapp3.1)) (&& (== net472) (< net45)) (&& (== netcoreapp3.1) (< netcoreapp2.1)) (&& (== netcoreapp3.1) (< netstandard1.3)) (== netstandard2.0)
      System.Collections (>= 4.3) - restriction: || (&& (== net461) (< net45)) (&& (== net472) (< net45)) (== netcoreapp3.1) (== netstandard2.0)
      System.Diagnostics.Debug (>= 4.3) - restriction: || (&& (== net461) (< net45)) (&& (== net472) (< net45)) (== netcoreapp3.1) (== netstandard2.0)
      System.Resources.ResourceManager (>= 4.3) - restriction: || (&& (== net461) (< net45)) (&& (== net472) (< net45)) (== netcoreapp3.1) (== netstandard2.0)
      System.Runtime (>= 4.3) - restriction: || (&& (== net461) (< net45)) (&& (== net472) (< net45)) (== netcoreapp3.1) (== netstandard2.0)
      System.Threading (>= 4.3) - restriction: || (&& (== net461) (< net45)) (&& (== net472) (< net45)) (== netcoreapp3.1) (== netstandard2.0)
    System.Private.DataContractSerialization (4.3) - restriction: || (&& (== net461) (== netcoreapp3.1)) (&& (== net461) (< net45)) (&& (== net461) (>= uap10.0)) (&& (== net472) (== netcoreapp3.1)) (&& (== net472) (< net45)) (&& (== net472) (>= uap10.0)) (&& (== netcoreapp3.1) (< netcoreapp2.1)) (&& (== netcoreapp3.1) (>= uap10.0)) (== netstandard2.0)
      System.Collections (>= 4.3) - restriction: || (&& (== net461) (< net46)) (&& (== net472) (< net46)) (== netcoreapp3.1) (== netstandard2.0)
      System.Collections.Concurrent (>= 4.3) - restriction: || (&& (== net461) (< net46)) (&& (== net472) (< net46)) (== netcoreapp3.1) (== netstandard2.0)
      System.Diagnostics.Debug (>= 4.3) - restriction: || (&& (== net461) (< net46)) (&& (== net472) (< net46)) (== netcoreapp3.1) (== netstandard2.0)
      System.Globalization (>= 4.3) - restriction: || (&& (== net461) (< net46)) (&& (== net472) (< net46)) (== netcoreapp3.1) (== netstandard2.0)
      System.IO (>= 4.3) - restriction: || (&& (== net461) (< net46)) (&& (== net472) (< net46)) (== netcoreapp3.1) (== netstandard2.0)
      System.Linq (>= 4.3) - restriction: || (&& (== net461) (< net46)) (&& (== net472) (< net46)) (== netcoreapp3.1) (== netstandard2.0)
      System.Reflection (>= 4.3) - restriction: || (&& (== net461) (< net46)) (&& (== net472) (< net46)) (== netcoreapp3.1) (== netstandard2.0)
      System.Reflection.Emit.ILGeneration (>= 4.3) - restriction: || (&& (== net461) (< net46)) (&& (== net472) (< net46)) (== netcoreapp3.1) (== netstandard2.0)
      System.Reflection.Emit.Lightweight (>= 4.3) - restriction: || (&& (== net461) (< net46)) (&& (== net472) (< net46)) (== netcoreapp3.1) (== netstandard2.0)
      System.Reflection.Extensions (>= 4.3) - restriction: || (&& (== net461) (< net46)) (&& (== net472) (< net46)) (== netcoreapp3.1) (== netstandard2.0)
      System.Reflection.Primitives (>= 4.3) - restriction: || (&& (== net461) (< net46)) (&& (== net472) (< net46)) (== netcoreapp3.1) (== netstandard2.0)
      System.Reflection.TypeExtensions (>= 4.3)
      System.Resources.ResourceManager (>= 4.3) - restriction: || (&& (== net461) (< net46)) (&& (== net472) (< net46)) (== netcoreapp3.1) (== netstandard2.0)
      System.Runtime (>= 4.3) - restriction: || (&& (== net461) (< net46)) (&& (== net472) (< net46)) (== netcoreapp3.1) (== netstandard2.0)
      System.Runtime.Extensions (>= 4.3) - restriction: || (&& (== net461) (< net46)) (&& (== net472) (< net46)) (== netcoreapp3.1) (== netstandard2.0)
      System.Runtime.Serialization.Primitives (>= 4.3)
      System.Text.Encoding (>= 4.3) - restriction: || (&& (== net461) (< net46)) (&& (== net472) (< net46)) (== netcoreapp3.1) (== netstandard2.0)
      System.Text.Encoding.Extensions (>= 4.3) - restriction: || (&& (== net461) (< net46)) (&& (== net472) (< net46)) (== netcoreapp3.1) (== netstandard2.0)
      System.Text.RegularExpressions (>= 4.3) - restriction: || (&& (== net461) (< net46)) (&& (== net472) (< net46)) (== netcoreapp3.1) (== netstandard2.0)
      System.Threading (>= 4.3) - restriction: || (&& (== net461) (< net46)) (&& (== net472) (< net46)) (== netcoreapp3.1) (== netstandard2.0)
      System.Threading.Tasks (>= 4.3) - restriction: || (&& (== net461) (< net46)) (&& (== net472) (< net46)) (== netcoreapp3.1) (== netstandard2.0)
      System.Xml.ReaderWriter (>= 4.3) - restriction: || (&& (== net461) (< net46)) (&& (== net472) (< net46)) (== netcoreapp3.1) (== netstandard2.0)
      System.Xml.XDocument (>= 4.3) - restriction: || (&& (== net461) (< net46)) (&& (== net472) (< net46)) (== netcoreapp3.1) (== netstandard2.0)
      System.Xml.XmlDocument (>= 4.3)
      System.Xml.XmlSerializer (>= 4.3) - restriction: || (&& (== net461) (< net46)) (&& (== net472) (< net46)) (== netcoreapp3.1) (== netstandard2.0)
    System.Private.ServiceModel (4.8) - restriction: || (&& (== net461) (< net45) (>= netstandard2.0)) (&& (== net461) (>= netcoreapp3.0)) (&& (== net472) (< net45)) (&& (== net472) (>= netcoreapp3.0)) (== netcoreapp3.1) (== netstandard2.0)
      System.Numerics.Vectors (>= 4.5) - restriction: || (&& (== net461) (>= netstandard2.0)) (== net472) (== netcoreapp3.1) (== netstandard2.0)
      System.Reflection.DispatchProxy (>= 4.7.1) - restriction: || (&& (== net461) (>= netstandard2.0)) (== net472) (== netcoreapp3.1) (== netstandard2.0)
      System.Security.Cryptography.Xml (>= 4.7) - restriction: || (&& (== net461) (>= netstandard2.0)) (== net472) (== netcoreapp3.1) (== netstandard2.0)
      System.Security.Principal.Windows (>= 4.7) - restriction: || (&& (== net461) (>= netstandard2.0)) (== net472) (== netcoreapp3.1) (== netstandard2.0)
    System.Private.Uri (4.3.2) - restriction: || (&& (== net461) (== netcoreapp3.1)) (&& (== net461) (< net45)) (&& (== net472) (== netcoreapp3.1)) (&& (== net472) (< net45)) (&& (== netcoreapp3.1) (< netcoreapp2.1)) (== netstandard2.0)
      Microsoft.NETCore.Platforms (>= 1.1.1)
      Microsoft.NETCore.Targets (>= 1.1.3)
    System.Reactive (5.0)
      System.Runtime.InteropServices.WindowsRuntime (>= 4.3) - restriction: || (&& (== net461) (>= netstandard2.0)) (== netstandard2.0)
      System.Threading.Tasks.Extensions (>= 4.5.4) - restriction: || (&& (== net461) (>= net472)) (&& (== net461) (>= netstandard2.0)) (&& (== net461) (>= uap10.1)) (== net472) (&& (== netcoreapp3.1) (>= net472)) (&& (== netcoreapp3.1) (>= uap10.1)) (== netstandard2.0)
    System.Reflection (4.3) - restriction: || (&& (== net461) (< net35)) (&& (== net461) (< net45)) (&& (== net461) (>= netcoreapp2.1)) (&& (== net461) (>= xamarinios)) (&& (== net472) (< net35)) (&& (== net472) (< net45)) (&& (== net472) (>= netcoreapp2.1)) (&& (== net472) (>= xamarinios)) (== netcoreapp3.1) (== netstandard2.0)
      Microsoft.NETCore.Platforms (>= 1.1) - restriction: || (&& (== net461) (< net45)) (&& (== net472) (< net45)) (== netcoreapp3.1) (== netstandard2.0)
      Microsoft.NETCore.Targets (>= 1.1) - restriction: || (&& (== net461) (< net45)) (&& (== net472) (< net45)) (== netcoreapp3.1) (== netstandard2.0)
      System.IO (>= 4.3) - restriction: || (&& (== net461) (< net45)) (&& (== net472) (< net45)) (== netcoreapp3.1) (== netstandard2.0)
      System.Reflection.Primitives (>= 4.3) - restriction: || (&& (== net461) (< net45)) (&& (== net472) (< net45)) (== netcoreapp3.1) (== netstandard2.0)
      System.Runtime (>= 4.3) - restriction: || (&& (== net461) (< net45)) (&& (== net472) (< net45)) (== netcoreapp3.1) (== netstandard2.0)
    System.Reflection.Context (5.0) - restriction: || (&& (== net461) (>= netcoreapp3.0)) (&& (== net461) (>= netstandard2.1)) (&& (== net472) (>= netcoreapp3.0)) (&& (== net472) (>= netstandard2.1)) (== netcoreapp3.1) (&& (== netstandard2.0) (>= netcoreapp3.0)) (&& (== netstandard2.0) (>= netstandard2.1))
    System.Reflection.DispatchProxy (4.7.1) - restriction: || (&& (== net461) (< net45) (>= netstandard2.0)) (&& (== net472) (< net45)) (== netcoreapp3.1) (== netstandard2.0)
    System.Reflection.Emit (4.7) - restriction: || (&& (== net461) (< net45)) (&& (== net461) (>= netcoreapp3.0)) (&& (== net461) (>= netstandard2.1)) (&& (== net472) (< net45)) (&& (== net472) (< net461)) (&& (== net472) (>= netcoreapp2.0)) (&& (== net472) (>= netcoreapp2.1)) (&& (== net472) (>= netcoreapp3.0)) (&& (== net472) (>= netstandard2.1)) (== netcoreapp3.1) (== netstandard2.0)
      System.Reflection.Emit.ILGeneration (>= 4.7) - restriction: || (&& (== net461) (< net45)) (&& (== net461) (< netstandard1.1)) (&& (== net461) (>= uap10.1)) (&& (== net461) (>= wpa81)) (&& (== net472) (< net45)) (&& (== net472) (< netstandard1.1)) (&& (== net472) (< netstandard2.0) (>= wpa81)) (&& (== net472) (>= uap10.1)) (&& (== netcoreapp3.1) (< netcoreapp2.0) (< netstandard2.1)) (&& (== netcoreapp3.1) (< netstandard1.1)) (&& (== netcoreapp3.1) (< netstandard2.0)) (&& (== netcoreapp3.1) (>= uap10.1)) (== netstandard2.0)
    System.Reflection.Emit.ILGeneration (4.7) - restriction: || (&& (== net461) (== net472) (>= wpa81)) (&& (== net461) (< net45) (>= netstandard2.0)) (&& (== net461) (>= netcoreapp3.0)) (&& (== net461) (>= netstandard2.0) (< portable-net45+wp8)) (&& (== net461) (>= netstandard2.0) (>= uap10.1)) (&& (== net461) (>= netstandard2.0) (>= wpa81)) (&& (== net461) (>= netstandard2.1)) (&& (== net472) (< net45)) (&& (== net472) (< net461)) (&& (== net472) (>= netcoreapp2.0)) (&& (== net472) (>= netcoreapp2.1)) (&& (== net472) (>= netcoreapp3.0)) (&& (== net472) (< netstandard2.0) (>= wpa81)) (&& (== net472) (>= netstandard2.1)) (&& (== net472) (< portable-net45+wp8)) (&& (== net472) (>= uap10.1)) (== netcoreapp3.1) (== netstandard2.0)
    System.Reflection.Emit.Lightweight (4.7) - restriction: || (&& (== net461) (< net45) (>= netstandard1.6)) (&& (== net461) (>= netcoreapp3.0)) (&& (== net461) (>= netstandard2.0)) (&& (== net461) (>= netstandard2.1)) (== net472) (== netcoreapp3.1) (== netstandard2.0)
      System.Reflection.Emit.ILGeneration (>= 4.7) - restriction: || (&& (== net461) (< net45)) (&& (== net461) (< portable-net45+wp8)) (&& (== net461) (>= uap10.1)) (&& (== net461) (>= wpa81)) (&& (== net472) (< net45)) (&& (== net472) (< netstandard2.0) (>= wpa81)) (&& (== net472) (< portable-net45+wp8)) (&& (== net472) (>= uap10.1)) (&& (== netcoreapp3.1) (< netcoreapp2.0) (< netstandard2.1)) (&& (== netcoreapp3.1) (< netstandard2.0)) (&& (== netcoreapp3.1) (< portable-net45+wp8)) (&& (== netcoreapp3.1) (>= uap10.1)) (== netstandard2.0)
    System.Reflection.Extensions (4.3) - restriction: || (&& (== net461) (< net45)) (&& (== net461) (>= netcoreapp2.1)) (&& (== net461) (>= netcoreapp2.2)) (&& (== net461) (>= xamarinios)) (&& (== net472) (< net45)) (&& (== net472) (>= netcoreapp2.1)) (&& (== net472) (>= netcoreapp2.2)) (&& (== net472) (>= xamarinios)) (== netcoreapp3.1) (== netstandard2.0)
      Microsoft.NETCore.Platforms (>= 1.1) - restriction: || (&& (== net461) (< net45)) (&& (== net472) (< net45)) (== netcoreapp3.1) (== netstandard2.0)
      Microsoft.NETCore.Targets (>= 1.1) - restriction: || (&& (== net461) (< net45)) (&& (== net472) (< net45)) (== netcoreapp3.1) (== netstandard2.0)
      System.Reflection (>= 4.3) - restriction: || (&& (== net461) (< net45)) (&& (== net472) (< net45)) (== netcoreapp3.1) (== netstandard2.0)
      System.Runtime (>= 4.3) - restriction: || (&& (== net461) (< net45)) (&& (== net472) (< net45)) (== netcoreapp3.1) (== netstandard2.0)
    System.Reflection.Metadata (5.0) - restriction: || (&& (== net461) (>= netstandard2.0)) (== net472) (== netcoreapp3.1) (== netstandard2.0)
      System.Collections.Immutable (>= 5.0)
    System.Reflection.Primitives (4.3) - restriction: || (&& (== net461) (< net45)) (&& (== net461) (>= netcoreapp1.1)) (&& (== net461) (>= netcoreapp2.1)) (&& (== net461) (>= netcoreapp2.2)) (&& (== net461) (>= xamarinios)) (&& (== net472) (< net45)) (&& (== net472) (>= netcoreapp1.1)) (&& (== net472) (>= netcoreapp2.1)) (&& (== net472) (>= netcoreapp2.2)) (&& (== net472) (>= xamarinios)) (== netcoreapp3.1) (== netstandard2.0)
      Microsoft.NETCore.Platforms (>= 1.1) - restriction: || (&& (== net461) (< net45)) (&& (== net472) (< net45)) (== netcoreapp3.1) (== netstandard2.0)
      Microsoft.NETCore.Targets (>= 1.1) - restriction: || (&& (== net461) (< net45)) (&& (== net472) (< net45)) (== netcoreapp3.1) (== netstandard2.0)
      System.Runtime (>= 4.3) - restriction: || (&& (== net461) (< net45)) (&& (== net472) (< net45)) (== netcoreapp3.1) (== netstandard2.0)
    System.Reflection.TypeExtensions (4.7) - restriction: || (&& (== net461) (< net45)) (&& (== net461) (>= netcoreapp2.1)) (&& (== net461) (>= netcoreapp2.2)) (&& (== net461) (>= xamarinios)) (&& (== net472) (< net45)) (&& (== net472) (>= netcoreapp2.1)) (&& (== net472) (>= netcoreapp2.2)) (&& (== net472) (>= xamarinios)) (== netcoreapp3.1) (== netstandard2.0)
    System.Resources.Extensions (5.0) - restriction: || (&& (== net461) (>= netcoreapp3.0)) (&& (== net472) (>= netcoreapp3.0)) (== netcoreapp3.1) (&& (== netstandard2.0) (>= netcoreapp3.0))
    System.Resources.ResourceManager (4.3) - restriction: || (&& (== net461) (< net45)) (&& (== net461) (< net451)) (&& (== net461) (>= netcoreapp2.1)) (&& (== net461) (>= xamarinios)) (&& (== net472) (< net45)) (&& (== net472) (< net451)) (&& (== net472) (>= netcoreapp2.1)) (&& (== net472) (>= xamarinios)) (== netcoreapp3.1) (== netstandard2.0)
      Microsoft.NETCore.Platforms (>= 1.1) - restriction: || (&& (== net461) (< net45)) (&& (== net472) (< net45)) (== netcoreapp3.1) (== netstandard2.0)
      Microsoft.NETCore.Targets (>= 1.1) - restriction: || (&& (== net461) (< net45)) (&& (== net472) (< net45)) (== netcoreapp3.1) (== netstandard2.0)
      System.Globalization (>= 4.3) - restriction: || (&& (== net461) (< net45)) (&& (== net472) (< net45)) (== netcoreapp3.1) (== netstandard2.0)
      System.Reflection (>= 4.3) - restriction: || (&& (== net461) (< net45)) (&& (== net472) (< net45)) (== netcoreapp3.1) (== netstandard2.0)
      System.Runtime (>= 4.3) - restriction: || (&& (== net461) (< net45)) (&& (== net472) (< net45)) (== netcoreapp3.1) (== netstandard2.0)
    System.Runtime (4.3.1) - restriction: || (&& (== net461) (< net45)) (&& (== net461) (< net451)) (&& (== net461) (>= netcoreapp2.1)) (&& (== net461) (>= xamarinios)) (&& (== net472) (< net45)) (&& (== net472) (< net451)) (&& (== net472) (>= netcoreapp2.1)) (&& (== net472) (>= xamarinios)) (== netcoreapp3.1) (== netstandard2.0)
      Microsoft.NETCore.Platforms (>= 1.1.1) - restriction: || (&& (== net461) (< net45)) (&& (== net472) (< net45)) (== netcoreapp3.1) (== netstandard2.0)
      Microsoft.NETCore.Targets (>= 1.1.3) - restriction: || (&& (== net461) (< net45)) (&& (== net472) (< net45)) (== netcoreapp3.1) (== netstandard2.0)
    System.Runtime.Caching (5.0) - restriction: || (&& (== net461) (>= netcoreapp3.0)) (&& (== net461) (>= netstandard2.1)) (&& (== net472) (< net461)) (&& (== net472) (>= netcoreapp2.0)) (&& (== net472) (>= netcoreapp2.1)) (&& (== net472) (>= netcoreapp3.0)) (&& (== net472) (>= netstandard2.1)) (== netcoreapp3.1) (== netstandard2.0)
      System.Configuration.ConfigurationManager (>= 5.0) - restriction: || (&& (== net461) (< net45) (>= netstandard2.0)) (&& (== net472) (< net45)) (== netcoreapp3.1) (== netstandard2.0)
    System.Runtime.CompilerServices.Unsafe (5.0)
    System.Runtime.Extensions (4.3.1) - restriction: || (&& (== net461) (< net45) (>= netstandard1.6)) (&& (== net461) (< net451)) (&& (== net461) (>= netcoreapp2.1)) (&& (== net472) (< net45)) (&& (== net472) (< net451)) (&& (== net472) (>= netcoreapp2.1)) (== netcoreapp3.1) (== netstandard2.0)
      Microsoft.NETCore.Platforms (>= 1.1.1) - restriction: || (&& (== net461) (< net45)) (&& (== net472) (< net45)) (== netcoreapp3.1) (== netstandard2.0)
      Microsoft.NETCore.Targets (>= 1.1.3) - restriction: || (&& (== net461) (< net45)) (&& (== net472) (< net45)) (== netcoreapp3.1) (== netstandard2.0)
      System.Runtime (>= 4.3.1) - restriction: || (&& (== net461) (< net45)) (&& (== net472) (< net45)) (== netcoreapp3.1) (== netstandard2.0)
    System.Runtime.Handles (4.3) - restriction: || (&& (== net461) (< net45)) (&& (== net472) (< net45)) (== netcoreapp3.1) (== netstandard2.0)
      Microsoft.NETCore.Platforms (>= 1.1) - restriction: || (&& (== net461) (< net46)) (&& (== net472) (< net46)) (== netcoreapp3.1) (== netstandard2.0)
      Microsoft.NETCore.Targets (>= 1.1) - restriction: || (&& (== net461) (< net46)) (&& (== net472) (< net46)) (== netcoreapp3.1) (== netstandard2.0)
      System.Runtime (>= 4.3) - restriction: || (&& (== net461) (< net46)) (&& (== net472) (< net46)) (== netcoreapp3.1) (== netstandard2.0)
    System.Runtime.InteropServices (4.3) - restriction: || (&& (== net461) (< net45)) (&& (== net461) (>= netcoreapp2.1)) (&& (== net461) (>= netcoreapp2.2)) (&& (== net472) (< net45)) (&& (== net472) (>= netcoreapp2.1)) (&& (== net472) (>= netcoreapp2.2)) (== netcoreapp3.1) (== netstandard2.0)
      Microsoft.NETCore.Platforms (>= 1.1) - restriction: || (&& (== net461) (< net45)) (&& (== net461) (>= netcoreapp1.1)) (&& (== net472) (< net45)) (&& (== net472) (>= netcoreapp1.1)) (== netcoreapp3.1) (== netstandard2.0)
      Microsoft.NETCore.Targets (>= 1.1) - restriction: || (&& (== net461) (< net45)) (&& (== net461) (>= netcoreapp1.1)) (&& (== net472) (< net45)) (&& (== net472) (>= netcoreapp1.1)) (== netcoreapp3.1) (== netstandard2.0)
      System.Reflection (>= 4.3) - restriction: || (&& (== net461) (< net45)) (&& (== net461) (>= netcoreapp1.1)) (&& (== net472) (< net45)) (&& (== net472) (>= netcoreapp1.1)) (== netcoreapp3.1) (== netstandard2.0)
      System.Reflection.Primitives (>= 4.3) - restriction: || (&& (== net461) (< net45)) (&& (== net461) (>= netcoreapp1.1)) (&& (== net472) (< net45)) (&& (== net472) (>= netcoreapp1.1)) (== netcoreapp3.1) (== netstandard2.0)
      System.Runtime (>= 4.3) - restriction: || (&& (== net461) (< net45)) (&& (== net461) (>= net462)) (&& (== net461) (>= netcoreapp1.1)) (== net472) (== netcoreapp3.1) (== netstandard2.0)
      System.Runtime.Handles (>= 4.3) - restriction: || (&& (== net461) (< net45)) (&& (== net461) (>= netcoreapp1.1)) (&& (== net472) (< net45)) (&& (== net472) (>= netcoreapp1.1)) (== netcoreapp3.1) (== netstandard2.0)
    System.Runtime.InteropServices.RuntimeInformation (4.3) - restriction: || (&& (== net461) (< net45)) (&& (== net461) (>= netcoreapp2.1)) (&& (== net461) (>= netcoreapp2.2)) (&& (== net461) (>= netstandard2.0)) (== net472) (== netcoreapp3.1) (== netstandard2.0)
      runtime.native.System (>= 4.3) - restriction: || (&& (== net461) (< net45)) (&& (== net472) (< net45)) (== netcoreapp3.1) (== netstandard2.0)
      System.Reflection (>= 4.3) - restriction: || (&& (== net461) (< net45)) (&& (== net472) (< net45)) (== netcoreapp3.1) (== netstandard2.0)
      System.Reflection.Extensions (>= 4.3) - restriction: || (&& (== net461) (< net45)) (&& (== net472) (< net45)) (== netcoreapp3.1) (== netstandard2.0)
      System.Resources.ResourceManager (>= 4.3) - restriction: || (&& (== net461) (< net45)) (&& (== net472) (< net45)) (== netcoreapp3.1) (== netstandard2.0)
      System.Runtime (>= 4.3) - restriction: || (&& (== net461) (< net45)) (&& (== net472) (< net45)) (== netcoreapp3.1) (== netstandard2.0)
      System.Runtime.InteropServices (>= 4.3) - restriction: || (&& (== net461) (< net45)) (&& (== net472) (< net45)) (== netcoreapp3.1) (== netstandard2.0)
      System.Threading (>= 4.3) - restriction: || (&& (== net461) (< net45)) (&& (== net472) (< net45)) (== netcoreapp3.1) (== netstandard2.0)
    System.Runtime.InteropServices.WindowsRuntime (4.3) - restriction: || (&& (== net461) (== net472)) (&& (== net461) (== netcoreapp3.1)) (&& (== net461) (>= netstandard2.0)) (== netstandard2.0)
      System.Runtime (>= 4.3) - restriction: || (&& (== net461) (< net45)) (&& (== net472) (< net45)) (== netcoreapp3.1) (== netstandard2.0)
    System.Runtime.Numerics (4.3) - restriction: || (&& (== net461) (< net45) (>= netstandard1.6)) (&& (== net472) (< net45)) (== netcoreapp3.1) (== netstandard2.0)
      System.Globalization (>= 4.3) - restriction: || (&& (== net461) (< net45)) (&& (== net472) (< net45)) (== netcoreapp3.1) (== netstandard2.0)
      System.Resources.ResourceManager (>= 4.3) - restriction: || (&& (== net461) (< net45)) (&& (== net472) (< net45)) (== netcoreapp3.1) (== netstandard2.0)
      System.Runtime (>= 4.3) - restriction: || (&& (== net461) (< net45)) (&& (== net472) (< net45)) (== netcoreapp3.1) (== netstandard2.0)
      System.Runtime.Extensions (>= 4.3) - restriction: || (&& (== net461) (< net45)) (&& (== net472) (< net45)) (== netcoreapp3.1) (== netstandard2.0)
    System.Runtime.Serialization.Formatters (4.3) - restriction: || (&& (== net461) (== netcoreapp3.1)) (&& (== net461) (< net45)) (&& (== net461) (>= uap10.0)) (&& (== net461) (>= xamarinios)) (&& (== net472) (== netcoreapp3.1)) (&& (== net472) (< net45)) (&& (== net472) (>= uap10.0)) (&& (== net472) (>= xamarinios)) (&& (== netcoreapp3.1) (< netcoreapp2.1)) (&& (== netcoreapp3.1) (>= uap10.0)) (&& (== netcoreapp3.1) (>= xamarinios)) (== netstandard2.0)
      System.Collections (>= 4.3) - restriction: || (&& (== net461) (< net46)) (&& (== net472) (< net46)) (== netcoreapp3.1) (== netstandard2.0)
      System.Reflection (>= 4.3) - restriction: || (&& (== net461) (< net46)) (&& (== net472) (< net46)) (== netcoreapp3.1) (== netstandard2.0)
      System.Resources.ResourceManager (>= 4.3) - restriction: || (&& (== net461) (< net46)) (&& (== net472) (< net46)) (== netcoreapp3.1) (== netstandard2.0)
      System.Runtime (>= 4.3) - restriction: || (&& (== net461) (< net46)) (&& (== net472) (< net46)) (== netcoreapp3.1) (== netstandard2.0)
      System.Runtime.Serialization.Primitives (>= 4.3)
    System.Runtime.Serialization.Json (4.3) - restriction: || (&& (== net461) (== netcoreapp3.1)) (&& (== net461) (< net45)) (&& (== net461) (>= uap10.0)) (&& (== net472) (== netcoreapp3.1)) (&& (== net472) (< net45)) (&& (== net472) (>= uap10.0)) (&& (== netcoreapp3.1) (< netcoreapp2.1)) (&& (== netcoreapp3.1) (>= uap10.0)) (== netstandard2.0)
      System.IO (>= 4.3) - restriction: || (&& (== net461) (< net45)) (&& (== net472) (< net45)) (== netcoreapp3.1) (== netstandard2.0)
      System.Private.DataContractSerialization (>= 4.3) - restriction: || (&& (== net461) (< net45)) (&& (== net472) (< net45)) (== netcoreapp3.1) (== netstandard2.0)
      System.Runtime (>= 4.3) - restriction: || (&& (== net461) (< net45)) (&& (== net472) (< net45)) (== netcoreapp3.1) (== netstandard2.0)
    System.Runtime.Serialization.Primitives (4.3) - restriction: || (&& (== net461) (< net45)) (&& (== net461) (>= uap10.0)) (&& (== net461) (>= xamarinios)) (&& (== net472) (< net45)) (&& (== net472) (>= uap10.0)) (&& (== net472) (>= xamarinios)) (== netcoreapp3.1) (== netstandard2.0)
      System.Resources.ResourceManager (>= 4.3) - restriction: || (&& (== net461) (< net45)) (&& (== net472) (< net45)) (== netcoreapp3.1) (== netstandard2.0)
      System.Runtime (>= 4.3) - restriction: || (&& (== net461) (< net45)) (&& (== net472) (< net45)) (== netcoreapp3.1) (== netstandard2.0)
    System.Security.AccessControl (5.0)
      Microsoft.NETCore.Platforms (>= 5.0) - restriction: || (&& (== net461) (>= netcoreapp2.0)) (&& (== net472) (>= netcoreapp2.0)) (== netcoreapp3.1) (&& (== netstandard2.0) (>= netcoreapp2.0))
      System.Security.Principal.Windows (>= 5.0)
    System.Security.Cryptography.Algorithms (4.3.1) - restriction: || (&& (== net461) (< net45)) (&& (== net461) (>= netstandard2.0)) (== net472) (== netcoreapp3.1) (== netstandard2.0)
      Microsoft.NETCore.Platforms (>= 1.1) - restriction: || (&& (== net461) (< net46) (>= netstandard1.6)) (&& (== net472) (< net46)) (== netcoreapp3.1) (== netstandard2.0)
      runtime.native.System.Security.Cryptography.Apple (>= 4.3.1) - restriction: || (&& (== net461) (< net46) (>= netstandard1.6)) (&& (== net472) (< net46)) (== netcoreapp3.1) (== netstandard2.0)
      runtime.native.System.Security.Cryptography.OpenSsl (>= 4.3.2) - restriction: || (&& (== net461) (< net46) (>= netstandard1.6)) (&& (== net472) (< net46)) (== netcoreapp3.1) (== netstandard2.0)
      System.Collections (>= 4.3) - restriction: || (&& (== net461) (< net46) (>= netstandard1.6)) (&& (== net472) (< net46)) (== netcoreapp3.1) (== netstandard2.0)
      System.IO (>= 4.3) - restriction: || (&& (== net461) (< net46)) (&& (== net461) (>= net463)) (== net472) (== netcoreapp3.1) (== netstandard2.0)
      System.Resources.ResourceManager (>= 4.3) - restriction: || (&& (== net461) (< net46) (>= netstandard1.6)) (&& (== net472) (< net46)) (== netcoreapp3.1) (== netstandard2.0)
      System.Runtime (>= 4.3) - restriction: || (&& (== net461) (< net46)) (&& (== net461) (>= net463)) (== net472) (== netcoreapp3.1) (== netstandard2.0)
      System.Runtime.Extensions (>= 4.3) - restriction: || (&& (== net461) (< net46) (>= netstandard1.6)) (&& (== net472) (< net46)) (== netcoreapp3.1) (== netstandard2.0)
      System.Runtime.Handles (>= 4.3) - restriction: || (&& (== net461) (< net46) (>= netstandard1.6)) (&& (== net472) (< net46)) (== netcoreapp3.1) (== netstandard2.0)
      System.Runtime.InteropServices (>= 4.3) - restriction: || (&& (== net461) (< net46) (>= netstandard1.6)) (&& (== net472) (< net46)) (== netcoreapp3.1) (== netstandard2.0)
      System.Runtime.Numerics (>= 4.3) - restriction: || (&& (== net461) (< net46) (>= netstandard1.6)) (&& (== net472) (< net46)) (== netcoreapp3.1) (== netstandard2.0)
      System.Security.Cryptography.Encoding (>= 4.3) - restriction: || (&& (== net461) (< net46) (>= netstandard1.6)) (&& (== net461) (>= net463)) (== net472) (== netcoreapp3.1) (== netstandard2.0)
      System.Security.Cryptography.Primitives (>= 4.3)
      System.Text.Encoding (>= 4.3) - restriction: || (&& (== net461) (< net46) (>= netstandard1.6)) (&& (== net472) (< net46)) (== netcoreapp3.1) (== netstandard2.0)
    System.Security.Cryptography.Cng (5.0) - restriction: || (&& (== net461) (< net45) (>= netstandard1.6)) (&& (== net461) (< net45) (>= netstandard2.0)) (&& (== net461) (>= netcoreapp3.0)) (&& (== net461) (>= netstandard2.1)) (&& (== net472) (< net45)) (&& (== net472) (< net461)) (&& (== net472) (>= netcoreapp2.0)) (&& (== net472) (>= netcoreapp2.1)) (&& (== net472) (>= netcoreapp3.0)) (&& (== net472) (>= netstandard2.1)) (== netcoreapp3.1) (== netstandard2.0)
      System.Formats.Asn1 (>= 5.0) - restriction: || (&& (== net461) (>= netcoreapp3.0)) (&& (== net472) (>= netcoreapp3.0)) (== netcoreapp3.1) (&& (== netstandard2.0) (>= netcoreapp3.0))
    System.Security.Cryptography.Csp (4.3) - restriction: || (&& (== net461) (== netcoreapp3.1)) (&& (== net461) (< net45) (>= netstandard1.6)) (&& (== net472) (== netcoreapp3.1)) (&& (== net472) (< net45)) (&& (== netcoreapp3.1) (< netcoreapp2.1)) (== netstandard2.0)
      Microsoft.NETCore.Platforms (>= 1.1) - restriction: || (&& (== net461) (< net46)) (&& (== net472) (< net46)) (== netcoreapp3.1) (== netstandard2.0)
      System.IO (>= 4.3) - restriction: || (&& (== net461) (< net46)) (&& (== net472) (< net46)) (== netcoreapp3.1) (== netstandard2.0)
      System.Reflection (>= 4.3) - restriction: || (&& (== net461) (< net46)) (&& (== net472) (< net46)) (== netcoreapp3.1) (== netstandard2.0)
      System.Resources.ResourceManager (>= 4.3) - restriction: || (&& (== net461) (< net46)) (&& (== net472) (< net46)) (== netcoreapp3.1) (== netstandard2.0)
      System.Runtime (>= 4.3) - restriction: || (&& (== net461) (< net46)) (&& (== net472) (< net46)) (== netcoreapp3.1) (== netstandard2.0)
      System.Runtime.Extensions (>= 4.3) - restriction: || (&& (== net461) (< net46)) (&& (== net472) (< net46)) (== netcoreapp3.1) (== netstandard2.0)
      System.Runtime.Handles (>= 4.3) - restriction: || (&& (== net461) (< net46)) (&& (== net472) (< net46)) (== netcoreapp3.1) (== netstandard2.0)
      System.Runtime.InteropServices (>= 4.3) - restriction: || (&& (== net461) (< net46)) (&& (== net472) (< net46)) (== netcoreapp3.1) (== netstandard2.0)
      System.Security.Cryptography.Algorithms (>= 4.3)
      System.Security.Cryptography.Encoding (>= 4.3) - restriction: || (&& (== net461) (< net46)) (&& (== net472) (< net46)) (== netcoreapp3.1) (== netstandard2.0)
      System.Security.Cryptography.Primitives (>= 4.3)
      System.Text.Encoding (>= 4.3) - restriction: || (&& (== net461) (< net46)) (&& (== net472) (< net46)) (== netcoreapp3.1) (== netstandard2.0)
      System.Threading (>= 4.3) - restriction: || (&& (== net461) (< net46)) (&& (== net472) (< net46)) (== netcoreapp3.1) (== netstandard2.0)
    System.Security.Cryptography.Encoding (4.3) - restriction: || (&& (== net461) (< net45)) (&& (== net472) (< net45)) (== netcoreapp3.1) (== netstandard2.0)
      Microsoft.NETCore.Platforms (>= 1.1) - restriction: || (&& (== net461) (< net46)) (&& (== net472) (< net46)) (== netcoreapp3.1) (== netstandard2.0)
      runtime.native.System.Security.Cryptography.OpenSsl (>= 4.3) - restriction: || (&& (== net461) (< net46)) (&& (== net472) (< net46)) (== netcoreapp3.1) (== netstandard2.0)
      System.Collections (>= 4.3) - restriction: || (&& (== net461) (< net46)) (&& (== net472) (< net46)) (== netcoreapp3.1) (== netstandard2.0)
      System.Collections.Concurrent (>= 4.3) - restriction: || (&& (== net461) (< net46)) (&& (== net472) (< net46)) (== netcoreapp3.1) (== netstandard2.0)
      System.Linq (>= 4.3) - restriction: || (&& (== net461) (< net46)) (&& (== net472) (< net46)) (== netcoreapp3.1) (== netstandard2.0)
      System.Resources.ResourceManager (>= 4.3) - restriction: || (&& (== net461) (< net46)) (&& (== net472) (< net46)) (== netcoreapp3.1) (== netstandard2.0)
      System.Runtime (>= 4.3) - restriction: || (&& (== net461) (< net46)) (&& (== net472) (< net46)) (== netcoreapp3.1) (== netstandard2.0)
      System.Runtime.Extensions (>= 4.3) - restriction: || (&& (== net461) (< net46)) (&& (== net472) (< net46)) (== netcoreapp3.1) (== netstandard2.0)
      System.Runtime.Handles (>= 4.3) - restriction: || (&& (== net461) (< net46)) (&& (== net472) (< net46)) (== netcoreapp3.1) (== netstandard2.0)
      System.Runtime.InteropServices (>= 4.3) - restriction: || (&& (== net461) (< net46)) (&& (== net472) (< net46)) (== netcoreapp3.1) (== netstandard2.0)
      System.Security.Cryptography.Primitives (>= 4.3) - restriction: || (&& (== net461) (< net46)) (&& (== net472) (< net46)) (== netcoreapp3.1) (== netstandard2.0)
      System.Text.Encoding (>= 4.3) - restriction: || (&& (== net461) (< net46)) (&& (== net472) (< net46)) (== netcoreapp3.1) (== netstandard2.0)
    System.Security.Cryptography.OpenSsl (5.0) - restriction: || (&& (== net461) (< net45) (>= netstandard1.6)) (&& (== net472) (< net45)) (== netcoreapp3.1) (== netstandard2.0)
      System.Formats.Asn1 (>= 5.0) - restriction: || (&& (== net461) (>= netcoreapp3.0)) (&& (== net472) (>= netcoreapp3.0)) (== netcoreapp3.1) (&& (== netstandard2.0) (>= netcoreapp3.0))
    System.Security.Cryptography.Pkcs (5.0) - restriction: || (&& (== net461) (>= netcoreapp3.0)) (&& (== net461) (>= netstandard2.1)) (&& (== net472) (< net461)) (&& (== net472) (>= netcoreapp2.0)) (&& (== net472) (>= netcoreapp2.1)) (&& (== net472) (>= netcoreapp3.0)) (&& (== net472) (>= netstandard2.1)) (== netcoreapp3.1) (== netstandard2.0)
      System.Formats.Asn1 (>= 5.0) - restriction: || (&& (== net461) (>= monoandroid)) (&& (== net461) (>= monotouch)) (&& (== net461) (< net46) (>= netstandard2.0)) (&& (== net461) (>= netcoreapp2.0)) (&& (== net461) (>= netcoreapp3.0)) (&& (== net461) (>= netstandard2.1)) (&& (== net461) (>= uap10.1)) (&& (== net461) (>= xamarinios)) (&& (== net461) (>= xamarinmac)) (&& (== net461) (>= xamarintvos)) (&& (== net461) (>= xamarinwatchos)) (&& (== net472) (>= monoandroid)) (&& (== net472) (>= monotouch)) (&& (== net472) (< net46)) (&& (== net472) (>= netcoreapp2.0)) (&& (== net472) (>= netcoreapp3.0)) (&& (== net472) (>= netstandard2.1)) (&& (== net472) (>= uap10.1)) (&& (== net472) (>= xamarinios)) (&& (== net472) (>= xamarinmac)) (&& (== net472) (>= xamarintvos)) (&& (== net472) (>= xamarinwatchos)) (== netcoreapp3.1) (== netstandard2.0)
      System.Security.Cryptography.Cng (>= 5.0) - restriction: || (&& (== net461) (< net46) (>= netstandard2.0)) (&& (== net461) (>= netcoreapp2.0)) (&& (== net461) (>= netcoreapp2.1)) (&& (== net461) (>= netcoreapp3.0)) (&& (== net461) (>= netstandard2.1)) (&& (== net472) (< net46)) (&& (== net472) (>= netcoreapp2.0)) (&& (== net472) (>= netcoreapp2.1)) (&& (== net472) (>= netcoreapp3.0)) (&& (== net472) (>= netstandard2.1)) (== netcoreapp3.1) (== netstandard2.0)
    System.Security.Cryptography.Primitives (4.3) - restriction: || (&& (== net461) (< net45) (>= netstandard1.6)) (&& (== net472) (< net45)) (== netcoreapp3.1) (== netstandard2.0)
      System.Diagnostics.Debug (>= 4.3) - restriction: || (&& (== net461) (< net46)) (&& (== net472) (< net46)) (== netcoreapp3.1) (== netstandard2.0)
      System.Globalization (>= 4.3) - restriction: || (&& (== net461) (< net46)) (&& (== net472) (< net46)) (== netcoreapp3.1) (== netstandard2.0)
      System.IO (>= 4.3) - restriction: || (&& (== net461) (< net46)) (&& (== net472) (< net46)) (== netcoreapp3.1) (== netstandard2.0)
      System.Resources.ResourceManager (>= 4.3) - restriction: || (&& (== net461) (< net46)) (&& (== net472) (< net46)) (== netcoreapp3.1) (== netstandard2.0)
      System.Runtime (>= 4.3) - restriction: || (&& (== net461) (< net46)) (&& (== net472) (< net46)) (== netcoreapp3.1) (== netstandard2.0)
      System.Threading (>= 4.3) - restriction: || (&& (== net461) (< net46)) (&& (== net472) (< net46)) (== netcoreapp3.1) (== netstandard2.0)
      System.Threading.Tasks (>= 4.3) - restriction: || (&& (== net461) (< net46)) (&& (== net472) (< net46)) (== netcoreapp3.1) (== netstandard2.0)
    System.Security.Cryptography.ProtectedData (5.0) - restriction: || (&& (== net472) (< net461)) (== netcoreapp3.1) (== netstandard2.0)
      System.Memory (>= 4.5.4) - restriction: || (&& (== net461) (< net46) (>= netstandard2.0)) (&& (== net472) (< net46)) (&& (== netcoreapp3.1) (< netcoreapp2.1)) (== netstandard2.0)
    System.Security.Cryptography.X509Certificates (4.3.2) - restriction: || (&& (== net461) (< net45)) (&& (== net472) (< net45)) (&& (== net472) (< net461)) (== netcoreapp3.1) (== netstandard2.0)
      Microsoft.NETCore.Platforms (>= 1.1) - restriction: || (&& (== net461) (< net46) (>= netstandard1.6)) (&& (== net472) (< net46)) (== netcoreapp3.1) (== netstandard2.0)
      runtime.native.System (>= 4.3) - restriction: || (&& (== net461) (< net46) (>= netstandard1.6)) (&& (== net472) (< net46)) (== netcoreapp3.1) (== netstandard2.0)
      runtime.native.System.Net.Http (>= 4.3) - restriction: || (&& (== net461) (< net46) (>= netstandard1.6)) (&& (== net472) (< net46)) (== netcoreapp3.1) (== netstandard2.0)
      runtime.native.System.Security.Cryptography.OpenSsl (>= 4.3.2) - restriction: || (&& (== net461) (< net46) (>= netstandard1.6)) (&& (== net472) (< net46)) (== netcoreapp3.1) (== netstandard2.0)
      System.Collections (>= 4.3) - restriction: || (&& (== net461) (< net46) (>= netstandard1.6)) (&& (== net472) (< net46)) (== netcoreapp3.1) (== netstandard2.0)
      System.Diagnostics.Debug (>= 4.3) - restriction: || (&& (== net461) (< net46) (>= netstandard1.6)) (&& (== net472) (< net46)) (== netcoreapp3.1) (== netstandard2.0)
      System.Globalization (>= 4.3) - restriction: || (&& (== net461) (< net46) (>= netstandard1.6)) (&& (== net472) (< net46)) (== netcoreapp3.1) (== netstandard2.0)
      System.Globalization.Calendars (>= 4.3) - restriction: || (&& (== net461) (< net46) (>= netstandard1.6)) (&& (== net472) (< net46)) (== netcoreapp3.1) (== netstandard2.0)
      System.IO (>= 4.3) - restriction: || (&& (== net461) (< net46) (>= netstandard1.6)) (&& (== net472) (< net46)) (== netcoreapp3.1) (== netstandard2.0)
      System.IO.FileSystem (>= 4.3) - restriction: || (&& (== net461) (< net46) (>= netstandard1.6)) (&& (== net472) (< net46)) (== netcoreapp3.1) (== netstandard2.0)
      System.IO.FileSystem.Primitives (>= 4.3) - restriction: || (&& (== net461) (< net46) (>= netstandard1.6)) (&& (== net472) (< net46)) (== netcoreapp3.1) (== netstandard2.0)
      System.Resources.ResourceManager (>= 4.3) - restriction: || (&& (== net461) (< net46) (>= netstandard1.6)) (&& (== net472) (< net46)) (== netcoreapp3.1) (== netstandard2.0)
      System.Runtime (>= 4.3) - restriction: || (&& (== net461) (< net46)) (&& (== net472) (< net46)) (== netcoreapp3.1) (== netstandard2.0)
      System.Runtime.Extensions (>= 4.3) - restriction: || (&& (== net461) (< net46) (>= netstandard1.6)) (&& (== net472) (< net46)) (== netcoreapp3.1) (== netstandard2.0)
      System.Runtime.Handles (>= 4.3) - restriction: || (&& (== net461) (< net46)) (&& (== net472) (< net46)) (== netcoreapp3.1) (== netstandard2.0)
      System.Runtime.InteropServices (>= 4.3) - restriction: || (&& (== net461) (< net46) (>= netstandard1.6)) (&& (== net472) (< net46)) (== netcoreapp3.1) (== netstandard2.0)
      System.Runtime.Numerics (>= 4.3) - restriction: || (&& (== net461) (< net46) (>= netstandard1.6)) (&& (== net472) (< net46)) (== netcoreapp3.1) (== netstandard2.0)
      System.Security.Cryptography.Algorithms (>= 4.3)
      System.Security.Cryptography.Cng (>= 4.3) - restriction: || (&& (== net461) (< net46) (>= netstandard1.6)) (&& (== net472) (< net46)) (== netcoreapp3.1) (== netstandard2.0)
      System.Security.Cryptography.Csp (>= 4.3) - restriction: || (&& (== net461) (< net46) (>= netstandard1.6)) (&& (== net472) (< net46)) (== netcoreapp3.1) (== netstandard2.0)
      System.Security.Cryptography.Encoding (>= 4.3)
      System.Security.Cryptography.OpenSsl (>= 4.3) - restriction: || (&& (== net461) (< net46) (>= netstandard1.6)) (&& (== net472) (< net46)) (== netcoreapp3.1) (== netstandard2.0)
      System.Security.Cryptography.Primitives (>= 4.3) - restriction: || (&& (== net461) (< net46) (>= netstandard1.6)) (&& (== net472) (< net46)) (== netcoreapp3.1) (== netstandard2.0)
      System.Text.Encoding (>= 4.3) - restriction: || (&& (== net461) (< net46) (>= netstandard1.6)) (&& (== net472) (< net46)) (== netcoreapp3.1) (== netstandard2.0)
      System.Threading (>= 4.3) - restriction: || (&& (== net461) (< net46) (>= netstandard1.6)) (&& (== net472) (< net46)) (== netcoreapp3.1) (== netstandard2.0)
    System.Security.Cryptography.Xml (5.0) - restriction: || (&& (== net461) (>= netcoreapp3.0)) (&& (== net461) (>= netstandard2.1)) (&& (== net472) (< net461)) (&& (== net472) (>= netcoreapp2.0)) (&& (== net472) (>= netcoreapp2.1)) (&& (== net472) (>= netcoreapp3.0)) (&& (== net472) (>= netstandard2.1)) (== netcoreapp3.1) (== netstandard2.0)
      System.Security.Cryptography.Pkcs (>= 5.0) - restriction: || (&& (== net461) (>= monoandroid)) (&& (== net461) (>= monotouch)) (&& (== net461) (>= netcoreapp2.1)) (&& (== net461) (>= xamarinios)) (&& (== net461) (>= xamarinmac)) (&& (== net461) (>= xamarintvos)) (&& (== net461) (>= xamarinwatchos)) (&& (== net472) (>= monoandroid)) (&& (== net472) (>= monotouch)) (&& (== net472) (< net461)) (&& (== net472) (>= netcoreapp2.1)) (&& (== net472) (>= xamarinios)) (&& (== net472) (>= xamarinmac)) (&& (== net472) (>= xamarintvos)) (&& (== net472) (>= xamarinwatchos)) (== netcoreapp3.1) (== netstandard2.0)
      System.Security.Permissions (>= 5.0)
    System.Security.Permissions (5.0)
      System.Security.AccessControl (>= 5.0)
      System.Windows.Extensions (>= 5.0) - restriction: || (&& (== net461) (>= netcoreapp3.0)) (&& (== net472) (>= netcoreapp3.0)) (== netcoreapp3.1) (&& (== netstandard2.0) (>= netcoreapp3.0))
    System.Security.Principal.Windows (5.0) - restriction: || (&& (== net461) (>= monoandroid) (>= netstandard2.0)) (&& (== net461) (>= monotouch) (>= netstandard2.0)) (&& (== net461) (< net452) (>= netstandard2.0)) (&& (== net461) (>= netcoreapp2.0)) (&& (== net461) (>= netcoreapp3.0)) (&& (== net461) (>= netstandard2.0) (>= uap10.1)) (&& (== net461) (>= netstandard2.0) (>= xamarintvos)) (&& (== net461) (>= netstandard2.0) (>= xamarinwatchos)) (&& (== net461) (>= xamarinios)) (&& (== net461) (>= xamarinmac)) (&& (== net472) (>= monoandroid)) (&& (== net472) (>= monotouch)) (&& (== net472) (< net452)) (&& (== net472) (>= netcoreapp2.0)) (&& (== net472) (>= netcoreapp3.0)) (&& (== net472) (>= uap10.1)) (&& (== net472) (>= xamarinios)) (&& (== net472) (>= xamarinmac)) (&& (== net472) (>= xamarintvos)) (&& (== net472) (>= xamarinwatchos)) (== netcoreapp3.1) (== netstandard2.0)
    System.Security.SecureString (4.3) - restriction: || (&& (== net461) (== netcoreapp3.1)) (&& (== net461) (>= monoandroid9.0)) (&& (== net461) (< net45)) (&& (== net461) (>= uap10.0)) (&& (== net461) (>= xamarinios)) (&& (== net472) (== netcoreapp3.1)) (&& (== net472) (>= monoandroid9.0)) (&& (== net472) (< net45)) (&& (== net472) (>= uap10.0)) (&& (== net472) (>= xamarinios)) (&& (== netcoreapp3.1) (>= monoandroid9.0)) (&& (== netcoreapp3.1) (< netcoreapp2.1)) (&& (== netcoreapp3.1) (>= uap10.0)) (&& (== netcoreapp3.1) (>= xamarinios)) (== netstandard2.0)
      Microsoft.NETCore.Platforms (>= 1.1) - restriction: || (&& (== net461) (< net46)) (&& (== net472) (< net46)) (== netcoreapp3.1) (== netstandard2.0)
      System.Resources.ResourceManager (>= 4.3) - restriction: || (&& (== net461) (< net46)) (&& (== net472) (< net46)) (== netcoreapp3.1) (== netstandard2.0)
      System.Runtime (>= 4.3) - restriction: || (&& (== net461) (< net46)) (&& (== net472) (< net46)) (== netcoreapp3.1) (== netstandard2.0)
      System.Runtime.Handles (>= 4.3) - restriction: || (&& (== net461) (< net46)) (&& (== net472) (< net46)) (== netcoreapp3.1) (== netstandard2.0)
      System.Runtime.InteropServices (>= 4.3) - restriction: || (&& (== net461) (< net46)) (&& (== net472) (< net46)) (== netcoreapp3.1) (== netstandard2.0)
      System.Security.Cryptography.Primitives (>= 4.3) - restriction: || (&& (== net461) (< net46)) (&& (== net472) (< net46)) (== netcoreapp3.1) (== netstandard2.0)
      System.Text.Encoding (>= 4.3) - restriction: || (&& (== net461) (< net46)) (&& (== net472) (< net46)) (== netcoreapp3.1) (== netstandard2.0)
      System.Threading (>= 4.3) - restriction: || (&& (== net461) (< net46)) (&& (== net472) (< net46)) (== netcoreapp3.1) (== netstandard2.0)
    System.ServiceModel.Duplex (4.8) - restriction: || (&& (== net461) (>= netcoreapp3.0)) (&& (== net461) (>= netstandard2.1)) (&& (== net472) (< net461)) (&& (== net472) (>= netcoreapp2.0)) (&& (== net472) (>= netcoreapp2.1)) (&& (== net472) (>= netcoreapp3.0)) (&& (== net472) (>= netstandard2.1)) (== netcoreapp3.1) (== netstandard2.0)
      System.Private.ServiceModel (>= 4.8) - restriction: || (&& (== net461) (< net45) (>= netstandard2.0)) (&& (== net472) (< net45)) (== netcoreapp3.1) (== netstandard2.0)
      System.ServiceModel.Primitives (>= 4.8)
    System.ServiceModel.Http (4.8)
      System.Private.ServiceModel (>= 4.8) - restriction: || (&& (== net461) (< net45) (>= netstandard2.0)) (&& (== net472) (< net45)) (== netcoreapp3.1) (== netstandard2.0)
      System.ServiceModel.Primitives (>= 4.8)
    System.ServiceModel.NetTcp (4.8) - restriction: || (&& (== net461) (< net452) (>= netstandard2.0)) (&& (== net461) (>= netcoreapp3.0)) (&& (== net461) (>= netstandard2.1)) (&& (== net472) (< net452)) (&& (== net472) (< net461)) (&& (== net472) (>= netcoreapp2.0)) (&& (== net472) (>= netcoreapp2.1)) (&& (== net472) (>= netcoreapp3.0)) (&& (== net472) (>= netstandard2.1)) (== netcoreapp3.1) (== netstandard2.0)
      System.Private.ServiceModel (>= 4.8) - restriction: || (&& (== net461) (< net45) (>= netstandard2.0)) (&& (== net472) (< net45)) (== netcoreapp3.1) (== netstandard2.0)
      System.ServiceModel.Primitives (>= 4.8)
    System.ServiceModel.Primitives (4.8)
      System.Private.ServiceModel (>= 4.8) - restriction: || (&& (== net461) (< net45) (>= netstandard2.0)) (&& (== net461) (>= netcoreapp2.1)) (&& (== net472) (< net45)) (&& (== net472) (>= netcoreapp2.1)) (== netcoreapp3.1) (== netstandard2.0)
    System.ServiceModel.Security (4.8) - restriction: || (&& (== net461) (>= netcoreapp3.0)) (&& (== net461) (>= netstandard2.1)) (&& (== net472) (< net461)) (&& (== net472) (>= netcoreapp2.0)) (&& (== net472) (>= netcoreapp2.1)) (&& (== net472) (>= netcoreapp3.0)) (&& (== net472) (>= netstandard2.1)) (== netcoreapp3.1) (== netstandard2.0)
      System.Private.ServiceModel (>= 4.8) - restriction: || (&& (== net461) (< net45) (>= netstandard2.0)) (&& (== net472) (< net45)) (== netcoreapp3.1) (== netstandard2.0)
      System.ServiceModel.Primitives (>= 4.8)
    System.ServiceModel.Syndication (5.0) - restriction: || (&& (== net461) (>= netcoreapp3.0)) (&& (== net461) (>= netstandard2.1)) (&& (== net472) (< net461)) (&& (== net472) (>= netcoreapp2.0)) (&& (== net472) (>= netcoreapp2.1)) (&& (== net472) (>= netcoreapp3.0)) (&& (== net472) (>= netstandard2.1)) (== netcoreapp3.1) (== netstandard2.0)
    System.ServiceProcess.ServiceController (5.0) - restriction: || (&& (== net461) (< net452) (>= netstandard2.0)) (&& (== net461) (>= netcoreapp3.0)) (&& (== net461) (>= netstandard2.1)) (&& (== net472) (< net452)) (&& (== net472) (< net461)) (&& (== net472) (>= netcoreapp2.0)) (&& (== net472) (>= netcoreapp2.1)) (&& (== net472) (>= netcoreapp3.0)) (&& (== net472) (>= netstandard2.1)) (== netcoreapp3.1) (== netstandard2.0)
      System.Buffers (>= 4.5.1) - restriction: || (&& (== net461) (>= monoandroid)) (&& (== net461) (>= monotouch)) (&& (== net461) (>= xamarinios)) (&& (== net461) (>= xamarinmac)) (&& (== net461) (>= xamarintvos)) (&& (== net461) (>= xamarinwatchos)) (&& (== net472) (>= monoandroid)) (&& (== net472) (>= monotouch)) (&& (== net472) (< net461)) (&& (== net472) (>= xamarinios)) (&& (== net472) (>= xamarinmac)) (&& (== net472) (>= xamarintvos)) (&& (== net472) (>= xamarinwatchos)) (&& (== netcoreapp3.1) (>= monoandroid)) (&& (== netcoreapp3.1) (>= monotouch)) (&& (== netcoreapp3.1) (< netcoreapp2.0)) (&& (== netcoreapp3.1) (>= xamarinios)) (&& (== netcoreapp3.1) (>= xamarinmac)) (&& (== netcoreapp3.1) (>= xamarintvos)) (&& (== netcoreapp3.1) (>= xamarinwatchos)) (== netstandard2.0)
      System.Diagnostics.EventLog (>= 5.0)
      System.Memory (>= 4.5.4) - restriction: || (&& (== net461) (>= netcoreapp2.0)) (&& (== net461) (>= uap10.1)) (&& (== net472) (< net461)) (&& (== net472) (>= netcoreapp2.0)) (&& (== net472) (>= uap10.1)) (&& (== netcoreapp3.1) (< netcoreapp2.0)) (&& (== netcoreapp3.1) (< netcoreapp2.1)) (&& (== netcoreapp3.1) (>= uap10.1)) (== netstandard2.0)
    System.Text.Encoding (4.3) - restriction: || (&& (== net461) (< net45)) (&& (== net472) (< net45)) (== netcoreapp3.1) (== netstandard2.0)
      Microsoft.NETCore.Platforms (>= 1.1) - restriction: || (&& (== net461) (< net45)) (&& (== net472) (< net45)) (== netcoreapp3.1) (== netstandard2.0)
      Microsoft.NETCore.Targets (>= 1.1) - restriction: || (&& (== net461) (< net45)) (&& (== net472) (< net45)) (== netcoreapp3.1) (== netstandard2.0)
      System.Runtime (>= 4.3) - restriction: || (&& (== net461) (< net45)) (&& (== net472) (< net45)) (== netcoreapp3.1) (== netstandard2.0)
    System.Text.Encoding.CodePages (5.0) - restriction: || (&& (== net461) (>= netcoreapp2.0)) (&& (== net461) (>= netcoreapp2.1)) (&& (== net461) (>= netcoreapp3.0)) (&& (== net461) (>= netstandard2.0)) (&& (== net461) (>= netstandard2.1)) (== net472) (== netcoreapp3.1) (== netstandard2.0)
      System.Runtime.CompilerServices.Unsafe (>= 5.0)
    System.Text.Encoding.Extensions (4.3) - restriction: || (&& (== net461) (== netcoreapp3.1)) (&& (== net461) (< net45)) (&& (== net472) (== netcoreapp3.1)) (&& (== net472) (< net45)) (&& (== netcoreapp3.1) (< netcoreapp2.1)) (== netstandard2.0)
      Microsoft.NETCore.Platforms (>= 1.1) - restriction: || (&& (== net461) (< net45)) (&& (== net472) (< net45)) (== netcoreapp3.1) (== netstandard2.0)
      Microsoft.NETCore.Targets (>= 1.1) - restriction: || (&& (== net461) (< net45)) (&& (== net472) (< net45)) (== netcoreapp3.1) (== netstandard2.0)
      System.Runtime (>= 4.3) - restriction: || (&& (== net461) (< net45)) (&& (== net472) (< net45)) (== netcoreapp3.1) (== netstandard2.0)
      System.Text.Encoding (>= 4.3) - restriction: || (&& (== net461) (< net45)) (&& (== net472) (< net45)) (== netcoreapp3.1) (== netstandard2.0)
    System.Text.Encodings.Web (5.0) - restriction: || (&& (== net461) (>= netstandard2.0)) (== net472) (== netcoreapp3.1) (== netstandard2.0)
      System.Memory (>= 4.5.4) - restriction: || (== net461) (== net472) (&& (== netcoreapp3.1) (>= net461)) (&& (== netcoreapp3.1) (< netcoreapp2.1) (< netstandard2.1)) (&& (== netcoreapp3.1) (>= uap10.1)) (== netstandard2.0)
    System.Text.Json (5.0) - restriction: || (&& (== net461) (>= netcoreapp3.0)) (&& (== net472) (>= netcoreapp3.0)) (== netcoreapp3.1) (&& (== netstandard2.0) (>= netcoreapp3.0))
    System.Text.RegularExpressions (4.3.1) - restriction: || (&& (== net461) (< net45)) (&& (== net461) (< net451)) (&& (== net461) (>= uap10.0)) (&& (== net472) (< net45)) (&& (== net472) (< net451)) (&& (== net472) (>= uap10.0)) (== netcoreapp3.1) (== netstandard2.0)
      System.Collections (>= 4.3) - restriction: || (&& (== net461) (< net45) (>= netstandard1.6)) (&& (== net472) (< net45)) (&& (== netcoreapp3.1) (< netcoreapp1.1)) (== netstandard2.0)
      System.Globalization (>= 4.3) - restriction: || (&& (== net461) (< net45) (>= netstandard1.6)) (&& (== net472) (< net45)) (&& (== netcoreapp3.1) (< netcoreapp1.1)) (== netstandard2.0)
      System.Resources.ResourceManager (>= 4.3) - restriction: || (&& (== net461) (< net45) (>= netstandard1.6)) (&& (== net472) (< net45)) (&& (== netcoreapp3.1) (< netcoreapp1.1)) (== netstandard2.0)
      System.Runtime (>= 4.3.1) - restriction: || (&& (== net461) (< net45)) (&& (== net461) (>= netcoreapp1.1)) (&& (== net472) (< net45)) (&& (== net472) (>= netcoreapp1.1)) (== netcoreapp3.1) (== netstandard2.0)
      System.Runtime.Extensions (>= 4.3.1) - restriction: || (&& (== net461) (< net45) (>= netstandard1.6)) (&& (== net472) (< net45)) (&& (== netcoreapp3.1) (< netcoreapp1.1)) (== netstandard2.0)
      System.Threading (>= 4.3) - restriction: || (&& (== net461) (< net45) (>= netstandard1.6)) (&& (== net472) (< net45)) (&& (== netcoreapp3.1) (< netcoreapp1.1)) (== netstandard2.0)
    System.Threading (4.3) - restriction: || (&& (== net461) (< net45)) (&& (== net461) (>= netcoreapp2.1)) (&& (== net461) (>= xamarinios)) (&& (== net472) (< net45)) (&& (== net472) (>= netcoreapp2.1)) (&& (== net472) (>= xamarinios)) (== netcoreapp3.1) (== netstandard2.0)
      System.Runtime (>= 4.3) - restriction: || (&& (== net461) (< net45)) (&& (== net472) (< net45)) (== netcoreapp3.1) (== netstandard2.0)
      System.Threading.Tasks (>= 4.3) - restriction: || (&& (== net461) (< net45)) (&& (== net472) (< net45)) (== netcoreapp3.1) (== netstandard2.0)
    System.Threading.AccessControl (5.0) - restriction: || (&& (== net461) (>= netcoreapp3.0)) (&& (== net461) (>= netstandard2.1)) (&& (== net472) (< net461)) (&& (== net472) (>= netcoreapp2.0)) (&& (== net472) (>= netcoreapp2.1)) (&& (== net472) (>= netcoreapp3.0)) (&& (== net472) (>= netstandard2.1)) (== netcoreapp3.1) (== netstandard2.0)
      System.Memory (>= 4.5.4) - restriction: || (&& (== net461) (< net46) (>= netstandard2.0)) (&& (== net472) (< net46)) (&& (== netcoreapp3.1) (< netcoreapp2.1)) (== netstandard2.0)
      System.Security.AccessControl (>= 5.0)
      System.Security.Principal.Windows (>= 5.0)
    System.Threading.Tasks (4.3) - restriction: || (&& (== net461) (< net45)) (&& (== net461) (< net451)) (&& (== net461) (>= netcoreapp2.1)) (&& (== net472) (< net45)) (&& (== net472) (< net451)) (&& (== net472) (>= netcoreapp2.1)) (== netcoreapp3.1) (== netstandard2.0)
      Microsoft.NETCore.Platforms (>= 1.1) - restriction: || (&& (== net461) (< net45)) (&& (== net472) (< net45)) (== netcoreapp3.1) (== netstandard2.0)
      Microsoft.NETCore.Targets (>= 1.1) - restriction: || (&& (== net461) (< net45)) (&& (== net472) (< net45)) (== netcoreapp3.1) (== netstandard2.0)
      System.Runtime (>= 4.3) - restriction: || (&& (== net461) (< net45)) (&& (== net472) (< net45)) (== netcoreapp3.1) (== netstandard2.0)
    System.Threading.Tasks.Extensions (4.5.4)
      System.Runtime.CompilerServices.Unsafe (>= 4.5.3) - restriction: || (== net461) (== net472) (&& (== netcoreapp3.1) (>= net461)) (&& (== netcoreapp3.1) (< netcoreapp2.1)) (&& (== netcoreapp3.1) (< netstandard1.0)) (&& (== netcoreapp3.1) (< netstandard2.0)) (&& (== netcoreapp3.1) (>= wp8)) (== netstandard2.0)
    System.Threading.Tasks.Parallel (4.3) - restriction: || (&& (== net461) (>= netstandard2.0)) (== net472) (== netcoreapp3.1) (== netstandard2.0)
      System.Collections.Concurrent (>= 4.3) - restriction: || (&& (== net461) (< net45)) (&& (== net472) (< net45)) (== netcoreapp3.1) (== netstandard2.0)
      System.Diagnostics.Debug (>= 4.3) - restriction: || (&& (== net461) (< net45)) (&& (== net472) (< net45)) (== netcoreapp3.1) (== netstandard2.0)
      System.Diagnostics.Tracing (>= 4.3) - restriction: || (&& (== net461) (< net45)) (&& (== net472) (< net45)) (== netcoreapp3.1) (== netstandard2.0)
      System.Resources.ResourceManager (>= 4.3) - restriction: || (&& (== net461) (< net45)) (&& (== net472) (< net45)) (== netcoreapp3.1) (== netstandard2.0)
      System.Runtime (>= 4.3) - restriction: || (&& (== net461) (< net45)) (&& (== net472) (< net45)) (== netcoreapp3.1) (== netstandard2.0)
      System.Runtime.Extensions (>= 4.3) - restriction: || (&& (== net461) (< net45)) (&& (== net472) (< net45)) (== netcoreapp3.1) (== netstandard2.0)
      System.Threading (>= 4.3) - restriction: || (&& (== net461) (< net45)) (&& (== net472) (< net45)) (== netcoreapp3.1) (== netstandard2.0)
      System.Threading.Tasks (>= 4.3) - restriction: || (&& (== net461) (< net45)) (&& (== net472) (< net45)) (== netcoreapp3.1) (== netstandard2.0)
    System.Threading.Thread (4.3) - restriction: || (&& (== net461) (< net45)) (&& (== net461) (>= netcoreapp2.1)) (&& (== net472) (< net45)) (&& (== net472) (>= netcoreapp2.1)) (== netcoreapp3.1) (== netstandard2.0)
      System.Runtime (>= 4.3) - restriction: || (&& (== net461) (< net46)) (&& (== net472) (< net46)) (== netcoreapp3.1) (== netstandard2.0)
    System.Threading.ThreadPool (4.3) - restriction: || (&& (== net461) (== netcoreapp3.1)) (&& (== net461) (< net45)) (&& (== net472) (== netcoreapp3.1)) (&& (== net472) (< net45)) (&& (== netcoreapp3.1) (< netcoreapp2.1)) (== netstandard2.0)
      System.Runtime (>= 4.3) - restriction: || (&& (== net461) (< net46)) (&& (== net472) (< net46)) (== netcoreapp3.1) (== netstandard2.0)
      System.Runtime.Handles (>= 4.3) - restriction: || (&& (== net461) (< net46)) (&& (== net472) (< net46)) (== netcoreapp3.1) (== netstandard2.0)
    System.ValueTuple (4.5)
    System.Windows.Extensions (5.0) - restriction: || (&& (== net461) (>= netcoreapp3.0)) (&& (== net472) (>= netcoreapp3.0)) (== netcoreapp3.1) (&& (== netstandard2.0) (>= netcoreapp3.0))
      System.Drawing.Common (>= 5.0) - restriction: || (&& (== net461) (>= netcoreapp3.0)) (&& (== net472) (>= netcoreapp3.0)) (== netcoreapp3.1) (&& (== netstandard2.0) (>= netcoreapp3.0))
    System.Xml.ReaderWriter (4.3.1) - restriction: || (&& (== net461) (< net45)) (&& (== net461) (>= netcoreapp2.1)) (&& (== net461) (>= uap10.0)) (&& (== net472) (< net45)) (&& (== net472) (>= netcoreapp2.1)) (&& (== net472) (>= uap10.0)) (== netcoreapp3.1) (== netstandard2.0)
      System.Collections (>= 4.3) - restriction: || (&& (== net461) (< net45)) (&& (== net472) (< net45)) (== netcoreapp3.1) (== netstandard2.0)
      System.Diagnostics.Debug (>= 4.3) - restriction: || (&& (== net461) (< net45)) (&& (== net472) (< net45)) (== netcoreapp3.1) (== netstandard2.0)
      System.Globalization (>= 4.3) - restriction: || (&& (== net461) (< net45)) (&& (== net472) (< net45)) (== netcoreapp3.1) (== netstandard2.0)
      System.IO (>= 4.3) - restriction: || (&& (== net461) (< net45)) (&& (== net472) (< net45)) (== netcoreapp3.1) (== netstandard2.0)
      System.IO.FileSystem (>= 4.3) - restriction: || (&& (== net461) (< net45)) (&& (== net472) (< net45)) (== netcoreapp3.1) (== netstandard2.0)
      System.IO.FileSystem.Primitives (>= 4.3) - restriction: || (&& (== net461) (< net45)) (&& (== net472) (< net45)) (== netcoreapp3.1) (== netstandard2.0)
      System.Resources.ResourceManager (>= 4.3) - restriction: || (&& (== net461) (< net45)) (&& (== net472) (< net45)) (== netcoreapp3.1) (== netstandard2.0)
      System.Runtime (>= 4.3) - restriction: || (&& (== net461) (< net45)) (&& (== net472) (< net45)) (== netcoreapp3.1) (== netstandard2.0)
      System.Runtime.Extensions (>= 4.3) - restriction: || (&& (== net461) (< net45)) (&& (== net472) (< net45)) (== netcoreapp3.1) (== netstandard2.0)
      System.Runtime.InteropServices (>= 4.3) - restriction: || (&& (== net461) (< net45)) (&& (== net472) (< net45)) (== netcoreapp3.1) (== netstandard2.0)
      System.Text.Encoding (>= 4.3) - restriction: || (&& (== net461) (< net45)) (&& (== net472) (< net45)) (== netcoreapp3.1) (== netstandard2.0)
      System.Text.Encoding.Extensions (>= 4.3) - restriction: || (&& (== net461) (< net45)) (&& (== net472) (< net45)) (== netcoreapp3.1) (== netstandard2.0)
      System.Text.RegularExpressions (>= 4.3) - restriction: || (&& (== net461) (< net45)) (&& (== net472) (< net45)) (== netcoreapp3.1) (== netstandard2.0)
      System.Threading.Tasks (>= 4.3) - restriction: || (&& (== net461) (< net45)) (&& (== net472) (< net45)) (== netcoreapp3.1) (== netstandard2.0)
      System.Threading.Tasks.Extensions (>= 4.3) - restriction: || (&& (== net461) (< net45)) (&& (== net472) (< net45)) (== netcoreapp3.1) (== netstandard2.0)
    System.Xml.XDocument (4.3) - restriction: || (&& (== net461) (== netcoreapp3.1)) (&& (== net461) (< net45)) (&& (== net461) (>= uap10.0)) (&& (== net472) (== netcoreapp3.1)) (&& (== net472) (< net45)) (&& (== net472) (>= uap10.0)) (&& (== netcoreapp3.1) (< netcoreapp2.1)) (&& (== netcoreapp3.1) (>= uap10.0)) (== netstandard2.0)
      System.Collections (>= 4.3) - restriction: || (&& (== net461) (< net45)) (&& (== net472) (< net45)) (== netcoreapp3.1) (== netstandard2.0)
      System.Diagnostics.Debug (>= 4.3) - restriction: || (&& (== net461) (< net45)) (&& (== net472) (< net45)) (== netcoreapp3.1) (== netstandard2.0)
      System.Diagnostics.Tools (>= 4.3) - restriction: || (&& (== net461) (< net45)) (&& (== net472) (< net45)) (== netcoreapp3.1) (== netstandard2.0)
      System.Globalization (>= 4.3) - restriction: || (&& (== net461) (< net45)) (&& (== net472) (< net45)) (== netcoreapp3.1) (== netstandard2.0)
      System.IO (>= 4.3) - restriction: || (&& (== net461) (< net45)) (&& (== net472) (< net45)) (== netcoreapp3.1) (== netstandard2.0)
      System.Reflection (>= 4.3) - restriction: || (&& (== net461) (< net45)) (&& (== net472) (< net45)) (== netcoreapp3.1) (== netstandard2.0)
      System.Resources.ResourceManager (>= 4.3) - restriction: || (&& (== net461) (< net45)) (&& (== net472) (< net45)) (== netcoreapp3.1) (== netstandard2.0)
      System.Runtime (>= 4.3) - restriction: || (&& (== net461) (< net45)) (&& (== net472) (< net45)) (== netcoreapp3.1) (== netstandard2.0)
      System.Runtime.Extensions (>= 4.3) - restriction: || (&& (== net461) (< net45)) (&& (== net472) (< net45)) (== netcoreapp3.1) (== netstandard2.0)
      System.Text.Encoding (>= 4.3) - restriction: || (&& (== net461) (< net45)) (&& (== net472) (< net45)) (== netcoreapp3.1) (== netstandard2.0)
      System.Threading (>= 4.3) - restriction: || (&& (== net461) (< net45)) (&& (== net472) (< net45)) (== netcoreapp3.1) (== netstandard2.0)
      System.Xml.ReaderWriter (>= 4.3) - restriction: || (&& (== net461) (< net45)) (&& (== net472) (< net45)) (== netcoreapp3.1) (== netstandard2.0)
    System.Xml.XmlDocument (4.3) - restriction: || (&& (== net461) (< net35)) (&& (== net461) (< net45)) (&& (== net461) (>= netcoreapp2.1)) (&& (== net461) (>= xamarinios)) (&& (== net472) (< net35)) (&& (== net472) (< net45)) (&& (== net472) (>= netcoreapp2.1)) (&& (== net472) (>= xamarinios)) (== netcoreapp3.1) (== netstandard2.0)
      System.Collections (>= 4.3) - restriction: || (&& (== net461) (< net46)) (&& (== net472) (< net46)) (== netcoreapp3.1) (== netstandard2.0)
      System.Diagnostics.Debug (>= 4.3) - restriction: || (&& (== net461) (< net46)) (&& (== net472) (< net46)) (== netcoreapp3.1) (== netstandard2.0)
      System.Globalization (>= 4.3) - restriction: || (&& (== net461) (< net46)) (&& (== net472) (< net46)) (== netcoreapp3.1) (== netstandard2.0)
      System.IO (>= 4.3) - restriction: || (&& (== net461) (< net46)) (&& (== net472) (< net46)) (== netcoreapp3.1) (== netstandard2.0)
      System.Resources.ResourceManager (>= 4.3) - restriction: || (&& (== net461) (< net46)) (&& (== net472) (< net46)) (== netcoreapp3.1) (== netstandard2.0)
      System.Runtime (>= 4.3) - restriction: || (&& (== net461) (< net46)) (&& (== net472) (< net46)) (== netcoreapp3.1) (== netstandard2.0)
      System.Runtime.Extensions (>= 4.3) - restriction: || (&& (== net461) (< net46)) (&& (== net472) (< net46)) (== netcoreapp3.1) (== netstandard2.0)
      System.Text.Encoding (>= 4.3) - restriction: || (&& (== net461) (< net46)) (&& (== net472) (< net46)) (== netcoreapp3.1) (== netstandard2.0)
      System.Threading (>= 4.3) - restriction: || (&& (== net461) (< net46)) (&& (== net472) (< net46)) (== netcoreapp3.1) (== netstandard2.0)
      System.Xml.ReaderWriter (>= 4.3) - restriction: || (&& (== net461) (< net46)) (&& (== net472) (< net46)) (== netcoreapp3.1) (== netstandard2.0)
    System.Xml.XmlSerializer (4.3) - restriction: || (&& (== net461) (== netcoreapp3.1)) (&& (== net461) (< net45)) (&& (== net461) (>= uap10.0)) (&& (== net472) (== netcoreapp3.1)) (&& (== net472) (< net45)) (&& (== net472) (>= uap10.0)) (&& (== netcoreapp3.1) (< netcoreapp2.1)) (&& (== netcoreapp3.1) (>= uap10.0)) (== netstandard2.0)
      System.Collections (>= 4.3) - restriction: || (&& (== net461) (< net45)) (&& (== net472) (< net45)) (== netcoreapp3.1) (== netstandard2.0)
      System.Globalization (>= 4.3) - restriction: || (&& (== net461) (< net45)) (&& (== net472) (< net45)) (== netcoreapp3.1) (== netstandard2.0)
      System.IO (>= 4.3) - restriction: || (&& (== net461) (< net45)) (&& (== net472) (< net45)) (== netcoreapp3.1) (== netstandard2.0)
      System.Linq (>= 4.3) - restriction: || (&& (== net461) (< net45)) (&& (== net472) (< net45)) (== netcoreapp3.1) (== netstandard2.0)
      System.Reflection (>= 4.3) - restriction: || (&& (== net461) (< net45)) (&& (== net472) (< net45)) (== netcoreapp3.1) (== netstandard2.0)
      System.Reflection.Emit (>= 4.3) - restriction: || (&& (== net461) (< net45)) (&& (== net472) (< net45)) (== netcoreapp3.1) (== netstandard2.0)
      System.Reflection.Emit.ILGeneration (>= 4.3) - restriction: || (&& (== net461) (< net45)) (&& (== net472) (< net45)) (== netcoreapp3.1) (== netstandard2.0)
      System.Reflection.Extensions (>= 4.3) - restriction: || (&& (== net461) (< net45)) (&& (== net472) (< net45)) (== netcoreapp3.1) (== netstandard2.0)
      System.Reflection.Primitives (>= 4.3) - restriction: || (&& (== net461) (< net45)) (&& (== net472) (< net45)) (== netcoreapp3.1) (== netstandard2.0)
      System.Reflection.TypeExtensions (>= 4.3) - restriction: || (&& (== net461) (< net45)) (&& (== net472) (< net45)) (== netcoreapp3.1) (== netstandard2.0)
      System.Resources.ResourceManager (>= 4.3) - restriction: || (&& (== net461) (< net45)) (&& (== net472) (< net45)) (== netcoreapp3.1) (== netstandard2.0)
      System.Runtime (>= 4.3) - restriction: || (&& (== net461) (< net45)) (&& (== net472) (< net45)) (== netcoreapp3.1) (== netstandard2.0)
      System.Runtime.Extensions (>= 4.3) - restriction: || (&& (== net461) (< net45)) (&& (== net472) (< net45)) (== netcoreapp3.1) (== netstandard2.0)
      System.Text.RegularExpressions (>= 4.3) - restriction: || (&& (== net461) (< net45)) (&& (== net472) (< net45)) (== netcoreapp3.1) (== netstandard2.0)
      System.Threading (>= 4.3) - restriction: || (&& (== net461) (< net45)) (&& (== net472) (< net45)) (== netcoreapp3.1) (== netstandard2.0)
      System.Xml.ReaderWriter (>= 4.3) - restriction: || (&& (== net461) (< net45)) (&& (== net472) (< net45)) (== netcoreapp3.1) (== netstandard2.0)
      System.Xml.XmlDocument (>= 4.3) - restriction: || (&& (== net461) (< net45)) (&& (== net472) (< net45)) (== netcoreapp3.1) (== netstandard2.0)
    System.Xml.XPath (4.3) - restriction: || (&& (== net461) (>= netcoreapp2.1)) (&& (== net472) (>= netcoreapp2.1)) (== netcoreapp3.1) (&& (== netstandard2.0) (>= netcoreapp2.1))
      System.Collections (>= 4.3) - restriction: || (&& (== net461) (< net46)) (&& (== net472) (< net46)) (== netcoreapp3.1) (== netstandard2.0)
      System.Diagnostics.Debug (>= 4.3) - restriction: || (&& (== net461) (< net46)) (&& (== net472) (< net46)) (== netcoreapp3.1) (== netstandard2.0)
      System.Globalization (>= 4.3) - restriction: || (&& (== net461) (< net46)) (&& (== net472) (< net46)) (== netcoreapp3.1) (== netstandard2.0)
      System.IO (>= 4.3) - restriction: || (&& (== net461) (< net46)) (&& (== net472) (< net46)) (== netcoreapp3.1) (== netstandard2.0)
      System.Resources.ResourceManager (>= 4.3) - restriction: || (&& (== net461) (< net46)) (&& (== net472) (< net46)) (== netcoreapp3.1) (== netstandard2.0)
      System.Runtime (>= 4.3) - restriction: || (&& (== net461) (< net46)) (&& (== net472) (< net46)) (== netcoreapp3.1) (== netstandard2.0)
      System.Runtime.Extensions (>= 4.3) - restriction: || (&& (== net461) (< net46)) (&& (== net472) (< net46)) (== netcoreapp3.1) (== netstandard2.0)
      System.Threading (>= 4.3) - restriction: || (&& (== net461) (< net46)) (&& (== net472) (< net46)) (== netcoreapp3.1) (== netstandard2.0)
      System.Xml.ReaderWriter (>= 4.3) - restriction: || (&& (== net461) (< net46)) (&& (== net472) (< net46)) (== netcoreapp3.1) (== netstandard2.0)
    System.Xml.XPath.XmlDocument (4.3) - restriction: || (&& (== net461) (>= netcoreapp2.1)) (&& (== net472) (>= netcoreapp2.1)) (== netcoreapp3.1) (&& (== netstandard2.0) (>= netcoreapp2.1))
      System.Collections (>= 4.3) - restriction: || (&& (== net461) (< net46)) (&& (== net472) (< net46)) (== netcoreapp3.1) (== netstandard2.0)
      System.Globalization (>= 4.3) - restriction: || (&& (== net461) (< net46)) (&& (== net472) (< net46)) (== netcoreapp3.1) (== netstandard2.0)
      System.IO (>= 4.3) - restriction: || (&& (== net461) (< net46)) (&& (== net472) (< net46)) (== netcoreapp3.1) (== netstandard2.0)
      System.Resources.ResourceManager (>= 4.3) - restriction: || (&& (== net461) (< net46)) (&& (== net472) (< net46)) (== netcoreapp3.1) (== netstandard2.0)
      System.Runtime (>= 4.3) - restriction: || (&& (== net461) (< net46)) (&& (== net472) (< net46)) (== netcoreapp3.1) (== netstandard2.0)
      System.Runtime.Extensions (>= 4.3) - restriction: || (&& (== net461) (< net46)) (&& (== net472) (< net46)) (== netcoreapp3.1) (== netstandard2.0)
      System.Threading (>= 4.3) - restriction: || (&& (== net461) (< net46)) (&& (== net472) (< net46)) (== netcoreapp3.1) (== netstandard2.0)
      System.Xml.ReaderWriter (>= 4.3) - restriction: || (&& (== net461) (< net46)) (&& (== net472) (< net46)) (== netcoreapp3.1) (== netstandard2.0)
      System.Xml.XmlDocument (>= 4.3)
      System.Xml.XPath (>= 4.3)
    Unofficial.Microsoft.mshtml (7.0.3300)
    Xpand.Collections (1.0.4)
    Xpand.Patcher (2.0.27)
      Mono.Cecil (>= 0.11.2) - restriction: || (== net461) (== net472) (&& (== netcoreapp3.1) (>= net45)) (&& (== netstandard2.0) (>= net45))
    YamlDotNet (8.1.2)
  remote: https://nuget.devexpress.com/88luCgoeuPFTrDrTDcc6zKg22U2cVcTm3vdKCv88I7PHF9St6i/api
    DevExpress.Charts (20.2.3)
      DevExpress.Charts.Core (20.2.3)
      DevExpress.Data (20.2.3)
      DevExpress.DataVisualization.Core (20.2.3)
      DevExpress.Printing.Core (20.2.3)
      NETStandard.Library (>= 2.0.3) - restriction: || (&& (== net461) (< net452) (>= netstandard2.0)) (&& (== net472) (< net452)) (== netcoreapp3.1) (== netstandard2.0)
      System.Drawing.Common (>= 4.5) - restriction: || (&& (== net461) (< net452) (>= netstandard2.0)) (&& (== net472) (< net452)) (== netcoreapp3.1) (== netstandard2.0)
    DevExpress.Charts.Core (20.2.3)
      DevExpress.Data (20.2.3)
      NETStandard.Library (>= 2.0.3) - restriction: || (&& (== net461) (< net452) (>= netstandard2.0)) (&& (== net472) (< net452)) (== netcoreapp3.1) (== netstandard2.0)
    DevExpress.CodeParser (20.2.3)
      DevExpress.Data (20.2.3)
    DevExpress.Dashboard.Core (20.2.3)
      DevExpress.Charts (20.2.3)
      DevExpress.Charts.Core (20.2.3)
      DevExpress.Data (20.2.3)
      DevExpress.DataAccess (20.2.3)
      DevExpress.Gauges.Core (20.2.3)
      DevExpress.Map.Core (20.2.3)
      DevExpress.Office.Core (20.2.3)
      DevExpress.PivotGrid.Core (20.2.3)
      DevExpress.Printing.Core (20.2.3)
      DevExpress.Reporting.Core (20.2.3)
      DevExpress.RichEdit.Core (20.2.3)
      DevExpress.Sparkline.Core (20.2.3)
      DevExpress.TreeMap (20.2.3)
      DevExpress.TreeMap.Core (20.2.3)
      DevExpress.Xpo (20.2.3)
      NETStandard.Library (>= 2.0.3) - restriction: || (&& (== net461) (< net452) (>= netstandard2.0)) (&& (== net472) (< net452)) (== netcoreapp3.1) (== netstandard2.0)
      System.Drawing.Common (>= 4.5) - restriction: || (&& (== net461) (< net452) (>= netstandard2.0)) (&& (== net472) (< net452)) (== netcoreapp3.1) (== netstandard2.0)
    DevExpress.Data.Desktop (20.2.3) - restriction: || (== net461) (== net472) (&& (== netcoreapp3.1) (>= net452)) (&& (== netstandard2.0) (>= net452))
      DevExpress.Data (20.2.3) - restriction: || (== net461) (== net472) (&& (== netcoreapp3.1) (>= net452)) (&& (== netstandard2.0) (>= net452))
    DevExpress.DataAccess (20.2.3)
      DevExpress.CodeParser (20.2.3)
      DevExpress.Data (20.2.3)
      DevExpress.Office.Core (20.2.3)
      DevExpress.Printing.Core (20.2.3)
      DevExpress.RichEdit.Core (20.2.3)
      DevExpress.Xpo (20.2.3)
    DevExpress.DataAccess.UI (20.2.3) - restriction: || (== net461) (== net472) (&& (== netcoreapp3.1) (>= net452)) (&& (== netstandard2.0) (>= net452))
      DevExpress.CodeParser (20.2.3) - restriction: || (== net461) (== net472) (&& (== netcoreapp3.1) (>= net452)) (&& (== netstandard2.0) (>= net452))
      DevExpress.Data (20.2.3) - restriction: || (== net461) (== net472) (&& (== netcoreapp3.1) (>= net452)) (&& (== netstandard2.0) (>= net452))
      DevExpress.Data.Desktop (20.2.3) - restriction: || (== net461) (== net472) (&& (== netcoreapp3.1) (>= net452)) (&& (== netstandard2.0) (>= net452))
      DevExpress.DataAccess (20.2.3) - restriction: || (== net461) (== net472) (&& (== netcoreapp3.1) (>= net452)) (&& (== netstandard2.0) (>= net452))
      DevExpress.Diagram.Core (20.2.3) - restriction: || (== net461) (== net472) (&& (== netcoreapp3.1) (>= net452)) (&& (== netstandard2.0) (>= net452))
      DevExpress.Printing.Core (20.2.3) - restriction: || (== net461) (== net472) (&& (== netcoreapp3.1) (>= net452)) (&& (== netstandard2.0) (>= net452))
      DevExpress.RichEdit.Core (20.2.3) - restriction: || (== net461) (== net472) (&& (== netcoreapp3.1) (>= net452)) (&& (== netstandard2.0) (>= net452))
      DevExpress.Utils (20.2.3) - restriction: || (== net461) (== net472) (&& (== netcoreapp3.1) (>= net452)) (&& (== netstandard2.0) (>= net452))
      DevExpress.Utils.UI (20.2.3) - restriction: || (== net461) (== net472) (&& (== netcoreapp3.1) (>= net452)) (&& (== netstandard2.0) (>= net452))
      DevExpress.Win.Diagram (20.2.3) - restriction: || (== net461) (== net472) (&& (== netcoreapp3.1) (>= net452)) (&& (== netstandard2.0) (>= net452))
      DevExpress.Win.Grid (20.2.3) - restriction: || (== net461) (== net472) (&& (== netcoreapp3.1) (>= net452)) (&& (== netstandard2.0) (>= net452))
      DevExpress.Win.Navigation (20.2.3) - restriction: || (== net461) (== net472) (&& (== netcoreapp3.1) (>= net452)) (&& (== netstandard2.0) (>= net452))
      DevExpress.Win.Printing (20.2.3) - restriction: || (== net461) (== net472) (&& (== netcoreapp3.1) (>= net452)) (&& (== netstandard2.0) (>= net452))
      DevExpress.Win.RichEdit (20.2.3) - restriction: || (== net461) (== net472) (&& (== netcoreapp3.1) (>= net452)) (&& (== netstandard2.0) (>= net452))
      DevExpress.Win.TreeList (20.2.3) - restriction: || (== net461) (== net472) (&& (== netcoreapp3.1) (>= net452)) (&& (== netstandard2.0) (>= net452))
      DevExpress.Xpo (20.2.3) - restriction: || (== net461) (== net472) (&& (== netcoreapp3.1) (>= net452)) (&& (== netstandard2.0) (>= net452))
    DevExpress.DataVisualization.Core (20.2.3)
      DevExpress.Data (20.2.3)
    DevExpress.Diagram.Core (20.2.3) - restriction: || (== net461) (== net472) (&& (== netcoreapp3.1) (>= net452)) (&& (== netstandard2.0) (>= net452))
      DevExpress.Data (20.2.3) - restriction: || (== net461) (== net472) (&& (== netcoreapp3.1) (>= net452)) (&& (== netstandard2.0) (>= net452))
      DevExpress.Data.Desktop (20.2.3) - restriction: || (== net461) (== net472) (&& (== netcoreapp3.1) (>= net452)) (&& (== netstandard2.0) (>= net452))
      DevExpress.Printing.Core (20.2.3) - restriction: || (== net461) (== net472) (&& (== netcoreapp3.1) (>= net452)) (&& (== netstandard2.0) (>= net452))
    DevExpress.EasyTest (20.2.3)
      Microsoft.Win32.Registry (>= 4.5) - restriction: || (&& (== net461) (< net452) (>= netstandard2.0)) (&& (== net472) (< net452)) (== netcoreapp3.1) (== netstandard2.0)
      NETStandard.Library (>= 2.0.3) - restriction: || (&& (== net461) (< net452) (>= netstandard2.0)) (&& (== net472) (< net452)) (== netcoreapp3.1) (== netstandard2.0)
      System.Configuration.ConfigurationManager (>= 4.5) - restriction: || (&& (== net461) (< net452) (>= netstandard2.0)) (&& (== net472) (< net452)) (== netcoreapp3.1) (== netstandard2.0)
      System.Data.SqlClient (>= 4.5) - restriction: || (&& (== net461) (< net452) (>= netstandard2.0)) (&& (== net472) (< net452)) (== netcoreapp3.1) (== netstandard2.0)
      System.Drawing.Common (>= 4.5) - restriction: || (&& (== net461) (< net452) (>= netstandard2.0)) (&& (== net472) (< net452)) (== netcoreapp3.1) (== netstandard2.0)
      System.ServiceProcess.ServiceController (>= 4.5) - restriction: || (&& (== net461) (< net452) (>= netstandard2.0)) (&& (== net472) (< net452)) (== netcoreapp3.1) (== netstandard2.0)
    DevExpress.ExpressApp (20.2.3)
      DevExpress.Data (20.2.3)
      DevExpress.Images (20.2.3)
      DevExpress.Printing.Core (20.2.3)
      DevExpress.Utils (20.2.3) - restriction: || (== net461) (== net472) (&& (== netcoreapp3.1) (>= net452)) (&& (== netstandard2.0) (>= net452))
    DevExpress.ExpressApp.AuditTrail (20.2.3)
      DevExpress.Data (20.2.3)
      DevExpress.ExpressApp (20.2.3)
      DevExpress.ExpressApp.Xpo (20.2.3)
      DevExpress.Persistent.BaseImpl (20.2.3)
      DevExpress.Xpo (20.2.3)
      NETStandard.Library (>= 2.0.3) - restriction: || (&& (== net461) (< net452) (>= netstandard2.0)) (&& (== net472) (< net452)) (== netcoreapp3.1) (== netstandard2.0)
      System.Configuration.ConfigurationManager (>= 4.5) - restriction: || (&& (== net461) (< net452) (>= netstandard2.0)) (&& (== net472) (< net452)) (== netcoreapp3.1) (== netstandard2.0)
      System.Drawing.Common (>= 4.5) - restriction: || (&& (== net461) (< net452) (>= netstandard2.0)) (&& (== net472) (< net452)) (== netcoreapp3.1) (== netstandard2.0)
    DevExpress.ExpressApp.Chart (20.2.3)
      DevExpress.Charts (20.2.3)
      DevExpress.Data (20.2.3)
      DevExpress.ExpressApp (20.2.3)
      DevExpress.Persistent.Base (20.2.3)
      NETStandard.Library (>= 2.0.3) - restriction: || (&& (== net461) (< net452) (>= netstandard2.0)) (&& (== net472) (< net452)) (== netcoreapp3.1) (== netstandard2.0)
      System.Drawing.Common (>= 4.5) - restriction: || (&& (== net461) (< net452) (>= netstandard2.0)) (&& (== net472) (< net452)) (== netcoreapp3.1) (== netstandard2.0)
    DevExpress.ExpressApp.Chart.Web (20.2.3) - restriction: || (== net461) (== net472) (&& (== netcoreapp3.1) (>= net452)) (&& (== netstandard2.0) (>= net452))
      DevExpress.Charts (20.2.3) - restriction: || (== net461) (== net472) (&& (== netcoreapp3.1) (>= net452)) (&& (== netstandard2.0) (>= net452))
      DevExpress.Data (20.2.3) - restriction: || (== net461) (== net472) (&& (== netcoreapp3.1) (>= net452)) (&& (== netstandard2.0) (>= net452))
      DevExpress.ExpressApp (20.2.3) - restriction: || (== net461) (== net472) (&& (== netcoreapp3.1) (>= net452)) (&& (== netstandard2.0) (>= net452))
      DevExpress.ExpressApp.Chart (20.2.3) - restriction: || (== net461) (== net472) (&& (== netcoreapp3.1) (>= net452)) (&& (== netstandard2.0) (>= net452))
      DevExpress.ExpressApp.Web (20.2.3) - restriction: || (== net461) (== net472) (&& (== netcoreapp3.1) (>= net452)) (&& (== netstandard2.0) (>= net452))
      DevExpress.Persistent.Base (20.2.3) - restriction: || (== net461) (== net472) (&& (== netcoreapp3.1) (>= net452)) (&& (== netstandard2.0) (>= net452))
      DevExpress.Web (20.2.3) - restriction: || (== net461) (== net472) (&& (== netcoreapp3.1) (>= net452)) (&& (== netstandard2.0) (>= net452))
      DevExpress.Web.Visualization (20.2.3) - restriction: || (== net461) (== net472) (&& (== netcoreapp3.1) (>= net452)) (&& (== netstandard2.0) (>= net452))
    DevExpress.ExpressApp.Chart.Win (20.2.3) - restriction: || (== net461) (== net472) (&& (== netcoreapp3.1) (>= net452)) (&& (== netstandard2.0) (>= net452))
      DevExpress.Charts (20.2.3) - restriction: || (== net461) (== net472) (&& (== netcoreapp3.1) (>= net452)) (&& (== netstandard2.0) (>= net452))
      DevExpress.Data (20.2.3) - restriction: || (== net461) (== net472) (&& (== netcoreapp3.1) (>= net452)) (&& (== netstandard2.0) (>= net452))
      DevExpress.ExpressApp (20.2.3) - restriction: || (== net461) (== net472) (&& (== netcoreapp3.1) (>= net452)) (&& (== netstandard2.0) (>= net452))
      DevExpress.ExpressApp.Chart (20.2.3) - restriction: || (== net461) (== net472) (&& (== netcoreapp3.1) (>= net452)) (&& (== netstandard2.0) (>= net452))
      DevExpress.ExpressApp.Win (20.2.3) - restriction: || (== net461) (== net472) (&& (== netcoreapp3.1) (>= net452)) (&& (== netstandard2.0) (>= net452))
      DevExpress.Persistent.Base (20.2.3) - restriction: || (== net461) (== net472) (&& (== netcoreapp3.1) (>= net452)) (&& (== netstandard2.0) (>= net452))
      DevExpress.Printing.Core (20.2.3) - restriction: || (== net461) (== net472) (&& (== netcoreapp3.1) (>= net452)) (&& (== netstandard2.0) (>= net452))
      DevExpress.Utils (20.2.3) - restriction: || (== net461) (== net472) (&& (== netcoreapp3.1) (>= net452)) (&& (== netstandard2.0) (>= net452))
      DevExpress.Win.Charts (20.2.3) - restriction: || (== net461) (== net472) (&& (== netcoreapp3.1) (>= net452)) (&& (== netstandard2.0) (>= net452))
      DevExpress.Win.Navigation (20.2.3) - restriction: || (== net461) (== net472) (&& (== netcoreapp3.1) (>= net452)) (&& (== netstandard2.0) (>= net452))
    DevExpress.ExpressApp.CloneObject (20.2.3)
      DevExpress.Data (20.2.3)
      DevExpress.ExpressApp (20.2.3)
      DevExpress.Persistent.Base (20.2.3)
      NETStandard.Library (>= 2.0.3) - restriction: || (&& (== net461) (< net452) (>= netstandard2.0)) (&& (== net472) (< net452)) (== netcoreapp3.1) (== netstandard2.0)
      System.Drawing.Common (>= 4.5) - restriction: || (&& (== net461) (< net452) (>= netstandard2.0)) (&& (== net472) (< net452)) (== netcoreapp3.1) (== netstandard2.0)
    DevExpress.ExpressApp.ConditionalAppearance (20.2.3)
      DevExpress.Data (20.2.3)
      DevExpress.ExpressApp (20.2.3)
      DevExpress.Persistent.Base (20.2.3)
      NETStandard.Library (>= 2.0.3) - restriction: || (&& (== net461) (< net452) (>= netstandard2.0)) (&& (== net472) (< net452)) (== netcoreapp3.1) (== netstandard2.0)
      System.Drawing.Common (>= 4.5) - restriction: || (&& (== net461) (< net452) (>= netstandard2.0)) (&& (== net472) (< net452)) (== netcoreapp3.1) (== netstandard2.0)
    DevExpress.ExpressApp.Core.All (20.2.3)
      DevExpress.EasyTest (20.2.3)
      DevExpress.ExpressApp.AuditTrail (20.2.3)
      DevExpress.ExpressApp.Chart (20.2.3)
      DevExpress.ExpressApp.CloneObject (20.2.3)
      DevExpress.ExpressApp.ConditionalAppearance (20.2.3)
      DevExpress.ExpressApp.Dashboards (20.2.3)
      DevExpress.ExpressApp.Images (20.2.3) - restriction: || (== net461) (== net472) (&& (== netcoreapp3.1) (>= net452)) (&& (== netstandard2.0) (>= net452))
      DevExpress.ExpressApp.Kpi (20.2.3)
      DevExpress.ExpressApp.Notifications (20.2.3)
      DevExpress.ExpressApp.Objects (20.2.3)
      DevExpress.ExpressApp.Office (20.2.3)
      DevExpress.ExpressApp.PivotChart (20.2.3)
      DevExpress.ExpressApp.PivotGrid (20.2.3)
      DevExpress.ExpressApp.ReportsV2 (20.2.3)
      DevExpress.ExpressApp.Scheduler (20.2.3) - restriction: || (== net461) (== net472) (&& (== netcoreapp3.1) (>= net452)) (&& (== netstandard2.0) (>= net452))
      DevExpress.ExpressApp.ScriptRecorder (20.2.3)
      DevExpress.ExpressApp.Security (20.2.3)
      DevExpress.ExpressApp.StateMachine (20.2.3)
      DevExpress.ExpressApp.TreeListEditors (20.2.3)
      DevExpress.ExpressApp.Validation (20.2.3)
      DevExpress.ExpressApp.ViewVariantsModule (20.2.3)
      DevExpress.ExpressApp.Workflow (20.2.3) - restriction: || (== net461) (== net472) (&& (== netcoreapp3.1) (>= net452)) (&& (== netstandard2.0) (>= net452))
      DevExpress.Persistent.Base (20.2.3)
    DevExpress.ExpressApp.Dashboards (20.2.3)
      DevExpress.Dashboard.Core (20.2.3)
      DevExpress.Data (20.2.3)
      DevExpress.DataAccess (20.2.3)
      DevExpress.ExpressApp (20.2.3)
      DevExpress.Persistent.Base (20.2.3)
      DevExpress.Utils (20.2.3) - restriction: || (== net461) (== net472) (&& (== netcoreapp3.1) (>= net452)) (&& (== netstandard2.0) (>= net452))
      NETStandard.Library (>= 2.0.3) - restriction: || (&& (== net461) (< net452) (>= netstandard2.0)) (&& (== net472) (< net452)) (== netcoreapp3.1) (== netstandard2.0)
      System.Drawing.Common (>= 4.5) - restriction: || (&& (== net461) (< net452) (>= netstandard2.0)) (&& (== net472) (< net452)) (== netcoreapp3.1) (== netstandard2.0)
    DevExpress.ExpressApp.Dashboards.Web (20.2.3) - restriction: || (== net461) (== net472) (&& (== netcoreapp3.1) (>= net452)) (&& (== netstandard2.0) (>= net452))
      DevExpress.Dashboard.Core (20.2.3) - restriction: || (== net461) (== net472) (&& (== netcoreapp3.1) (>= net452)) (&& (== netstandard2.0) (>= net452))
      DevExpress.Data (20.2.3) - restriction: || (== net461) (== net472) (&& (== netcoreapp3.1) (>= net452)) (&& (== netstandard2.0) (>= net452))
      DevExpress.DataAccess (20.2.3) - restriction: || (== net461) (== net472) (&& (== netcoreapp3.1) (>= net452)) (&& (== netstandard2.0) (>= net452))
      DevExpress.ExpressApp (20.2.3) - restriction: || (== net461) (== net472) (&& (== netcoreapp3.1) (>= net452)) (&& (== netstandard2.0) (>= net452))
      DevExpress.ExpressApp.Dashboards (20.2.3) - restriction: || (== net461) (== net472) (&& (== netcoreapp3.1) (>= net452)) (&& (== netstandard2.0) (>= net452))
      DevExpress.ExpressApp.Web (20.2.3) - restriction: || (== net461) (== net472) (&& (== netcoreapp3.1) (>= net452)) (&& (== netstandard2.0) (>= net452))
      DevExpress.Persistent.Base (20.2.3) - restriction: || (== net461) (== net472) (&& (== netcoreapp3.1) (>= net452)) (&& (== netstandard2.0) (>= net452))
      DevExpress.Web (20.2.3) - restriction: || (== net461) (== net472) (&& (== netcoreapp3.1) (>= net452)) (&& (== netstandard2.0) (>= net452))
      DevExpress.Web.Dashboard (20.2.3) - restriction: || (== net461) (== net472) (&& (== netcoreapp3.1) (>= net452)) (&& (== netstandard2.0) (>= net452))
      DevExpress.Web.Dashboard.Common (20.2.3) - restriction: || (== net461) (== net472) (&& (== netcoreapp3.1) (>= net452)) (&& (== netstandard2.0) (>= net452))
    DevExpress.ExpressApp.Dashboards.Win (20.2.3) - restriction: || (== net461) (== net472) (&& (== netcoreapp3.1) (>= net452)) (&& (== netstandard2.0) (>= net452))
      DevExpress.Dashboard.Core (20.2.3) - restriction: || (== net461) (== net472) (&& (== netcoreapp3.1) (>= net452)) (&& (== netstandard2.0) (>= net452))
      DevExpress.Data (20.2.3) - restriction: || (== net461) (== net472) (&& (== netcoreapp3.1) (>= net452)) (&& (== netstandard2.0) (>= net452))
      DevExpress.DataAccess (20.2.3) - restriction: || (== net461) (== net472) (&& (== netcoreapp3.1) (>= net452)) (&& (== netstandard2.0) (>= net452))
      DevExpress.DataAccess.UI (20.2.3) - restriction: || (== net461) (== net472) (&& (== netcoreapp3.1) (>= net452)) (&& (== netstandard2.0) (>= net452))
      DevExpress.ExpressApp (20.2.3) - restriction: || (== net461) (== net472) (&& (== netcoreapp3.1) (>= net452)) (&& (== netstandard2.0) (>= net452))
      DevExpress.ExpressApp.Dashboards (20.2.3) - restriction: || (== net461) (== net472) (&& (== netcoreapp3.1) (>= net452)) (&& (== netstandard2.0) (>= net452))
      DevExpress.ExpressApp.Win (20.2.3) - restriction: || (== net461) (== net472) (&& (== netcoreapp3.1) (>= net452)) (&& (== netstandard2.0) (>= net452))
      DevExpress.Persistent.Base (20.2.3) - restriction: || (== net461) (== net472) (&& (== netcoreapp3.1) (>= net452)) (&& (== netstandard2.0) (>= net452))
      DevExpress.Utils (20.2.3) - restriction: || (== net461) (== net472) (&& (== netcoreapp3.1) (>= net452)) (&& (== netstandard2.0) (>= net452))
      DevExpress.Win.Dashboard (20.2.3) - restriction: || (== net461) (== net472) (&& (== netcoreapp3.1) (>= net452)) (&& (== netstandard2.0) (>= net452))
      DevExpress.Win.Navigation (20.2.3) - restriction: || (== net461) (== net472) (&& (== netcoreapp3.1) (>= net452)) (&& (== netstandard2.0) (>= net452))
    DevExpress.ExpressApp.EasyTest.WebAdapter (20.2.3)
      DevExpress.Data (20.2.3) - restriction: || (== net461) (== net472) (&& (== netcoreapp3.1) (>= net452)) (&& (== netstandard2.0) (>= net452))
      DevExpress.EasyTest (20.2.3) - restriction: || (== net461) (== net472) (&& (== netcoreapp3.1) (>= net452)) (&& (== netstandard2.0) (>= net452))
    DevExpress.ExpressApp.EasyTest.WinAdapter (20.2.3)
      DevExpress.Data (20.2.3) - restriction: || (== net461) (== net472) (&& (== netcoreapp3.1) (>= net452)) (&& (== netstandard2.0) (>= net452))
      DevExpress.DataAccess.UI (20.2.3) - restriction: || (== net461) (== net472) (&& (== netcoreapp3.1) (>= net452)) (&& (== netstandard2.0) (>= net452))
      DevExpress.EasyTest (20.2.3) - restriction: || (== net461) (== net472) (&& (== netcoreapp3.1) (>= net452)) (&& (== netstandard2.0) (>= net452))
      DevExpress.ExpressApp (20.2.3) - restriction: || (== net461) (== net472) (&& (== netcoreapp3.1) (>= net452)) (&& (== netstandard2.0) (>= net452))
      DevExpress.ExpressApp.HtmlPropertyEditor.Win (20.2.3) - restriction: || (== net461) (== net472) (&& (== netcoreapp3.1) (>= net452)) (&& (== netstandard2.0) (>= net452))
      DevExpress.ExpressApp.Office.Win (20.2.3) - restriction: || (== net461) (== net472) (&& (== netcoreapp3.1) (>= net452)) (&& (== netstandard2.0) (>= net452))
      DevExpress.ExpressApp.PivotChart.Win (20.2.3) - restriction: || (== net461) (== net472) (&& (== netcoreapp3.1) (>= net452)) (&& (== netstandard2.0) (>= net452))
      DevExpress.ExpressApp.Win (20.2.3) - restriction: || (== net461) (== net472) (&& (== netcoreapp3.1) (>= net452)) (&& (== netstandard2.0) (>= net452))
      DevExpress.PivotGrid.Core (20.2.3) - restriction: || (== net461) (== net472) (&& (== netcoreapp3.1) (>= net452)) (&& (== netstandard2.0) (>= net452))
      DevExpress.Scheduler.Core (20.2.3) - restriction: || (== net461) (== net472) (&& (== netcoreapp3.1) (>= net452)) (&& (== netstandard2.0) (>= net452))
      DevExpress.Scheduler.CoreDesktop (20.2.3) - restriction: || (== net461) (== net472) (&& (== netcoreapp3.1) (>= net452)) (&& (== netstandard2.0) (>= net452))
      DevExpress.Spreadsheet.Core (20.2.3) - restriction: || (== net461) (== net472) (&& (== netcoreapp3.1) (>= net452)) (&& (== netstandard2.0) (>= net452))
      DevExpress.Utils (20.2.3) - restriction: || (== net461) (== net472) (&& (== netcoreapp3.1) (>= net452)) (&& (== netstandard2.0) (>= net452))
      DevExpress.Win (20.2.3) - restriction: || (== net461) (== net472) (&& (== netcoreapp3.1) (>= net452)) (&& (== netstandard2.0) (>= net452))
      DevExpress.Win.Grid (20.2.3) - restriction: || (== net461) (== net472) (&& (== netcoreapp3.1) (>= net452)) (&& (== netstandard2.0) (>= net452))
      DevExpress.Win.Navigation (20.2.3) - restriction: || (== net461) (== net472) (&& (== netcoreapp3.1) (>= net452)) (&& (== netstandard2.0) (>= net452))
      DevExpress.Win.PivotGrid (20.2.3) - restriction: || (== net461) (== net472) (&& (== netcoreapp3.1) (>= net452)) (&& (== netstandard2.0) (>= net452))
      DevExpress.Win.RichEdit (20.2.3) - restriction: || (== net461) (== net472) (&& (== netcoreapp3.1) (>= net452)) (&& (== netstandard2.0) (>= net452))
      DevExpress.Win.Scheduler (20.2.3) - restriction: || (== net461) (== net472) (&& (== netcoreapp3.1) (>= net452)) (&& (== netstandard2.0) (>= net452))
      DevExpress.Win.Spreadsheet (20.2.3) - restriction: || (== net461) (== net472) (&& (== netcoreapp3.1) (>= net452)) (&& (== netstandard2.0) (>= net452))
      DevExpress.Win.TreeList (20.2.3) - restriction: || (== net461) (== net472) (&& (== netcoreapp3.1) (>= net452)) (&& (== netstandard2.0) (>= net452))
      DevExpress.Win.VerticalGrid (20.2.3) - restriction: || (== net461) (== net472) (&& (== netcoreapp3.1) (>= net452)) (&& (== netstandard2.0) (>= net452))
    DevExpress.ExpressApp.FileAttachment.Web (20.2.3) - restriction: || (== net461) (== net472) (&& (== netcoreapp3.1) (>= net452)) (&& (== netstandard2.0) (>= net452))
      DevExpress.Data (20.2.3) - restriction: || (== net461) (== net472) (&& (== netcoreapp3.1) (>= net452)) (&& (== netstandard2.0) (>= net452))
      DevExpress.ExpressApp (20.2.3) - restriction: || (== net461) (== net472) (&& (== netcoreapp3.1) (>= net452)) (&& (== netstandard2.0) (>= net452))
      DevExpress.ExpressApp.Web (20.2.3) - restriction: || (== net461) (== net472) (&& (== netcoreapp3.1) (>= net452)) (&& (== netstandard2.0) (>= net452))
      DevExpress.Persistent.Base (20.2.3) - restriction: || (== net461) (== net472) (&& (== netcoreapp3.1) (>= net452)) (&& (== netstandard2.0) (>= net452))
      DevExpress.Web (20.2.3) - restriction: || (== net461) (== net472) (&& (== netcoreapp3.1) (>= net452)) (&& (== netstandard2.0) (>= net452))
    DevExpress.ExpressApp.FileAttachment.Win (20.2.3) - restriction: || (== net461) (== net472) (&& (== netcoreapp3.1) (>= net452)) (&& (== netstandard2.0) (>= net452))
      DevExpress.Data (20.2.3) - restriction: || (== net461) (== net472) (&& (== netcoreapp3.1) (>= net452)) (&& (== netstandard2.0) (>= net452))
      DevExpress.Data.Desktop (20.2.3) - restriction: || (== net461) (== net472) (&& (== netcoreapp3.1) (>= net452)) (&& (== netstandard2.0) (>= net452))
      DevExpress.ExpressApp (20.2.3) - restriction: || (== net461) (== net472) (&& (== netcoreapp3.1) (>= net452)) (&& (== netstandard2.0) (>= net452))
      DevExpress.ExpressApp.Win (20.2.3) - restriction: || (== net461) (== net472) (&& (== netcoreapp3.1) (>= net452)) (&& (== netstandard2.0) (>= net452))
      DevExpress.Persistent.Base (20.2.3) - restriction: || (== net461) (== net472) (&& (== netcoreapp3.1) (>= net452)) (&& (== netstandard2.0) (>= net452))
      DevExpress.Utils (20.2.3) - restriction: || (== net461) (== net472) (&& (== netcoreapp3.1) (>= net452)) (&& (== netstandard2.0) (>= net452))
      DevExpress.Win.Navigation (20.2.3) - restriction: || (== net461) (== net472) (&& (== netcoreapp3.1) (>= net452)) (&& (== netstandard2.0) (>= net452))
    DevExpress.ExpressApp.HtmlPropertyEditor.Web (20.2.3) - restriction: || (== net461) (== net472) (&& (== netcoreapp3.1) (>= net452)) (&& (== netstandard2.0) (>= net452))
      DevExpress.Data (20.2.3) - restriction: || (== net461) (== net472) (&& (== netcoreapp3.1) (>= net452)) (&& (== netstandard2.0) (>= net452))
      DevExpress.ExpressApp (20.2.3) - restriction: || (== net461) (== net472) (&& (== netcoreapp3.1) (>= net452)) (&& (== netstandard2.0) (>= net452))
      DevExpress.ExpressApp.Web (20.2.3) - restriction: || (== net461) (== net472) (&& (== netcoreapp3.1) (>= net452)) (&& (== netstandard2.0) (>= net452))
      DevExpress.Web (20.2.3) - restriction: || (== net461) (== net472) (&& (== netcoreapp3.1) (>= net452)) (&& (== netstandard2.0) (>= net452))
    DevExpress.ExpressApp.HtmlPropertyEditor.Win (20.2.3) - restriction: || (== net461) (== net472) (&& (== netcoreapp3.1) (>= net452)) (&& (== netstandard2.0) (>= net452))
      DevExpress.Data (20.2.3) - restriction: || (== net461) (== net472) (&& (== netcoreapp3.1) (>= net452)) (&& (== netstandard2.0) (>= net452))
      DevExpress.ExpressApp (20.2.3) - restriction: || (== net461) (== net472) (&& (== netcoreapp3.1) (>= net452)) (&& (== netstandard2.0) (>= net452))
      DevExpress.ExpressApp.Win (20.2.3) - restriction: || (== net461) (== net472) (&& (== netcoreapp3.1) (>= net452)) (&& (== netstandard2.0) (>= net452))
      DevExpress.Utils (20.2.3) - restriction: || (== net461) (== net472) (&& (== netcoreapp3.1) (>= net452)) (&& (== netstandard2.0) (>= net452))
      DevExpress.Win.Navigation (20.2.3) - restriction: || (== net461) (== net472) (&& (== netcoreapp3.1) (>= net452)) (&& (== netstandard2.0) (>= net452))
    DevExpress.ExpressApp.Images (20.2.3) - restriction: || (== net461) (== net472) (&& (== netcoreapp3.1) (>= net452)) (&& (== netstandard2.0) (>= net452))
    DevExpress.ExpressApp.Kpi (20.2.3)
      DevExpress.Data (20.2.3)
      DevExpress.ExpressApp (20.2.3)
      DevExpress.ExpressApp.Validation (20.2.3)
      DevExpress.Persistent.Base (20.2.3)
      NETStandard.Library (>= 2.0.3) - restriction: || (&& (== net461) (< net452) (>= netstandard2.0)) (&& (== net472) (< net452)) (== netcoreapp3.1) (== netstandard2.0)
      System.Drawing.Common (>= 4.5) - restriction: || (&& (== net461) (< net452) (>= netstandard2.0)) (&& (== net472) (< net452)) (== netcoreapp3.1) (== netstandard2.0)
    DevExpress.ExpressApp.Maps.Web (20.2.3) - restriction: || (== net461) (== net472) (&& (== netcoreapp3.1) (>= net452)) (&& (== netstandard2.0) (>= net452))
      DevExpress.Data (20.2.3) - restriction: || (== net461) (== net472) (&& (== netcoreapp3.1) (>= net452)) (&& (== netstandard2.0) (>= net452))
      DevExpress.ExpressApp (20.2.3) - restriction: || (== net461) (== net472) (&& (== netcoreapp3.1) (>= net452)) (&& (== netstandard2.0) (>= net452))
      DevExpress.ExpressApp.Web (20.2.3) - restriction: || (== net461) (== net472) (&& (== netcoreapp3.1) (>= net452)) (&& (== netstandard2.0) (>= net452))
      DevExpress.Persistent.Base (20.2.3) - restriction: || (== net461) (== net472) (&& (== netcoreapp3.1) (>= net452)) (&& (== netstandard2.0) (>= net452))
      DevExpress.Web (20.2.3) - restriction: || (== net461) (== net472) (&& (== netcoreapp3.1) (>= net452)) (&& (== netstandard2.0) (>= net452))
    DevExpress.ExpressApp.Notifications (20.2.3)
      DevExpress.Data (20.2.3)
      DevExpress.ExpressApp (20.2.3)
      DevExpress.Persistent.Base (20.2.3)
      NETStandard.Library (>= 2.0.3) - restriction: || (&& (== net461) (< net452) (>= netstandard2.0)) (&& (== net472) (< net452)) (== netcoreapp3.1) (== netstandard2.0)
      System.Drawing.Common (>= 4.5) - restriction: || (&& (== net461) (< net452) (>= netstandard2.0)) (&& (== net472) (< net452)) (== netcoreapp3.1) (== netstandard2.0)
    DevExpress.ExpressApp.Notifications.Web (20.2.3) - restriction: || (== net461) (== net472) (&& (== netcoreapp3.1) (>= net452)) (&& (== netstandard2.0) (>= net452))
      DevExpress.Data (20.2.3) - restriction: || (== net461) (== net472) (&& (== netcoreapp3.1) (>= net452)) (&& (== netstandard2.0) (>= net452))
      DevExpress.ExpressApp (20.2.3) - restriction: || (== net461) (== net472) (&& (== netcoreapp3.1) (>= net452)) (&& (== netstandard2.0) (>= net452))
      DevExpress.ExpressApp.Notifications (20.2.3) - restriction: || (== net461) (== net472) (&& (== netcoreapp3.1) (>= net452)) (&& (== netstandard2.0) (>= net452))
      DevExpress.ExpressApp.Web (20.2.3) - restriction: || (== net461) (== net472) (&& (== netcoreapp3.1) (>= net452)) (&& (== netstandard2.0) (>= net452))
      DevExpress.Web (20.2.3) - restriction: || (== net461) (== net472) (&& (== netcoreapp3.1) (>= net452)) (&& (== netstandard2.0) (>= net452))
    DevExpress.ExpressApp.Notifications.Win (20.2.3) - restriction: || (== net461) (== net472) (&& (== netcoreapp3.1) (>= net452)) (&& (== netstandard2.0) (>= net452))
      DevExpress.Data (20.2.3) - restriction: || (== net461) (== net472) (&& (== netcoreapp3.1) (>= net452)) (&& (== netstandard2.0) (>= net452))
      DevExpress.ExpressApp (20.2.3) - restriction: || (== net461) (== net472) (&& (== netcoreapp3.1) (>= net452)) (&& (== netstandard2.0) (>= net452))
      DevExpress.ExpressApp.Notifications (20.2.3) - restriction: || (== net461) (== net472) (&& (== netcoreapp3.1) (>= net452)) (&& (== netstandard2.0) (>= net452))
      DevExpress.ExpressApp.Win (20.2.3) - restriction: || (== net461) (== net472) (&& (== netcoreapp3.1) (>= net452)) (&& (== netstandard2.0) (>= net452))
      DevExpress.Utils (20.2.3) - restriction: || (== net461) (== net472) (&& (== netcoreapp3.1) (>= net452)) (&& (== netstandard2.0) (>= net452))
      DevExpress.Win.Grid (20.2.3) - restriction: || (== net461) (== net472) (&& (== netcoreapp3.1) (>= net452)) (&& (== netstandard2.0) (>= net452))
      DevExpress.Win.Navigation (20.2.3) - restriction: || (== net461) (== net472) (&& (== netcoreapp3.1) (>= net452)) (&& (== netstandard2.0) (>= net452))
    DevExpress.ExpressApp.Objects (20.2.3)
      DevExpress.Data (20.2.3)
      DevExpress.ExpressApp (20.2.3)
      NETStandard.Library (>= 2.0.3) - restriction: || (&& (== net461) (< net452) (>= netstandard2.0)) (&& (== net472) (< net452)) (== netcoreapp3.1) (== netstandard2.0)
      System.Drawing.Common (>= 4.5) - restriction: || (&& (== net461) (< net452) (>= netstandard2.0)) (&& (== net472) (< net452)) (== netcoreapp3.1) (== netstandard2.0)
    DevExpress.ExpressApp.Office (20.2.3)
      DevExpress.Data (20.2.3)
      DevExpress.ExpressApp (20.2.3)
      DevExpress.Office.Core (20.2.3)
      DevExpress.Persistent.Base (20.2.3)
      DevExpress.RichEdit.Core (20.2.3)
      DevExpress.Spreadsheet.Core (20.2.3)
      NETStandard.Library (>= 2.0.3) - restriction: || (&& (== net461) (< net452) (>= netstandard2.0)) (&& (== net472) (< net452)) (== netcoreapp3.1) (== netstandard2.0)
      System.Drawing.Common (>= 4.5) - restriction: || (&& (== net461) (< net452) (>= netstandard2.0)) (&& (== net472) (< net452)) (== netcoreapp3.1) (== netstandard2.0)
    DevExpress.ExpressApp.Office.Web (20.2.3) - restriction: || (== net461) (== net472) (&& (== netcoreapp3.1) (>= net452)) (&& (== netstandard2.0) (>= net452))
      DevExpress.Data (20.2.3) - restriction: || (== net461) (== net472) (&& (== netcoreapp3.1) (>= net452)) (&& (== netstandard2.0) (>= net452))
      DevExpress.ExpressApp (20.2.3) - restriction: || (== net461) (== net472) (&& (== netcoreapp3.1) (>= net452)) (&& (== netstandard2.0) (>= net452))
      DevExpress.ExpressApp.Office (20.2.3) - restriction: || (== net461) (== net472) (&& (== netcoreapp3.1) (>= net452)) (&& (== netstandard2.0) (>= net452))
      DevExpress.ExpressApp.Web (20.2.3) - restriction: || (== net461) (== net472) (&& (== netcoreapp3.1) (>= net452)) (&& (== netstandard2.0) (>= net452))
      DevExpress.Persistent.Base (20.2.3) - restriction: || (== net461) (== net472) (&& (== netcoreapp3.1) (>= net452)) (&& (== netstandard2.0) (>= net452))
      DevExpress.RichEdit.Core (20.2.3) - restriction: || (== net461) (== net472) (&& (== netcoreapp3.1) (>= net452)) (&& (== netstandard2.0) (>= net452))
      DevExpress.Spreadsheet.Core (20.2.3) - restriction: || (== net461) (== net472) (&& (== netcoreapp3.1) (>= net452)) (&& (== netstandard2.0) (>= net452))
      DevExpress.Web (20.2.3) - restriction: || (== net461) (== net472) (&& (== netcoreapp3.1) (>= net452)) (&& (== netstandard2.0) (>= net452))
      DevExpress.Web.Office (20.2.3) - restriction: || (== net461) (== net472) (&& (== netcoreapp3.1) (>= net452)) (&& (== netstandard2.0) (>= net452))
    DevExpress.ExpressApp.Office.Win (20.2.3) - restriction: || (== net461) (== net472) (&& (== netcoreapp3.1) (>= net452)) (&& (== netstandard2.0) (>= net452))
      DevExpress.Data (20.2.3) - restriction: || (== net461) (== net472) (&& (== netcoreapp3.1) (>= net452)) (&& (== netstandard2.0) (>= net452))
      DevExpress.ExpressApp (20.2.3) - restriction: || (== net461) (== net472) (&& (== netcoreapp3.1) (>= net452)) (&& (== netstandard2.0) (>= net452))
      DevExpress.ExpressApp.Office (20.2.3) - restriction: || (== net461) (== net472) (&& (== netcoreapp3.1) (>= net452)) (&& (== netstandard2.0) (>= net452))
      DevExpress.ExpressApp.Win (20.2.3) - restriction: || (== net461) (== net472) (&& (== netcoreapp3.1) (>= net452)) (&& (== netstandard2.0) (>= net452))
      DevExpress.Office.Core (20.2.3) - restriction: || (== net461) (== net472) (&& (== netcoreapp3.1) (>= net452)) (&& (== netstandard2.0) (>= net452))
      DevExpress.Persistent.Base (20.2.3) - restriction: || (== net461) (== net472) (&& (== netcoreapp3.1) (>= net452)) (&& (== netstandard2.0) (>= net452))
      DevExpress.RichEdit.Core (20.2.3) - restriction: || (== net461) (== net472) (&& (== netcoreapp3.1) (>= net452)) (&& (== netstandard2.0) (>= net452))
      DevExpress.Spreadsheet.Core (20.2.3) - restriction: || (== net461) (== net472) (&& (== netcoreapp3.1) (>= net452)) (&& (== netstandard2.0) (>= net452))
      DevExpress.Utils (20.2.3) - restriction: || (== net461) (== net472) (&& (== netcoreapp3.1) (>= net452)) (&& (== netstandard2.0) (>= net452))
      DevExpress.Win.Grid (20.2.3) - restriction: || (== net461) (== net472) (&& (== netcoreapp3.1) (>= net452)) (&& (== netstandard2.0) (>= net452))
      DevExpress.Win.Navigation (20.2.3) - restriction: || (== net461) (== net472) (&& (== netcoreapp3.1) (>= net452)) (&& (== netstandard2.0) (>= net452))
      DevExpress.Win.RichEdit (20.2.3) - restriction: || (== net461) (== net472) (&& (== netcoreapp3.1) (>= net452)) (&& (== netstandard2.0) (>= net452))
      DevExpress.Win.Spreadsheet (20.2.3) - restriction: || (== net461) (== net472) (&& (== netcoreapp3.1) (>= net452)) (&& (== netstandard2.0) (>= net452))
    DevExpress.ExpressApp.PivotChart (20.2.3)
      DevExpress.Charts (20.2.3)
      DevExpress.Data (20.2.3)
      DevExpress.ExpressApp (20.2.3)
      DevExpress.Persistent.Base (20.2.3)
      DevExpress.PivotGrid.Core (20.2.3)
      NETStandard.Library (>= 2.0.3) - restriction: || (&& (== net461) (< net452) (>= netstandard2.0)) (&& (== net472) (< net452)) (== netcoreapp3.1) (== netstandard2.0)
      System.Drawing.Common (>= 4.5) - restriction: || (&& (== net461) (< net452) (>= netstandard2.0)) (&& (== net472) (< net452)) (== netcoreapp3.1) (== netstandard2.0)
    DevExpress.ExpressApp.PivotChart.Web (20.2.3) - restriction: || (== net461) (== net472) (&& (== netcoreapp3.1) (>= net452)) (&& (== netstandard2.0) (>= net452))
      DevExpress.Charts (20.2.3) - restriction: || (== net461) (== net472) (&& (== netcoreapp3.1) (>= net452)) (&& (== netstandard2.0) (>= net452))
      DevExpress.Data (20.2.3) - restriction: || (== net461) (== net472) (&& (== netcoreapp3.1) (>= net452)) (&& (== netstandard2.0) (>= net452))
      DevExpress.ExpressApp (20.2.3) - restriction: || (== net461) (== net472) (&& (== netcoreapp3.1) (>= net452)) (&& (== netstandard2.0) (>= net452))
      DevExpress.ExpressApp.PivotChart (20.2.3) - restriction: || (== net461) (== net472) (&& (== netcoreapp3.1) (>= net452)) (&& (== netstandard2.0) (>= net452))
      DevExpress.ExpressApp.Web (20.2.3) - restriction: || (== net461) (== net472) (&& (== netcoreapp3.1) (>= net452)) (&& (== netstandard2.0) (>= net452))
      DevExpress.Persistent.Base (20.2.3) - restriction: || (== net461) (== net472) (&& (== netcoreapp3.1) (>= net452)) (&& (== netstandard2.0) (>= net452))
      DevExpress.PivotGrid.Core (20.2.3) - restriction: || (== net461) (== net472) (&& (== netcoreapp3.1) (>= net452)) (&& (== netstandard2.0) (>= net452))
      DevExpress.Printing.Core (20.2.3) - restriction: || (== net461) (== net472) (&& (== netcoreapp3.1) (>= net452)) (&& (== netstandard2.0) (>= net452))
      DevExpress.Web (20.2.3) - restriction: || (== net461) (== net472) (&& (== netcoreapp3.1) (>= net452)) (&& (== netstandard2.0) (>= net452))
      DevExpress.Web.Visualization (20.2.3) - restriction: || (== net461) (== net472) (&& (== netcoreapp3.1) (>= net452)) (&& (== netstandard2.0) (>= net452))
    DevExpress.ExpressApp.PivotChart.Win (20.2.3) - restriction: || (== net461) (== net472) (&& (== netcoreapp3.1) (>= net452)) (&& (== netstandard2.0) (>= net452))
      DevExpress.Charts (20.2.3) - restriction: || (== net461) (== net472) (&& (== netcoreapp3.1) (>= net452)) (&& (== netstandard2.0) (>= net452))
      DevExpress.Data (20.2.3) - restriction: || (== net461) (== net472) (&& (== netcoreapp3.1) (>= net452)) (&& (== netstandard2.0) (>= net452))
      DevExpress.ExpressApp (20.2.3) - restriction: || (== net461) (== net472) (&& (== netcoreapp3.1) (>= net452)) (&& (== netstandard2.0) (>= net452))
      DevExpress.ExpressApp.PivotChart (20.2.3) - restriction: || (== net461) (== net472) (&& (== netcoreapp3.1) (>= net452)) (&& (== netstandard2.0) (>= net452))
      DevExpress.ExpressApp.Win (20.2.3) - restriction: || (== net461) (== net472) (&& (== netcoreapp3.1) (>= net452)) (&& (== netstandard2.0) (>= net452))
      DevExpress.Persistent.Base (20.2.3) - restriction: || (== net461) (== net472) (&& (== netcoreapp3.1) (>= net452)) (&& (== netstandard2.0) (>= net452))
      DevExpress.PivotGrid.Core (20.2.3) - restriction: || (== net461) (== net472) (&& (== netcoreapp3.1) (>= net452)) (&& (== netstandard2.0) (>= net452))
      DevExpress.Printing.Core (20.2.3) - restriction: || (== net461) (== net472) (&& (== netcoreapp3.1) (>= net452)) (&& (== netstandard2.0) (>= net452))
      DevExpress.Utils (20.2.3) - restriction: || (== net461) (== net472) (&& (== netcoreapp3.1) (>= net452)) (&& (== netstandard2.0) (>= net452))
      DevExpress.Win.Charts (20.2.3) - restriction: || (== net461) (== net472) (&& (== netcoreapp3.1) (>= net452)) (&& (== netstandard2.0) (>= net452))
      DevExpress.Win.Navigation (20.2.3) - restriction: || (== net461) (== net472) (&& (== netcoreapp3.1) (>= net452)) (&& (== netstandard2.0) (>= net452))
      DevExpress.Win.PivotGrid (20.2.3) - restriction: || (== net461) (== net472) (&& (== netcoreapp3.1) (>= net452)) (&& (== netstandard2.0) (>= net452))
    DevExpress.ExpressApp.PivotGrid (20.2.3)
      DevExpress.Data (20.2.3)
      DevExpress.ExpressApp (20.2.3)
      DevExpress.PivotGrid.Core (20.2.3)
      NETStandard.Library (>= 2.0.3) - restriction: || (&& (== net461) (< net452) (>= netstandard2.0)) (&& (== net472) (< net452)) (== netcoreapp3.1) (== netstandard2.0)
      System.Drawing.Common (>= 4.5) - restriction: || (&& (== net461) (< net452) (>= netstandard2.0)) (&& (== net472) (< net452)) (== netcoreapp3.1) (== netstandard2.0)
    DevExpress.ExpressApp.PivotGrid.Web (20.2.3) - restriction: || (== net461) (== net472) (&& (== netcoreapp3.1) (>= net452)) (&& (== netstandard2.0) (>= net452))
      DevExpress.Charts (20.2.3) - restriction: || (== net461) (== net472) (&& (== netcoreapp3.1) (>= net452)) (&& (== netstandard2.0) (>= net452))
      DevExpress.Data (20.2.3) - restriction: || (== net461) (== net472) (&& (== netcoreapp3.1) (>= net452)) (&& (== netstandard2.0) (>= net452))
      DevExpress.ExpressApp (20.2.3) - restriction: || (== net461) (== net472) (&& (== netcoreapp3.1) (>= net452)) (&& (== netstandard2.0) (>= net452))
      DevExpress.ExpressApp.PivotGrid (20.2.3) - restriction: || (== net461) (== net472) (&& (== netcoreapp3.1) (>= net452)) (&& (== netstandard2.0) (>= net452))
      DevExpress.ExpressApp.Web (20.2.3) - restriction: || (== net461) (== net472) (&& (== netcoreapp3.1) (>= net452)) (&& (== netstandard2.0) (>= net452))
      DevExpress.PivotGrid.Core (20.2.3) - restriction: || (== net461) (== net472) (&& (== netcoreapp3.1) (>= net452)) (&& (== netstandard2.0) (>= net452))
      DevExpress.Web (20.2.3) - restriction: || (== net461) (== net472) (&& (== netcoreapp3.1) (>= net452)) (&& (== netstandard2.0) (>= net452))
      DevExpress.Web.Visualization (20.2.3) - restriction: || (== net461) (== net472) (&& (== netcoreapp3.1) (>= net452)) (&& (== netstandard2.0) (>= net452))
    DevExpress.ExpressApp.PivotGrid.Win (20.2.3) - restriction: || (== net461) (== net472) (&& (== netcoreapp3.1) (>= net452)) (&& (== netstandard2.0) (>= net452))
      DevExpress.Charts (20.2.3) - restriction: || (== net461) (== net472) (&& (== netcoreapp3.1) (>= net452)) (&& (== netstandard2.0) (>= net452))
      DevExpress.Data (20.2.3) - restriction: || (== net461) (== net472) (&& (== netcoreapp3.1) (>= net452)) (&& (== netstandard2.0) (>= net452))
      DevExpress.ExpressApp (20.2.3) - restriction: || (== net461) (== net472) (&& (== netcoreapp3.1) (>= net452)) (&& (== netstandard2.0) (>= net452))
      DevExpress.ExpressApp.PivotGrid (20.2.3) - restriction: || (== net461) (== net472) (&& (== netcoreapp3.1) (>= net452)) (&& (== netstandard2.0) (>= net452))
      DevExpress.ExpressApp.Win (20.2.3) - restriction: || (== net461) (== net472) (&& (== netcoreapp3.1) (>= net452)) (&& (== netstandard2.0) (>= net452))
      DevExpress.PivotGrid.Core (20.2.3) - restriction: || (== net461) (== net472) (&& (== netcoreapp3.1) (>= net452)) (&& (== netstandard2.0) (>= net452))
      DevExpress.Utils (20.2.3) - restriction: || (== net461) (== net472) (&& (== netcoreapp3.1) (>= net452)) (&& (== netstandard2.0) (>= net452))
      DevExpress.Win.Charts (20.2.3) - restriction: || (== net461) (== net472) (&& (== netcoreapp3.1) (>= net452)) (&& (== netstandard2.0) (>= net452))
      DevExpress.Win.Navigation (20.2.3) - restriction: || (== net461) (== net472) (&& (== netcoreapp3.1) (>= net452)) (&& (== netstandard2.0) (>= net452))
      DevExpress.Win.PivotGrid (20.2.3) - restriction: || (== net461) (== net472) (&& (== netcoreapp3.1) (>= net452)) (&& (== netstandard2.0) (>= net452))
    DevExpress.ExpressApp.ReportsV2 (20.2.3)
      DevExpress.Data (20.2.3)
      DevExpress.ExpressApp (20.2.3)
      DevExpress.Persistent.Base (20.2.3)
      DevExpress.Printing.Core (20.2.3)
      DevExpress.Reporting.Core (20.2.3)
      DevExpress.Utils (20.2.3) - restriction: || (== net461) (== net472) (&& (== netcoreapp3.1) (>= net452)) (&& (== netstandard2.0) (>= net452))
      NETStandard.Library (>= 2.0.3) - restriction: || (&& (== net461) (< net452) (>= netstandard2.0)) (&& (== net472) (< net452)) (== netcoreapp3.1) (== netstandard2.0)
      System.Drawing.Common (>= 4.5) - restriction: || (&& (== net461) (< net452) (>= netstandard2.0)) (&& (== net472) (< net452)) (== netcoreapp3.1) (== netstandard2.0)
    DevExpress.ExpressApp.ReportsV2.Web (20.2.3) - restriction: || (== net461) (== net472) (&& (== netcoreapp3.1) (>= net452)) (&& (== netstandard2.0) (>= net452))
      DevExpress.Data (20.2.3) - restriction: || (== net461) (== net472) (&& (== netcoreapp3.1) (>= net452)) (&& (== netstandard2.0) (>= net452))
      DevExpress.ExpressApp (20.2.3) - restriction: || (== net461) (== net472) (&& (== netcoreapp3.1) (>= net452)) (&& (== netstandard2.0) (>= net452))
      DevExpress.ExpressApp.ReportsV2 (20.2.3) - restriction: || (== net461) (== net472) (&& (== netcoreapp3.1) (>= net452)) (&& (== netstandard2.0) (>= net452))
      DevExpress.ExpressApp.Web (20.2.3) - restriction: || (== net461) (== net472) (&& (== netcoreapp3.1) (>= net452)) (&& (== netstandard2.0) (>= net452))
      DevExpress.Persistent.Base (20.2.3) - restriction: || (== net461) (== net472) (&& (== netcoreapp3.1) (>= net452)) (&& (== netstandard2.0) (>= net452))
      DevExpress.Printing.Core (20.2.3) - restriction: || (== net461) (== net472) (&& (== netcoreapp3.1) (>= net452)) (&& (== netstandard2.0) (>= net452))
      DevExpress.Reporting.Core (20.2.3) - restriction: || (== net461) (== net472) (&& (== netcoreapp3.1) (>= net452)) (&& (== netstandard2.0) (>= net452))
      DevExpress.Web (20.2.3) - restriction: || (== net461) (== net472) (&& (== netcoreapp3.1) (>= net452)) (&& (== netstandard2.0) (>= net452))
      DevExpress.Web.Reporting (20.2.3) - restriction: || (== net461) (== net472) (&& (== netcoreapp3.1) (>= net452)) (&& (== netstandard2.0) (>= net452))
      DevExpress.Web.Reporting.Common (20.2.3) - restriction: || (== net461) (== net472) (&& (== netcoreapp3.1) (>= net452)) (&& (== netstandard2.0) (>= net452))
    DevExpress.ExpressApp.ReportsV2.Win (20.2.3) - restriction: || (== net461) (== net472) (&& (== netcoreapp3.1) (>= net452)) (&& (== netstandard2.0) (>= net452))
      DevExpress.Data (20.2.3) - restriction: || (== net461) (== net472) (&& (== netcoreapp3.1) (>= net452)) (&& (== netstandard2.0) (>= net452))
      DevExpress.DataAccess (20.2.3) - restriction: || (== net461) (== net472) (&& (== netcoreapp3.1) (>= net452)) (&& (== netstandard2.0) (>= net452))
      DevExpress.DataAccess.UI (20.2.3) - restriction: || (== net461) (== net472) (&& (== netcoreapp3.1) (>= net452)) (&& (== netstandard2.0) (>= net452))
      DevExpress.ExpressApp (20.2.3) - restriction: || (== net461) (== net472) (&& (== netcoreapp3.1) (>= net452)) (&& (== netstandard2.0) (>= net452))
      DevExpress.ExpressApp.ReportsV2 (20.2.3) - restriction: || (== net461) (== net472) (&& (== netcoreapp3.1) (>= net452)) (&& (== netstandard2.0) (>= net452))
      DevExpress.ExpressApp.Win (20.2.3) - restriction: || (== net461) (== net472) (&& (== netcoreapp3.1) (>= net452)) (&& (== netstandard2.0) (>= net452))
      DevExpress.Persistent.Base (20.2.3) - restriction: || (== net461) (== net472) (&& (== netcoreapp3.1) (>= net452)) (&& (== netstandard2.0) (>= net452))
      DevExpress.Printing.Core (20.2.3) - restriction: || (== net461) (== net472) (&& (== netcoreapp3.1) (>= net452)) (&& (== netstandard2.0) (>= net452))
      DevExpress.Reporting.Core (20.2.3) - restriction: || (== net461) (== net472) (&& (== netcoreapp3.1) (>= net452)) (&& (== netstandard2.0) (>= net452))
      DevExpress.Utils (20.2.3) - restriction: || (== net461) (== net472) (&& (== netcoreapp3.1) (>= net452)) (&& (== netstandard2.0) (>= net452))
      DevExpress.Utils.UI (20.2.3) - restriction: || (== net461) (== net472) (&& (== netcoreapp3.1) (>= net452)) (&& (== netstandard2.0) (>= net452))
      DevExpress.Win.Grid (20.2.3) - restriction: || (== net461) (== net472) (&& (== netcoreapp3.1) (>= net452)) (&& (== netstandard2.0) (>= net452))
      DevExpress.Win.Navigation (20.2.3) - restriction: || (== net461) (== net472) (&& (== netcoreapp3.1) (>= net452)) (&& (== netstandard2.0) (>= net452))
      DevExpress.Win.Printing (20.2.3) - restriction: || (== net461) (== net472) (&& (== netcoreapp3.1) (>= net452)) (&& (== netstandard2.0) (>= net452))
      DevExpress.Win.Reporting (20.2.3) - restriction: || (== net461) (== net472) (&& (== netcoreapp3.1) (>= net452)) (&& (== netstandard2.0) (>= net452))
      DevExpress.Win.TreeList (20.2.3) - restriction: || (== net461) (== net472) (&& (== netcoreapp3.1) (>= net452)) (&& (== netstandard2.0) (>= net452))
    DevExpress.ExpressApp.Scheduler (20.2.3) - restriction: || (== net461) (== net472) (&& (== netcoreapp3.1) (>= net452)) (&& (== netstandard2.0) (>= net452))
      DevExpress.Data (20.2.3) - restriction: || (== net461) (== net472) (&& (== netcoreapp3.1) (>= net452)) (&& (== netstandard2.0) (>= net452))
      DevExpress.ExpressApp (20.2.3) - restriction: || (== net461) (== net472) (&& (== netcoreapp3.1) (>= net452)) (&& (== netstandard2.0) (>= net452))
      DevExpress.Persistent.Base (20.2.3) - restriction: || (== net461) (== net472) (&& (== netcoreapp3.1) (>= net452)) (&& (== netstandard2.0) (>= net452))
      DevExpress.Scheduler.Core (20.2.3) - restriction: || (== net461) (== net472) (&& (== netcoreapp3.1) (>= net452)) (&& (== netstandard2.0) (>= net452))
      DevExpress.Scheduler.CoreDesktop (20.2.3) - restriction: || (== net461) (== net472) (&& (== netcoreapp3.1) (>= net452)) (&& (== netstandard2.0) (>= net452))
    DevExpress.ExpressApp.Scheduler.Web (20.2.3) - restriction: || (== net461) (== net472) (&& (== netcoreapp3.1) (>= net452)) (&& (== netstandard2.0) (>= net452))
      DevExpress.Data (20.2.3) - restriction: || (== net461) (== net472) (&& (== netcoreapp3.1) (>= net452)) (&& (== netstandard2.0) (>= net452))
      DevExpress.ExpressApp (20.2.3) - restriction: || (== net461) (== net472) (&& (== netcoreapp3.1) (>= net452)) (&& (== netstandard2.0) (>= net452))
      DevExpress.ExpressApp.Scheduler (20.2.3) - restriction: || (== net461) (== net472) (&& (== netcoreapp3.1) (>= net452)) (&& (== netstandard2.0) (>= net452))
      DevExpress.ExpressApp.Web (20.2.3) - restriction: || (== net461) (== net472) (&& (== netcoreapp3.1) (>= net452)) (&& (== netstandard2.0) (>= net452))
      DevExpress.Persistent.Base (20.2.3) - restriction: || (== net461) (== net472) (&& (== netcoreapp3.1) (>= net452)) (&& (== netstandard2.0) (>= net452))
      DevExpress.Scheduler.Core (20.2.3) - restriction: || (== net461) (== net472) (&& (== netcoreapp3.1) (>= net452)) (&& (== netstandard2.0) (>= net452))
      DevExpress.Scheduler.CoreDesktop (20.2.3) - restriction: || (== net461) (== net472) (&& (== netcoreapp3.1) (>= net452)) (&& (== netstandard2.0) (>= net452))
      DevExpress.Web (20.2.3) - restriction: || (== net461) (== net472) (&& (== netcoreapp3.1) (>= net452)) (&& (== netstandard2.0) (>= net452))
      DevExpress.Web.Scheduler (20.2.3) - restriction: || (== net461) (== net472) (&& (== netcoreapp3.1) (>= net452)) (&& (== netstandard2.0) (>= net452))
    DevExpress.ExpressApp.Scheduler.Win (20.2.3) - restriction: || (== net461) (== net472) (&& (== netcoreapp3.1) (>= net452)) (&& (== netstandard2.0) (>= net452))
      DevExpress.Data (20.2.3) - restriction: || (== net461) (== net472) (&& (== netcoreapp3.1) (>= net452)) (&& (== netstandard2.0) (>= net452))
      DevExpress.ExpressApp (20.2.3) - restriction: || (== net461) (== net472) (&& (== netcoreapp3.1) (>= net452)) (&& (== netstandard2.0) (>= net452))
      DevExpress.ExpressApp.Scheduler (20.2.3) - restriction: || (== net461) (== net472) (&& (== netcoreapp3.1) (>= net452)) (&& (== netstandard2.0) (>= net452))
      DevExpress.ExpressApp.Win (20.2.3) - restriction: || (== net461) (== net472) (&& (== netcoreapp3.1) (>= net452)) (&& (== netstandard2.0) (>= net452))
      DevExpress.Persistent.Base (20.2.3) - restriction: || (== net461) (== net472) (&& (== netcoreapp3.1) (>= net452)) (&& (== netstandard2.0) (>= net452))
      DevExpress.Scheduler.Core (20.2.3) - restriction: || (== net461) (== net472) (&& (== netcoreapp3.1) (>= net452)) (&& (== netstandard2.0) (>= net452))
      DevExpress.Scheduler.CoreDesktop (20.2.3) - restriction: || (== net461) (== net472) (&& (== netcoreapp3.1) (>= net452)) (&& (== netstandard2.0) (>= net452))
      DevExpress.Utils (20.2.3) - restriction: || (== net461) (== net472) (&& (== netcoreapp3.1) (>= net452)) (&& (== netstandard2.0) (>= net452))
      DevExpress.Win.Navigation (20.2.3) - restriction: || (== net461) (== net472) (&& (== netcoreapp3.1) (>= net452)) (&& (== netstandard2.0) (>= net452))
      DevExpress.Win.Scheduler (20.2.3) - restriction: || (== net461) (== net472) (&& (== netcoreapp3.1) (>= net452)) (&& (== netstandard2.0) (>= net452))
    DevExpress.ExpressApp.ScriptRecorder (20.2.3)
      DevExpress.ExpressApp (20.2.3)
      NETStandard.Library (>= 2.0.3) - restriction: || (&& (== net461) (< net452) (>= netstandard2.0)) (&& (== net472) (< net452)) (== netcoreapp3.1) (== netstandard2.0)
      System.Drawing.Common (>= 4.5) - restriction: || (&& (== net461) (< net452) (>= netstandard2.0)) (&& (== net472) (< net452)) (== netcoreapp3.1) (== netstandard2.0)
    DevExpress.ExpressApp.ScriptRecorder.Web (20.2.3) - restriction: || (== net461) (== net472) (&& (== netcoreapp3.1) (>= net452)) (&& (== netstandard2.0) (>= net452))
      DevExpress.Data (20.2.3) - restriction: || (== net461) (== net472) (&& (== netcoreapp3.1) (>= net452)) (&& (== netstandard2.0) (>= net452))
      DevExpress.ExpressApp (20.2.3) - restriction: || (== net461) (== net472) (&& (== netcoreapp3.1) (>= net452)) (&& (== netstandard2.0) (>= net452))
      DevExpress.ExpressApp.ScriptRecorder (20.2.3) - restriction: || (== net461) (== net472) (&& (== netcoreapp3.1) (>= net452)) (&& (== netstandard2.0) (>= net452))
      DevExpress.ExpressApp.Web (20.2.3) - restriction: || (== net461) (== net472) (&& (== netcoreapp3.1) (>= net452)) (&& (== netstandard2.0) (>= net452))
    DevExpress.ExpressApp.ScriptRecorder.Win (20.2.3) - restriction: || (== net461) (== net472) (&& (== netcoreapp3.1) (>= net452)) (&& (== netstandard2.0) (>= net452))
      DevExpress.Data (20.2.3) - restriction: || (== net461) (== net472) (&& (== netcoreapp3.1) (>= net452)) (&& (== netstandard2.0) (>= net452))
      DevExpress.ExpressApp (20.2.3) - restriction: || (== net461) (== net472) (&& (== netcoreapp3.1) (>= net452)) (&& (== netstandard2.0) (>= net452))
      DevExpress.ExpressApp.ScriptRecorder (20.2.3) - restriction: || (== net461) (== net472) (&& (== netcoreapp3.1) (>= net452)) (&& (== netstandard2.0) (>= net452))
      DevExpress.ExpressApp.Win (20.2.3) - restriction: || (== net461) (== net472) (&& (== netcoreapp3.1) (>= net452)) (&& (== netstandard2.0) (>= net452))
      DevExpress.Utils (20.2.3) - restriction: || (== net461) (== net472) (&& (== netcoreapp3.1) (>= net452)) (&& (== netstandard2.0) (>= net452))
      DevExpress.Win.Navigation (20.2.3) - restriction: || (== net461) (== net472) (&& (== netcoreapp3.1) (>= net452)) (&& (== netstandard2.0) (>= net452))
    DevExpress.ExpressApp.Security (20.2.3)
      DevExpress.Data (20.2.3)
      DevExpress.ExpressApp (20.2.3)
      DevExpress.Persistent.Base (20.2.3)
      Microsoft.Extensions.Options (>= 3.1.5) - restriction: || (&& (== net461) (< net452) (>= netstandard2.0)) (&& (== net472) (< net452)) (== netcoreapp3.1) (== netstandard2.0)
      NETStandard.Library (>= 2.0.3) - restriction: || (&& (== net461) (< net452) (>= netstandard2.0)) (&& (== net472) (< net452)) (== netcoreapp3.1) (== netstandard2.0)
      System.Drawing.Common (>= 4.5) - restriction: || (&& (== net461) (< net452) (>= netstandard2.0)) (&& (== net472) (< net452)) (== netcoreapp3.1) (== netstandard2.0)
      System.Security.Permissions (>= 4.5) - restriction: || (&& (== net461) (< net452) (>= netstandard2.0)) (&& (== net472) (< net452)) (== netcoreapp3.1) (== netstandard2.0)
    DevExpress.ExpressApp.Security.Xpo (20.2.3)
      DevExpress.Data (20.2.3)
      DevExpress.ExpressApp (20.2.3)
      DevExpress.ExpressApp.Security (20.2.3)
      DevExpress.ExpressApp.Xpo (20.2.3)
      DevExpress.Persistent.Base (20.2.3)
      DevExpress.Xpo (20.2.3)
      NETStandard.Library (>= 2.0.3) - restriction: || (&& (== net461) (< net452) (>= netstandard2.0)) (&& (== net472) (< net452)) (== netcoreapp3.1) (== netstandard2.0)
      System.ServiceModel.Http (>= 4.6) - restriction: || (&& (== net461) (< net452) (>= netstandard2.0)) (&& (== net472) (< net452)) (== netcoreapp3.1) (== netstandard2.0)
      System.ServiceModel.NetTcp (>= 4.6) - restriction: || (&& (== net461) (< net452) (>= netstandard2.0)) (&& (== net472) (< net452)) (== netcoreapp3.1) (== netstandard2.0)
      System.ServiceModel.Primitives (>= 4.6) - restriction: || (&& (== net461) (< net452) (>= netstandard2.0)) (&& (== net472) (< net452)) (== netcoreapp3.1) (== netstandard2.0)
    DevExpress.ExpressApp.StateMachine (20.2.3)
      DevExpress.Data (20.2.3)
      DevExpress.ExpressApp (20.2.3)
      DevExpress.ExpressApp.ConditionalAppearance (20.2.3)
      DevExpress.ExpressApp.Validation (20.2.3)
      DevExpress.Persistent.Base (20.2.3)
      NETStandard.Library (>= 2.0.3) - restriction: || (&& (== net461) (< net452) (>= netstandard2.0)) (&& (== net472) (< net452)) (== netcoreapp3.1) (== netstandard2.0)
      System.Drawing.Common (>= 4.5) - restriction: || (&& (== net461) (< net452) (>= netstandard2.0)) (&& (== net472) (< net452)) (== netcoreapp3.1) (== netstandard2.0)
    DevExpress.ExpressApp.TreeListEditors (20.2.3)
      DevExpress.Data (20.2.3)
      DevExpress.ExpressApp (20.2.3)
      DevExpress.Persistent.Base (20.2.3)
      NETStandard.Library (>= 2.0.3) - restriction: || (&& (== net461) (< net452) (>= netstandard2.0)) (&& (== net472) (< net452)) (== netcoreapp3.1) (== netstandard2.0)
      System.Drawing.Common (>= 4.5) - restriction: || (&& (== net461) (< net452) (>= netstandard2.0)) (&& (== net472) (< net452)) (== netcoreapp3.1) (== netstandard2.0)
    DevExpress.ExpressApp.TreeListEditors.Web (20.2.3) - restriction: || (== net461) (== net472) (&& (== netcoreapp3.1) (>= net452)) (&& (== netstandard2.0) (>= net452))
      DevExpress.Data (20.2.3) - restriction: || (== net461) (== net472) (&& (== netcoreapp3.1) (>= net452)) (&& (== netstandard2.0) (>= net452))
      DevExpress.ExpressApp (20.2.3) - restriction: || (== net461) (== net472) (&& (== netcoreapp3.1) (>= net452)) (&& (== netstandard2.0) (>= net452))
      DevExpress.ExpressApp.TreeListEditors (20.2.3) - restriction: || (== net461) (== net472) (&& (== netcoreapp3.1) (>= net452)) (&& (== netstandard2.0) (>= net452))
      DevExpress.ExpressApp.Web (20.2.3) - restriction: || (== net461) (== net472) (&& (== netcoreapp3.1) (>= net452)) (&& (== netstandard2.0) (>= net452))
      DevExpress.Persistent.Base (20.2.3) - restriction: || (== net461) (== net472) (&& (== netcoreapp3.1) (>= net452)) (&& (== netstandard2.0) (>= net452))
      DevExpress.Web (20.2.3) - restriction: || (== net461) (== net472) (&& (== netcoreapp3.1) (>= net452)) (&& (== netstandard2.0) (>= net452))
    DevExpress.ExpressApp.TreeListEditors.Win (20.2.3) - restriction: || (== net461) (== net472) (&& (== netcoreapp3.1) (>= net452)) (&& (== netstandard2.0) (>= net452))
      DevExpress.Data (20.2.3) - restriction: || (== net461) (== net472) (&& (== netcoreapp3.1) (>= net452)) (&& (== netstandard2.0) (>= net452))
      DevExpress.ExpressApp (20.2.3) - restriction: || (== net461) (== net472) (&& (== netcoreapp3.1) (>= net452)) (&& (== netstandard2.0) (>= net452))
      DevExpress.ExpressApp.TreeListEditors (20.2.3) - restriction: || (== net461) (== net472) (&& (== netcoreapp3.1) (>= net452)) (&& (== netstandard2.0) (>= net452))
      DevExpress.ExpressApp.Win (20.2.3) - restriction: || (== net461) (== net472) (&& (== netcoreapp3.1) (>= net452)) (&& (== netstandard2.0) (>= net452))
      DevExpress.Persistent.Base (20.2.3) - restriction: || (== net461) (== net472) (&& (== netcoreapp3.1) (>= net452)) (&& (== netstandard2.0) (>= net452))
      DevExpress.Utils (20.2.3) - restriction: || (== net461) (== net472) (&& (== netcoreapp3.1) (>= net452)) (&& (== netstandard2.0) (>= net452))
      DevExpress.Win.Navigation (20.2.3) - restriction: || (== net461) (== net472) (&& (== netcoreapp3.1) (>= net452)) (&& (== netstandard2.0) (>= net452))
      DevExpress.Win.TreeList (20.2.3) - restriction: || (== net461) (== net472) (&& (== netcoreapp3.1) (>= net452)) (&& (== netstandard2.0) (>= net452))
    DevExpress.ExpressApp.Validation (20.2.3)
      DevExpress.Data (20.2.3)
      DevExpress.ExpressApp (20.2.3)
      DevExpress.Persistent.Base (20.2.3)
      NETStandard.Library (>= 2.0.3) - restriction: || (&& (== net461) (< net452) (>= netstandard2.0)) (&& (== net472) (< net452)) (== netcoreapp3.1) (== netstandard2.0)
      System.Drawing.Common (>= 4.5) - restriction: || (&& (== net461) (< net452) (>= netstandard2.0)) (&& (== net472) (< net452)) (== netcoreapp3.1) (== netstandard2.0)
    DevExpress.ExpressApp.Validation.Web (20.2.3) - restriction: || (== net461) (== net472) (&& (== netcoreapp3.1) (>= net452)) (&& (== netstandard2.0) (>= net452))
      DevExpress.Data (20.2.3) - restriction: || (== net461) (== net472) (&& (== netcoreapp3.1) (>= net452)) (&& (== netstandard2.0) (>= net452))
      DevExpress.ExpressApp (20.2.3) - restriction: || (== net461) (== net472) (&& (== netcoreapp3.1) (>= net452)) (&& (== netstandard2.0) (>= net452))
      DevExpress.ExpressApp.Validation (20.2.3) - restriction: || (== net461) (== net472) (&& (== netcoreapp3.1) (>= net452)) (&& (== netstandard2.0) (>= net452))
      DevExpress.ExpressApp.Web (20.2.3) - restriction: || (== net461) (== net472) (&& (== netcoreapp3.1) (>= net452)) (&& (== netstandard2.0) (>= net452))
      DevExpress.Persistent.Base (20.2.3) - restriction: || (== net461) (== net472) (&& (== netcoreapp3.1) (>= net452)) (&& (== netstandard2.0) (>= net452))
      DevExpress.Web (20.2.3) - restriction: || (== net461) (== net472) (&& (== netcoreapp3.1) (>= net452)) (&& (== netstandard2.0) (>= net452))
    DevExpress.ExpressApp.Validation.Win (20.2.3) - restriction: || (== net461) (== net472) (&& (== netcoreapp3.1) (>= net452)) (&& (== netstandard2.0) (>= net452))
      DevExpress.Data (20.2.3) - restriction: || (== net461) (== net472) (&& (== netcoreapp3.1) (>= net452)) (&& (== netstandard2.0) (>= net452))
      DevExpress.ExpressApp (20.2.3) - restriction: || (== net461) (== net472) (&& (== netcoreapp3.1) (>= net452)) (&& (== netstandard2.0) (>= net452))
      DevExpress.ExpressApp.Validation (20.2.3) - restriction: || (== net461) (== net472) (&& (== netcoreapp3.1) (>= net452)) (&& (== netstandard2.0) (>= net452))
      DevExpress.ExpressApp.Win (20.2.3) - restriction: || (== net461) (== net472) (&& (== netcoreapp3.1) (>= net452)) (&& (== netstandard2.0) (>= net452))
      DevExpress.Persistent.Base (20.2.3) - restriction: || (== net461) (== net472) (&& (== netcoreapp3.1) (>= net452)) (&& (== netstandard2.0) (>= net452))
      DevExpress.Win.Grid (20.2.3) - restriction: || (== net461) (== net472) (&& (== netcoreapp3.1) (>= net452)) (&& (== netstandard2.0) (>= net452))
      DevExpress.Win.Navigation (20.2.3) - restriction: || (== net461) (== net472) (&& (== netcoreapp3.1) (>= net452)) (&& (== netstandard2.0) (>= net452))
    DevExpress.ExpressApp.ViewVariantsModule (20.2.3)
      DevExpress.Data (20.2.3)
      DevExpress.ExpressApp (20.2.3)
      NETStandard.Library (>= 2.0.3) - restriction: || (&& (== net461) (< net452) (>= netstandard2.0)) (&& (== net472) (< net452)) (== netcoreapp3.1) (== netstandard2.0)
      System.Drawing.Common (>= 4.5) - restriction: || (&& (== net461) (< net452) (>= netstandard2.0)) (&& (== net472) (< net452)) (== netcoreapp3.1) (== netstandard2.0)
    DevExpress.ExpressApp.Web (20.2.3) - restriction: || (== net461) (== net472) (&& (== netcoreapp3.1) (>= net452)) (&& (== netstandard2.0) (>= net452))
      DevExpress.Data (20.2.3) - restriction: || (== net461) (== net472) (&& (== netcoreapp3.1) (>= net452)) (&& (== netstandard2.0) (>= net452))
      DevExpress.ExpressApp (20.2.3) - restriction: || (== net461) (== net472) (&& (== netcoreapp3.1) (>= net452)) (&& (== netstandard2.0) (>= net452))
      DevExpress.Persistent.Base (20.2.3) - restriction: || (== net461) (== net472) (&& (== netcoreapp3.1) (>= net452)) (&& (== netstandard2.0) (>= net452))
      DevExpress.Printing.Core (20.2.3) - restriction: || (== net461) (== net472) (&& (== netcoreapp3.1) (>= net452)) (&& (== netstandard2.0) (>= net452))
      DevExpress.Utils (20.2.3) - restriction: || (== net461) (== net472) (&& (== netcoreapp3.1) (>= net452)) (&& (== netstandard2.0) (>= net452))
      DevExpress.Web (20.2.3) - restriction: || (== net461) (== net472) (&& (== netcoreapp3.1) (>= net452)) (&& (== netstandard2.0) (>= net452))
      DevExpress.Web.Themes (20.2.3) - restriction: || (== net461) (== net472) (&& (== netcoreapp3.1) (>= net452)) (&& (== netstandard2.0) (>= net452))
    DevExpress.ExpressApp.Web.All (20.2.3)
      DevExpress.ExpressApp.Chart.Web (20.2.3) - restriction: || (== net461) (== net472) (&& (== netcoreapp3.1) (>= net452)) (&& (== netstandard2.0) (>= net452))
      DevExpress.ExpressApp.Core.All (20.2.3) - restriction: || (== net461) (== net472) (&& (== netcoreapp3.1) (>= net452)) (&& (== netstandard2.0) (>= net452))
      DevExpress.ExpressApp.Dashboards.Web (20.2.3) - restriction: || (== net461) (== net472) (&& (== netcoreapp3.1) (>= net452)) (&& (== netstandard2.0) (>= net452))
      DevExpress.ExpressApp.EasyTest.WebAdapter (20.2.3) - restriction: || (== net461) (== net472) (&& (== netcoreapp3.1) (>= net452)) (&& (== netstandard2.0) (>= net452))
      DevExpress.ExpressApp.FileAttachment.Web (20.2.3) - restriction: || (== net461) (== net472) (&& (== netcoreapp3.1) (>= net452)) (&& (== netstandard2.0) (>= net452))
      DevExpress.ExpressApp.HtmlPropertyEditor.Web (20.2.3) - restriction: || (== net461) (== net472) (&& (== netcoreapp3.1) (>= net452)) (&& (== netstandard2.0) (>= net452))
      DevExpress.ExpressApp.Maps.Web (20.2.3) - restriction: || (== net461) (== net472) (&& (== netcoreapp3.1) (>= net452)) (&& (== netstandard2.0) (>= net452))
      DevExpress.ExpressApp.Notifications.Web (20.2.3) - restriction: || (== net461) (== net472) (&& (== netcoreapp3.1) (>= net452)) (&& (== netstandard2.0) (>= net452))
      DevExpress.ExpressApp.Office.Web (20.2.3) - restriction: || (== net461) (== net472) (&& (== netcoreapp3.1) (>= net452)) (&& (== netstandard2.0) (>= net452))
      DevExpress.ExpressApp.PivotChart.Web (20.2.3) - restriction: || (== net461) (== net472) (&& (== netcoreapp3.1) (>= net452)) (&& (== netstandard2.0) (>= net452))
      DevExpress.ExpressApp.PivotGrid.Web (20.2.3) - restriction: || (== net461) (== net472) (&& (== netcoreapp3.1) (>= net452)) (&& (== netstandard2.0) (>= net452))
      DevExpress.ExpressApp.ReportsV2.Web (20.2.3) - restriction: || (== net461) (== net472) (&& (== netcoreapp3.1) (>= net452)) (&& (== netstandard2.0) (>= net452))
      DevExpress.ExpressApp.Scheduler.Web (20.2.3) - restriction: || (== net461) (== net472) (&& (== netcoreapp3.1) (>= net452)) (&& (== netstandard2.0) (>= net452))
      DevExpress.ExpressApp.ScriptRecorder.Web (20.2.3) - restriction: || (== net461) (== net472) (&& (== netcoreapp3.1) (>= net452)) (&& (== netstandard2.0) (>= net452))
      DevExpress.ExpressApp.TreeListEditors.Web (20.2.3) - restriction: || (== net461) (== net472) (&& (== netcoreapp3.1) (>= net452)) (&& (== netstandard2.0) (>= net452))
      DevExpress.ExpressApp.Validation.Web (20.2.3) - restriction: || (== net461) (== net472) (&& (== netcoreapp3.1) (>= net452)) (&& (== netstandard2.0) (>= net452))
      DevExpress.ExpressApp.Web (20.2.3) - restriction: || (== net461) (== net472) (&& (== netcoreapp3.1) (>= net452)) (&& (== netstandard2.0) (>= net452))
    DevExpress.ExpressApp.Win (20.2.3) - restriction: || (== net461) (== net472) (&& (== netcoreapp3.1) (>= net452)) (&& (== netstandard2.0) (>= net452))
      DevExpress.Data (20.2.3) - restriction: || (== net461) (== net472) (&& (== netcoreapp3.1) (>= net452)) (&& (== netstandard2.0) (>= net452))
      DevExpress.Data.Desktop (20.2.3) - restriction: || (== net461) (== net472) (&& (== netcoreapp3.1) (>= net452)) (&& (== netstandard2.0) (>= net452))
      DevExpress.DataAccess.UI (20.2.3) - restriction: || (== net461) (== net472) (&& (== netcoreapp3.1) (>= net452)) (&& (== netstandard2.0) (>= net452))
      DevExpress.ExpressApp (20.2.3) - restriction: || (== net461) (== net472) (&& (== netcoreapp3.1) (>= net452)) (&& (== netstandard2.0) (>= net452))
      DevExpress.Office.Core (20.2.3) - restriction: || (== net461) (== net472) (&& (== netcoreapp3.1) (>= net452)) (&& (== netstandard2.0) (>= net452))
      DevExpress.Persistent.Base (20.2.3) - restriction: || (== net461) (== net472) (&& (== netcoreapp3.1) (>= net452)) (&& (== netstandard2.0) (>= net452))
      DevExpress.Printing.Core (20.2.3) - restriction: || (== net461) (== net472) (&& (== netcoreapp3.1) (>= net452)) (&& (== netstandard2.0) (>= net452))
      DevExpress.RichEdit.Core (20.2.3) - restriction: || (== net461) (== net472) (&& (== netcoreapp3.1) (>= net452)) (&& (== netstandard2.0) (>= net452))
      DevExpress.Utils (20.2.3) - restriction: || (== net461) (== net472) (&& (== netcoreapp3.1) (>= net452)) (&& (== netstandard2.0) (>= net452))
      DevExpress.Win (20.2.3) - restriction: || (== net461) (== net472) (&& (== netcoreapp3.1) (>= net452)) (&& (== netstandard2.0) (>= net452))
      DevExpress.Win.BonusSkins (20.2.3) - restriction: || (== net461) (== net472) (&& (== netcoreapp3.1) (>= net452)) (&& (== netstandard2.0) (>= net452))
      DevExpress.Win.Grid (20.2.3) - restriction: || (== net461) (== net472) (&& (== netcoreapp3.1) (>= net452)) (&& (== netstandard2.0) (>= net452))
      DevExpress.Win.Navigation (20.2.3) - restriction: || (== net461) (== net472) (&& (== netcoreapp3.1) (>= net452)) (&& (== netstandard2.0) (>= net452))
      DevExpress.Win.Printing (20.2.3) - restriction: || (== net461) (== net472) (&& (== netcoreapp3.1) (>= net452)) (&& (== netstandard2.0) (>= net452))
      DevExpress.Win.RichEdit (20.2.3) - restriction: || (== net461) (== net472) (&& (== netcoreapp3.1) (>= net452)) (&& (== netstandard2.0) (>= net452))
      DevExpress.Win.TreeList (20.2.3) - restriction: || (== net461) (== net472) (&& (== netcoreapp3.1) (>= net452)) (&& (== netstandard2.0) (>= net452))
      DevExpress.Win.VerticalGrid (20.2.3) - restriction: || (== net461) (== net472) (&& (== netcoreapp3.1) (>= net452)) (&& (== netstandard2.0) (>= net452))
    DevExpress.ExpressApp.Win.All (20.2.3)
      DevExpress.ExpressApp.Chart.Win (20.2.3) - restriction: || (== net461) (== net472) (&& (== netcoreapp3.1) (>= net452)) (&& (== netstandard2.0) (>= net452))
      DevExpress.ExpressApp.Core.All (20.2.3) - restriction: || (== net461) (== net472) (&& (== netcoreapp3.1) (>= net452)) (&& (== netstandard2.0) (>= net452))
      DevExpress.ExpressApp.Dashboards.Win (20.2.3) - restriction: || (== net461) (== net472) (&& (== netcoreapp3.1) (>= net452)) (&& (== netstandard2.0) (>= net452))
      DevExpress.ExpressApp.EasyTest.WinAdapter (20.2.3) - restriction: || (== net461) (== net472) (&& (== netcoreapp3.1) (>= net452)) (&& (== netstandard2.0) (>= net452))
      DevExpress.ExpressApp.FileAttachment.Win (20.2.3) - restriction: || (== net461) (== net472) (&& (== netcoreapp3.1) (>= net452)) (&& (== netstandard2.0) (>= net452))
      DevExpress.ExpressApp.HtmlPropertyEditor.Win (20.2.3) - restriction: || (== net461) (== net472) (&& (== netcoreapp3.1) (>= net452)) (&& (== netstandard2.0) (>= net452))
      DevExpress.ExpressApp.Notifications.Win (20.2.3) - restriction: || (== net461) (== net472) (&& (== netcoreapp3.1) (>= net452)) (&& (== netstandard2.0) (>= net452))
      DevExpress.ExpressApp.Office.Win (20.2.3) - restriction: || (== net461) (== net472) (&& (== netcoreapp3.1) (>= net452)) (&& (== netstandard2.0) (>= net452))
      DevExpress.ExpressApp.PivotChart.Win (20.2.3) - restriction: || (== net461) (== net472) (&& (== netcoreapp3.1) (>= net452)) (&& (== netstandard2.0) (>= net452))
      DevExpress.ExpressApp.PivotGrid.Win (20.2.3) - restriction: || (== net461) (== net472) (&& (== netcoreapp3.1) (>= net452)) (&& (== netstandard2.0) (>= net452))
      DevExpress.ExpressApp.ReportsV2.Win (20.2.3) - restriction: || (== net461) (== net472) (&& (== netcoreapp3.1) (>= net452)) (&& (== netstandard2.0) (>= net452))
      DevExpress.ExpressApp.Scheduler.Win (20.2.3) - restriction: || (== net461) (== net472) (&& (== netcoreapp3.1) (>= net452)) (&& (== netstandard2.0) (>= net452))
      DevExpress.ExpressApp.ScriptRecorder.Win (20.2.3) - restriction: || (== net461) (== net472) (&& (== netcoreapp3.1) (>= net452)) (&& (== netstandard2.0) (>= net452))
      DevExpress.ExpressApp.TreeListEditors.Win (20.2.3) - restriction: || (== net461) (== net472) (&& (== netcoreapp3.1) (>= net452)) (&& (== netstandard2.0) (>= net452))
      DevExpress.ExpressApp.Validation.Win (20.2.3) - restriction: || (== net461) (== net472) (&& (== netcoreapp3.1) (>= net452)) (&& (== netstandard2.0) (>= net452))
      DevExpress.ExpressApp.Win (20.2.3) - restriction: || (== net461) (== net472) (&& (== netcoreapp3.1) (>= net452)) (&& (== netstandard2.0) (>= net452))
      DevExpress.ExpressApp.Workflow.Win (20.2.3) - restriction: || (== net461) (== net472) (&& (== netcoreapp3.1) (>= net452)) (&& (== netstandard2.0) (>= net452))
    DevExpress.ExpressApp.Workflow (20.2.3) - restriction: || (== net461) (== net472) (&& (== netcoreapp3.1) (>= net452)) (&& (== netstandard2.0) (>= net452))
      DevExpress.Data (20.2.3) - restriction: || (== net461) (== net472) (&& (== netcoreapp3.1) (>= net452)) (&& (== netstandard2.0) (>= net452))
      DevExpress.ExpressApp (20.2.3) - restriction: || (== net461) (== net472) (&& (== netcoreapp3.1) (>= net452)) (&& (== netstandard2.0) (>= net452))
      DevExpress.ExpressApp.ConditionalAppearance (20.2.3) - restriction: || (== net461) (== net472) (&& (== netcoreapp3.1) (>= net452)) (&& (== netstandard2.0) (>= net452))
      DevExpress.ExpressApp.Security (20.2.3) - restriction: || (== net461) (== net472) (&& (== netcoreapp3.1) (>= net452)) (&& (== netstandard2.0) (>= net452))
      DevExpress.Persistent.Base (20.2.3) - restriction: || (== net461) (== net472) (&& (== netcoreapp3.1) (>= net452)) (&& (== netstandard2.0) (>= net452))
      DevExpress.Utils (20.2.3) - restriction: || (== net461) (== net472) (&& (== netcoreapp3.1) (>= net452)) (&& (== netstandard2.0) (>= net452))
    DevExpress.ExpressApp.Workflow.Win (20.2.3) - restriction: || (== net461) (== net472) (&& (== netcoreapp3.1) (>= net452)) (&& (== netstandard2.0) (>= net452))
      DevExpress.Data (20.2.3) - restriction: || (== net461) (== net472) (&& (== netcoreapp3.1) (>= net452)) (&& (== netstandard2.0) (>= net452))
      DevExpress.ExpressApp (20.2.3) - restriction: || (== net461) (== net472) (&& (== netcoreapp3.1) (>= net452)) (&& (== netstandard2.0) (>= net452))
      DevExpress.ExpressApp.Win (20.2.3) - restriction: || (== net461) (== net472) (&& (== netcoreapp3.1) (>= net452)) (&& (== netstandard2.0) (>= net452))
      DevExpress.ExpressApp.Workflow (20.2.3) - restriction: || (== net461) (== net472) (&& (== netcoreapp3.1) (>= net452)) (&& (== netstandard2.0) (>= net452))
      DevExpress.Persistent.Base (20.2.3) - restriction: || (== net461) (== net472) (&& (== netcoreapp3.1) (>= net452)) (&& (== netstandard2.0) (>= net452))
      DevExpress.Utils (20.2.3) - restriction: || (== net461) (== net472) (&& (== netcoreapp3.1) (>= net452)) (&& (== netstandard2.0) (>= net452))
    DevExpress.ExpressApp.Xpo (20.2.3)
      DevExpress.Data (20.2.3)
      DevExpress.ExpressApp (20.2.3)
      DevExpress.Xpo (20.2.3)
      NETStandard.Library (>= 2.0.3) - restriction: || (&& (== net461) (< net452) (>= netstandard2.0)) (&& (== net472) (< net452)) (== netcoreapp3.1) (== netstandard2.0)
      System.Drawing.Common (>= 4.5) - restriction: || (&& (== net461) (< net452) (>= netstandard2.0)) (&& (== net472) (< net452)) (== netcoreapp3.1) (== netstandard2.0)
      System.Security.Permissions (>= 4.5) - restriction: || (&& (== net461) (< net452) (>= netstandard2.0)) (&& (== net472) (< net452)) (== netcoreapp3.1) (== netstandard2.0)
    DevExpress.Gauges.Core (20.2.3)
      DevExpress.Data (20.2.3)
      DevExpress.Printing.Core (20.2.3)
      NETStandard.Library (>= 2.0.3) - restriction: || (&& (== net461) (< net452) (>= netstandard2.0)) (&& (== net472) (< net452)) (== netcoreapp3.1) (== netstandard2.0)
      System.Drawing.Common (>= 4.5) - restriction: || (&& (== net461) (< net452) (>= netstandard2.0)) (&& (== net472) (< net452)) (== netcoreapp3.1) (== netstandard2.0)
    DevExpress.Images (20.2.3) - restriction: || (== net461) (== net472) (&& (== netcoreapp3.1) (>= net452)) (&& (== netstandard2.0) (>= net452))
      DevExpress.Data (20.2.3)
    DevExpress.Map.Core (20.2.3)
      DevExpress.Data (20.2.3)
      NETStandard.Library (>= 2.0.3) - restriction: || (&& (== net461) (< net452) (>= netstandard2.0)) (&& (== net472) (< net452)) (== netcoreapp3.1) (== netstandard2.0)
      System.Drawing.Common (>= 4.5) - restriction: || (&& (== net461) (< net452) (>= netstandard2.0)) (&& (== net472) (< net452)) (== netcoreapp3.1) (== netstandard2.0)
    DevExpress.Office.Core (20.2.3)
      DevExpress.Data (20.2.3)
      DevExpress.Pdf.Core (20.2.3)
      DevExpress.Printing.Core (20.2.3)
      NETStandard.Library (>= 2.0.3) - restriction: || (&& (== net461) (< net452) (>= netstandard2.0)) (&& (== net472) (< net452)) (== netcoreapp3.1) (== netstandard2.0)
      System.Drawing.Common (>= 4.5) - restriction: || (&& (== net461) (< net452) (>= netstandard2.0)) (&& (== net472) (< net452)) (== netcoreapp3.1) (== netstandard2.0)
      System.Security.Cryptography.Xml (>= 4.5) - restriction: || (&& (== net461) (< net452) (>= netstandard2.0)) (&& (== net472) (< net452)) (== netcoreapp3.1) (== netstandard2.0)
    DevExpress.Pdf.Core (20.2.3)
      DevExpress.Data (20.2.3)
      NETStandard.Library (>= 2.0.3) - restriction: || (&& (== net461) (< net452) (>= netstandard2.0)) (&& (== net472) (< net452)) (== netcoreapp3.1) (== netstandard2.0)
      System.Drawing.Common (>= 4.5) - restriction: || (&& (== net461) (< net452) (>= netstandard2.0)) (&& (== net472) (< net452)) (== netcoreapp3.1) (== netstandard2.0)
      System.Reflection.Emit (>= 4.3) - restriction: || (&& (== net461) (< net452) (>= netstandard2.0)) (&& (== net472) (< net452)) (== netcoreapp3.1) (== netstandard2.0)
      System.Security.Cryptography.Pkcs (>= 4.5.2) - restriction: || (&& (== net461) (< net452) (>= netstandard2.0)) (&& (== net472) (< net452)) (== netcoreapp3.1) (== netstandard2.0)
    DevExpress.Pdf.Drawing (20.2.3)
      DevExpress.Data (20.2.3)
      DevExpress.Pdf.Core (20.2.3)
    DevExpress.Persistent.Base (20.2.3)
      DevExpress.Data (20.2.3)
      DevExpress.ExpressApp (20.2.3)
      DevExpress.Printing.Core (20.2.3)
      DevExpress.Reporting.Core (20.2.3) - restriction: || (== net461) (== net472) (&& (== netcoreapp3.1) (>= net452)) (&& (== netstandard2.0) (>= net452))
      NETStandard.Library (>= 2.0.3) - restriction: || (&& (== net461) (< net452) (>= netstandard2.0)) (&& (== net472) (< net452)) (== netcoreapp3.1) (== netstandard2.0)
      System.Drawing.Common (>= 4.5) - restriction: || (&& (== net461) (< net452) (>= netstandard2.0)) (&& (== net472) (< net452)) (== netcoreapp3.1) (== netstandard2.0)
    DevExpress.Persistent.BaseImpl (20.2.3)
      DevExpress.Data (20.2.3)
      DevExpress.ExpressApp (20.2.3)
      DevExpress.ExpressApp.Objects (20.2.3)
      DevExpress.ExpressApp.Xpo (20.2.3)
      DevExpress.Persistent.Base (20.2.3)
      DevExpress.Reporting.Core (20.2.3)
      DevExpress.Scheduler.Core (20.2.3)
      DevExpress.Xpo (20.2.3)
      NETStandard.Library (>= 2.0.3) - restriction: || (&& (== net461) (< net452) (>= netstandard2.0)) (&& (== net472) (< net452)) (== netcoreapp3.1) (== netstandard2.0)
      System.Drawing.Common (>= 4.5) - restriction: || (&& (== net461) (< net452) (>= netstandard2.0)) (&& (== net472) (< net452)) (== netcoreapp3.1) (== netstandard2.0)
    DevExpress.PivotGrid.Core (20.2.3)
      DevExpress.Data (20.2.3)
      DevExpress.Printing.Core (20.2.3)
    DevExpress.Printing.Core (20.2.3)
      DevExpress.Data (20.2.3)
      DevExpress.Pdf.Core (20.2.3)
      DevExpress.Pdf.Drawing (20.2.3)
    DevExpress.Reporting.Core (20.2.3)
      DevExpress.Charts (20.2.3)
      DevExpress.Charts.Core (20.2.3)
      DevExpress.CodeParser (20.2.3)
      DevExpress.Data (20.2.3)
      DevExpress.DataAccess (20.2.3)
      DevExpress.Gauges.Core (20.2.3)
      DevExpress.Office.Core (20.2.3)
      DevExpress.Pdf.Core (20.2.3)
      DevExpress.Pdf.Drawing (20.2.3)
      DevExpress.PivotGrid.Core (20.2.3)
      DevExpress.Printing.Core (20.2.3)
      DevExpress.RichEdit.Core (20.2.3)
      DevExpress.RichEdit.Export (20.2.3)
      DevExpress.Sparkline.Core (20.2.3)
      DevExpress.Xpo (20.2.3)
      NETStandard.Library (>= 2.0.3) - restriction: || (&& (== net461) (< net452) (>= netstandard2.0)) (&& (== net472) (< net452)) (== netcoreapp3.1) (== netstandard2.0)
      System.CodeDom (>= 4.4) - restriction: || (&& (== net461) (< net452) (>= netstandard2.0)) (&& (== net472) (< net452)) (== netcoreapp3.1) (== netstandard2.0)
      System.Collections.Immutable (>= 1.5) - restriction: || (&& (== net461) (< net452) (>= netstandard2.0)) (&& (== net472) (< net452)) (== netcoreapp3.1) (== netstandard2.0)
      System.Configuration.ConfigurationManager (>= 4.5) - restriction: || (&& (== net461) (< net452) (>= netstandard2.0)) (&& (== net472) (< net452)) (== netcoreapp3.1) (== netstandard2.0)
      System.Data.Common (>= 4.3) - restriction: || (&& (== net461) (< net452) (>= netstandard2.0)) (&& (== net472) (< net452)) (== netcoreapp3.1) (== netstandard2.0)
      System.Drawing.Common (>= 4.5) - restriction: || (&& (== net461) (< net452) (>= netstandard2.0)) (&& (== net472) (< net452)) (== netcoreapp3.1) (== netstandard2.0)
      System.Security.Permissions (>= 4.5) - restriction: || (&& (== net461) (< net452) (>= netstandard2.0)) (&& (== net472) (< net452)) (== netcoreapp3.1) (== netstandard2.0)
    DevExpress.RichEdit.Core (20.2.3)
      DevExpress.Data (20.2.3)
      DevExpress.Office.Core (20.2.3)
      DevExpress.Pdf.Core (20.2.3)
      DevExpress.Printing.Core (20.2.3)
      NETStandard.Library (>= 2.0.3) - restriction: || (&& (== net461) (< net452) (>= netstandard2.0)) (&& (== net472) (< net452)) (== netcoreapp3.1) (== netstandard2.0)
      System.Drawing.Common (>= 4.5) - restriction: || (&& (== net461) (< net452) (>= netstandard2.0)) (&& (== net472) (< net452)) (== netcoreapp3.1) (== netstandard2.0)
    DevExpress.RichEdit.Export (20.2.3)
      DevExpress.Data (20.2.3)
      DevExpress.Office.Core (20.2.3)
      DevExpress.Printing.Core (20.2.3)
      DevExpress.RichEdit.Core (20.2.3)
    DevExpress.Scheduler.Core (20.2.3)
      DevExpress.Data (20.2.3)
    DevExpress.Scheduler.CoreDesktop (20.2.3) - restriction: || (== net461) (== net472) (&& (== netcoreapp3.1) (>= net452)) (&& (== netstandard2.0) (>= net452))
      DevExpress.Data (20.2.3) - restriction: || (== net461) (== net472) (&& (== netcoreapp3.1) (>= net452)) (&& (== netstandard2.0) (>= net452))
      DevExpress.Data.Desktop (20.2.3) - restriction: || (== net461) (== net472) (&& (== netcoreapp3.1) (>= net452)) (&& (== netstandard2.0) (>= net452))
      DevExpress.Images (20.2.3) - restriction: || (== net461) (== net472) (&& (== netcoreapp3.1) (>= net452)) (&& (== netstandard2.0) (>= net452))
      DevExpress.Printing.Core (20.2.3) - restriction: || (== net461) (== net472) (&& (== netcoreapp3.1) (>= net452)) (&& (== netstandard2.0) (>= net452))
      DevExpress.Scheduler.Core (20.2.3) - restriction: || (== net461) (== net472) (&& (== netcoreapp3.1) (>= net452)) (&& (== netstandard2.0) (>= net452))
    DevExpress.Sparkline.Core (20.2.3)
      DevExpress.Data (20.2.3)
    DevExpress.SpellChecker.Core (20.2.3) - restriction: || (== net461) (== net472) (&& (== netcoreapp3.1) (>= net452)) (&& (== netstandard2.0) (>= net452))
      DevExpress.Data (20.2.3) - restriction: || (== net461) (== net472) (&& (== netcoreapp3.1) (>= net452)) (&& (== netstandard2.0) (>= net452))
    DevExpress.Spreadsheet.Core (20.2.3)
      DevExpress.Data (20.2.3)
      DevExpress.DataAccess (20.2.3)
      DevExpress.DataVisualization.Core (20.2.3)
      DevExpress.Office.Core (20.2.3)
      DevExpress.Pdf.Core (20.2.3)
      DevExpress.Printing.Core (20.2.3)
      DevExpress.Sparkline.Core (20.2.3)
    DevExpress.TreeMap (20.2.3)
      DevExpress.Data (20.2.3)
      DevExpress.DataVisualization.Core (20.2.3)
      DevExpress.Printing.Core (20.2.3)
      DevExpress.TreeMap.Core (20.2.3)
      NETStandard.Library (>= 2.0.3) - restriction: || (&& (== net461) (< net452) (>= netstandard2.0)) (&& (== net472) (< net452)) (== netcoreapp3.1) (== netstandard2.0)
      System.Drawing.Common (>= 4.5) - restriction: || (&& (== net461) (< net452) (>= netstandard2.0)) (&& (== net472) (< net452)) (== netcoreapp3.1) (== netstandard2.0)
    DevExpress.TreeMap.Core (20.2.3)
      DevExpress.Data (20.2.3)
      NETStandard.Library (>= 2.0.3) - restriction: || (&& (== net461) (< net452) (>= netstandard2.0)) (&& (== net472) (< net452)) (== netcoreapp3.1) (== netstandard2.0)
    DevExpress.Utils (20.2.3) - restriction: || (== net461) (== net472) (&& (== netcoreapp3.1) (>= net452)) (&& (== netstandard2.0) (>= net452))
      DevExpress.Data (20.2.3) - restriction: || (== net461) (== net472) (&& (== netcoreapp3.1) (>= net452)) (&& (== netstandard2.0) (>= net452))
      DevExpress.Data.Desktop (20.2.3) - restriction: || (== net461) (== net472) (&& (== netcoreapp3.1) (>= net452)) (&& (== netstandard2.0) (>= net452))
      DevExpress.Printing.Core (20.2.3) - restriction: || (== net461) (== net472) (&& (== netcoreapp3.1) (>= net452)) (&& (== netstandard2.0) (>= net452))
    DevExpress.Utils.UI (20.2.3) - restriction: || (== net461) (== net472) (&& (== netcoreapp3.1) (>= net452)) (&& (== netstandard2.0) (>= net452))
      DevExpress.Data (20.2.3) - restriction: || (== net461) (== net472) (&& (== netcoreapp3.1) (>= net452)) (&& (== netstandard2.0) (>= net452))
      DevExpress.Data.Desktop (20.2.3) - restriction: || (== net461) (== net472) (&& (== netcoreapp3.1) (>= net452)) (&& (== netstandard2.0) (>= net452))
      DevExpress.DataAccess (20.2.3) - restriction: || (== net461) (== net472) (&& (== netcoreapp3.1) (>= net452)) (&& (== netstandard2.0) (>= net452))
      DevExpress.Printing.Core (20.2.3) - restriction: || (== net461) (== net472) (&& (== netcoreapp3.1) (>= net452)) (&& (== netstandard2.0) (>= net452))
      DevExpress.Utils (20.2.3) - restriction: || (== net461) (== net472) (&& (== netcoreapp3.1) (>= net452)) (&& (== netstandard2.0) (>= net452))
      DevExpress.Win.Navigation (20.2.3) - restriction: || (== net461) (== net472) (&& (== netcoreapp3.1) (>= net452)) (&& (== netstandard2.0) (>= net452))
      DevExpress.Win.Printing (20.2.3) - restriction: || (== net461) (== net472) (&& (== netcoreapp3.1) (>= net452)) (&& (== netstandard2.0) (>= net452))
      DevExpress.Win.RichEdit (20.2.3) - restriction: || (== net461) (== net472) (&& (== netcoreapp3.1) (>= net452)) (&& (== netstandard2.0) (>= net452))
      DevExpress.Win.TreeList (20.2.3) - restriction: || (== net461) (== net472) (&& (== netcoreapp3.1) (>= net452)) (&& (== netstandard2.0) (>= net452))
      DevExpress.Win.VerticalGrid (20.2.3) - restriction: || (== net461) (== net472) (&& (== netcoreapp3.1) (>= net452)) (&& (== netstandard2.0) (>= net452))
    DevExpress.Web (20.2.3) - restriction: || (== net461) (== net472) (&& (== netcoreapp3.1) (>= net452)) (&& (== netstandard2.0) (>= net452))
      DevExpress.Data (20.2.3) - restriction: || (== net461) (== net472) (&& (== netcoreapp3.1) (>= net452)) (&& (== netstandard2.0) (>= net452))
      DevExpress.Office.Core (20.2.3) - restriction: || (== net461) (== net472) (&& (== netcoreapp3.1) (>= net452)) (&& (== netstandard2.0) (>= net452))
      DevExpress.PivotGrid.Core (20.2.3) - restriction: || (== net461) (== net472) (&& (== netcoreapp3.1) (>= net452)) (&& (== netstandard2.0) (>= net452))
      DevExpress.Printing.Core (20.2.3) - restriction: || (== net461) (== net472) (&& (== netcoreapp3.1) (>= net452)) (&& (== netstandard2.0) (>= net452))
      DevExpress.RichEdit.Core (20.2.3) - restriction: || (== net461) (== net472) (&& (== netcoreapp3.1) (>= net452)) (&& (== netstandard2.0) (>= net452))
      DevExpress.RichEdit.Export (20.2.3) - restriction: || (== net461) (== net472) (&& (== netcoreapp3.1) (>= net452)) (&& (== netstandard2.0) (>= net452))
      DevExpress.SpellChecker.Core (20.2.3) - restriction: || (== net461) (== net472) (&& (== netcoreapp3.1) (>= net452)) (&& (== netstandard2.0) (>= net452))
    DevExpress.Web.Dashboard (20.2.3) - restriction: || (== net461) (== net472) (&& (== netcoreapp3.1) (>= net452)) (&& (== netstandard2.0) (>= net452))
      DevExpress.Dashboard.Core (20.2.3) - restriction: || (== net461) (== net472) (&& (== netcoreapp3.1) (>= net452)) (&& (== netstandard2.0) (>= net452))
      DevExpress.Data (20.2.3) - restriction: || (== net461) (== net472) (&& (== netcoreapp3.1) (>= net452)) (&& (== netstandard2.0) (>= net452))
      DevExpress.DataAccess (20.2.3) - restriction: || (== net461) (== net472) (&& (== netcoreapp3.1) (>= net452)) (&& (== netstandard2.0) (>= net452))
      DevExpress.Web (20.2.3) - restriction: || (== net461) (== net472) (&& (== netcoreapp3.1) (>= net452)) (&& (== netstandard2.0) (>= net452))
      DevExpress.Web.Dashboard.Common (20.2.3) - restriction: || (== net461) (== net472) (&& (== netcoreapp3.1) (>= net452)) (&& (== netstandard2.0) (>= net452))
    DevExpress.Web.Dashboard.Common (20.2.3) - restriction: || (== net461) (== net472) (&& (== netcoreapp3.1) (>= net452)) (&& (== netstandard2.0) (>= net452))
      DevExpress.Charts.Core (20.2.3) - restriction: || (== net461) (== net472) (&& (== netcoreapp3.1) (>= net452)) (&& (== netstandard2.0) (>= net452))
      DevExpress.Dashboard.Core (20.2.3)
      DevExpress.Data (20.2.3)
      DevExpress.DataAccess (20.2.3)
      DevExpress.Pdf.Core (20.2.3) - restriction: || (== net461) (== net472) (&& (== netcoreapp3.1) (>= net452)) (&& (== netstandard2.0) (>= net452))
      DevExpress.PivotGrid.Core (20.2.3)
      DevExpress.Printing.Core (20.2.3)
      DevExpress.Reporting.Core (20.2.3)
      DevExpress.RichEdit.Core (20.2.3) - restriction: || (== net461) (== net472) (&& (== netcoreapp3.1) (>= net452)) (&& (== netstandard2.0) (>= net452))
      DevExpress.Xpo (20.2.3) - restriction: || (== net461) (== net472) (&& (== netcoreapp3.1) (>= net452)) (&& (== netstandard2.0) (>= net452))
    DevExpress.Web.Office (20.2.3) - restriction: || (== net461) (== net472) (&& (== netcoreapp3.1) (>= net452)) (&& (== netstandard2.0) (>= net452))
      DevExpress.Charts (20.2.3) - restriction: || (== net461) (== net472) (&& (== netcoreapp3.1) (>= net452)) (&& (== netstandard2.0) (>= net452))
      DevExpress.Charts.Core (20.2.3) - restriction: || (== net461) (== net472) (&& (== netcoreapp3.1) (>= net452)) (&& (== netstandard2.0) (>= net452))
      DevExpress.Data (20.2.3) - restriction: || (== net461) (== net472) (&& (== netcoreapp3.1) (>= net452)) (&& (== netstandard2.0) (>= net452))
      DevExpress.DataVisualization.Core (20.2.3) - restriction: || (== net461) (== net472) (&& (== netcoreapp3.1) (>= net452)) (&& (== netstandard2.0) (>= net452))
      DevExpress.Office.Core (20.2.3) - restriction: || (== net461) (== net472) (&& (== netcoreapp3.1) (>= net452)) (&& (== netstandard2.0) (>= net452))
      DevExpress.Printing.Core (20.2.3) - restriction: || (== net461) (== net472) (&& (== netcoreapp3.1) (>= net452)) (&& (== netstandard2.0) (>= net452))
      DevExpress.RichEdit.Core (20.2.3) - restriction: || (== net461) (== net472) (&& (== netcoreapp3.1) (>= net452)) (&& (== netstandard2.0) (>= net452))
      DevExpress.SpellChecker.Core (20.2.3) - restriction: || (== net461) (== net472) (&& (== netcoreapp3.1) (>= net452)) (&& (== netstandard2.0) (>= net452))
      DevExpress.Spreadsheet.Core (20.2.3) - restriction: || (== net461) (== net472) (&& (== netcoreapp3.1) (>= net452)) (&& (== netstandard2.0) (>= net452))
      DevExpress.Web (20.2.3) - restriction: || (== net461) (== net472) (&& (== netcoreapp3.1) (>= net452)) (&& (== netstandard2.0) (>= net452))
    DevExpress.Web.Reporting (20.2.3) - restriction: || (== net461) (== net472) (&& (== netcoreapp3.1) (>= net452)) (&& (== netstandard2.0) (>= net452))
      DevExpress.Data (20.2.3) - restriction: || (== net461) (== net472) (&& (== netcoreapp3.1) (>= net452)) (&& (== netstandard2.0) (>= net452))
      DevExpress.DataAccess (20.2.3) - restriction: || (== net461) (== net472) (&& (== netcoreapp3.1) (>= net452)) (&& (== netstandard2.0) (>= net452))
      DevExpress.Printing.Core (20.2.3) - restriction: || (== net461) (== net472) (&& (== netcoreapp3.1) (>= net452)) (&& (== netstandard2.0) (>= net452))
      DevExpress.Reporting.Core (20.2.3) - restriction: || (== net461) (== net472) (&& (== netcoreapp3.1) (>= net452)) (&& (== netstandard2.0) (>= net452))
      DevExpress.Utils (20.2.3) - restriction: || (== net461) (== net472) (&& (== netcoreapp3.1) (>= net452)) (&& (== netstandard2.0) (>= net452))
      DevExpress.Web (20.2.3) - restriction: || (== net461) (== net472) (&& (== netcoreapp3.1) (>= net452)) (&& (== netstandard2.0) (>= net452))
      DevExpress.Web.Reporting.Common (20.2.3) - restriction: || (== net461) (== net472) (&& (== netcoreapp3.1) (>= net452)) (&& (== netstandard2.0) (>= net452))
    DevExpress.Web.Reporting.Common (20.2.3) - restriction: || (== net461) (== net472) (&& (== netcoreapp3.1) (>= net452)) (&& (== netstandard2.0) (>= net452))
      DevExpress.Charts (20.2.3)
      DevExpress.Charts.Core (20.2.3)
      DevExpress.Data (20.2.3)
      DevExpress.DataAccess (20.2.3)
      DevExpress.Gauges.Core (20.2.3)
      DevExpress.PivotGrid.Core (20.2.3)
      DevExpress.Printing.Core (20.2.3)
      DevExpress.Reporting.Core (20.2.3)
      DevExpress.Sparkline.Core (20.2.3)
    DevExpress.Web.Scheduler (20.2.3) - restriction: || (== net461) (== net472) (&& (== netcoreapp3.1) (>= net452)) (&& (== netstandard2.0) (>= net452))
      DevExpress.Data (20.2.3) - restriction: || (== net461) (== net472) (&& (== netcoreapp3.1) (>= net452)) (&& (== netstandard2.0) (>= net452))
      DevExpress.Scheduler.Core (20.2.3) - restriction: || (== net461) (== net472) (&& (== netcoreapp3.1) (>= net452)) (&& (== netstandard2.0) (>= net452))
      DevExpress.Scheduler.CoreDesktop (20.2.3) - restriction: || (== net461) (== net472) (&& (== netcoreapp3.1) (>= net452)) (&& (== netstandard2.0) (>= net452))
      DevExpress.Web (20.2.3) - restriction: || (== net461) (== net472) (&& (== netcoreapp3.1) (>= net452)) (&& (== netstandard2.0) (>= net452))
    DevExpress.Web.Themes (20.2.3) - restriction: || (== net461) (== net472) (&& (== netcoreapp3.1) (>= net452)) (&& (== netstandard2.0) (>= net452))
      DevExpress.Web (20.2.3) - restriction: || (== net461) (== net472) (&& (== netcoreapp3.1) (>= net452)) (&& (== netstandard2.0) (>= net452))
    DevExpress.Web.Visualization (20.2.3) - restriction: || (== net461) (== net472) (&& (== netcoreapp3.1) (>= net452)) (&& (== netstandard2.0) (>= net452))
      DevExpress.Charts (20.2.3) - restriction: || (== net461) (== net472) (&& (== netcoreapp3.1) (>= net452)) (&& (== netstandard2.0) (>= net452))
      DevExpress.Charts.Core (20.2.3) - restriction: || (== net461) (== net472) (&& (== netcoreapp3.1) (>= net452)) (&& (== netstandard2.0) (>= net452))
      DevExpress.Data (20.2.3) - restriction: || (== net461) (== net472) (&& (== netcoreapp3.1) (>= net452)) (&& (== netstandard2.0) (>= net452))
      DevExpress.Gauges.Core (20.2.3) - restriction: || (== net461) (== net472) (&& (== netcoreapp3.1) (>= net452)) (&& (== netstandard2.0) (>= net452))
      DevExpress.Printing.Core (20.2.3) - restriction: || (== net461) (== net472) (&& (== netcoreapp3.1) (>= net452)) (&& (== netstandard2.0) (>= net452))
      DevExpress.Web (20.2.3) - restriction: || (== net461) (== net472) (&& (== netcoreapp3.1) (>= net452)) (&& (== netstandard2.0) (>= net452))
    DevExpress.Win (20.2.3) - restriction: || (== net461) (== net472) (&& (== netcoreapp3.1) (>= net452)) (&& (== netstandard2.0) (>= net452))
      DevExpress.Data (20.2.3) - restriction: || (== net461) (== net472) (&& (== netcoreapp3.1) (>= net452)) (&& (== netstandard2.0) (>= net452))
      DevExpress.Data.Desktop (20.2.3) - restriction: || (== net461) (== net472) (&& (== netcoreapp3.1) (>= net452)) (&& (== netstandard2.0) (>= net452))
      DevExpress.RichEdit.Export (20.2.3) - restriction: || (== net461) (== net472) (&& (== netcoreapp3.1) (>= net452)) (&& (== netstandard2.0) (>= net452))
      DevExpress.Utils (20.2.3) - restriction: || (== net461) (== net472) (&& (== netcoreapp3.1) (>= net452)) (&& (== netstandard2.0) (>= net452))
      DevExpress.Win.Grid (20.2.3) - restriction: || (== net461) (== net472) (&& (== netcoreapp3.1) (>= net452)) (&& (== netstandard2.0) (>= net452))
      DevExpress.Win.Navigation (20.2.3) - restriction: || (== net461) (== net472) (&& (== netcoreapp3.1) (>= net452)) (&& (== netstandard2.0) (>= net452))
      DevExpress.Win.PivotGrid (20.2.3) - restriction: || (== net461) (== net472) (&& (== netcoreapp3.1) (>= net452)) (&& (== netstandard2.0) (>= net452))
      DevExpress.Win.Printing (20.2.3) - restriction: || (== net461) (== net472) (&& (== netcoreapp3.1) (>= net452)) (&& (== netstandard2.0) (>= net452))
      DevExpress.Win.TreeList (20.2.3) - restriction: || (== net461) (== net472) (&& (== netcoreapp3.1) (>= net452)) (&& (== netstandard2.0) (>= net452))
      DevExpress.Win.VerticalGrid (20.2.3) - restriction: || (== net461) (== net472) (&& (== netcoreapp3.1) (>= net452)) (&& (== netstandard2.0) (>= net452))
    DevExpress.Win.BonusSkins (20.2.3) - restriction: || (== net461) (== net472) (&& (== netcoreapp3.1) (>= net452)) (&& (== netstandard2.0) (>= net452))
      DevExpress.Utils (20.2.3) - restriction: || (== net461) (== net472) (&& (== netcoreapp3.1) (>= net452)) (&& (== netstandard2.0) (>= net452))
    DevExpress.Win.Charts (20.2.3) - restriction: || (== net461) (== net472) (&& (== netcoreapp3.1) (>= net452)) (&& (== netstandard2.0) (>= net452))
      DevExpress.Charts (20.2.3) - restriction: || (== net461) (== net472) (&& (== netcoreapp3.1) (>= net452)) (&& (== netstandard2.0) (>= net452))
      DevExpress.Charts.Core (20.2.3) - restriction: || (== net461) (== net472) (&& (== netcoreapp3.1) (>= net452)) (&& (== netstandard2.0) (>= net452))
      DevExpress.Data (20.2.3) - restriction: || (== net461) (== net472) (&& (== netcoreapp3.1) (>= net452)) (&& (== netstandard2.0) (>= net452))
      DevExpress.Data.Desktop (20.2.3) - restriction: || (== net461) (== net472) (&& (== netcoreapp3.1) (>= net452)) (&& (== netstandard2.0) (>= net452))
      DevExpress.DataAccess.UI (20.2.3) - restriction: || (== net461) (== net472) (&& (== netcoreapp3.1) (>= net452)) (&& (== netstandard2.0) (>= net452))
      DevExpress.Printing.Core (20.2.3) - restriction: || (== net461) (== net472) (&& (== netcoreapp3.1) (>= net452)) (&& (== netstandard2.0) (>= net452))
      DevExpress.Utils (20.2.3) - restriction: || (== net461) (== net472) (&& (== netcoreapp3.1) (>= net452)) (&& (== netstandard2.0) (>= net452))
      DevExpress.Utils.UI (20.2.3) - restriction: || (== net461) (== net472) (&& (== netcoreapp3.1) (>= net452)) (&& (== netstandard2.0) (>= net452))
      DevExpress.Win (20.2.3) - restriction: || (== net461) (== net472) (&& (== netcoreapp3.1) (>= net452)) (&& (== netstandard2.0) (>= net452))
      DevExpress.Win.Grid (20.2.3) - restriction: || (== net461) (== net472) (&& (== netcoreapp3.1) (>= net452)) (&& (== netstandard2.0) (>= net452))
      DevExpress.Win.Navigation (20.2.3) - restriction: || (== net461) (== net472) (&& (== netcoreapp3.1) (>= net452)) (&& (== netstandard2.0) (>= net452))
      DevExpress.Win.Printing (20.2.3) - restriction: || (== net461) (== net472) (&& (== netcoreapp3.1) (>= net452)) (&& (== netstandard2.0) (>= net452))
      DevExpress.Win.TreeList (20.2.3) - restriction: || (== net461) (== net472) (&& (== netcoreapp3.1) (>= net452)) (&& (== netstandard2.0) (>= net452))
      DevExpress.Win.VerticalGrid (20.2.3) - restriction: || (== net461) (== net472) (&& (== netcoreapp3.1) (>= net452)) (&& (== netstandard2.0) (>= net452))
    DevExpress.Win.Dashboard (20.2.3) - restriction: || (== net461) (== net472) (&& (== netcoreapp3.1) (>= net452)) (&& (== netstandard2.0) (>= net452))
      DevExpress.Charts (20.2.3) - restriction: || (== net461) (== net472) (&& (== netcoreapp3.1) (>= net452)) (&& (== netstandard2.0) (>= net452))
      DevExpress.Charts.Core (20.2.3) - restriction: || (== net461) (== net472) (&& (== netcoreapp3.1) (>= net452)) (&& (== netstandard2.0) (>= net452))
      DevExpress.Dashboard.Core (20.2.3) - restriction: || (== net461) (== net472) (&& (== netcoreapp3.1) (>= net452)) (&& (== netstandard2.0) (>= net452))
      DevExpress.Data (20.2.3) - restriction: || (== net461) (== net472) (&& (== netcoreapp3.1) (>= net452)) (&& (== netstandard2.0) (>= net452))
      DevExpress.Data.Desktop (20.2.3) - restriction: || (== net461) (== net472) (&& (== netcoreapp3.1) (>= net452)) (&& (== netstandard2.0) (>= net452))
      DevExpress.DataAccess (20.2.3) - restriction: || (== net461) (== net472) (&& (== netcoreapp3.1) (>= net452)) (&& (== netstandard2.0) (>= net452))
      DevExpress.DataAccess.UI (20.2.3) - restriction: || (== net461) (== net472) (&& (== netcoreapp3.1) (>= net452)) (&& (== netstandard2.0) (>= net452))
      DevExpress.Gauges.Core (20.2.3) - restriction: || (== net461) (== net472) (&& (== netcoreapp3.1) (>= net452)) (&& (== netstandard2.0) (>= net452))
      DevExpress.Map.Core (20.2.3) - restriction: || (== net461) (== net472) (&& (== netcoreapp3.1) (>= net452)) (&& (== netstandard2.0) (>= net452))
      DevExpress.Office.Core (20.2.3) - restriction: || (== net461) (== net472) (&& (== netcoreapp3.1) (>= net452)) (&& (== netstandard2.0) (>= net452))
      DevExpress.PivotGrid.Core (20.2.3) - restriction: || (== net461) (== net472) (&& (== netcoreapp3.1) (>= net452)) (&& (== netstandard2.0) (>= net452))
      DevExpress.Printing.Core (20.2.3) - restriction: || (== net461) (== net472) (&& (== netcoreapp3.1) (>= net452)) (&& (== netstandard2.0) (>= net452))
      DevExpress.Reporting.Core (20.2.3) - restriction: || (== net461) (== net472) (&& (== netcoreapp3.1) (>= net452)) (&& (== netstandard2.0) (>= net452))
      DevExpress.RichEdit.Core (20.2.3) - restriction: || (== net461) (== net472) (&& (== netcoreapp3.1) (>= net452)) (&& (== netstandard2.0) (>= net452))
      DevExpress.Sparkline.Core (20.2.3) - restriction: || (== net461) (== net472) (&& (== netcoreapp3.1) (>= net452)) (&& (== netstandard2.0) (>= net452))
      DevExpress.TreeMap (20.2.3) - restriction: || (== net461) (== net472) (&& (== netcoreapp3.1) (>= net452)) (&& (== netstandard2.0) (>= net452))
      DevExpress.TreeMap.Core (20.2.3) - restriction: || (== net461) (== net472) (&& (== netcoreapp3.1) (>= net452)) (&& (== netstandard2.0) (>= net452))
      DevExpress.Utils (20.2.3) - restriction: || (== net461) (== net472) (&& (== netcoreapp3.1) (>= net452)) (&& (== netstandard2.0) (>= net452))
      DevExpress.Utils.UI (20.2.3) - restriction: || (== net461) (== net472) (&& (== netcoreapp3.1) (>= net452)) (&& (== netstandard2.0) (>= net452))
      DevExpress.Win.Charts (20.2.3) - restriction: || (== net461) (== net472) (&& (== netcoreapp3.1) (>= net452)) (&& (== netstandard2.0) (>= net452))
      DevExpress.Win.Gauges (20.2.3) - restriction: || (== net461) (== net472) (&& (== netcoreapp3.1) (>= net452)) (&& (== netstandard2.0) (>= net452))
      DevExpress.Win.Grid (20.2.3) - restriction: || (== net461) (== net472) (&& (== netcoreapp3.1) (>= net452)) (&& (== netstandard2.0) (>= net452))
      DevExpress.Win.Map (20.2.3) - restriction: || (== net461) (== net472) (&& (== netcoreapp3.1) (>= net452)) (&& (== netstandard2.0) (>= net452))
      DevExpress.Win.Navigation (20.2.3) - restriction: || (== net461) (== net472) (&& (== netcoreapp3.1) (>= net452)) (&& (== netstandard2.0) (>= net452))
      DevExpress.Win.PivotGrid (20.2.3) - restriction: || (== net461) (== net472) (&& (== netcoreapp3.1) (>= net452)) (&& (== netstandard2.0) (>= net452))
      DevExpress.Win.Printing (20.2.3) - restriction: || (== net461) (== net472) (&& (== netcoreapp3.1) (>= net452)) (&& (== netstandard2.0) (>= net452))
      DevExpress.Win.RichEdit (20.2.3) - restriction: || (== net461) (== net472) (&& (== netcoreapp3.1) (>= net452)) (&& (== netstandard2.0) (>= net452))
      DevExpress.Win.TreeList (20.2.3) - restriction: || (== net461) (== net472) (&& (== netcoreapp3.1) (>= net452)) (&& (== netstandard2.0) (>= net452))
      DevExpress.Win.TreeMap (20.2.3) - restriction: || (== net461) (== net472) (&& (== netcoreapp3.1) (>= net452)) (&& (== netstandard2.0) (>= net452))
      DevExpress.Xpo (20.2.3) - restriction: || (== net461) (== net472) (&& (== netcoreapp3.1) (>= net452)) (&& (== netstandard2.0) (>= net452))
    DevExpress.Win.Diagram (20.2.3) - restriction: || (== net461) (== net472) (&& (== netcoreapp3.1) (>= net452)) (&& (== netstandard2.0) (>= net452))
      DevExpress.Data (20.2.3) - restriction: || (== net461) (== net472) (&& (== netcoreapp3.1) (>= net452)) (&& (== netstandard2.0) (>= net452))
      DevExpress.Data.Desktop (20.2.3) - restriction: || (== net461) (== net472) (&& (== netcoreapp3.1) (>= net452)) (&& (== netstandard2.0) (>= net452))
      DevExpress.Diagram.Core (20.2.3) - restriction: || (== net461) (== net472) (&& (== netcoreapp3.1) (>= net452)) (&& (== netstandard2.0) (>= net452))
      DevExpress.Office.Core (20.2.3) - restriction: || (== net461) (== net472) (&& (== netcoreapp3.1) (>= net452)) (&& (== netstandard2.0) (>= net452))
      DevExpress.Pdf.Core (20.2.3) - restriction: || (== net461) (== net472) (&& (== netcoreapp3.1) (>= net452)) (&& (== netstandard2.0) (>= net452))
      DevExpress.Printing.Core (20.2.3) - restriction: || (== net461) (== net472) (&& (== netcoreapp3.1) (>= net452)) (&& (== netstandard2.0) (>= net452))
      DevExpress.Utils (20.2.3) - restriction: || (== net461) (== net472) (&& (== netcoreapp3.1) (>= net452)) (&& (== netstandard2.0) (>= net452))
      DevExpress.Win.Navigation (20.2.3) - restriction: || (== net461) (== net472) (&& (== netcoreapp3.1) (>= net452)) (&& (== netstandard2.0) (>= net452))
      DevExpress.Win.Printing (20.2.3) - restriction: || (== net461) (== net472) (&& (== netcoreapp3.1) (>= net452)) (&& (== netstandard2.0) (>= net452))
      DevExpress.Win.VerticalGrid (20.2.3) - restriction: || (== net461) (== net472) (&& (== netcoreapp3.1) (>= net452)) (&& (== netstandard2.0) (>= net452))
    DevExpress.Win.Gauges (20.2.3) - restriction: || (== net461) (== net472) (&& (== netcoreapp3.1) (>= net452)) (&& (== netstandard2.0) (>= net452))
      DevExpress.Data (20.2.3) - restriction: || (== net461) (== net472) (&& (== netcoreapp3.1) (>= net452)) (&& (== netstandard2.0) (>= net452))
      DevExpress.Data.Desktop (20.2.3) - restriction: || (== net461) (== net472) (&& (== netcoreapp3.1) (>= net452)) (&& (== netstandard2.0) (>= net452))
      DevExpress.Gauges.Core (20.2.3) - restriction: || (== net461) (== net472) (&& (== netcoreapp3.1) (>= net452)) (&& (== netstandard2.0) (>= net452))
      DevExpress.Printing.Core (20.2.3) - restriction: || (== net461) (== net472) (&& (== netcoreapp3.1) (>= net452)) (&& (== netstandard2.0) (>= net452))
      DevExpress.Utils (20.2.3) - restriction: || (== net461) (== net472) (&& (== netcoreapp3.1) (>= net452)) (&& (== netstandard2.0) (>= net452))
      DevExpress.Win.Navigation (20.2.3) - restriction: || (== net461) (== net472) (&& (== netcoreapp3.1) (>= net452)) (&& (== netstandard2.0) (>= net452))
      DevExpress.Win.Printing (20.2.3) - restriction: || (== net461) (== net472) (&& (== netcoreapp3.1) (>= net452)) (&& (== netstandard2.0) (>= net452))
    DevExpress.Win.Grid (20.2.3) - restriction: || (== net461) (== net472) (&& (== netcoreapp3.1) (>= net452)) (&& (== netstandard2.0) (>= net452))
      DevExpress.Data (20.2.3) - restriction: || (== net461) (== net472) (&& (== netcoreapp3.1) (>= net452)) (&& (== netstandard2.0) (>= net452))
      DevExpress.Data.Desktop (20.2.3) - restriction: || (== net461) (== net472) (&& (== netcoreapp3.1) (>= net452)) (&& (== netstandard2.0) (>= net452))
      DevExpress.Printing.Core (20.2.3) - restriction: || (== net461) (== net472) (&& (== netcoreapp3.1) (>= net452)) (&& (== netstandard2.0) (>= net452))
      DevExpress.Utils (20.2.3) - restriction: || (== net461) (== net472) (&& (== netcoreapp3.1) (>= net452)) (&& (== netstandard2.0) (>= net452))
      DevExpress.Win.Navigation (20.2.3) - restriction: || (== net461) (== net472) (&& (== netcoreapp3.1) (>= net452)) (&& (== netstandard2.0) (>= net452))
      DevExpress.Win.Printing (20.2.3) - restriction: || (== net461) (== net472) (&& (== netcoreapp3.1) (>= net452)) (&& (== netstandard2.0) (>= net452))
    DevExpress.Win.Map (20.2.3) - restriction: || (== net461) (== net472) (&& (== netcoreapp3.1) (>= net452)) (&& (== netstandard2.0) (>= net452))
      DevExpress.Data (20.2.3) - restriction: || (== net461) (== net472) (&& (== netcoreapp3.1) (>= net452)) (&& (== netstandard2.0) (>= net452))
      DevExpress.Data.Desktop (20.2.3) - restriction: || (== net461) (== net472) (&& (== netcoreapp3.1) (>= net452)) (&& (== netstandard2.0) (>= net452))
      DevExpress.Map.Core (20.2.3) - restriction: || (== net461) (== net472) (&& (== netcoreapp3.1) (>= net452)) (&& (== netstandard2.0) (>= net452))
      DevExpress.Printing.Core (20.2.3) - restriction: || (== net461) (== net472) (&& (== netcoreapp3.1) (>= net452)) (&& (== netstandard2.0) (>= net452))
      DevExpress.Utils (20.2.3) - restriction: || (== net461) (== net472) (&& (== netcoreapp3.1) (>= net452)) (&& (== netstandard2.0) (>= net452))
      DevExpress.Win.Navigation (20.2.3) - restriction: || (== net461) (== net472) (&& (== netcoreapp3.1) (>= net452)) (&& (== netstandard2.0) (>= net452))
      DevExpress.Win.Printing (20.2.3) - restriction: || (== net461) (== net472) (&& (== netcoreapp3.1) (>= net452)) (&& (== netstandard2.0) (>= net452))
    DevExpress.Win.Navigation (20.2.3) - restriction: || (== net461) (== net472) (&& (== netcoreapp3.1) (>= net452)) (&& (== netstandard2.0) (>= net452))
      DevExpress.Data (20.2.3) - restriction: || (== net461) (== net472) (&& (== netcoreapp3.1) (>= net452)) (&& (== netstandard2.0) (>= net452))
      DevExpress.Data.Desktop (20.2.3) - restriction: || (== net461) (== net472) (&& (== netcoreapp3.1) (>= net452)) (&& (== netstandard2.0) (>= net452))
      DevExpress.Printing.Core (20.2.3) - restriction: || (== net461) (== net472) (&& (== netcoreapp3.1) (>= net452)) (&& (== netstandard2.0) (>= net452))
      DevExpress.Sparkline.Core (20.2.3) - restriction: || (== net461) (== net472) (&& (== netcoreapp3.1) (>= net452)) (&& (== netstandard2.0) (>= net452))
      DevExpress.Utils (20.2.3) - restriction: || (== net461) (== net472) (&& (== netcoreapp3.1) (>= net452)) (&& (== netstandard2.0) (>= net452))
    DevExpress.Win.PivotGrid (20.2.3) - restriction: || (== net461) (== net472) (&& (== netcoreapp3.1) (>= net452)) (&& (== netstandard2.0) (>= net452))
      DevExpress.Data (20.2.3) - restriction: || (== net461) (== net472) (&& (== netcoreapp3.1) (>= net452)) (&& (== netstandard2.0) (>= net452))
      DevExpress.PivotGrid.Core (20.2.3) - restriction: || (== net461) (== net472) (&& (== netcoreapp3.1) (>= net452)) (&& (== netstandard2.0) (>= net452))
      DevExpress.Printing.Core (20.2.3) - restriction: || (== net461) (== net472) (&& (== netcoreapp3.1) (>= net452)) (&& (== netstandard2.0) (>= net452))
      DevExpress.Utils (20.2.3) - restriction: || (== net461) (== net472) (&& (== netcoreapp3.1) (>= net452)) (&& (== netstandard2.0) (>= net452))
      DevExpress.Win.Navigation (20.2.3) - restriction: || (== net461) (== net472) (&& (== netcoreapp3.1) (>= net452)) (&& (== netstandard2.0) (>= net452))
    DevExpress.Win.Printing (20.2.3) - restriction: || (== net461) (== net472) (&& (== netcoreapp3.1) (>= net452)) (&& (== netstandard2.0) (>= net452))
      DevExpress.Data (20.2.3) - restriction: || (== net461) (== net472) (&& (== netcoreapp3.1) (>= net452)) (&& (== netstandard2.0) (>= net452))
      DevExpress.Data.Desktop (20.2.3) - restriction: || (== net461) (== net472) (&& (== netcoreapp3.1) (>= net452)) (&& (== netstandard2.0) (>= net452))
      DevExpress.Printing.Core (20.2.3) - restriction: || (== net461) (== net472) (&& (== netcoreapp3.1) (>= net452)) (&& (== netstandard2.0) (>= net452))
      DevExpress.RichEdit.Core (20.2.3) - restriction: || (== net461) (== net472) (&& (== netcoreapp3.1) (>= net452)) (&& (== netstandard2.0) (>= net452))
      DevExpress.Utils (20.2.3) - restriction: || (== net461) (== net472) (&& (== netcoreapp3.1) (>= net452)) (&& (== netstandard2.0) (>= net452))
      DevExpress.Win.Navigation (20.2.3) - restriction: || (== net461) (== net472) (&& (== netcoreapp3.1) (>= net452)) (&& (== netstandard2.0) (>= net452))
      DevExpress.Win.TreeList (20.2.3) - restriction: || (== net461) (== net472) (&& (== netcoreapp3.1) (>= net452)) (&& (== netstandard2.0) (>= net452))
    DevExpress.Win.Reporting (20.2.3) - restriction: || (== net461) (== net472) (&& (== netcoreapp3.1) (>= net452)) (&& (== netstandard2.0) (>= net452))
      DevExpress.Charts (20.2.3) - restriction: || (== net461) (== net472) (&& (== netcoreapp3.1) (>= net452)) (&& (== netstandard2.0) (>= net452))
      DevExpress.Charts.Core (20.2.3) - restriction: || (== net461) (== net472) (&& (== netcoreapp3.1) (>= net452)) (&& (== netstandard2.0) (>= net452))
      DevExpress.CodeParser (20.2.3) - restriction: || (== net461) (== net472) (&& (== netcoreapp3.1) (>= net452)) (&& (== netstandard2.0) (>= net452))
      DevExpress.Data (20.2.3) - restriction: || (== net461) (== net472) (&& (== netcoreapp3.1) (>= net452)) (&& (== netstandard2.0) (>= net452))
      DevExpress.Data.Desktop (20.2.3) - restriction: || (== net461) (== net472) (&& (== netcoreapp3.1) (>= net452)) (&& (== netstandard2.0) (>= net452))
      DevExpress.DataAccess (20.2.3) - restriction: || (== net461) (== net472) (&& (== netcoreapp3.1) (>= net452)) (&& (== netstandard2.0) (>= net452))
      DevExpress.DataAccess.UI (20.2.3) - restriction: || (== net461) (== net472) (&& (== netcoreapp3.1) (>= net452)) (&& (== netstandard2.0) (>= net452))
      DevExpress.Gauges.Core (20.2.3) - restriction: || (== net461) (== net472) (&& (== netcoreapp3.1) (>= net452)) (&& (== netstandard2.0) (>= net452))
      DevExpress.Office.Core (20.2.3) - restriction: || (== net461) (== net472) (&& (== netcoreapp3.1) (>= net452)) (&& (== netstandard2.0) (>= net452))
      DevExpress.PivotGrid.Core (20.2.3) - restriction: || (== net461) (== net472) (&& (== netcoreapp3.1) (>= net452)) (&& (== netstandard2.0) (>= net452))
      DevExpress.Printing.Core (20.2.3) - restriction: || (== net461) (== net472) (&& (== netcoreapp3.1) (>= net452)) (&& (== netstandard2.0) (>= net452))
      DevExpress.Reporting.Core (20.2.3) - restriction: || (== net461) (== net472) (&& (== netcoreapp3.1) (>= net452)) (&& (== netstandard2.0) (>= net452))
      DevExpress.RichEdit.Core (20.2.3) - restriction: || (== net461) (== net472) (&& (== netcoreapp3.1) (>= net452)) (&& (== netstandard2.0) (>= net452))
      DevExpress.Sparkline.Core (20.2.3) - restriction: || (== net461) (== net472) (&& (== netcoreapp3.1) (>= net452)) (&& (== netstandard2.0) (>= net452))
      DevExpress.Utils (20.2.3) - restriction: || (== net461) (== net472) (&& (== netcoreapp3.1) (>= net452)) (&& (== netstandard2.0) (>= net452))
      DevExpress.Utils.UI (20.2.3) - restriction: || (== net461) (== net472) (&& (== netcoreapp3.1) (>= net452)) (&& (== netstandard2.0) (>= net452))
      DevExpress.Win (20.2.3) - restriction: || (== net461) (== net472) (&& (== netcoreapp3.1) (>= net452)) (&& (== netstandard2.0) (>= net452))
      DevExpress.Win.Charts (20.2.3) - restriction: || (== net461) (== net472) (&& (== netcoreapp3.1) (>= net452)) (&& (== netstandard2.0) (>= net452))
      DevExpress.Win.Grid (20.2.3) - restriction: || (== net461) (== net472) (&& (== netcoreapp3.1) (>= net452)) (&& (== netstandard2.0) (>= net452))
      DevExpress.Win.Navigation (20.2.3) - restriction: || (== net461) (== net472) (&& (== netcoreapp3.1) (>= net452)) (&& (== netstandard2.0) (>= net452))
      DevExpress.Win.PivotGrid (20.2.3) - restriction: || (== net461) (== net472) (&& (== netcoreapp3.1) (>= net452)) (&& (== netstandard2.0) (>= net452))
      DevExpress.Win.Printing (20.2.3) - restriction: || (== net461) (== net472) (&& (== netcoreapp3.1) (>= net452)) (&& (== netstandard2.0) (>= net452))
      DevExpress.Win.RichEdit (20.2.3) - restriction: || (== net461) (== net472) (&& (== netcoreapp3.1) (>= net452)) (&& (== netstandard2.0) (>= net452))
      DevExpress.Win.TreeList (20.2.3) - restriction: || (== net461) (== net472) (&& (== netcoreapp3.1) (>= net452)) (&& (== netstandard2.0) (>= net452))
      DevExpress.Win.VerticalGrid (20.2.3) - restriction: || (== net461) (== net472) (&& (== netcoreapp3.1) (>= net452)) (&& (== netstandard2.0) (>= net452))
    DevExpress.Win.RichEdit (20.2.3) - restriction: || (== net461) (== net472) (&& (== netcoreapp3.1) (>= net452)) (&& (== netstandard2.0) (>= net452))
      DevExpress.Data (20.2.3) - restriction: || (== net461) (== net472) (&& (== netcoreapp3.1) (>= net452)) (&& (== netstandard2.0) (>= net452))
      DevExpress.Data.Desktop (20.2.3) - restriction: || (== net461) (== net472) (&& (== netcoreapp3.1) (>= net452)) (&& (== netstandard2.0) (>= net452))
      DevExpress.Images (20.2.3) - restriction: || (== net461) (== net472) (&& (== netcoreapp3.1) (>= net452)) (&& (== netstandard2.0) (>= net452))
      DevExpress.Office.Core (20.2.3) - restriction: || (== net461) (== net472) (&& (== netcoreapp3.1) (>= net452)) (&& (== netstandard2.0) (>= net452))
      DevExpress.Pdf.Core (20.2.3) - restriction: || (== net461) (== net472) (&& (== netcoreapp3.1) (>= net452)) (&& (== netstandard2.0) (>= net452))
      DevExpress.Printing.Core (20.2.3) - restriction: || (== net461) (== net472) (&& (== netcoreapp3.1) (>= net452)) (&& (== netstandard2.0) (>= net452))
      DevExpress.RichEdit.Core (20.2.3) - restriction: || (== net461) (== net472) (&& (== netcoreapp3.1) (>= net452)) (&& (== netstandard2.0) (>= net452))
      DevExpress.Utils (20.2.3) - restriction: || (== net461) (== net472) (&& (== netcoreapp3.1) (>= net452)) (&& (== netstandard2.0) (>= net452))
      DevExpress.Win.Grid (20.2.3) - restriction: || (== net461) (== net472) (&& (== netcoreapp3.1) (>= net452)) (&& (== netstandard2.0) (>= net452))
      DevExpress.Win.Navigation (20.2.3) - restriction: || (== net461) (== net472) (&& (== netcoreapp3.1) (>= net452)) (&& (== netstandard2.0) (>= net452))
      DevExpress.Win.Printing (20.2.3) - restriction: || (== net461) (== net472) (&& (== netcoreapp3.1) (>= net452)) (&& (== netstandard2.0) (>= net452))
    DevExpress.Win.Scheduler (20.2.3) - restriction: || (== net461) (== net472) (&& (== netcoreapp3.1) (>= net452)) (&& (== netstandard2.0) (>= net452))
      DevExpress.Data (20.2.3) - restriction: || (== net461) (== net472) (&& (== netcoreapp3.1) (>= net452)) (&& (== netstandard2.0) (>= net452))
      DevExpress.Data.Desktop (20.2.3) - restriction: || (== net461) (== net472) (&& (== netcoreapp3.1) (>= net452)) (&& (== netstandard2.0) (>= net452))
      DevExpress.Printing.Core (20.2.3) - restriction: || (== net461) (== net472) (&& (== netcoreapp3.1) (>= net452)) (&& (== netstandard2.0) (>= net452))
      DevExpress.Scheduler.Core (20.2.3) - restriction: || (== net461) (== net472) (&& (== netcoreapp3.1) (>= net452)) (&& (== netstandard2.0) (>= net452))
      DevExpress.Scheduler.CoreDesktop (20.2.3) - restriction: || (== net461) (== net472) (&& (== netcoreapp3.1) (>= net452)) (&& (== netstandard2.0) (>= net452))
      DevExpress.Utils (20.2.3) - restriction: || (== net461) (== net472) (&& (== netcoreapp3.1) (>= net452)) (&& (== netstandard2.0) (>= net452))
      DevExpress.Win.Grid (20.2.3) - restriction: || (== net461) (== net472) (&& (== netcoreapp3.1) (>= net452)) (&& (== netstandard2.0) (>= net452))
      DevExpress.Win.Navigation (20.2.3) - restriction: || (== net461) (== net472) (&& (== netcoreapp3.1) (>= net452)) (&& (== netstandard2.0) (>= net452))
      DevExpress.Win.Printing (20.2.3) - restriction: || (== net461) (== net472) (&& (== netcoreapp3.1) (>= net452)) (&& (== netstandard2.0) (>= net452))
    DevExpress.Win.Spreadsheet (20.2.3) - restriction: || (== net461) (== net472) (&& (== netcoreapp3.1) (>= net452)) (&& (== netstandard2.0) (>= net452))
      DevExpress.Charts (20.2.3) - restriction: || (== net461) (== net472) (&& (== netcoreapp3.1) (>= net452)) (&& (== netstandard2.0) (>= net452))
      DevExpress.Data (20.2.3) - restriction: || (== net461) (== net472) (&& (== netcoreapp3.1) (>= net452)) (&& (== netstandard2.0) (>= net452))
      DevExpress.Data.Desktop (20.2.3) - restriction: || (== net461) (== net472) (&& (== netcoreapp3.1) (>= net452)) (&& (== netstandard2.0) (>= net452))
      DevExpress.DataAccess (20.2.3) - restriction: || (== net461) (== net472) (&& (== netcoreapp3.1) (>= net452)) (&& (== netstandard2.0) (>= net452))
      DevExpress.DataAccess.UI (20.2.3) - restriction: || (== net461) (== net472) (&& (== netcoreapp3.1) (>= net452)) (&& (== netstandard2.0) (>= net452))
      DevExpress.DataVisualization.Core (20.2.3) - restriction: || (== net461) (== net472) (&& (== netcoreapp3.1) (>= net452)) (&& (== netstandard2.0) (>= net452))
      DevExpress.Office.Core (20.2.3) - restriction: || (== net461) (== net472) (&& (== netcoreapp3.1) (>= net452)) (&& (== netstandard2.0) (>= net452))
      DevExpress.Printing.Core (20.2.3) - restriction: || (== net461) (== net472) (&& (== netcoreapp3.1) (>= net452)) (&& (== netstandard2.0) (>= net452))
      DevExpress.RichEdit.Core (20.2.3) - restriction: || (== net461) (== net472) (&& (== netcoreapp3.1) (>= net452)) (&& (== netstandard2.0) (>= net452))
      DevExpress.Spreadsheet.Core (20.2.3) - restriction: || (== net461) (== net472) (&& (== netcoreapp3.1) (>= net452)) (&& (== netstandard2.0) (>= net452))
      DevExpress.Utils (20.2.3) - restriction: || (== net461) (== net472) (&& (== netcoreapp3.1) (>= net452)) (&& (== netstandard2.0) (>= net452))
      DevExpress.Utils.UI (20.2.3) - restriction: || (== net461) (== net472) (&& (== netcoreapp3.1) (>= net452)) (&& (== netstandard2.0) (>= net452))
      DevExpress.Win (20.2.3) - restriction: || (== net461) (== net472) (&& (== netcoreapp3.1) (>= net452)) (&& (== netstandard2.0) (>= net452))
      DevExpress.Win.Grid (20.2.3) - restriction: || (== net461) (== net472) (&& (== netcoreapp3.1) (>= net452)) (&& (== netstandard2.0) (>= net452))
      DevExpress.Win.Navigation (20.2.3) - restriction: || (== net461) (== net472) (&& (== netcoreapp3.1) (>= net452)) (&& (== netstandard2.0) (>= net452))
      DevExpress.Win.Printing (20.2.3) - restriction: || (== net461) (== net472) (&& (== netcoreapp3.1) (>= net452)) (&& (== netstandard2.0) (>= net452))
      DevExpress.Win.RichEdit (20.2.3) - restriction: || (== net461) (== net472) (&& (== netcoreapp3.1) (>= net452)) (&& (== netstandard2.0) (>= net452))
      DevExpress.Win.TreeList (20.2.3) - restriction: || (== net461) (== net472) (&& (== netcoreapp3.1) (>= net452)) (&& (== netstandard2.0) (>= net452))
    DevExpress.Win.TreeList (20.2.3) - restriction: || (== net461) (== net472) (&& (== netcoreapp3.1) (>= net452)) (&& (== netstandard2.0) (>= net452))
      DevExpress.Data (20.2.3) - restriction: || (== net461) (== net472) (&& (== netcoreapp3.1) (>= net452)) (&& (== netstandard2.0) (>= net452))
      DevExpress.Data.Desktop (20.2.3) - restriction: || (== net461) (== net472) (&& (== netcoreapp3.1) (>= net452)) (&& (== netstandard2.0) (>= net452))
      DevExpress.Printing.Core (20.2.3) - restriction: || (== net461) (== net472) (&& (== netcoreapp3.1) (>= net452)) (&& (== netstandard2.0) (>= net452))
      DevExpress.Utils (20.2.3) - restriction: || (== net461) (== net472) (&& (== netcoreapp3.1) (>= net452)) (&& (== netstandard2.0) (>= net452))
      DevExpress.Win.Navigation (20.2.3) - restriction: || (== net461) (== net472) (&& (== netcoreapp3.1) (>= net452)) (&& (== netstandard2.0) (>= net452))
    DevExpress.Win.TreeMap (20.2.3) - restriction: || (== net461) (== net472) (&& (== netcoreapp3.1) (>= net452)) (&& (== netstandard2.0) (>= net452))
      DevExpress.Data (20.2.3) - restriction: || (== net461) (== net472) (&& (== netcoreapp3.1) (>= net452)) (&& (== netstandard2.0) (>= net452))
      DevExpress.Data.Desktop (20.2.3) - restriction: || (== net461) (== net472) (&& (== netcoreapp3.1) (>= net452)) (&& (== netstandard2.0) (>= net452))
      DevExpress.Printing.Core (20.2.3) - restriction: || (== net461) (== net472) (&& (== netcoreapp3.1) (>= net452)) (&& (== netstandard2.0) (>= net452))
      DevExpress.TreeMap (20.2.3) - restriction: || (== net461) (== net472) (&& (== netcoreapp3.1) (>= net452)) (&& (== netstandard2.0) (>= net452))
      DevExpress.TreeMap.Core (20.2.3) - restriction: || (== net461) (== net472) (&& (== netcoreapp3.1) (>= net452)) (&& (== netstandard2.0) (>= net452))
      DevExpress.Utils (20.2.3) - restriction: || (== net461) (== net472) (&& (== netcoreapp3.1) (>= net452)) (&& (== netstandard2.0) (>= net452))
      DevExpress.Win.Navigation (20.2.3) - restriction: || (== net461) (== net472) (&& (== netcoreapp3.1) (>= net452)) (&& (== netstandard2.0) (>= net452))
      DevExpress.Win.Printing (20.2.3) - restriction: || (== net461) (== net472) (&& (== netcoreapp3.1) (>= net452)) (&& (== netstandard2.0) (>= net452))
    DevExpress.Win.VerticalGrid (20.2.3) - restriction: || (== net461) (== net472) (&& (== netcoreapp3.1) (>= net452)) (&& (== netstandard2.0) (>= net452))
      DevExpress.Data (20.2.3) - restriction: || (== net461) (== net472) (&& (== netcoreapp3.1) (>= net452)) (&& (== netstandard2.0) (>= net452))
      DevExpress.Data.Desktop (20.2.3) - restriction: || (== net461) (== net472) (&& (== netcoreapp3.1) (>= net452)) (&& (== netstandard2.0) (>= net452))
      DevExpress.Printing.Core (20.2.3) - restriction: || (== net461) (== net472) (&& (== netcoreapp3.1) (>= net452)) (&& (== netstandard2.0) (>= net452))
      DevExpress.Utils (20.2.3) - restriction: || (== net461) (== net472) (&& (== netcoreapp3.1) (>= net452)) (&& (== netstandard2.0) (>= net452))
      DevExpress.Win.Navigation (20.2.3) - restriction: || (== net461) (== net472) (&& (== netcoreapp3.1) (>= net452)) (&& (== netstandard2.0) (>= net452))
      DevExpress.Win.Printing (20.2.3) - restriction: || (== net461) (== net472) (&& (== netcoreapp3.1) (>= net452)) (&& (== netstandard2.0) (>= net452))
    DevExpress.WindowsDesktop.Charts (20.2.3) - restriction: || (&& (== net461) (>= netcoreapp3.0)) (&& (== net472) (>= netcoreapp3.0)) (== netcoreapp3.1) (&& (== netstandard2.0) (>= netcoreapp3.0))
      DevExpress.WindowsDesktop.Charts.Core (20.2.3) - restriction: || (&& (== net461) (>= netstandard2.0)) (== net472) (== netcoreapp3.1) (== netstandard2.0)
      DevExpress.WindowsDesktop.Data (20.2.3) - restriction: || (&& (== net461) (>= netstandard2.0)) (== net472) (== netcoreapp3.1) (== netstandard2.0)
      DevExpress.WindowsDesktop.DataVisualization.Core (20.2.3) - restriction: || (&& (== net461) (>= netstandard2.0)) (== net472) (== netcoreapp3.1) (== netstandard2.0)
      DevExpress.WindowsDesktop.Printing.Core (20.2.3) - restriction: || (&& (== net461) (>= netstandard2.0)) (== net472) (== netcoreapp3.1) (== netstandard2.0)
      NETStandard.Library (>= 2.0.3) - restriction: || (&& (== net461) (>= netstandard2.0)) (== net472) (== netcoreapp3.1) (== netstandard2.0)
      System.Drawing.Common (>= 4.5) - restriction: || (&& (== net461) (>= netstandard2.0)) (== net472) (== netcoreapp3.1) (== netstandard2.0)
    DevExpress.WindowsDesktop.Charts.Core (20.2.3) - restriction: || (&& (== net461) (>= netcoreapp3.0)) (&& (== net472) (>= netcoreapp3.0)) (== netcoreapp3.1) (&& (== netstandard2.0) (>= netcoreapp3.0))
      DevExpress.WindowsDesktop.Data (20.2.3) - restriction: || (&& (== net461) (>= netstandard2.0)) (== net472) (== netcoreapp3.1) (== netstandard2.0)
      NETStandard.Library (>= 2.0.3) - restriction: || (&& (== net461) (>= netstandard2.0)) (== net472) (== netcoreapp3.1) (== netstandard2.0)
    DevExpress.WindowsDesktop.CodeParser (20.2.3) - restriction: || (&& (== net461) (>= netcoreapp3.0)) (&& (== net472) (>= netcoreapp3.0)) (== netcoreapp3.1) (&& (== netstandard2.0) (>= netcoreapp3.0))
      DevExpress.WindowsDesktop.Data (20.2.3) - restriction: || (&& (== net461) (>= netstandard2.0)) (== net472) (== netcoreapp3.1) (== netstandard2.0)
      NETStandard.Library (>= 2.0.3) - restriction: || (&& (== net461) (>= netstandard2.0)) (== net472) (== netcoreapp3.1) (== netstandard2.0)
      System.CodeDom (>= 4.4) - restriction: || (&& (== net461) (>= netstandard2.0)) (== net472) (== netcoreapp3.1) (== netstandard2.0)
    DevExpress.WindowsDesktop.Core (20.2.3)
      DevExpress.WindowsDesktop.Charts (20.2.3) - restriction: || (&& (== net461) (>= netcoreapp3.0)) (&& (== net472) (>= netcoreapp3.0)) (== netcoreapp3.1) (&& (== netstandard2.0) (>= netcoreapp3.0))
      DevExpress.WindowsDesktop.Charts.Core (20.2.3) - restriction: || (&& (== net461) (>= netcoreapp3.0)) (&& (== net472) (>= netcoreapp3.0)) (== netcoreapp3.1) (&& (== netstandard2.0) (>= netcoreapp3.0))
      DevExpress.WindowsDesktop.CodeParser (20.2.3) - restriction: || (&& (== net461) (>= netcoreapp3.0)) (&& (== net472) (>= netcoreapp3.0)) (== netcoreapp3.1) (&& (== netstandard2.0) (>= netcoreapp3.0))
      DevExpress.WindowsDesktop.Data (20.2.3) - restriction: || (&& (== net461) (>= netcoreapp3.0)) (&& (== net472) (>= netcoreapp3.0)) (== netcoreapp3.1) (&& (== netstandard2.0) (>= netcoreapp3.0))
      DevExpress.WindowsDesktop.DataAccess (20.2.3) - restriction: || (&& (== net461) (>= netcoreapp3.0)) (&& (== net472) (>= netcoreapp3.0)) (== netcoreapp3.1) (&& (== netstandard2.0) (>= netcoreapp3.0))
      DevExpress.WindowsDesktop.Diagram.Core (20.2.3) - restriction: || (&& (== net461) (>= netcoreapp3.0)) (&& (== net472) (>= netcoreapp3.0)) (== netcoreapp3.1) (&& (== netstandard2.0) (>= netcoreapp3.0))
      DevExpress.WindowsDesktop.Dialogs.Core (20.2.3) - restriction: || (&& (== net461) (>= netcoreapp3.0)) (&& (== net472) (>= netcoreapp3.0)) (== netcoreapp3.1) (&& (== netstandard2.0) (>= netcoreapp3.0))
      DevExpress.WindowsDesktop.Gauges.Core (20.2.3) - restriction: || (&& (== net461) (>= netcoreapp3.0)) (&& (== net472) (>= netcoreapp3.0)) (== netcoreapp3.1) (&& (== netstandard2.0) (>= netcoreapp3.0))
      DevExpress.WindowsDesktop.Images (20.2.3) - restriction: || (&& (== net461) (>= netcoreapp3.0)) (&& (== net472) (>= netcoreapp3.0)) (== netcoreapp3.1) (&& (== netstandard2.0) (>= netcoreapp3.0))
      DevExpress.WindowsDesktop.Map.Core (20.2.3) - restriction: || (&& (== net461) (>= netcoreapp3.0)) (&& (== net472) (>= netcoreapp3.0)) (== netcoreapp3.1) (&& (== netstandard2.0) (>= netcoreapp3.0))
      DevExpress.WindowsDesktop.Mvvm (20.2.3) - restriction: || (&& (== net461) (>= netcoreapp3.0)) (&& (== net472) (>= netcoreapp3.0)) (== netcoreapp3.1) (&& (== netstandard2.0) (>= netcoreapp3.0))
      DevExpress.WindowsDesktop.Mvvm.DataModel (20.2.3) - restriction: || (&& (== net461) (>= netcoreapp3.0)) (&& (== net472) (>= netcoreapp3.0)) (== netcoreapp3.1) (&& (== netstandard2.0) (>= netcoreapp3.0))
      DevExpress.WindowsDesktop.Mvvm.DataModel.EFCore (20.2.3) - restriction: || (&& (== net461) (>= netcoreapp3.0)) (&& (== net472) (>= netcoreapp3.0)) (== netcoreapp3.1) (&& (== netstandard2.0) (>= netcoreapp3.0))
      DevExpress.WindowsDesktop.Mvvm.ViewModel (20.2.3) - restriction: || (&& (== net461) (>= netcoreapp3.0)) (&& (== net472) (>= netcoreapp3.0)) (== netcoreapp3.1) (&& (== netstandard2.0) (>= netcoreapp3.0))
      DevExpress.WindowsDesktop.Office.Core (20.2.3) - restriction: || (&& (== net461) (>= netcoreapp3.0)) (&& (== net472) (>= netcoreapp3.0)) (== netcoreapp3.1) (&& (== netstandard2.0) (>= netcoreapp3.0))
      DevExpress.WindowsDesktop.Pdf.Core (20.2.3) - restriction: || (&& (== net461) (>= netcoreapp3.0)) (&& (== net472) (>= netcoreapp3.0)) (== netcoreapp3.1) (&& (== netstandard2.0) (>= netcoreapp3.0))
      DevExpress.WindowsDesktop.Pdf.Drawing (20.2.3) - restriction: || (&& (== net461) (>= netcoreapp3.0)) (&& (== net472) (>= netcoreapp3.0)) (== netcoreapp3.1) (&& (== netstandard2.0) (>= netcoreapp3.0))
      DevExpress.WindowsDesktop.PivotGrid.Core (20.2.3) - restriction: || (&& (== net461) (>= netcoreapp3.0)) (&& (== net472) (>= netcoreapp3.0)) (== netcoreapp3.1) (&& (== netstandard2.0) (>= netcoreapp3.0))
      DevExpress.WindowsDesktop.Printing.Core (20.2.3) - restriction: || (&& (== net461) (>= netcoreapp3.0)) (&& (== net472) (>= netcoreapp3.0)) (== netcoreapp3.1) (&& (== netstandard2.0) (>= netcoreapp3.0))
      DevExpress.WindowsDesktop.RichEdit.Core (20.2.3) - restriction: || (&& (== net461) (>= netcoreapp3.0)) (&& (== net472) (>= netcoreapp3.0)) (== netcoreapp3.1) (&& (== netstandard2.0) (>= netcoreapp3.0))
      DevExpress.WindowsDesktop.RichEdit.Export (20.2.3) - restriction: || (&& (== net461) (>= netcoreapp3.0)) (&& (== net472) (>= netcoreapp3.0)) (== netcoreapp3.1) (&& (== netstandard2.0) (>= netcoreapp3.0))
      DevExpress.WindowsDesktop.Scheduler.Core (20.2.3) - restriction: || (&& (== net461) (>= netcoreapp3.0)) (&& (== net472) (>= netcoreapp3.0)) (== netcoreapp3.1) (&& (== netstandard2.0) (>= netcoreapp3.0))
      DevExpress.WindowsDesktop.Scheduler.CoreDesktop (20.2.3) - restriction: || (&& (== net461) (>= netcoreapp3.0)) (&& (== net472) (>= netcoreapp3.0)) (== netcoreapp3.1) (&& (== netstandard2.0) (>= netcoreapp3.0))
      DevExpress.WindowsDesktop.Sparkline.Core (20.2.3) - restriction: || (&& (== net461) (>= netcoreapp3.0)) (&& (== net472) (>= netcoreapp3.0)) (== netcoreapp3.1) (&& (== netstandard2.0) (>= netcoreapp3.0))
      DevExpress.WindowsDesktop.SpellChecker.Core (20.2.3) - restriction: || (&& (== net461) (>= netcoreapp3.0)) (&& (== net472) (>= netcoreapp3.0)) (== netcoreapp3.1) (&& (== netstandard2.0) (>= netcoreapp3.0))
      DevExpress.WindowsDesktop.Spreadsheet.Core (20.2.3) - restriction: || (&& (== net461) (>= netcoreapp3.0)) (&& (== net472) (>= netcoreapp3.0)) (== netcoreapp3.1) (&& (== netstandard2.0) (>= netcoreapp3.0))
      DevExpress.WindowsDesktop.TreeMap.Core (20.2.3) - restriction: || (&& (== net461) (>= netcoreapp3.0)) (&& (== net472) (>= netcoreapp3.0)) (== netcoreapp3.1) (&& (== netstandard2.0) (>= netcoreapp3.0))
      DevExpress.WindowsDesktop.Xpo (20.2.3) - restriction: || (&& (== net461) (>= netcoreapp3.0)) (&& (== net472) (>= netcoreapp3.0)) (== netcoreapp3.1) (&& (== netstandard2.0) (>= netcoreapp3.0))
    DevExpress.WindowsDesktop.Dashboard.Core (20.2.3) - restriction: || (&& (== net461) (>= netcoreapp3.0)) (&& (== net472) (>= netcoreapp3.0)) (== netcoreapp3.1) (&& (== netstandard2.0) (>= netcoreapp3.0))
      DevExpress.WindowsDesktop.Charts (20.2.3) - restriction: || (&& (== net461) (>= netstandard2.0)) (== net472) (== netcoreapp3.1) (== netstandard2.0)
      DevExpress.WindowsDesktop.Charts.Core (20.2.3) - restriction: || (&& (== net461) (>= netstandard2.0)) (== net472) (== netcoreapp3.1) (== netstandard2.0)
      DevExpress.WindowsDesktop.Data (20.2.3) - restriction: || (&& (== net461) (>= netstandard2.0)) (== net472) (== netcoreapp3.1) (== netstandard2.0)
      DevExpress.WindowsDesktop.DataAccess (20.2.3) - restriction: || (&& (== net461) (>= netstandard2.0)) (== net472) (== netcoreapp3.1) (== netstandard2.0)
      DevExpress.WindowsDesktop.Gauges.Core (20.2.3) - restriction: || (&& (== net461) (>= netstandard2.0)) (== net472) (== netcoreapp3.1) (== netstandard2.0)
      DevExpress.WindowsDesktop.Map.Core (20.2.3) - restriction: || (&& (== net461) (>= netstandard2.0)) (== net472) (== netcoreapp3.1) (== netstandard2.0)
      DevExpress.WindowsDesktop.Office.Core (20.2.3) - restriction: || (&& (== net461) (>= netstandard2.0)) (== net472) (== netcoreapp3.1) (== netstandard2.0)
      DevExpress.WindowsDesktop.PivotGrid.Core (20.2.3) - restriction: || (&& (== net461) (>= netstandard2.0)) (== net472) (== netcoreapp3.1) (== netstandard2.0)
      DevExpress.WindowsDesktop.Printing.Core (20.2.3) - restriction: || (&& (== net461) (>= netstandard2.0)) (== net472) (== netcoreapp3.1) (== netstandard2.0)
      DevExpress.WindowsDesktop.Reporting.Core (20.2.3) - restriction: || (&& (== net461) (>= netstandard2.0)) (== net472) (== netcoreapp3.1) (== netstandard2.0)
      DevExpress.WindowsDesktop.RichEdit.Core (20.2.3) - restriction: || (&& (== net461) (>= netstandard2.0)) (== net472) (== netcoreapp3.1) (== netstandard2.0)
      DevExpress.WindowsDesktop.Sparkline.Core (20.2.3) - restriction: || (&& (== net461) (>= netstandard2.0)) (== net472) (== netcoreapp3.1) (== netstandard2.0)
      DevExpress.WindowsDesktop.TreeMap (20.2.3-ctp) - restriction: || (&& (== net461) (>= netstandard2.0)) (== net472) (== netcoreapp3.1) (== netstandard2.0)
      DevExpress.WindowsDesktop.TreeMap.Core (20.2.3) - restriction: || (&& (== net461) (>= netstandard2.0)) (== net472) (== netcoreapp3.1) (== netstandard2.0)
      DevExpress.WindowsDesktop.Xpo (20.2.3) - restriction: || (&& (== net461) (>= netstandard2.0)) (== net472) (== netcoreapp3.1) (== netstandard2.0)
      NETStandard.Library (>= 2.0.3) - restriction: || (&& (== net461) (>= netstandard2.0)) (== net472) (== netcoreapp3.1) (== netstandard2.0)
      System.Drawing.Common (>= 4.5) - restriction: || (&& (== net461) (>= netstandard2.0)) (== net472) (== netcoreapp3.1) (== netstandard2.0)
    DevExpress.WindowsDesktop.Data (20.2.3) - restriction: || (&& (== net461) (>= netcoreapp3.0)) (&& (== net472) (>= netcoreapp3.0)) (== netcoreapp3.1) (&& (== netstandard2.0) (>= netcoreapp3.0))
      Microsoft.Win32.Registry (>= 4.5) - restriction: || (&& (== net461) (>= netstandard2.0)) (== net472) (== netcoreapp3.1) (== netstandard2.0)
      NETStandard.Library (>= 2.0.3) - restriction: || (&& (== net461) (>= netstandard2.0)) (== net472) (== netcoreapp3.1) (== netstandard2.0)
      System.ComponentModel.Annotations (>= 4.4) - restriction: || (&& (== net461) (>= netstandard2.0)) (== net472) (== netcoreapp3.1) (== netstandard2.0)
      System.Configuration.ConfigurationManager (>= 4.5) - restriction: || (&& (== net461) (>= netstandard2.0)) (== net472) (== netcoreapp3.1) (== netstandard2.0)
      System.Diagnostics.PerformanceCounter (>= 4.5) - restriction: || (&& (== net461) (>= netstandard2.0)) (== net472) (== netcoreapp3.1) (== netstandard2.0)
      System.Drawing.Common (>= 4.5) - restriction: || (&& (== net461) (>= netstandard2.0)) (== net472) (== netcoreapp3.1) (== netstandard2.0)
      System.Reflection.Emit (>= 4.3) - restriction: || (&& (== net461) (>= netstandard2.0)) (== net472) (== netcoreapp3.1) (== netstandard2.0)
      System.Reflection.Emit.Lightweight (>= 4.3) - restriction: || (&& (== net461) (>= netstandard2.0)) (== net472) (== netcoreapp3.1) (== netstandard2.0)
      System.Text.Encoding.CodePages (>= 4.4) - restriction: || (&& (== net461) (>= netstandard2.0)) (== net472) (== netcoreapp3.1) (== netstandard2.0)
    DevExpress.WindowsDesktop.DataAccess (20.2.3) - restriction: || (&& (== net461) (>= netcoreapp3.0)) (&& (== net472) (>= netcoreapp3.0)) (== netcoreapp3.1) (&& (== netstandard2.0) (>= netcoreapp3.0))
      DevExpress.WindowsDesktop.CodeParser (20.2.3) - restriction: || (&& (== net461) (>= netstandard2.0)) (== net472) (== netcoreapp3.1) (== netstandard2.0)
      DevExpress.WindowsDesktop.Data (20.2.3) - restriction: || (&& (== net461) (>= netstandard2.0)) (== net472) (== netcoreapp3.1) (== netstandard2.0)
      DevExpress.WindowsDesktop.Office.Core (20.2.3) - restriction: || (&& (== net461) (>= netstandard2.0)) (== net472) (== netcoreapp3.1) (== netstandard2.0)
      DevExpress.WindowsDesktop.Printing.Core (20.2.3) - restriction: || (&& (== net461) (>= netstandard2.0)) (== net472) (== netcoreapp3.1) (== netstandard2.0)
      DevExpress.WindowsDesktop.RichEdit.Core (20.2.3) - restriction: || (&& (== net461) (>= netstandard2.0)) (== net472) (== netcoreapp3.1) (== netstandard2.0)
      DevExpress.WindowsDesktop.Xpo (20.2.3) - restriction: || (&& (== net461) (>= netstandard2.0)) (== net472) (== netcoreapp3.1) (== netstandard2.0)
      Microsoft.Extensions.Configuration (>= 2.0) - restriction: || (&& (== net461) (>= netstandard2.0)) (== net472) (== netcoreapp3.1) (== netstandard2.0)
      Microsoft.Extensions.Configuration.Abstractions (>= 2.0) - restriction: || (&& (== net461) (>= netstandard2.0)) (== net472) (== netcoreapp3.1) (== netstandard2.0)
      Microsoft.Extensions.Configuration.FileExtensions (>= 2.0) - restriction: || (&& (== net461) (>= netstandard2.0)) (== net472) (== netcoreapp3.1) (== netstandard2.0)
      Microsoft.Extensions.Configuration.Json (>= 2.0) - restriction: || (&& (== net461) (>= netstandard2.0)) (== net472) (== netcoreapp3.1) (== netstandard2.0)
      NETStandard.Library (>= 2.0.3) - restriction: || (&& (== net461) (>= netstandard2.0)) (== net472) (== netcoreapp3.1) (== netstandard2.0)
      System.Configuration.ConfigurationManager (>= 4.5) - restriction: || (&& (== net461) (>= netstandard2.0)) (== net472) (== netcoreapp3.1) (== netstandard2.0)
      System.Data.SqlClient (>= 4.5) - restriction: || (&& (== net461) (>= netstandard2.0)) (== net472) (== netcoreapp3.1) (== netstandard2.0)
      System.Drawing.Common (>= 4.5) - restriction: || (&& (== net461) (>= netstandard2.0)) (== net472) (== netcoreapp3.1) (== netstandard2.0)
      System.Reflection.Emit (>= 4.3) - restriction: || (&& (== net461) (>= netstandard2.0)) (== net472) (== netcoreapp3.1) (== netstandard2.0)
    DevExpress.WindowsDesktop.DataDesktop (20.2.3) - restriction: || (&& (== net461) (>= netcoreapp3.0)) (&& (== net472) (>= netcoreapp3.0)) (== netcoreapp3.1) (&& (== netstandard2.0) (>= netcoreapp3.0))
      DevExpress.WindowsDesktop.Data (20.2.3) - restriction: || (&& (== net461) (>= netcoreapp3.0)) (&& (== net472) (>= netcoreapp3.0)) (== netcoreapp3.1) (&& (== netstandard2.0) (>= netcoreapp3.0))
    DevExpress.WindowsDesktop.DataVisualization.Core (20.2.3) - restriction: || (&& (== net461) (>= netcoreapp3.0)) (&& (== net472) (>= netcoreapp3.0)) (== netcoreapp3.1) (&& (== netstandard2.0) (>= netcoreapp3.0))
      DevExpress.WindowsDesktop.Data (20.2.3) - restriction: || (&& (== net461) (>= netstandard2.0)) (== net472) (== netcoreapp3.1) (== netstandard2.0)
      NETStandard.Library (>= 2.0.3) - restriction: || (&& (== net461) (>= netstandard2.0)) (== net472) (== netcoreapp3.1) (== netstandard2.0)
    DevExpress.WindowsDesktop.Diagram.Core (20.2.3) - restriction: || (&& (== net461) (>= netcoreapp3.0)) (&& (== net472) (>= netcoreapp3.0)) (== netcoreapp3.1) (&& (== netstandard2.0) (>= netcoreapp3.0))
      DevExpress.WindowsDesktop.Data (20.2.3) - restriction: || (&& (== net461) (>= netcoreapp3.0)) (&& (== net472) (>= netcoreapp3.0)) (== netcoreapp3.1) (&& (== netstandard2.0) (>= netcoreapp3.0))
      DevExpress.WindowsDesktop.DataDesktop (20.2.3) - restriction: || (&& (== net461) (>= netcoreapp3.0)) (&& (== net472) (>= netcoreapp3.0)) (== netcoreapp3.1) (&& (== netstandard2.0) (>= netcoreapp3.0))
      DevExpress.WindowsDesktop.Printing.Core (20.2.3) - restriction: || (&& (== net461) (>= netcoreapp3.0)) (&& (== net472) (>= netcoreapp3.0)) (== netcoreapp3.1) (&& (== netstandard2.0) (>= netcoreapp3.0))
    DevExpress.WindowsDesktop.Dialogs.Core (20.2.3) - restriction: || (&& (== net461) (>= netcoreapp3.0)) (&& (== net472) (>= netcoreapp3.0)) (== netcoreapp3.1) (&& (== netstandard2.0) (>= netcoreapp3.0))
      DevExpress.WindowsDesktop.Data (20.2.3) - restriction: || (&& (== net461) (>= netcoreapp3.0)) (&& (== net472) (>= netcoreapp3.0)) (== netcoreapp3.1) (&& (== netstandard2.0) (>= netcoreapp3.0))
    DevExpress.WindowsDesktop.Gauges.Core (20.2.3) - restriction: || (&& (== net461) (>= netcoreapp3.0)) (&& (== net472) (>= netcoreapp3.0)) (== netcoreapp3.1) (&& (== netstandard2.0) (>= netcoreapp3.0))
      DevExpress.WindowsDesktop.Data (20.2.3) - restriction: || (&& (== net461) (>= netstandard2.0)) (== net472) (== netcoreapp3.1) (== netstandard2.0)
      DevExpress.WindowsDesktop.Printing.Core (20.2.3) - restriction: || (&& (== net461) (>= netstandard2.0)) (== net472) (== netcoreapp3.1) (== netstandard2.0)
      NETStandard.Library (>= 2.0.3) - restriction: || (&& (== net461) (>= netstandard2.0)) (== net472) (== netcoreapp3.1) (== netstandard2.0)
      System.Drawing.Common (>= 4.5) - restriction: || (&& (== net461) (>= netstandard2.0)) (== net472) (== netcoreapp3.1) (== netstandard2.0)
    DevExpress.WindowsDesktop.Images (20.2.3) - restriction: || (&& (== net461) (>= netcoreapp3.0)) (&& (== net472) (>= netcoreapp3.0)) (== netcoreapp3.1) (&& (== netstandard2.0) (>= netcoreapp3.0))
      DevExpress.WindowsDesktop.Data (20.2.3) - restriction: || (&& (== net461) (>= netstandard2.0)) (== net472) (== netcoreapp3.1) (== netstandard2.0)
      NETStandard.Library (>= 2.0.3) - restriction: || (&& (== net461) (>= netstandard2.0)) (== net472) (== netcoreapp3.1) (== netstandard2.0)
      System.Drawing.Common (>= 4.5) - restriction: || (&& (== net461) (>= netstandard2.0)) (== net472) (== netcoreapp3.1) (== netstandard2.0)
    DevExpress.WindowsDesktop.Map.Core (20.2.3) - restriction: || (&& (== net461) (>= netcoreapp3.0)) (&& (== net472) (>= netcoreapp3.0)) (== netcoreapp3.1) (&& (== netstandard2.0) (>= netcoreapp3.0))
      DevExpress.WindowsDesktop.Data (20.2.3) - restriction: || (&& (== net461) (>= netstandard2.0)) (== net472) (== netcoreapp3.1) (== netstandard2.0)
      NETStandard.Library (>= 2.0.3) - restriction: || (&& (== net461) (>= netstandard2.0)) (== net472) (== netcoreapp3.1) (== netstandard2.0)
      System.Drawing.Common (>= 4.5) - restriction: || (&& (== net461) (>= netstandard2.0)) (== net472) (== netcoreapp3.1) (== netstandard2.0)
    DevExpress.WindowsDesktop.Mvvm (20.2.3) - restriction: || (&& (== net461) (>= netcoreapp3.0)) (&& (== net472) (>= netcoreapp3.0)) (== netcoreapp3.1) (&& (== netstandard2.0) (>= netcoreapp3.0))
    DevExpress.WindowsDesktop.Mvvm.DataModel (20.2.3) - restriction: || (&& (== net461) (>= netcoreapp3.0)) (&& (== net472) (>= netcoreapp3.0)) (== netcoreapp3.1) (&& (== netstandard2.0) (>= netcoreapp3.0))
      DevExpress.WindowsDesktop.Data (20.2.3) - restriction: || (&& (== net461) (>= netcoreapp3.0)) (&& (== net472) (>= netcoreapp3.0)) (== netcoreapp3.1) (&& (== netstandard2.0) (>= netcoreapp3.0))
      DevExpress.WindowsDesktop.Mvvm (20.2.3) - restriction: || (&& (== net461) (>= netcoreapp3.0)) (&& (== net472) (>= netcoreapp3.0)) (== netcoreapp3.1) (&& (== netstandard2.0) (>= netcoreapp3.0))
    DevExpress.WindowsDesktop.Mvvm.DataModel.EFCore (20.2.3) - restriction: || (&& (== net461) (>= netcoreapp3.0)) (&& (== net472) (>= netcoreapp3.0)) (== netcoreapp3.1) (&& (== netstandard2.0) (>= netcoreapp3.0))
      DevExpress.WindowsDesktop.Mvvm.DataModel (20.2.3) - restriction: || (&& (== net461) (>= netcoreapp3.0)) (&& (== net472) (>= netcoreapp3.0)) (== netcoreapp3.1) (&& (== netstandard2.0) (>= netcoreapp3.0))
    DevExpress.WindowsDesktop.Mvvm.ViewModel (20.2.3) - restriction: || (&& (== net461) (>= netcoreapp3.0)) (&& (== net472) (>= netcoreapp3.0)) (== netcoreapp3.1) (&& (== netstandard2.0) (>= netcoreapp3.0))
      DevExpress.WindowsDesktop.Mvvm (20.2.3) - restriction: || (&& (== net461) (>= netcoreapp3.0)) (&& (== net472) (>= netcoreapp3.0)) (== netcoreapp3.1) (&& (== netstandard2.0) (>= netcoreapp3.0))
      DevExpress.WindowsDesktop.Mvvm.DataModel (20.2.3) - restriction: || (&& (== net461) (>= netcoreapp3.0)) (&& (== net472) (>= netcoreapp3.0)) (== netcoreapp3.1) (&& (== netstandard2.0) (>= netcoreapp3.0))
    DevExpress.WindowsDesktop.Office.Core (20.2.3) - restriction: || (&& (== net461) (>= netcoreapp3.0)) (&& (== net472) (>= netcoreapp3.0)) (== netcoreapp3.1) (&& (== netstandard2.0) (>= netcoreapp3.0))
      DevExpress.WindowsDesktop.Data (20.2.3) - restriction: || (&& (== net461) (>= netstandard2.0)) (== net472) (== netcoreapp3.1) (== netstandard2.0)
      DevExpress.WindowsDesktop.Pdf.Core (20.2.3) - restriction: || (&& (== net461) (>= netstandard2.0)) (== net472) (== netcoreapp3.1) (== netstandard2.0)
      DevExpress.WindowsDesktop.Printing.Core (20.2.3) - restriction: || (&& (== net461) (>= netstandard2.0)) (== net472) (== netcoreapp3.1) (== netstandard2.0)
      NETStandard.Library (>= 2.0.3) - restriction: || (&& (== net461) (>= netstandard2.0)) (== net472) (== netcoreapp3.1) (== netstandard2.0)
      System.Drawing.Common (>= 4.5) - restriction: || (&& (== net461) (>= netstandard2.0)) (== net472) (== netcoreapp3.1) (== netstandard2.0)
      System.Security.Cryptography.Xml (>= 4.5) - restriction: || (&& (== net461) (>= netstandard2.0)) (== net472) (== netcoreapp3.1) (== netstandard2.0)
    DevExpress.WindowsDesktop.Pdf.Core (20.2.3) - restriction: || (&& (== net461) (>= netcoreapp3.0)) (&& (== net472) (>= netcoreapp3.0)) (== netcoreapp3.1) (&& (== netstandard2.0) (>= netcoreapp3.0))
      DevExpress.WindowsDesktop.Data (20.2.3) - restriction: || (&& (== net461) (>= netstandard2.0)) (== net472) (== netcoreapp3.1) (== netstandard2.0)
      NETStandard.Library (>= 2.0.3) - restriction: || (&& (== net461) (>= netstandard2.0)) (== net472) (== netcoreapp3.1) (== netstandard2.0)
      System.Drawing.Common (>= 4.5) - restriction: || (&& (== net461) (>= netstandard2.0)) (== net472) (== netcoreapp3.1) (== netstandard2.0)
      System.Reflection.Emit (>= 4.3) - restriction: || (&& (== net461) (>= netstandard2.0)) (== net472) (== netcoreapp3.1) (== netstandard2.0)
      System.Security.Cryptography.Pkcs (>= 4.5.2) - restriction: || (&& (== net461) (>= netstandard2.0)) (== net472) (== netcoreapp3.1) (== netstandard2.0)
    DevExpress.WindowsDesktop.Pdf.Drawing (20.2.3) - restriction: || (&& (== net461) (>= netcoreapp3.0)) (&& (== net472) (>= netcoreapp3.0)) (== netcoreapp3.1) (&& (== netstandard2.0) (>= netcoreapp3.0))
      DevExpress.WindowsDesktop.Data (20.2.3) - restriction: || (&& (== net461) (>= netstandard2.0)) (== net472) (== netcoreapp3.1) (== netstandard2.0)
      DevExpress.WindowsDesktop.Pdf.Core (20.2.3) - restriction: || (&& (== net461) (>= netstandard2.0)) (== net472) (== netcoreapp3.1) (== netstandard2.0)
      NETStandard.Library (>= 2.0.3) - restriction: || (&& (== net461) (>= netstandard2.0)) (== net472) (== netcoreapp3.1) (== netstandard2.0)
      System.Drawing.Common (>= 4.5) - restriction: || (&& (== net461) (>= netstandard2.0)) (== net472) (== netcoreapp3.1) (== netstandard2.0)
    DevExpress.WindowsDesktop.PivotGrid.Core (20.2.3) - restriction: || (&& (== net461) (>= netcoreapp3.0)) (&& (== net472) (>= netcoreapp3.0)) (== netcoreapp3.1) (&& (== netstandard2.0) (>= netcoreapp3.0))
      DevExpress.WindowsDesktop.Data (20.2.3) - restriction: || (&& (== net461) (>= netstandard2.0)) (== net472) (== netcoreapp3.1) (== netstandard2.0)
      DevExpress.WindowsDesktop.Printing.Core (20.2.3) - restriction: || (&& (== net461) (>= netstandard2.0)) (== net472) (== netcoreapp3.1) (== netstandard2.0)
      NETStandard.Library (>= 2.0.3) - restriction: || (&& (== net461) (>= netstandard2.0)) (== net472) (== netcoreapp3.1) (== netstandard2.0)
      System.Drawing.Common (>= 4.5) - restriction: || (&& (== net461) (>= netstandard2.0)) (== net472) (== netcoreapp3.1) (== netstandard2.0)
    DevExpress.WindowsDesktop.Printing.Core (20.2.3) - restriction: || (&& (== net461) (>= netcoreapp3.0)) (&& (== net472) (>= netcoreapp3.0)) (== netcoreapp3.1) (&& (== netstandard2.0) (>= netcoreapp3.0))
      DevExpress.WindowsDesktop.Data (20.2.3) - restriction: || (&& (== net461) (>= netstandard2.0)) (== net472) (== netcoreapp3.1) (== netstandard2.0)
      DevExpress.WindowsDesktop.Pdf.Core (20.2.3) - restriction: || (&& (== net461) (>= netstandard2.0)) (== net472) (== netcoreapp3.1) (== netstandard2.0)
      DevExpress.WindowsDesktop.Pdf.Drawing (20.2.3) - restriction: || (&& (== net461) (>= netstandard2.0)) (== net472) (== netcoreapp3.1) (== netstandard2.0)
      NETStandard.Library (>= 2.0.3) - restriction: || (&& (== net461) (>= netstandard2.0)) (== net472) (== netcoreapp3.1) (== netstandard2.0)
      System.ComponentModel.Annotations (>= 4.4) - restriction: || (&& (== net461) (>= netstandard2.0)) (== net472) (== netcoreapp3.1) (== netstandard2.0)
      System.Drawing.Common (>= 4.5) - restriction: || (&& (== net461) (>= netstandard2.0)) (== net472) (== netcoreapp3.1) (== netstandard2.0)
      System.Security.Cryptography.Pkcs (>= 4.5.2) - restriction: || (&& (== net461) (>= netstandard2.0)) (== net472) (== netcoreapp3.1) (== netstandard2.0)
      System.ServiceModel.Http (>= 4.4) - restriction: || (&& (== net461) (>= netstandard2.0)) (== net472) (== netcoreapp3.1) (== netstandard2.0)
    DevExpress.WindowsDesktop.Reporting.Core (20.2.3) - restriction: || (&& (== net461) (>= netcoreapp3.0)) (&& (== net472) (>= netcoreapp3.0)) (== netcoreapp3.1) (&& (== netstandard2.0) (>= netcoreapp3.0))
      DevExpress.WindowsDesktop.Charts (20.2.3) - restriction: || (&& (== net461) (>= netstandard2.0)) (== net472) (== netcoreapp3.1) (== netstandard2.0)
      DevExpress.WindowsDesktop.Charts.Core (20.2.3) - restriction: || (&& (== net461) (>= netstandard2.0)) (== net472) (== netcoreapp3.1) (== netstandard2.0)
      DevExpress.WindowsDesktop.CodeParser (20.2.3) - restriction: || (&& (== net461) (>= netstandard2.0)) (== net472) (== netcoreapp3.1) (== netstandard2.0)
      DevExpress.WindowsDesktop.Data (20.2.3) - restriction: || (&& (== net461) (>= netstandard2.0)) (== net472) (== netcoreapp3.1) (== netstandard2.0)
      DevExpress.WindowsDesktop.DataAccess (20.2.3) - restriction: || (&& (== net461) (>= netstandard2.0)) (== net472) (== netcoreapp3.1) (== netstandard2.0)
      DevExpress.WindowsDesktop.Gauges.Core (20.2.3) - restriction: || (&& (== net461) (>= netstandard2.0)) (== net472) (== netcoreapp3.1) (== netstandard2.0)
      DevExpress.WindowsDesktop.Office.Core (20.2.3) - restriction: || (&& (== net461) (>= netstandard2.0)) (== net472) (== netcoreapp3.1) (== netstandard2.0)
      DevExpress.WindowsDesktop.Pdf.Core (20.2.3) - restriction: || (&& (== net461) (>= netstandard2.0)) (== net472) (== netcoreapp3.1) (== netstandard2.0)
      DevExpress.WindowsDesktop.Pdf.Drawing (20.2.3) - restriction: || (&& (== net461) (>= netstandard2.0)) (== net472) (== netcoreapp3.1) (== netstandard2.0)
      DevExpress.WindowsDesktop.PivotGrid.Core (20.2.3) - restriction: || (&& (== net461) (>= netstandard2.0)) (== net472) (== netcoreapp3.1) (== netstandard2.0)
      DevExpress.WindowsDesktop.Printing.Core (20.2.3) - restriction: || (&& (== net461) (>= netstandard2.0)) (== net472) (== netcoreapp3.1) (== netstandard2.0)
      DevExpress.WindowsDesktop.RichEdit.Core (20.2.3) - restriction: || (&& (== net461) (>= netstandard2.0)) (== net472) (== netcoreapp3.1) (== netstandard2.0)
      DevExpress.WindowsDesktop.Sparkline.Core (20.2.3) - restriction: || (&& (== net461) (>= netstandard2.0)) (== net472) (== netcoreapp3.1) (== netstandard2.0)
      DevExpress.WindowsDesktop.Xpo (20.2.3) - restriction: || (&& (== net461) (>= netstandard2.0)) (== net472) (== netcoreapp3.1) (== netstandard2.0)
      NETStandard.Library (>= 2.0.3) - restriction: || (&& (== net461) (>= netstandard2.0)) (== net472) (== netcoreapp3.1) (== netstandard2.0)
      System.CodeDom (>= 4.4) - restriction: || (&& (== net461) (>= netstandard2.0)) (== net472) (== netcoreapp3.1) (== netstandard2.0)
      System.Collections.Immutable (>= 1.5) - restriction: || (&& (== net461) (>= netstandard2.0)) (== net472) (== netcoreapp3.1) (== netstandard2.0)
      System.Configuration.ConfigurationManager (>= 4.5) - restriction: || (&& (== net461) (>= netstandard2.0)) (== net472) (== netcoreapp3.1) (== netstandard2.0)
      System.Data.Common (>= 4.3) - restriction: || (&& (== net461) (>= netstandard2.0)) (== net472) (== netcoreapp3.1) (== netstandard2.0)
      System.Drawing.Common (>= 4.5) - restriction: || (&& (== net461) (>= netstandard2.0)) (== net472) (== netcoreapp3.1) (== netstandard2.0)
      System.Security.Permissions (>= 4.5) - restriction: || (&& (== net461) (>= netstandard2.0)) (== net472) (== netcoreapp3.1) (== netstandard2.0)
    DevExpress.WindowsDesktop.RichEdit.Core (20.2.3) - restriction: || (&& (== net461) (>= netcoreapp3.0)) (&& (== net472) (>= netcoreapp3.0)) (== netcoreapp3.1) (&& (== netstandard2.0) (>= netcoreapp3.0))
      DevExpress.WindowsDesktop.Data (20.2.3) - restriction: || (&& (== net461) (>= netstandard2.0)) (== net472) (== netcoreapp3.1) (== netstandard2.0)
      DevExpress.WindowsDesktop.Office.Core (20.2.3) - restriction: || (&& (== net461) (>= netstandard2.0)) (== net472) (== netcoreapp3.1) (== netstandard2.0)
      DevExpress.WindowsDesktop.Pdf.Core (20.2.3) - restriction: || (&& (== net461) (>= netstandard2.0)) (== net472) (== netcoreapp3.1) (== netstandard2.0)
      DevExpress.WindowsDesktop.Printing.Core (20.2.3) - restriction: || (&& (== net461) (>= netstandard2.0)) (== net472) (== netcoreapp3.1) (== netstandard2.0)
      NETStandard.Library (>= 2.0.3) - restriction: || (&& (== net461) (>= netstandard2.0)) (== net472) (== netcoreapp3.1) (== netstandard2.0)
      System.Drawing.Common (>= 4.5) - restriction: || (&& (== net461) (>= netstandard2.0)) (== net472) (== netcoreapp3.1) (== netstandard2.0)
    DevExpress.WindowsDesktop.RichEdit.Export (20.2.3) - restriction: || (&& (== net461) (>= netcoreapp3.0)) (&& (== net472) (>= netcoreapp3.0)) (== netcoreapp3.1) (&& (== netstandard2.0) (>= netcoreapp3.0))
      DevExpress.WindowsDesktop.Data (20.2.3) - restriction: || (&& (== net461) (>= netstandard2.0)) (== net472) (== netcoreapp3.1) (== netstandard2.0)
      DevExpress.WindowsDesktop.Office.Core (20.2.3) - restriction: || (&& (== net461) (>= netstandard2.0)) (== net472) (== netcoreapp3.1) (== netstandard2.0)
      DevExpress.WindowsDesktop.Printing.Core (20.2.3) - restriction: || (&& (== net461) (>= netstandard2.0)) (== net472) (== netcoreapp3.1) (== netstandard2.0)
      DevExpress.WindowsDesktop.RichEdit.Core (20.2.3) - restriction: || (&& (== net461) (>= netstandard2.0)) (== net472) (== netcoreapp3.1) (== netstandard2.0)
      NETStandard.Library (>= 2.0.3) - restriction: || (&& (== net461) (>= netstandard2.0)) (== net472) (== netcoreapp3.1) (== netstandard2.0)
      System.Drawing.Common (>= 4.5) - restriction: || (&& (== net461) (>= netstandard2.0)) (== net472) (== netcoreapp3.1) (== netstandard2.0)
    DevExpress.WindowsDesktop.Scheduler.Core (20.2.3) - restriction: || (&& (== net461) (>= netcoreapp3.0)) (&& (== net472) (>= netcoreapp3.0)) (== netcoreapp3.1) (&& (== netstandard2.0) (>= netcoreapp3.0))
      DevExpress.WindowsDesktop.Data (20.2.3) - restriction: || (&& (== net461) (>= netstandard2.0)) (== net472) (== netcoreapp3.1) (== netstandard2.0)
      NETStandard.Library (>= 2.0.3) - restriction: || (&& (== net461) (>= netstandard2.0)) (== net472) (== netcoreapp3.1) (== netstandard2.0)
      System.Drawing.Common (>= 4.5) - restriction: || (&& (== net461) (>= netstandard2.0)) (== net472) (== netcoreapp3.1) (== netstandard2.0)
    DevExpress.WindowsDesktop.Scheduler.CoreDesktop (20.2.3) - restriction: || (&& (== net461) (>= netcoreapp3.0)) (&& (== net472) (>= netcoreapp3.0)) (== netcoreapp3.1) (&& (== netstandard2.0) (>= netcoreapp3.0))
      DevExpress.WindowsDesktop.Data (20.2.3) - restriction: || (&& (== net461) (>= netcoreapp3.0)) (&& (== net472) (>= netcoreapp3.0)) (== netcoreapp3.1) (&& (== netstandard2.0) (>= netcoreapp3.0))
      DevExpress.WindowsDesktop.DataDesktop (20.2.3) - restriction: || (&& (== net461) (>= netcoreapp3.0)) (&& (== net472) (>= netcoreapp3.0)) (== netcoreapp3.1) (&& (== netstandard2.0) (>= netcoreapp3.0))
      DevExpress.WindowsDesktop.Images (20.2.3) - restriction: || (&& (== net461) (>= netcoreapp3.0)) (&& (== net472) (>= netcoreapp3.0)) (== netcoreapp3.1) (&& (== netstandard2.0) (>= netcoreapp3.0))
      DevExpress.WindowsDesktop.Printing.Core (20.2.3) - restriction: || (&& (== net461) (>= netcoreapp3.0)) (&& (== net472) (>= netcoreapp3.0)) (== netcoreapp3.1) (&& (== netstandard2.0) (>= netcoreapp3.0))
      DevExpress.WindowsDesktop.Scheduler.Core (20.2.3) - restriction: || (&& (== net461) (>= netcoreapp3.0)) (&& (== net472) (>= netcoreapp3.0)) (== netcoreapp3.1) (&& (== netstandard2.0) (>= netcoreapp3.0))
    DevExpress.WindowsDesktop.Sparkline.Core (20.2.3) - restriction: || (&& (== net461) (>= netcoreapp3.0)) (&& (== net472) (>= netcoreapp3.0)) (== netcoreapp3.1) (&& (== netstandard2.0) (>= netcoreapp3.0))
      DevExpress.WindowsDesktop.Data (20.2.3) - restriction: || (&& (== net461) (>= netstandard2.0)) (== net472) (== netcoreapp3.1) (== netstandard2.0)
      NETStandard.Library (>= 2.0.3) - restriction: || (&& (== net461) (>= netstandard2.0)) (== net472) (== netcoreapp3.1) (== netstandard2.0)
      System.Drawing.Common (>= 4.5) - restriction: || (&& (== net461) (>= netstandard2.0)) (== net472) (== netcoreapp3.1) (== netstandard2.0)
    DevExpress.WindowsDesktop.SpellChecker.Core (20.2.3) - restriction: || (&& (== net461) (>= netcoreapp3.0)) (&& (== net472) (>= netcoreapp3.0)) (== netcoreapp3.1) (&& (== netstandard2.0) (>= netcoreapp3.0))
      DevExpress.WindowsDesktop.Data (20.2.3) - restriction: || (&& (== net461) (>= netcoreapp3.0)) (&& (== net472) (>= netcoreapp3.0)) (== netcoreapp3.1) (&& (== netstandard2.0) (>= netcoreapp3.0))
    DevExpress.WindowsDesktop.Spreadsheet.Core (20.2.3) - restriction: || (&& (== net461) (>= netcoreapp3.0)) (&& (== net472) (>= netcoreapp3.0)) (== netcoreapp3.1) (&& (== netstandard2.0) (>= netcoreapp3.0))
      DevExpress.WindowsDesktop.Data (20.2.3) - restriction: || (&& (== net461) (>= netstandard2.0)) (== net472) (== netcoreapp3.1) (== netstandard2.0)
      DevExpress.WindowsDesktop.DataAccess (20.2.3) - restriction: || (&& (== net461) (>= netstandard2.0)) (== net472) (== netcoreapp3.1) (== netstandard2.0)
      DevExpress.WindowsDesktop.DataVisualization.Core (20.2.3) - restriction: || (&& (== net461) (>= netstandard2.0)) (== net472) (== netcoreapp3.1) (== netstandard2.0)
      DevExpress.WindowsDesktop.Office.Core (20.2.3) - restriction: || (&& (== net461) (>= netstandard2.0)) (== net472) (== netcoreapp3.1) (== netstandard2.0)
      DevExpress.WindowsDesktop.Pdf.Core (20.2.3) - restriction: || (&& (== net461) (>= netstandard2.0)) (== net472) (== netcoreapp3.1) (== netstandard2.0)
      DevExpress.WindowsDesktop.Printing.Core (20.2.3) - restriction: || (&& (== net461) (>= netstandard2.0)) (== net472) (== netcoreapp3.1) (== netstandard2.0)
      DevExpress.WindowsDesktop.Sparkline.Core (20.2.3) - restriction: || (&& (== net461) (>= netstandard2.0)) (== net472) (== netcoreapp3.1) (== netstandard2.0)
      NETStandard.Library (>= 2.0.3) - restriction: || (&& (== net461) (>= netstandard2.0)) (== net472) (== netcoreapp3.1) (== netstandard2.0)
      System.Drawing.Common (>= 4.5) - restriction: || (&& (== net461) (>= netstandard2.0)) (== net472) (== netcoreapp3.1) (== netstandard2.0)
      System.Security.AccessControl (>= 4.5) - restriction: || (&& (== net461) (>= netstandard2.0)) (== net472) (== netcoreapp3.1) (== netstandard2.0)
    DevExpress.WindowsDesktop.TreeMap (20.2.3-ctp) - restriction: || (&& (== net461) (>= netcoreapp3.0)) (&& (== net472) (>= netcoreapp3.0)) (== netcoreapp3.1) (&& (== netstandard2.0) (>= netcoreapp3.0))
      DevExpress.WindowsDesktop.Data (20.2.3) - restriction: || (&& (== net461) (>= netstandard2.0)) (== net472) (== netcoreapp3.1) (== netstandard2.0)
      DevExpress.WindowsDesktop.DataVisualization.Core (20.2.3) - restriction: || (&& (== net461) (>= netstandard2.0)) (== net472) (== netcoreapp3.1) (== netstandard2.0)
      DevExpress.WindowsDesktop.Printing.Core (20.2.3) - restriction: || (&& (== net461) (>= netstandard2.0)) (== net472) (== netcoreapp3.1) (== netstandard2.0)
      DevExpress.WindowsDesktop.TreeMap.Core (20.2.3) - restriction: || (&& (== net461) (>= netstandard2.0)) (== net472) (== netcoreapp3.1) (== netstandard2.0)
      NETStandard.Library (>= 2.0.3) - restriction: || (&& (== net461) (>= netstandard2.0)) (== net472) (== netcoreapp3.1) (== netstandard2.0)
      System.Drawing.Common (>= 4.5) - restriction: || (&& (== net461) (>= netstandard2.0)) (== net472) (== netcoreapp3.1) (== netstandard2.0)
    DevExpress.WindowsDesktop.TreeMap.Core (20.2.3) - restriction: || (&& (== net461) (>= netcoreapp3.0)) (&& (== net472) (>= netcoreapp3.0)) (== netcoreapp3.1) (&& (== netstandard2.0) (>= netcoreapp3.0))
      DevExpress.WindowsDesktop.Data (20.2.3) - restriction: || (&& (== net461) (>= netstandard2.0)) (== net472) (== netcoreapp3.1) (== netstandard2.0)
      NETStandard.Library (>= 2.0.3) - restriction: || (&& (== net461) (>= netstandard2.0)) (== net472) (== netcoreapp3.1) (== netstandard2.0)
    DevExpress.WindowsDesktop.Win.Bars (20.2.3-ctp) - restriction: || (&& (== net461) (>= netcoreapp3.0)) (&& (== net472) (>= netcoreapp3.0)) (== netcoreapp3.1) (&& (== netstandard2.0) (>= netcoreapp3.0))
      DevExpress.WindowsDesktop.Data (20.2.3) - restriction: || (&& (== net461) (>= netcoreapp3.0)) (&& (== net472) (>= netcoreapp3.0)) (== netcoreapp3.1) (&& (== netstandard2.0) (>= netcoreapp3.0))
      DevExpress.WindowsDesktop.DataDesktop (20.2.3) - restriction: || (&& (== net461) (>= netcoreapp3.0)) (&& (== net472) (>= netcoreapp3.0)) (== netcoreapp3.1) (&& (== netstandard2.0) (>= netcoreapp3.0))
      DevExpress.WindowsDesktop.Win.Editors (20.2.3-ctp) - restriction: || (&& (== net461) (>= netcoreapp3.0)) (&& (== net472) (>= netcoreapp3.0)) (== netcoreapp3.1) (&& (== netstandard2.0) (>= netcoreapp3.0))
      DevExpress.WindowsDesktop.Win.Utils (20.2.3-ctp) - restriction: || (&& (== net461) (>= netcoreapp3.0)) (&& (== net472) (>= netcoreapp3.0)) (== netcoreapp3.1) (&& (== netstandard2.0) (>= netcoreapp3.0))
    DevExpress.WindowsDesktop.Win.Charts (20.2.3-ctp) - restriction: || (&& (== net461) (>= netcoreapp3.0)) (&& (== net472) (>= netcoreapp3.0)) (== netcoreapp3.1) (&& (== netstandard2.0) (>= netcoreapp3.0))
      DevExpress.WindowsDesktop.Charts (20.2.3) - restriction: || (&& (== net461) (>= netcoreapp3.0)) (&& (== net472) (>= netcoreapp3.0)) (== netcoreapp3.1) (&& (== netstandard2.0) (>= netcoreapp3.0))
      DevExpress.WindowsDesktop.Charts.Core (20.2.3) - restriction: || (&& (== net461) (>= netcoreapp3.0)) (&& (== net472) (>= netcoreapp3.0)) (== netcoreapp3.1) (&& (== netstandard2.0) (>= netcoreapp3.0))
      DevExpress.WindowsDesktop.Data (20.2.3) - restriction: || (&& (== net461) (>= netcoreapp3.0)) (&& (== net472) (>= netcoreapp3.0)) (== netcoreapp3.1) (&& (== netstandard2.0) (>= netcoreapp3.0))
      DevExpress.WindowsDesktop.DataDesktop (20.2.3) - restriction: || (&& (== net461) (>= netcoreapp3.0)) (&& (== net472) (>= netcoreapp3.0)) (== netcoreapp3.1) (&& (== netstandard2.0) (>= netcoreapp3.0))
      DevExpress.WindowsDesktop.Printing.Core (20.2.3) - restriction: || (&& (== net461) (>= netcoreapp3.0)) (&& (== net472) (>= netcoreapp3.0)) (== netcoreapp3.1) (&& (== netstandard2.0) (>= netcoreapp3.0))
      DevExpress.WindowsDesktop.Win.Bars (20.2.3-ctp) - restriction: || (&& (== net461) (>= netcoreapp3.0)) (&& (== net472) (>= netcoreapp3.0)) (== netcoreapp3.1) (&& (== netstandard2.0) (>= netcoreapp3.0))
      DevExpress.WindowsDesktop.Win.DataAccess.UI (20.2.3-ctp) - restriction: || (&& (== net461) (>= netcoreapp3.0)) (&& (== net472) (>= netcoreapp3.0)) (== netcoreapp3.1) (&& (== netstandard2.0) (>= netcoreapp3.0))
      DevExpress.WindowsDesktop.Win.Editors (20.2.3-ctp) - restriction: || (&& (== net461) (>= netcoreapp3.0)) (&& (== net472) (>= netcoreapp3.0)) (== netcoreapp3.1) (&& (== netstandard2.0) (>= netcoreapp3.0))
      DevExpress.WindowsDesktop.Win.Grid (20.2.3-ctp) - restriction: || (&& (== net461) (>= netcoreapp3.0)) (&& (== net472) (>= netcoreapp3.0)) (== netcoreapp3.1) (&& (== netstandard2.0) (>= netcoreapp3.0))
      DevExpress.WindowsDesktop.Win.Layout (20.2.3-ctp) - restriction: || (&& (== net461) (>= netcoreapp3.0)) (&& (== net472) (>= netcoreapp3.0)) (== netcoreapp3.1) (&& (== netstandard2.0) (>= netcoreapp3.0))
      DevExpress.WindowsDesktop.Win.NavBar (20.2.3-ctp) - restriction: || (&& (== net461) (>= netcoreapp3.0)) (&& (== net472) (>= netcoreapp3.0)) (== netcoreapp3.1) (&& (== netstandard2.0) (>= netcoreapp3.0))
      DevExpress.WindowsDesktop.Win.Printing (20.2.3-ctp) - restriction: || (&& (== net461) (>= netcoreapp3.0)) (&& (== net472) (>= netcoreapp3.0)) (== netcoreapp3.1) (&& (== netstandard2.0) (>= netcoreapp3.0))
      DevExpress.WindowsDesktop.Win.TreeList (20.2.3-ctp) - restriction: || (&& (== net461) (>= netcoreapp3.0)) (&& (== net472) (>= netcoreapp3.0)) (== netcoreapp3.1) (&& (== netstandard2.0) (>= netcoreapp3.0))
      DevExpress.WindowsDesktop.Win.Utils (20.2.3-ctp) - restriction: || (&& (== net461) (>= netcoreapp3.0)) (&& (== net472) (>= netcoreapp3.0)) (== netcoreapp3.1) (&& (== netstandard2.0) (>= netcoreapp3.0))
      DevExpress.WindowsDesktop.Win.Utils.UI (20.2.3-ctp) - restriction: || (&& (== net461) (>= netcoreapp3.0)) (&& (== net472) (>= netcoreapp3.0)) (== netcoreapp3.1) (&& (== netstandard2.0) (>= netcoreapp3.0))
      DevExpress.WindowsDesktop.Win.VerticalGrid (20.2.3-ctp) - restriction: || (&& (== net461) (>= netcoreapp3.0)) (&& (== net472) (>= netcoreapp3.0)) (== netcoreapp3.1) (&& (== netstandard2.0) (>= netcoreapp3.0))
    DevExpress.WindowsDesktop.Win.Dashboard (20.2.3) - restriction: || (&& (== net461) (>= netcoreapp3.0)) (&& (== net472) (>= netcoreapp3.0)) (== netcoreapp3.1) (&& (== netstandard2.0) (>= netcoreapp3.0))
      DevExpress.WindowsDesktop.Charts (20.2.3) - restriction: || (&& (== net461) (>= netcoreapp3.0)) (&& (== net472) (>= netcoreapp3.0)) (== netcoreapp3.1) (&& (== netstandard2.0) (>= netcoreapp3.0))
      DevExpress.WindowsDesktop.Charts.Core (20.2.3) - restriction: || (&& (== net461) (>= netcoreapp3.0)) (&& (== net472) (>= netcoreapp3.0)) (== netcoreapp3.1) (&& (== netstandard2.0) (>= netcoreapp3.0))
      DevExpress.WindowsDesktop.Dashboard.Core (20.2.3) - restriction: || (&& (== net461) (>= netcoreapp3.0)) (&& (== net472) (>= netcoreapp3.0)) (== netcoreapp3.1) (&& (== netstandard2.0) (>= netcoreapp3.0))
      DevExpress.WindowsDesktop.Data (20.2.3) - restriction: || (&& (== net461) (>= netcoreapp3.0)) (&& (== net472) (>= netcoreapp3.0)) (== netcoreapp3.1) (&& (== netstandard2.0) (>= netcoreapp3.0))
      DevExpress.WindowsDesktop.DataAccess (20.2.3) - restriction: || (&& (== net461) (>= netcoreapp3.0)) (&& (== net472) (>= netcoreapp3.0)) (== netcoreapp3.1) (&& (== netstandard2.0) (>= netcoreapp3.0))
      DevExpress.WindowsDesktop.DataDesktop (20.2.3) - restriction: || (&& (== net461) (>= netcoreapp3.0)) (&& (== net472) (>= netcoreapp3.0)) (== netcoreapp3.1) (&& (== netstandard2.0) (>= netcoreapp3.0))
      DevExpress.WindowsDesktop.Gauges.Core (20.2.3) - restriction: || (&& (== net461) (>= netcoreapp3.0)) (&& (== net472) (>= netcoreapp3.0)) (== netcoreapp3.1) (&& (== netstandard2.0) (>= netcoreapp3.0))
      DevExpress.WindowsDesktop.Map.Core (20.2.3) - restriction: || (&& (== net461) (>= netcoreapp3.0)) (&& (== net472) (>= netcoreapp3.0)) (== netcoreapp3.1) (&& (== netstandard2.0) (>= netcoreapp3.0))
      DevExpress.WindowsDesktop.Office.Core (20.2.3) - restriction: || (&& (== net461) (>= netcoreapp3.0)) (&& (== net472) (>= netcoreapp3.0)) (== netcoreapp3.1) (&& (== netstandard2.0) (>= netcoreapp3.0))
      DevExpress.WindowsDesktop.PivotGrid.Core (20.2.3) - restriction: || (&& (== net461) (>= netcoreapp3.0)) (&& (== net472) (>= netcoreapp3.0)) (== netcoreapp3.1) (&& (== netstandard2.0) (>= netcoreapp3.0))
      DevExpress.WindowsDesktop.Printing.Core (20.2.3) - restriction: || (&& (== net461) (>= netcoreapp3.0)) (&& (== net472) (>= netcoreapp3.0)) (== netcoreapp3.1) (&& (== netstandard2.0) (>= netcoreapp3.0))
      DevExpress.WindowsDesktop.Reporting.Core (20.2.3) - restriction: || (&& (== net461) (>= netcoreapp3.0)) (&& (== net472) (>= netcoreapp3.0)) (== netcoreapp3.1) (&& (== netstandard2.0) (>= netcoreapp3.0))
      DevExpress.WindowsDesktop.RichEdit.Core (20.2.3) - restriction: || (&& (== net461) (>= netcoreapp3.0)) (&& (== net472) (>= netcoreapp3.0)) (== netcoreapp3.1) (&& (== netstandard2.0) (>= netcoreapp3.0))
      DevExpress.WindowsDesktop.Sparkline.Core (20.2.3) - restriction: || (&& (== net461) (>= netcoreapp3.0)) (&& (== net472) (>= netcoreapp3.0)) (== netcoreapp3.1) (&& (== netstandard2.0) (>= netcoreapp3.0))
      DevExpress.WindowsDesktop.TreeMap (20.2.3-ctp) - restriction: || (&& (== net461) (>= netcoreapp3.0)) (&& (== net472) (>= netcoreapp3.0)) (== netcoreapp3.1) (&& (== netstandard2.0) (>= netcoreapp3.0))
      DevExpress.WindowsDesktop.TreeMap.Core (20.2.3) - restriction: || (&& (== net461) (>= netcoreapp3.0)) (&& (== net472) (>= netcoreapp3.0)) (== netcoreapp3.1) (&& (== netstandard2.0) (>= netcoreapp3.0))
      DevExpress.WindowsDesktop.Win.Bars (20.2.3-ctp) - restriction: || (&& (== net461) (>= netcoreapp3.0)) (&& (== net472) (>= netcoreapp3.0)) (== netcoreapp3.1) (&& (== netstandard2.0) (>= netcoreapp3.0))
      DevExpress.WindowsDesktop.Win.Charts (20.2.3-ctp) - restriction: || (&& (== net461) (>= netcoreapp3.0)) (&& (== net472) (>= netcoreapp3.0)) (== netcoreapp3.1) (&& (== netstandard2.0) (>= netcoreapp3.0))
      DevExpress.WindowsDesktop.Win.DataAccess.UI (20.2.3-ctp) - restriction: || (&& (== net461) (>= netcoreapp3.0)) (&& (== net472) (>= netcoreapp3.0)) (== netcoreapp3.1) (&& (== netstandard2.0) (>= netcoreapp3.0))
      DevExpress.WindowsDesktop.Win.Editors (20.2.3-ctp) - restriction: || (&& (== net461) (>= netcoreapp3.0)) (&& (== net472) (>= netcoreapp3.0)) (== netcoreapp3.1) (&& (== netstandard2.0) (>= netcoreapp3.0))
      DevExpress.WindowsDesktop.Win.Gauges (20.2.3-ctp) - restriction: || (&& (== net461) (>= netcoreapp3.0)) (&& (== net472) (>= netcoreapp3.0)) (== netcoreapp3.1) (&& (== netstandard2.0) (>= netcoreapp3.0))
      DevExpress.WindowsDesktop.Win.Grid (20.2.3-ctp) - restriction: || (&& (== net461) (>= netcoreapp3.0)) (&& (== net472) (>= netcoreapp3.0)) (== netcoreapp3.1) (&& (== netstandard2.0) (>= netcoreapp3.0))
      DevExpress.WindowsDesktop.Win.Layout (20.2.3-ctp) - restriction: || (&& (== net461) (>= netcoreapp3.0)) (&& (== net472) (>= netcoreapp3.0)) (== netcoreapp3.1) (&& (== netstandard2.0) (>= netcoreapp3.0))
      DevExpress.WindowsDesktop.Win.Map (20.2.3-ctp) - restriction: || (&& (== net461) (>= netcoreapp3.0)) (&& (== net472) (>= netcoreapp3.0)) (== netcoreapp3.1) (&& (== netstandard2.0) (>= netcoreapp3.0))
      DevExpress.WindowsDesktop.Win.PivotGrid (20.2.3-ctp) - restriction: || (&& (== net461) (>= netcoreapp3.0)) (&& (== net472) (>= netcoreapp3.0)) (== netcoreapp3.1) (&& (== netstandard2.0) (>= netcoreapp3.0))
      DevExpress.WindowsDesktop.Win.Printing (20.2.3-ctp) - restriction: || (&& (== net461) (>= netcoreapp3.0)) (&& (== net472) (>= netcoreapp3.0)) (== netcoreapp3.1) (&& (== netstandard2.0) (>= netcoreapp3.0))
      DevExpress.WindowsDesktop.Win.RichEdit (20.2.3-ctp) - restriction: || (&& (== net461) (>= netcoreapp3.0)) (&& (== net472) (>= netcoreapp3.0)) (== netcoreapp3.1) (&& (== netstandard2.0) (>= netcoreapp3.0))
      DevExpress.WindowsDesktop.Win.TreeList (20.2.3-ctp) - restriction: || (&& (== net461) (>= netcoreapp3.0)) (&& (== net472) (>= netcoreapp3.0)) (== netcoreapp3.1) (&& (== netstandard2.0) (>= netcoreapp3.0))
      DevExpress.WindowsDesktop.Win.TreeMap (20.2.3-ctp) - restriction: || (&& (== net461) (>= netcoreapp3.0)) (&& (== net472) (>= netcoreapp3.0)) (== netcoreapp3.1) (&& (== netstandard2.0) (>= netcoreapp3.0))
      DevExpress.WindowsDesktop.Win.Utils (20.2.3-ctp) - restriction: || (&& (== net461) (>= netcoreapp3.0)) (&& (== net472) (>= netcoreapp3.0)) (== netcoreapp3.1) (&& (== netstandard2.0) (>= netcoreapp3.0))
      DevExpress.WindowsDesktop.Win.Utils.UI (20.2.3-ctp) - restriction: || (&& (== net461) (>= netcoreapp3.0)) (&& (== net472) (>= netcoreapp3.0)) (== netcoreapp3.1) (&& (== netstandard2.0) (>= netcoreapp3.0))
      DevExpress.WindowsDesktop.Xpo (20.2.3) - restriction: || (&& (== net461) (>= netcoreapp3.0)) (&& (== net472) (>= netcoreapp3.0)) (== netcoreapp3.1) (&& (== netstandard2.0) (>= netcoreapp3.0))
    DevExpress.WindowsDesktop.Win.DataAccess.UI (20.2.3-ctp) - restriction: || (&& (== net461) (>= netcoreapp3.0)) (&& (== net472) (>= netcoreapp3.0)) (== netcoreapp3.1) (&& (== netstandard2.0) (>= netcoreapp3.0))
      DevExpress.WindowsDesktop.CodeParser (20.2.3) - restriction: || (&& (== net461) (>= netcoreapp3.0)) (&& (== net472) (>= netcoreapp3.0)) (== netcoreapp3.1) (&& (== netstandard2.0) (>= netcoreapp3.0))
      DevExpress.WindowsDesktop.Data (20.2.3) - restriction: || (&& (== net461) (>= netcoreapp3.0)) (&& (== net472) (>= netcoreapp3.0)) (== netcoreapp3.1) (&& (== netstandard2.0) (>= netcoreapp3.0))
      DevExpress.WindowsDesktop.DataAccess (20.2.3) - restriction: || (&& (== net461) (>= netcoreapp3.0)) (&& (== net472) (>= netcoreapp3.0)) (== netcoreapp3.1) (&& (== netstandard2.0) (>= netcoreapp3.0))
      DevExpress.WindowsDesktop.DataDesktop (20.2.3) - restriction: || (&& (== net461) (>= netcoreapp3.0)) (&& (== net472) (>= netcoreapp3.0)) (== netcoreapp3.1) (&& (== netstandard2.0) (>= netcoreapp3.0))
      DevExpress.WindowsDesktop.Diagram.Core (20.2.3) - restriction: || (&& (== net461) (>= netcoreapp3.0)) (&& (== net472) (>= netcoreapp3.0)) (== netcoreapp3.1) (&& (== netstandard2.0) (>= netcoreapp3.0))
      DevExpress.WindowsDesktop.Printing.Core (20.2.3) - restriction: || (&& (== net461) (>= netcoreapp3.0)) (&& (== net472) (>= netcoreapp3.0)) (== netcoreapp3.1) (&& (== netstandard2.0) (>= netcoreapp3.0))
      DevExpress.WindowsDesktop.RichEdit.Core (20.2.3) - restriction: || (&& (== net461) (>= netcoreapp3.0)) (&& (== net472) (>= netcoreapp3.0)) (== netcoreapp3.1) (&& (== netstandard2.0) (>= netcoreapp3.0))
      DevExpress.WindowsDesktop.Win.Bars (20.2.3-ctp) - restriction: || (&& (== net461) (>= netcoreapp3.0)) (&& (== net472) (>= netcoreapp3.0)) (== netcoreapp3.1) (&& (== netstandard2.0) (>= netcoreapp3.0))
      DevExpress.WindowsDesktop.Win.Diagram (20.2.3-ctp) - restriction: || (&& (== net461) (>= netcoreapp3.0)) (&& (== net472) (>= netcoreapp3.0)) (== netcoreapp3.1) (&& (== netstandard2.0) (>= netcoreapp3.0))
      DevExpress.WindowsDesktop.Win.Editors (20.2.3-ctp) - restriction: || (&& (== net461) (>= netcoreapp3.0)) (&& (== net472) (>= netcoreapp3.0)) (== netcoreapp3.1) (&& (== netstandard2.0) (>= netcoreapp3.0))
      DevExpress.WindowsDesktop.Win.Grid (20.2.3-ctp) - restriction: || (&& (== net461) (>= netcoreapp3.0)) (&& (== net472) (>= netcoreapp3.0)) (== netcoreapp3.1) (&& (== netstandard2.0) (>= netcoreapp3.0))
      DevExpress.WindowsDesktop.Win.Layout (20.2.3-ctp) - restriction: || (&& (== net461) (>= netcoreapp3.0)) (&& (== net472) (>= netcoreapp3.0)) (== netcoreapp3.1) (&& (== netstandard2.0) (>= netcoreapp3.0))
      DevExpress.WindowsDesktop.Win.Printing (20.2.3-ctp) - restriction: || (&& (== net461) (>= netcoreapp3.0)) (&& (== net472) (>= netcoreapp3.0)) (== netcoreapp3.1) (&& (== netstandard2.0) (>= netcoreapp3.0))
      DevExpress.WindowsDesktop.Win.RichEdit (20.2.3-ctp) - restriction: || (&& (== net461) (>= netcoreapp3.0)) (&& (== net472) (>= netcoreapp3.0)) (== netcoreapp3.1) (&& (== netstandard2.0) (>= netcoreapp3.0))
      DevExpress.WindowsDesktop.Win.TreeList (20.2.3-ctp) - restriction: || (&& (== net461) (>= netcoreapp3.0)) (&& (== net472) (>= netcoreapp3.0)) (== netcoreapp3.1) (&& (== netstandard2.0) (>= netcoreapp3.0))
      DevExpress.WindowsDesktop.Win.Utils (20.2.3-ctp) - restriction: || (&& (== net461) (>= netcoreapp3.0)) (&& (== net472) (>= netcoreapp3.0)) (== netcoreapp3.1) (&& (== netstandard2.0) (>= netcoreapp3.0))
      DevExpress.WindowsDesktop.Win.Utils.UI (20.2.3-ctp) - restriction: || (&& (== net461) (>= netcoreapp3.0)) (&& (== net472) (>= netcoreapp3.0)) (== netcoreapp3.1) (&& (== netstandard2.0) (>= netcoreapp3.0))
      DevExpress.WindowsDesktop.Xpo (20.2.3) - restriction: || (&& (== net461) (>= netcoreapp3.0)) (&& (== net472) (>= netcoreapp3.0)) (== netcoreapp3.1) (&& (== netstandard2.0) (>= netcoreapp3.0))
      System.Data.SqlClient (>= 4.6) - restriction: || (&& (== net461) (>= netcoreapp3.0)) (&& (== net472) (>= netcoreapp3.0)) (== netcoreapp3.1) (&& (== netstandard2.0) (>= netcoreapp3.0))
    DevExpress.WindowsDesktop.Win.Diagram (20.2.3-ctp) - restriction: || (&& (== net461) (>= netcoreapp3.0)) (&& (== net472) (>= netcoreapp3.0)) (== netcoreapp3.1) (&& (== netstandard2.0) (>= netcoreapp3.0))
      DevExpress.WindowsDesktop.Data (20.2.3) - restriction: || (&& (== net461) (>= netcoreapp3.0)) (&& (== net472) (>= netcoreapp3.0)) (== netcoreapp3.1) (&& (== netstandard2.0) (>= netcoreapp3.0))
      DevExpress.WindowsDesktop.DataDesktop (20.2.3) - restriction: || (&& (== net461) (>= netcoreapp3.0)) (&& (== net472) (>= netcoreapp3.0)) (== netcoreapp3.1) (&& (== netstandard2.0) (>= netcoreapp3.0))
      DevExpress.WindowsDesktop.Diagram.Core (20.2.3) - restriction: || (&& (== net461) (>= netcoreapp3.0)) (&& (== net472) (>= netcoreapp3.0)) (== netcoreapp3.1) (&& (== netstandard2.0) (>= netcoreapp3.0))
      DevExpress.WindowsDesktop.Office.Core (20.2.3) - restriction: || (&& (== net461) (>= netcoreapp3.0)) (&& (== net472) (>= netcoreapp3.0)) (== netcoreapp3.1) (&& (== netstandard2.0) (>= netcoreapp3.0))
      DevExpress.WindowsDesktop.Pdf.Core (20.2.3) - restriction: || (&& (== net461) (>= netcoreapp3.0)) (&& (== net472) (>= netcoreapp3.0)) (== netcoreapp3.1) (&& (== netstandard2.0) (>= netcoreapp3.0))
      DevExpress.WindowsDesktop.Printing.Core (20.2.3) - restriction: || (&& (== net461) (>= netcoreapp3.0)) (&& (== net472) (>= netcoreapp3.0)) (== netcoreapp3.1) (&& (== netstandard2.0) (>= netcoreapp3.0))
      DevExpress.WindowsDesktop.Win.Bars (20.2.3-ctp) - restriction: || (&& (== net461) (>= netcoreapp3.0)) (&& (== net472) (>= netcoreapp3.0)) (== netcoreapp3.1) (&& (== netstandard2.0) (>= netcoreapp3.0))
      DevExpress.WindowsDesktop.Win.Editors (20.2.3-ctp) - restriction: || (&& (== net461) (>= netcoreapp3.0)) (&& (== net472) (>= netcoreapp3.0)) (== netcoreapp3.1) (&& (== netstandard2.0) (>= netcoreapp3.0))
      DevExpress.WindowsDesktop.Win.Printing (20.2.3-ctp) - restriction: || (&& (== net461) (>= netcoreapp3.0)) (&& (== net472) (>= netcoreapp3.0)) (== netcoreapp3.1) (&& (== netstandard2.0) (>= netcoreapp3.0))
      DevExpress.WindowsDesktop.Win.Utils (20.2.3-ctp) - restriction: || (&& (== net461) (>= netcoreapp3.0)) (&& (== net472) (>= netcoreapp3.0)) (== netcoreapp3.1) (&& (== netstandard2.0) (>= netcoreapp3.0))
      DevExpress.WindowsDesktop.Win.VerticalGrid (20.2.3-ctp) - restriction: || (&& (== net461) (>= netcoreapp3.0)) (&& (== net472) (>= netcoreapp3.0)) (== netcoreapp3.1) (&& (== netstandard2.0) (>= netcoreapp3.0))
    DevExpress.WindowsDesktop.Win.Editors (20.2.3-ctp) - restriction: || (&& (== net461) (>= netcoreapp3.0)) (&& (== net472) (>= netcoreapp3.0)) (== netcoreapp3.1) (&& (== netstandard2.0) (>= netcoreapp3.0))
      DevExpress.WindowsDesktop.Data (20.2.3) - restriction: || (&& (== net461) (>= netcoreapp3.0)) (&& (== net472) (>= netcoreapp3.0)) (== netcoreapp3.1) (&& (== netstandard2.0) (>= netcoreapp3.0))
      DevExpress.WindowsDesktop.DataDesktop (20.2.3) - restriction: || (&& (== net461) (>= netcoreapp3.0)) (&& (== net472) (>= netcoreapp3.0)) (== netcoreapp3.1) (&& (== netstandard2.0) (>= netcoreapp3.0))
      DevExpress.WindowsDesktop.Printing.Core (20.2.3) - restriction: || (&& (== net461) (>= netcoreapp3.0)) (&& (== net472) (>= netcoreapp3.0)) (== netcoreapp3.1) (&& (== netstandard2.0) (>= netcoreapp3.0))
      DevExpress.WindowsDesktop.Sparkline.Core (20.2.3) - restriction: || (&& (== net461) (>= netcoreapp3.0)) (&& (== net472) (>= netcoreapp3.0)) (== netcoreapp3.1) (&& (== netstandard2.0) (>= netcoreapp3.0))
      DevExpress.WindowsDesktop.Win.Utils (20.2.3-ctp) - restriction: || (&& (== net461) (>= netcoreapp3.0)) (&& (== net472) (>= netcoreapp3.0)) (== netcoreapp3.1) (&& (== netstandard2.0) (>= netcoreapp3.0))
    DevExpress.WindowsDesktop.Win.Gauges (20.2.3-ctp) - restriction: || (&& (== net461) (>= netcoreapp3.0)) (&& (== net472) (>= netcoreapp3.0)) (== netcoreapp3.1) (&& (== netstandard2.0) (>= netcoreapp3.0))
      DevExpress.WindowsDesktop.Data (20.2.3) - restriction: || (&& (== net461) (>= netcoreapp3.0)) (&& (== net472) (>= netcoreapp3.0)) (== netcoreapp3.1) (&& (== netstandard2.0) (>= netcoreapp3.0))
      DevExpress.WindowsDesktop.DataDesktop (20.2.3) - restriction: || (&& (== net461) (>= netcoreapp3.0)) (&& (== net472) (>= netcoreapp3.0)) (== netcoreapp3.1) (&& (== netstandard2.0) (>= netcoreapp3.0))
      DevExpress.WindowsDesktop.Gauges.Core (20.2.3) - restriction: || (&& (== net461) (>= netcoreapp3.0)) (&& (== net472) (>= netcoreapp3.0)) (== netcoreapp3.1) (&& (== netstandard2.0) (>= netcoreapp3.0))
      DevExpress.WindowsDesktop.Printing.Core (20.2.3) - restriction: || (&& (== net461) (>= netcoreapp3.0)) (&& (== net472) (>= netcoreapp3.0)) (== netcoreapp3.1) (&& (== netstandard2.0) (>= netcoreapp3.0))
      DevExpress.WindowsDesktop.Win.Editors (20.2.3-ctp) - restriction: || (&& (== net461) (>= netcoreapp3.0)) (&& (== net472) (>= netcoreapp3.0)) (== netcoreapp3.1) (&& (== netstandard2.0) (>= netcoreapp3.0))
      DevExpress.WindowsDesktop.Win.Layout (20.2.3-ctp) - restriction: || (&& (== net461) (>= netcoreapp3.0)) (&& (== net472) (>= netcoreapp3.0)) (== netcoreapp3.1) (&& (== netstandard2.0) (>= netcoreapp3.0))
      DevExpress.WindowsDesktop.Win.Printing (20.2.3-ctp) - restriction: || (&& (== net461) (>= netcoreapp3.0)) (&& (== net472) (>= netcoreapp3.0)) (== netcoreapp3.1) (&& (== netstandard2.0) (>= netcoreapp3.0))
      DevExpress.WindowsDesktop.Win.Utils (20.2.3-ctp) - restriction: || (&& (== net461) (>= netcoreapp3.0)) (&& (== net472) (>= netcoreapp3.0)) (== netcoreapp3.1) (&& (== netstandard2.0) (>= netcoreapp3.0))
    DevExpress.WindowsDesktop.Win.Grid (20.2.3-ctp) - restriction: || (&& (== net461) (>= netcoreapp3.0)) (&& (== net472) (>= netcoreapp3.0)) (== netcoreapp3.1) (&& (== netstandard2.0) (>= netcoreapp3.0))
      DevExpress.WindowsDesktop.Data (20.2.3) - restriction: || (&& (== net461) (>= netcoreapp3.0)) (&& (== net472) (>= netcoreapp3.0)) (== netcoreapp3.1) (&& (== netstandard2.0) (>= netcoreapp3.0))
      DevExpress.WindowsDesktop.DataDesktop (20.2.3) - restriction: || (&& (== net461) (>= netcoreapp3.0)) (&& (== net472) (>= netcoreapp3.0)) (== netcoreapp3.1) (&& (== netstandard2.0) (>= netcoreapp3.0))
      DevExpress.WindowsDesktop.Printing.Core (20.2.3) - restriction: || (&& (== net461) (>= netcoreapp3.0)) (&& (== net472) (>= netcoreapp3.0)) (== netcoreapp3.1) (&& (== netstandard2.0) (>= netcoreapp3.0))
      DevExpress.WindowsDesktop.Win.Editors (20.2.3-ctp) - restriction: || (&& (== net461) (>= netcoreapp3.0)) (&& (== net472) (>= netcoreapp3.0)) (== netcoreapp3.1) (&& (== netstandard2.0) (>= netcoreapp3.0))
      DevExpress.WindowsDesktop.Win.Layout (20.2.3-ctp) - restriction: || (&& (== net461) (>= netcoreapp3.0)) (&& (== net472) (>= netcoreapp3.0)) (== netcoreapp3.1) (&& (== netstandard2.0) (>= netcoreapp3.0))
      DevExpress.WindowsDesktop.Win.Printing (20.2.3-ctp) - restriction: || (&& (== net461) (>= netcoreapp3.0)) (&& (== net472) (>= netcoreapp3.0)) (== netcoreapp3.1) (&& (== netstandard2.0) (>= netcoreapp3.0))
      DevExpress.WindowsDesktop.Win.Utils (20.2.3-ctp) - restriction: || (&& (== net461) (>= netcoreapp3.0)) (&& (== net472) (>= netcoreapp3.0)) (== netcoreapp3.1) (&& (== netstandard2.0) (>= netcoreapp3.0))
    DevExpress.WindowsDesktop.Win.Layout (20.2.3-ctp) - restriction: || (&& (== net461) (>= netcoreapp3.0)) (&& (== net472) (>= netcoreapp3.0)) (== netcoreapp3.1) (&& (== netstandard2.0) (>= netcoreapp3.0))
      DevExpress.WindowsDesktop.Data (20.2.3) - restriction: || (&& (== net461) (>= netcoreapp3.0)) (&& (== net472) (>= netcoreapp3.0)) (== netcoreapp3.1) (&& (== netstandard2.0) (>= netcoreapp3.0))
      DevExpress.WindowsDesktop.DataDesktop (20.2.3) - restriction: || (&& (== net461) (>= netcoreapp3.0)) (&& (== net472) (>= netcoreapp3.0)) (== netcoreapp3.1) (&& (== netstandard2.0) (>= netcoreapp3.0))
      DevExpress.WindowsDesktop.Printing.Core (20.2.3) - restriction: || (&& (== net461) (>= netcoreapp3.0)) (&& (== net472) (>= netcoreapp3.0)) (== netcoreapp3.1) (&& (== netstandard2.0) (>= netcoreapp3.0))
      DevExpress.WindowsDesktop.Win.Editors (20.2.3-ctp) - restriction: || (&& (== net461) (>= netcoreapp3.0)) (&& (== net472) (>= netcoreapp3.0)) (== netcoreapp3.1) (&& (== netstandard2.0) (>= netcoreapp3.0))
      DevExpress.WindowsDesktop.Win.Utils (20.2.3-ctp) - restriction: || (&& (== net461) (>= netcoreapp3.0)) (&& (== net472) (>= netcoreapp3.0)) (== netcoreapp3.1) (&& (== netstandard2.0) (>= netcoreapp3.0))
    DevExpress.WindowsDesktop.Win.Map (20.2.3-ctp) - restriction: || (&& (== net461) (>= netcoreapp3.0)) (&& (== net472) (>= netcoreapp3.0)) (== netcoreapp3.1) (&& (== netstandard2.0) (>= netcoreapp3.0))
      DevExpress.WindowsDesktop.Data (20.2.3) - restriction: || (&& (== net461) (>= netcoreapp3.0)) (&& (== net472) (>= netcoreapp3.0)) (== netcoreapp3.1) (&& (== netstandard2.0) (>= netcoreapp3.0))
      DevExpress.WindowsDesktop.DataDesktop (20.2.3) - restriction: || (&& (== net461) (>= netcoreapp3.0)) (&& (== net472) (>= netcoreapp3.0)) (== netcoreapp3.1) (&& (== netstandard2.0) (>= netcoreapp3.0))
      DevExpress.WindowsDesktop.Map.Core (20.2.3) - restriction: || (&& (== net461) (>= netcoreapp3.0)) (&& (== net472) (>= netcoreapp3.0)) (== netcoreapp3.1) (&& (== netstandard2.0) (>= netcoreapp3.0))
      DevExpress.WindowsDesktop.Printing.Core (20.2.3) - restriction: || (&& (== net461) (>= netcoreapp3.0)) (&& (== net472) (>= netcoreapp3.0)) (== netcoreapp3.1) (&& (== netstandard2.0) (>= netcoreapp3.0))
      DevExpress.WindowsDesktop.Win.Editors (20.2.3-ctp) - restriction: || (&& (== net461) (>= netcoreapp3.0)) (&& (== net472) (>= netcoreapp3.0)) (== netcoreapp3.1) (&& (== netstandard2.0) (>= netcoreapp3.0))
      DevExpress.WindowsDesktop.Win.Printing (20.2.3-ctp) - restriction: || (&& (== net461) (>= netcoreapp3.0)) (&& (== net472) (>= netcoreapp3.0)) (== netcoreapp3.1) (&& (== netstandard2.0) (>= netcoreapp3.0))
      DevExpress.WindowsDesktop.Win.Utils (20.2.3-ctp) - restriction: || (&& (== net461) (>= netcoreapp3.0)) (&& (== net472) (>= netcoreapp3.0)) (== netcoreapp3.1) (&& (== netstandard2.0) (>= netcoreapp3.0))
      System.Data.SqlClient (>= 4.6) - restriction: || (&& (== net461) (>= netcoreapp3.0)) (&& (== net472) (>= netcoreapp3.0)) (== netcoreapp3.1) (&& (== netstandard2.0) (>= netcoreapp3.0))
    DevExpress.WindowsDesktop.Win.NavBar (20.2.3-ctp) - restriction: || (&& (== net461) (>= netcoreapp3.0)) (&& (== net472) (>= netcoreapp3.0)) (== netcoreapp3.1) (&& (== netstandard2.0) (>= netcoreapp3.0))
      DevExpress.WindowsDesktop.Data (20.2.3) - restriction: || (&& (== net461) (>= netcoreapp3.0)) (&& (== net472) (>= netcoreapp3.0)) (== netcoreapp3.1) (&& (== netstandard2.0) (>= netcoreapp3.0))
      DevExpress.WindowsDesktop.DataDesktop (20.2.3) - restriction: || (&& (== net461) (>= netcoreapp3.0)) (&& (== net472) (>= netcoreapp3.0)) (== netcoreapp3.1) (&& (== netstandard2.0) (>= netcoreapp3.0))
      DevExpress.WindowsDesktop.Win.Editors (20.2.3-ctp) - restriction: || (&& (== net461) (>= netcoreapp3.0)) (&& (== net472) (>= netcoreapp3.0)) (== netcoreapp3.1) (&& (== netstandard2.0) (>= netcoreapp3.0))
      DevExpress.WindowsDesktop.Win.Utils (20.2.3-ctp) - restriction: || (&& (== net461) (>= netcoreapp3.0)) (&& (== net472) (>= netcoreapp3.0)) (== netcoreapp3.1) (&& (== netstandard2.0) (>= netcoreapp3.0))
    DevExpress.WindowsDesktop.Win.PivotGrid (20.2.3-ctp) - restriction: || (&& (== net461) (>= netcoreapp3.0)) (&& (== net472) (>= netcoreapp3.0)) (== netcoreapp3.1) (&& (== netstandard2.0) (>= netcoreapp3.0))
      DevExpress.WindowsDesktop.Data (20.2.3) - restriction: || (&& (== net461) (>= netcoreapp3.0)) (&& (== net472) (>= netcoreapp3.0)) (== netcoreapp3.1) (&& (== netstandard2.0) (>= netcoreapp3.0))
      DevExpress.WindowsDesktop.PivotGrid.Core (20.2.3) - restriction: || (&& (== net461) (>= netcoreapp3.0)) (&& (== net472) (>= netcoreapp3.0)) (== netcoreapp3.1) (&& (== netstandard2.0) (>= netcoreapp3.0))
      DevExpress.WindowsDesktop.Printing.Core (20.2.3) - restriction: || (&& (== net461) (>= netcoreapp3.0)) (&& (== net472) (>= netcoreapp3.0)) (== netcoreapp3.1) (&& (== netstandard2.0) (>= netcoreapp3.0))
      DevExpress.WindowsDesktop.Win.Editors (20.2.3-ctp) - restriction: || (&& (== net461) (>= netcoreapp3.0)) (&& (== net472) (>= netcoreapp3.0)) (== netcoreapp3.1) (&& (== netstandard2.0) (>= netcoreapp3.0))
      DevExpress.WindowsDesktop.Win.Layout (20.2.3-ctp) - restriction: || (&& (== net461) (>= netcoreapp3.0)) (&& (== net472) (>= netcoreapp3.0)) (== netcoreapp3.1) (&& (== netstandard2.0) (>= netcoreapp3.0))
      DevExpress.WindowsDesktop.Win.Utils (20.2.3-ctp) - restriction: || (&& (== net461) (>= netcoreapp3.0)) (&& (== net472) (>= netcoreapp3.0)) (== netcoreapp3.1) (&& (== netstandard2.0) (>= netcoreapp3.0))
    DevExpress.WindowsDesktop.Win.Printing (20.2.3-ctp) - restriction: || (&& (== net461) (>= netcoreapp3.0)) (&& (== net472) (>= netcoreapp3.0)) (== netcoreapp3.1) (&& (== netstandard2.0) (>= netcoreapp3.0))
      DevExpress.WindowsDesktop.Data (20.2.3) - restriction: || (&& (== net461) (>= netcoreapp3.0)) (&& (== net472) (>= netcoreapp3.0)) (== netcoreapp3.1) (&& (== netstandard2.0) (>= netcoreapp3.0))
      DevExpress.WindowsDesktop.DataDesktop (20.2.3) - restriction: || (&& (== net461) (>= netcoreapp3.0)) (&& (== net472) (>= netcoreapp3.0)) (== netcoreapp3.1) (&& (== netstandard2.0) (>= netcoreapp3.0))
      DevExpress.WindowsDesktop.Printing.Core (20.2.3) - restriction: || (&& (== net461) (>= netcoreapp3.0)) (&& (== net472) (>= netcoreapp3.0)) (== netcoreapp3.1) (&& (== netstandard2.0) (>= netcoreapp3.0))
      DevExpress.WindowsDesktop.RichEdit.Core (20.2.3) - restriction: || (&& (== net461) (>= netcoreapp3.0)) (&& (== net472) (>= netcoreapp3.0)) (== netcoreapp3.1) (&& (== netstandard2.0) (>= netcoreapp3.0))
      DevExpress.WindowsDesktop.Win.Bars (20.2.3-ctp) - restriction: || (&& (== net461) (>= netcoreapp3.0)) (&& (== net472) (>= netcoreapp3.0)) (== netcoreapp3.1) (&& (== netstandard2.0) (>= netcoreapp3.0))
      DevExpress.WindowsDesktop.Win.Editors (20.2.3-ctp) - restriction: || (&& (== net461) (>= netcoreapp3.0)) (&& (== net472) (>= netcoreapp3.0)) (== netcoreapp3.1) (&& (== netstandard2.0) (>= netcoreapp3.0))
      DevExpress.WindowsDesktop.Win.Layout (20.2.3-ctp) - restriction: || (&& (== net461) (>= netcoreapp3.0)) (&& (== net472) (>= netcoreapp3.0)) (== netcoreapp3.1) (&& (== netstandard2.0) (>= netcoreapp3.0))
      DevExpress.WindowsDesktop.Win.TreeList (20.2.3-ctp) - restriction: || (&& (== net461) (>= netcoreapp3.0)) (&& (== net472) (>= netcoreapp3.0)) (== netcoreapp3.1) (&& (== netstandard2.0) (>= netcoreapp3.0))
      DevExpress.WindowsDesktop.Win.Utils (20.2.3-ctp) - restriction: || (&& (== net461) (>= netcoreapp3.0)) (&& (== net472) (>= netcoreapp3.0)) (== netcoreapp3.1) (&& (== netstandard2.0) (>= netcoreapp3.0))
    DevExpress.WindowsDesktop.Win.Reporting (20.2.3-ctp) - restriction: || (&& (== net461) (>= netcoreapp3.0)) (&& (== net472) (>= netcoreapp3.0)) (== netcoreapp3.1) (&& (== netstandard2.0) (>= netcoreapp3.0))
      DevExpress.WindowsDesktop.Charts (20.2.3) - restriction: || (&& (== net461) (>= netcoreapp3.0)) (&& (== net472) (>= netcoreapp3.0)) (== netcoreapp3.1) (&& (== netstandard2.0) (>= netcoreapp3.0))
      DevExpress.WindowsDesktop.Charts.Core (20.2.3) - restriction: || (&& (== net461) (>= netcoreapp3.0)) (&& (== net472) (>= netcoreapp3.0)) (== netcoreapp3.1) (&& (== netstandard2.0) (>= netcoreapp3.0))
      DevExpress.WindowsDesktop.CodeParser (20.2.3) - restriction: || (&& (== net461) (>= netcoreapp3.0)) (&& (== net472) (>= netcoreapp3.0)) (== netcoreapp3.1) (&& (== netstandard2.0) (>= netcoreapp3.0))
      DevExpress.WindowsDesktop.Data (20.2.3) - restriction: || (&& (== net461) (>= netcoreapp3.0)) (&& (== net472) (>= netcoreapp3.0)) (== netcoreapp3.1) (&& (== netstandard2.0) (>= netcoreapp3.0))
      DevExpress.WindowsDesktop.DataAccess (20.2.3) - restriction: || (&& (== net461) (>= netcoreapp3.0)) (&& (== net472) (>= netcoreapp3.0)) (== netcoreapp3.1) (&& (== netstandard2.0) (>= netcoreapp3.0))
      DevExpress.WindowsDesktop.DataDesktop (20.2.3) - restriction: || (&& (== net461) (>= netcoreapp3.0)) (&& (== net472) (>= netcoreapp3.0)) (== netcoreapp3.1) (&& (== netstandard2.0) (>= netcoreapp3.0))
      DevExpress.WindowsDesktop.Gauges.Core (20.2.3) - restriction: || (&& (== net461) (>= netcoreapp3.0)) (&& (== net472) (>= netcoreapp3.0)) (== netcoreapp3.1) (&& (== netstandard2.0) (>= netcoreapp3.0))
      DevExpress.WindowsDesktop.Office.Core (20.2.3) - restriction: || (&& (== net461) (>= netcoreapp3.0)) (&& (== net472) (>= netcoreapp3.0)) (== netcoreapp3.1) (&& (== netstandard2.0) (>= netcoreapp3.0))
      DevExpress.WindowsDesktop.PivotGrid.Core (20.2.3) - restriction: || (&& (== net461) (>= netcoreapp3.0)) (&& (== net472) (>= netcoreapp3.0)) (== netcoreapp3.1) (&& (== netstandard2.0) (>= netcoreapp3.0))
      DevExpress.WindowsDesktop.Printing.Core (20.2.3) - restriction: || (&& (== net461) (>= netcoreapp3.0)) (&& (== net472) (>= netcoreapp3.0)) (== netcoreapp3.1) (&& (== netstandard2.0) (>= netcoreapp3.0))
      DevExpress.WindowsDesktop.Reporting.Core (20.2.3) - restriction: || (&& (== net461) (>= netcoreapp3.0)) (&& (== net472) (>= netcoreapp3.0)) (== netcoreapp3.1) (&& (== netstandard2.0) (>= netcoreapp3.0))
      DevExpress.WindowsDesktop.RichEdit.Core (20.2.3) - restriction: || (&& (== net461) (>= netcoreapp3.0)) (&& (== net472) (>= netcoreapp3.0)) (== netcoreapp3.1) (&& (== netstandard2.0) (>= netcoreapp3.0))
      DevExpress.WindowsDesktop.Sparkline.Core (20.2.3) - restriction: || (&& (== net461) (>= netcoreapp3.0)) (&& (== net472) (>= netcoreapp3.0)) (== netcoreapp3.1) (&& (== netstandard2.0) (>= netcoreapp3.0))
      DevExpress.WindowsDesktop.Win.Bars (20.2.3-ctp) - restriction: || (&& (== net461) (>= netcoreapp3.0)) (&& (== net472) (>= netcoreapp3.0)) (== netcoreapp3.1) (&& (== netstandard2.0) (>= netcoreapp3.0))
      DevExpress.WindowsDesktop.Win.Charts (20.2.3-ctp) - restriction: || (&& (== net461) (>= netcoreapp3.0)) (&& (== net472) (>= netcoreapp3.0)) (== netcoreapp3.1) (&& (== netstandard2.0) (>= netcoreapp3.0))
      DevExpress.WindowsDesktop.Win.DataAccess.UI (20.2.3-ctp) - restriction: || (&& (== net461) (>= netcoreapp3.0)) (&& (== net472) (>= netcoreapp3.0)) (== netcoreapp3.1) (&& (== netstandard2.0) (>= netcoreapp3.0))
      DevExpress.WindowsDesktop.Win.Editors (20.2.3-ctp) - restriction: || (&& (== net461) (>= netcoreapp3.0)) (&& (== net472) (>= netcoreapp3.0)) (== netcoreapp3.1) (&& (== netstandard2.0) (>= netcoreapp3.0))
      DevExpress.WindowsDesktop.Win.Grid (20.2.3-ctp) - restriction: || (&& (== net461) (>= netcoreapp3.0)) (&& (== net472) (>= netcoreapp3.0)) (== netcoreapp3.1) (&& (== netstandard2.0) (>= netcoreapp3.0))
      DevExpress.WindowsDesktop.Win.Layout (20.2.3-ctp) - restriction: || (&& (== net461) (>= netcoreapp3.0)) (&& (== net472) (>= netcoreapp3.0)) (== netcoreapp3.1) (&& (== netstandard2.0) (>= netcoreapp3.0))
      DevExpress.WindowsDesktop.Win.NavBar (20.2.3-ctp) - restriction: || (&& (== net461) (>= netcoreapp3.0)) (&& (== net472) (>= netcoreapp3.0)) (== netcoreapp3.1) (&& (== netstandard2.0) (>= netcoreapp3.0))
      DevExpress.WindowsDesktop.Win.PivotGrid (20.2.3-ctp) - restriction: || (&& (== net461) (>= netcoreapp3.0)) (&& (== net472) (>= netcoreapp3.0)) (== netcoreapp3.1) (&& (== netstandard2.0) (>= netcoreapp3.0))
      DevExpress.WindowsDesktop.Win.Printing (20.2.3-ctp) - restriction: || (&& (== net461) (>= netcoreapp3.0)) (&& (== net472) (>= netcoreapp3.0)) (== netcoreapp3.1) (&& (== netstandard2.0) (>= netcoreapp3.0))
      DevExpress.WindowsDesktop.Win.RichEdit (20.2.3-ctp) - restriction: || (&& (== net461) (>= netcoreapp3.0)) (&& (== net472) (>= netcoreapp3.0)) (== netcoreapp3.1) (&& (== netstandard2.0) (>= netcoreapp3.0))
      DevExpress.WindowsDesktop.Win.TreeList (20.2.3-ctp) - restriction: || (&& (== net461) (>= netcoreapp3.0)) (&& (== net472) (>= netcoreapp3.0)) (== netcoreapp3.1) (&& (== netstandard2.0) (>= netcoreapp3.0))
      DevExpress.WindowsDesktop.Win.Utils (20.2.3-ctp) - restriction: || (&& (== net461) (>= netcoreapp3.0)) (&& (== net472) (>= netcoreapp3.0)) (== netcoreapp3.1) (&& (== netstandard2.0) (>= netcoreapp3.0))
      DevExpress.WindowsDesktop.Win.Utils.UI (20.2.3-ctp) - restriction: || (&& (== net461) (>= netcoreapp3.0)) (&& (== net472) (>= netcoreapp3.0)) (== netcoreapp3.1) (&& (== netstandard2.0) (>= netcoreapp3.0))
      DevExpress.WindowsDesktop.Win.VerticalGrid (20.2.3-ctp) - restriction: || (&& (== net461) (>= netcoreapp3.0)) (&& (== net472) (>= netcoreapp3.0)) (== netcoreapp3.1) (&& (== netstandard2.0) (>= netcoreapp3.0))
      System.Data.OleDb (>= 4.6) - restriction: || (&& (== net461) (>= netcoreapp3.0)) (&& (== net472) (>= netcoreapp3.0)) (== netcoreapp3.1) (&& (== netstandard2.0) (>= netcoreapp3.0))
    DevExpress.WindowsDesktop.Win.RichEdit (20.2.3-ctp) - restriction: || (&& (== net461) (>= netcoreapp3.0)) (&& (== net472) (>= netcoreapp3.0)) (== netcoreapp3.1) (&& (== netstandard2.0) (>= netcoreapp3.0))
      DevExpress.WindowsDesktop.Data (20.2.3) - restriction: || (&& (== net461) (>= netcoreapp3.0)) (&& (== net472) (>= netcoreapp3.0)) (== netcoreapp3.1) (&& (== netstandard2.0) (>= netcoreapp3.0))
      DevExpress.WindowsDesktop.DataDesktop (20.2.3) - restriction: || (&& (== net461) (>= netcoreapp3.0)) (&& (== net472) (>= netcoreapp3.0)) (== netcoreapp3.1) (&& (== netstandard2.0) (>= netcoreapp3.0))
      DevExpress.WindowsDesktop.Images (20.2.3) - restriction: || (&& (== net461) (>= netcoreapp3.0)) (&& (== net472) (>= netcoreapp3.0)) (== netcoreapp3.1) (&& (== netstandard2.0) (>= netcoreapp3.0))
      DevExpress.WindowsDesktop.Office.Core (20.2.3) - restriction: || (&& (== net461) (>= netcoreapp3.0)) (&& (== net472) (>= netcoreapp3.0)) (== netcoreapp3.1) (&& (== netstandard2.0) (>= netcoreapp3.0))
      DevExpress.WindowsDesktop.Pdf.Core (20.2.3) - restriction: || (&& (== net461) (>= netcoreapp3.0)) (&& (== net472) (>= netcoreapp3.0)) (== netcoreapp3.1) (&& (== netstandard2.0) (>= netcoreapp3.0))
      DevExpress.WindowsDesktop.Printing.Core (20.2.3) - restriction: || (&& (== net461) (>= netcoreapp3.0)) (&& (== net472) (>= netcoreapp3.0)) (== netcoreapp3.1) (&& (== netstandard2.0) (>= netcoreapp3.0))
      DevExpress.WindowsDesktop.RichEdit.Core (20.2.3) - restriction: || (&& (== net461) (>= netcoreapp3.0)) (&& (== net472) (>= netcoreapp3.0)) (== netcoreapp3.1) (&& (== netstandard2.0) (>= netcoreapp3.0))
      DevExpress.WindowsDesktop.Win.Bars (20.2.3-ctp) - restriction: || (&& (== net461) (>= netcoreapp3.0)) (&& (== net472) (>= netcoreapp3.0)) (== netcoreapp3.1) (&& (== netstandard2.0) (>= netcoreapp3.0))
      DevExpress.WindowsDesktop.Win.Editors (20.2.3-ctp) - restriction: || (&& (== net461) (>= netcoreapp3.0)) (&& (== net472) (>= netcoreapp3.0)) (== netcoreapp3.1) (&& (== netstandard2.0) (>= netcoreapp3.0))
      DevExpress.WindowsDesktop.Win.Grid (20.2.3-ctp) - restriction: || (&& (== net461) (>= netcoreapp3.0)) (&& (== net472) (>= netcoreapp3.0)) (== netcoreapp3.1) (&& (== netstandard2.0) (>= netcoreapp3.0))
      DevExpress.WindowsDesktop.Win.Layout (20.2.3-ctp) - restriction: || (&& (== net461) (>= netcoreapp3.0)) (&& (== net472) (>= netcoreapp3.0)) (== netcoreapp3.1) (&& (== netstandard2.0) (>= netcoreapp3.0))
      DevExpress.WindowsDesktop.Win.Printing (20.2.3-ctp) - restriction: || (&& (== net461) (>= netcoreapp3.0)) (&& (== net472) (>= netcoreapp3.0)) (== netcoreapp3.1) (&& (== netstandard2.0) (>= netcoreapp3.0))
      DevExpress.WindowsDesktop.Win.Utils (20.2.3-ctp) - restriction: || (&& (== net461) (>= netcoreapp3.0)) (&& (== net472) (>= netcoreapp3.0)) (== netcoreapp3.1) (&& (== netstandard2.0) (>= netcoreapp3.0))
    DevExpress.WindowsDesktop.Win.Scheduler (20.2.3-ctp) - restriction: || (&& (== net461) (>= netcoreapp3.0)) (&& (== net472) (>= netcoreapp3.0)) (== netcoreapp3.1) (&& (== netstandard2.0) (>= netcoreapp3.0))
      DevExpress.WindowsDesktop.Data (20.2.3) - restriction: || (&& (== net461) (>= netcoreapp3.0)) (&& (== net472) (>= netcoreapp3.0)) (== netcoreapp3.1) (&& (== netstandard2.0) (>= netcoreapp3.0))
      DevExpress.WindowsDesktop.DataDesktop (20.2.3) - restriction: || (&& (== net461) (>= netcoreapp3.0)) (&& (== net472) (>= netcoreapp3.0)) (== netcoreapp3.1) (&& (== netstandard2.0) (>= netcoreapp3.0))
      DevExpress.WindowsDesktop.Printing.Core (20.2.3) - restriction: || (&& (== net461) (>= netcoreapp3.0)) (&& (== net472) (>= netcoreapp3.0)) (== netcoreapp3.1) (&& (== netstandard2.0) (>= netcoreapp3.0))
      DevExpress.WindowsDesktop.Scheduler.Core (20.2.3) - restriction: || (&& (== net461) (>= netcoreapp3.0)) (&& (== net472) (>= netcoreapp3.0)) (== netcoreapp3.1) (&& (== netstandard2.0) (>= netcoreapp3.0))
      DevExpress.WindowsDesktop.Scheduler.CoreDesktop (20.2.3) - restriction: || (&& (== net461) (>= netcoreapp3.0)) (&& (== net472) (>= netcoreapp3.0)) (== netcoreapp3.1) (&& (== netstandard2.0) (>= netcoreapp3.0))
      DevExpress.WindowsDesktop.Win.Bars (20.2.3-ctp) - restriction: || (&& (== net461) (>= netcoreapp3.0)) (&& (== net472) (>= netcoreapp3.0)) (== netcoreapp3.1) (&& (== netstandard2.0) (>= netcoreapp3.0))
      DevExpress.WindowsDesktop.Win.Editors (20.2.3-ctp) - restriction: || (&& (== net461) (>= netcoreapp3.0)) (&& (== net472) (>= netcoreapp3.0)) (== netcoreapp3.1) (&& (== netstandard2.0) (>= netcoreapp3.0))
      DevExpress.WindowsDesktop.Win.Grid (20.2.3-ctp) - restriction: || (&& (== net461) (>= netcoreapp3.0)) (&& (== net472) (>= netcoreapp3.0)) (== netcoreapp3.1) (&& (== netstandard2.0) (>= netcoreapp3.0))
      DevExpress.WindowsDesktop.Win.Layout (20.2.3-ctp) - restriction: || (&& (== net461) (>= netcoreapp3.0)) (&& (== net472) (>= netcoreapp3.0)) (== netcoreapp3.1) (&& (== netstandard2.0) (>= netcoreapp3.0))
      DevExpress.WindowsDesktop.Win.Printing (20.2.3-ctp) - restriction: || (&& (== net461) (>= netcoreapp3.0)) (&& (== net472) (>= netcoreapp3.0)) (== netcoreapp3.1) (&& (== netstandard2.0) (>= netcoreapp3.0))
      DevExpress.WindowsDesktop.Win.Utils (20.2.3-ctp) - restriction: || (&& (== net461) (>= netcoreapp3.0)) (&& (== net472) (>= netcoreapp3.0)) (== netcoreapp3.1) (&& (== netstandard2.0) (>= netcoreapp3.0))
    DevExpress.WindowsDesktop.Win.Spreadsheet (20.2.3-ctp) - restriction: || (&& (== net461) (>= netcoreapp3.0)) (&& (== net472) (>= netcoreapp3.0)) (== netcoreapp3.1) (&& (== netstandard2.0) (>= netcoreapp3.0))
      DevExpress.WindowsDesktop.Charts (20.2.3) - restriction: || (&& (== net461) (>= netcoreapp3.0)) (&& (== net472) (>= netcoreapp3.0)) (== netcoreapp3.1) (&& (== netstandard2.0) (>= netcoreapp3.0))
      DevExpress.WindowsDesktop.Data (20.2.3) - restriction: || (&& (== net461) (>= netcoreapp3.0)) (&& (== net472) (>= netcoreapp3.0)) (== netcoreapp3.1) (&& (== netstandard2.0) (>= netcoreapp3.0))
      DevExpress.WindowsDesktop.DataAccess (20.2.3) - restriction: || (&& (== net461) (>= netcoreapp3.0)) (&& (== net472) (>= netcoreapp3.0)) (== netcoreapp3.1) (&& (== netstandard2.0) (>= netcoreapp3.0))
      DevExpress.WindowsDesktop.DataDesktop (20.2.3) - restriction: || (&& (== net461) (>= netcoreapp3.0)) (&& (== net472) (>= netcoreapp3.0)) (== netcoreapp3.1) (&& (== netstandard2.0) (>= netcoreapp3.0))
      DevExpress.WindowsDesktop.DataVisualization.Core (20.2.3) - restriction: || (&& (== net461) (>= netcoreapp3.0)) (&& (== net472) (>= netcoreapp3.0)) (== netcoreapp3.1) (&& (== netstandard2.0) (>= netcoreapp3.0))
      DevExpress.WindowsDesktop.Office.Core (20.2.3) - restriction: || (&& (== net461) (>= netcoreapp3.0)) (&& (== net472) (>= netcoreapp3.0)) (== netcoreapp3.1) (&& (== netstandard2.0) (>= netcoreapp3.0))
      DevExpress.WindowsDesktop.Printing.Core (20.2.3) - restriction: || (&& (== net461) (>= netcoreapp3.0)) (&& (== net472) (>= netcoreapp3.0)) (== netcoreapp3.1) (&& (== netstandard2.0) (>= netcoreapp3.0))
      DevExpress.WindowsDesktop.RichEdit.Core (20.2.3) - restriction: || (&& (== net461) (>= netcoreapp3.0)) (&& (== net472) (>= netcoreapp3.0)) (== netcoreapp3.1) (&& (== netstandard2.0) (>= netcoreapp3.0))
      DevExpress.WindowsDesktop.Spreadsheet.Core (20.2.3) - restriction: || (&& (== net461) (>= netcoreapp3.0)) (&& (== net472) (>= netcoreapp3.0)) (== netcoreapp3.1) (&& (== netstandard2.0) (>= netcoreapp3.0))
      DevExpress.WindowsDesktop.Win.Bars (20.2.3-ctp) - restriction: || (&& (== net461) (>= netcoreapp3.0)) (&& (== net472) (>= netcoreapp3.0)) (== netcoreapp3.1) (&& (== netstandard2.0) (>= netcoreapp3.0))
      DevExpress.WindowsDesktop.Win.DataAccess.UI (20.2.3-ctp) - restriction: || (&& (== net461) (>= netcoreapp3.0)) (&& (== net472) (>= netcoreapp3.0)) (== netcoreapp3.1) (&& (== netstandard2.0) (>= netcoreapp3.0))
      DevExpress.WindowsDesktop.Win.Editors (20.2.3-ctp) - restriction: || (&& (== net461) (>= netcoreapp3.0)) (&& (== net472) (>= netcoreapp3.0)) (== netcoreapp3.1) (&& (== netstandard2.0) (>= netcoreapp3.0))
      DevExpress.WindowsDesktop.Win.Grid (20.2.3-ctp) - restriction: || (&& (== net461) (>= netcoreapp3.0)) (&& (== net472) (>= netcoreapp3.0)) (== netcoreapp3.1) (&& (== netstandard2.0) (>= netcoreapp3.0))
      DevExpress.WindowsDesktop.Win.Layout (20.2.3-ctp) - restriction: || (&& (== net461) (>= netcoreapp3.0)) (&& (== net472) (>= netcoreapp3.0)) (== netcoreapp3.1) (&& (== netstandard2.0) (>= netcoreapp3.0))
      DevExpress.WindowsDesktop.Win.NavBar (20.2.3-ctp) - restriction: || (&& (== net461) (>= netcoreapp3.0)) (&& (== net472) (>= netcoreapp3.0)) (== netcoreapp3.1) (&& (== netstandard2.0) (>= netcoreapp3.0))
      DevExpress.WindowsDesktop.Win.Printing (20.2.3-ctp) - restriction: || (&& (== net461) (>= netcoreapp3.0)) (&& (== net472) (>= netcoreapp3.0)) (== netcoreapp3.1) (&& (== netstandard2.0) (>= netcoreapp3.0))
      DevExpress.WindowsDesktop.Win.RichEdit (20.2.3-ctp) - restriction: || (&& (== net461) (>= netcoreapp3.0)) (&& (== net472) (>= netcoreapp3.0)) (== netcoreapp3.1) (&& (== netstandard2.0) (>= netcoreapp3.0))
      DevExpress.WindowsDesktop.Win.TreeList (20.2.3-ctp) - restriction: || (&& (== net461) (>= netcoreapp3.0)) (&& (== net472) (>= netcoreapp3.0)) (== netcoreapp3.1) (&& (== netstandard2.0) (>= netcoreapp3.0))
      DevExpress.WindowsDesktop.Win.Utils (20.2.3-ctp) - restriction: || (&& (== net461) (>= netcoreapp3.0)) (&& (== net472) (>= netcoreapp3.0)) (== netcoreapp3.1) (&& (== netstandard2.0) (>= netcoreapp3.0))
      DevExpress.WindowsDesktop.Win.Utils.UI (20.2.3-ctp) - restriction: || (&& (== net461) (>= netcoreapp3.0)) (&& (== net472) (>= netcoreapp3.0)) (== netcoreapp3.1) (&& (== netstandard2.0) (>= netcoreapp3.0))
    DevExpress.WindowsDesktop.Win.TreeList (20.2.3-ctp) - restriction: || (&& (== net461) (>= netcoreapp3.0)) (&& (== net472) (>= netcoreapp3.0)) (== netcoreapp3.1) (&& (== netstandard2.0) (>= netcoreapp3.0))
      DevExpress.WindowsDesktop.Data (20.2.3) - restriction: || (&& (== net461) (>= netcoreapp3.0)) (&& (== net472) (>= netcoreapp3.0)) (== netcoreapp3.1) (&& (== netstandard2.0) (>= netcoreapp3.0))
      DevExpress.WindowsDesktop.DataDesktop (20.2.3) - restriction: || (&& (== net461) (>= netcoreapp3.0)) (&& (== net472) (>= netcoreapp3.0)) (== netcoreapp3.1) (&& (== netstandard2.0) (>= netcoreapp3.0))
      DevExpress.WindowsDesktop.Printing.Core (20.2.3) - restriction: || (&& (== net461) (>= netcoreapp3.0)) (&& (== net472) (>= netcoreapp3.0)) (== netcoreapp3.1) (&& (== netstandard2.0) (>= netcoreapp3.0))
      DevExpress.WindowsDesktop.Win.Editors (20.2.3-ctp) - restriction: || (&& (== net461) (>= netcoreapp3.0)) (&& (== net472) (>= netcoreapp3.0)) (== netcoreapp3.1) (&& (== netstandard2.0) (>= netcoreapp3.0))
      DevExpress.WindowsDesktop.Win.Layout (20.2.3-ctp) - restriction: || (&& (== net461) (>= netcoreapp3.0)) (&& (== net472) (>= netcoreapp3.0)) (== netcoreapp3.1) (&& (== netstandard2.0) (>= netcoreapp3.0))
      DevExpress.WindowsDesktop.Win.Utils (20.2.3-ctp) - restriction: || (&& (== net461) (>= netcoreapp3.0)) (&& (== net472) (>= netcoreapp3.0)) (== netcoreapp3.1) (&& (== netstandard2.0) (>= netcoreapp3.0))
    DevExpress.WindowsDesktop.Win.TreeMap (20.2.3-ctp) - restriction: || (&& (== net461) (>= netcoreapp3.0)) (&& (== net472) (>= netcoreapp3.0)) (== netcoreapp3.1) (&& (== netstandard2.0) (>= netcoreapp3.0))
      DevExpress.WindowsDesktop.Data (20.2.3) - restriction: || (&& (== net461) (>= netcoreapp3.0)) (&& (== net472) (>= netcoreapp3.0)) (== netcoreapp3.1) (&& (== netstandard2.0) (>= netcoreapp3.0))
      DevExpress.WindowsDesktop.DataDesktop (20.2.3) - restriction: || (&& (== net461) (>= netcoreapp3.0)) (&& (== net472) (>= netcoreapp3.0)) (== netcoreapp3.1) (&& (== netstandard2.0) (>= netcoreapp3.0))
      DevExpress.WindowsDesktop.Printing.Core (20.2.3) - restriction: || (&& (== net461) (>= netcoreapp3.0)) (&& (== net472) (>= netcoreapp3.0)) (== netcoreapp3.1) (&& (== netstandard2.0) (>= netcoreapp3.0))
      DevExpress.WindowsDesktop.TreeMap (20.2.3-ctp) - restriction: || (&& (== net461) (>= netcoreapp3.0)) (&& (== net472) (>= netcoreapp3.0)) (== netcoreapp3.1) (&& (== netstandard2.0) (>= netcoreapp3.0))
      DevExpress.WindowsDesktop.TreeMap.Core (20.2.3) - restriction: || (&& (== net461) (>= netcoreapp3.0)) (&& (== net472) (>= netcoreapp3.0)) (== netcoreapp3.1) (&& (== netstandard2.0) (>= netcoreapp3.0))
      DevExpress.WindowsDesktop.Win.Editors (20.2.3-ctp) - restriction: || (&& (== net461) (>= netcoreapp3.0)) (&& (== net472) (>= netcoreapp3.0)) (== netcoreapp3.1) (&& (== netstandard2.0) (>= netcoreapp3.0))
      DevExpress.WindowsDesktop.Win.Printing (20.2.3-ctp) - restriction: || (&& (== net461) (>= netcoreapp3.0)) (&& (== net472) (>= netcoreapp3.0)) (== netcoreapp3.1) (&& (== netstandard2.0) (>= netcoreapp3.0))
      DevExpress.WindowsDesktop.Win.Utils (20.2.3-ctp) - restriction: || (&& (== net461) (>= netcoreapp3.0)) (&& (== net472) (>= netcoreapp3.0)) (== netcoreapp3.1) (&& (== netstandard2.0) (>= netcoreapp3.0))
    DevExpress.WindowsDesktop.Win.Utils (20.2.3-ctp) - restriction: || (&& (== net461) (>= netcoreapp3.0)) (&& (== net472) (>= netcoreapp3.0)) (== netcoreapp3.1) (&& (== netstandard2.0) (>= netcoreapp3.0))
      DevExpress.WindowsDesktop.Data (20.2.3) - restriction: || (&& (== net461) (>= netcoreapp3.0)) (&& (== net472) (>= netcoreapp3.0)) (== netcoreapp3.1) (&& (== netstandard2.0) (>= netcoreapp3.0))
      DevExpress.WindowsDesktop.DataDesktop (20.2.3) - restriction: || (&& (== net461) (>= netcoreapp3.0)) (&& (== net472) (>= netcoreapp3.0)) (== netcoreapp3.1) (&& (== netstandard2.0) (>= netcoreapp3.0))
      DevExpress.WindowsDesktop.Printing.Core (20.2.3) - restriction: || (&& (== net461) (>= netcoreapp3.0)) (&& (== net472) (>= netcoreapp3.0)) (== netcoreapp3.1) (&& (== netstandard2.0) (>= netcoreapp3.0))
    DevExpress.WindowsDesktop.Win.Utils.UI (20.2.3-ctp) - restriction: || (&& (== net461) (>= netcoreapp3.0)) (&& (== net472) (>= netcoreapp3.0)) (== netcoreapp3.1) (&& (== netstandard2.0) (>= netcoreapp3.0))
      DevExpress.WindowsDesktop.Data (20.2.3) - restriction: || (&& (== net461) (>= netcoreapp3.0)) (&& (== net472) (>= netcoreapp3.0)) (== netcoreapp3.1) (&& (== netstandard2.0) (>= netcoreapp3.0))
      DevExpress.WindowsDesktop.DataAccess (20.2.3) - restriction: || (&& (== net461) (>= netcoreapp3.0)) (&& (== net472) (>= netcoreapp3.0)) (== netcoreapp3.1) (&& (== netstandard2.0) (>= netcoreapp3.0))
      DevExpress.WindowsDesktop.DataDesktop (20.2.3) - restriction: || (&& (== net461) (>= netcoreapp3.0)) (&& (== net472) (>= netcoreapp3.0)) (== netcoreapp3.1) (&& (== netstandard2.0) (>= netcoreapp3.0))
      DevExpress.WindowsDesktop.Printing.Core (20.2.3) - restriction: || (&& (== net461) (>= netcoreapp3.0)) (&& (== net472) (>= netcoreapp3.0)) (== netcoreapp3.1) (&& (== netstandard2.0) (>= netcoreapp3.0))
      DevExpress.WindowsDesktop.Win.Bars (20.2.3-ctp) - restriction: || (&& (== net461) (>= netcoreapp3.0)) (&& (== net472) (>= netcoreapp3.0)) (== netcoreapp3.1) (&& (== netstandard2.0) (>= netcoreapp3.0))
      DevExpress.WindowsDesktop.Win.Editors (20.2.3-ctp) - restriction: || (&& (== net461) (>= netcoreapp3.0)) (&& (== net472) (>= netcoreapp3.0)) (== netcoreapp3.1) (&& (== netstandard2.0) (>= netcoreapp3.0))
      DevExpress.WindowsDesktop.Win.Layout (20.2.3-ctp) - restriction: || (&& (== net461) (>= netcoreapp3.0)) (&& (== net472) (>= netcoreapp3.0)) (== netcoreapp3.1) (&& (== netstandard2.0) (>= netcoreapp3.0))
      DevExpress.WindowsDesktop.Win.Printing (20.2.3-ctp) - restriction: || (&& (== net461) (>= netcoreapp3.0)) (&& (== net472) (>= netcoreapp3.0)) (== netcoreapp3.1) (&& (== netstandard2.0) (>= netcoreapp3.0))
      DevExpress.WindowsDesktop.Win.RichEdit (20.2.3-ctp) - restriction: || (&& (== net461) (>= netcoreapp3.0)) (&& (== net472) (>= netcoreapp3.0)) (== netcoreapp3.1) (&& (== netstandard2.0) (>= netcoreapp3.0))
      DevExpress.WindowsDesktop.Win.TreeList (20.2.3-ctp) - restriction: || (&& (== net461) (>= netcoreapp3.0)) (&& (== net472) (>= netcoreapp3.0)) (== netcoreapp3.1) (&& (== netstandard2.0) (>= netcoreapp3.0))
      DevExpress.WindowsDesktop.Win.Utils (20.2.3-ctp) - restriction: || (&& (== net461) (>= netcoreapp3.0)) (&& (== net472) (>= netcoreapp3.0)) (== netcoreapp3.1) (&& (== netstandard2.0) (>= netcoreapp3.0))
      DevExpress.WindowsDesktop.Win.VerticalGrid (20.2.3-ctp) - restriction: || (&& (== net461) (>= netcoreapp3.0)) (&& (== net472) (>= netcoreapp3.0)) (== netcoreapp3.1) (&& (== netstandard2.0) (>= netcoreapp3.0))
    DevExpress.WindowsDesktop.Win.VerticalGrid (20.2.3-ctp) - restriction: || (&& (== net461) (>= netcoreapp3.0)) (&& (== net472) (>= netcoreapp3.0)) (== netcoreapp3.1) (&& (== netstandard2.0) (>= netcoreapp3.0))
      DevExpress.WindowsDesktop.Data (20.2.3) - restriction: || (&& (== net461) (>= netcoreapp3.0)) (&& (== net472) (>= netcoreapp3.0)) (== netcoreapp3.1) (&& (== netstandard2.0) (>= netcoreapp3.0))
      DevExpress.WindowsDesktop.DataDesktop (20.2.3) - restriction: || (&& (== net461) (>= netcoreapp3.0)) (&& (== net472) (>= netcoreapp3.0)) (== netcoreapp3.1) (&& (== netstandard2.0) (>= netcoreapp3.0))
      DevExpress.WindowsDesktop.Printing.Core (20.2.3) - restriction: || (&& (== net461) (>= netcoreapp3.0)) (&& (== net472) (>= netcoreapp3.0)) (== netcoreapp3.1) (&& (== netstandard2.0) (>= netcoreapp3.0))
      DevExpress.WindowsDesktop.Win.Editors (20.2.3-ctp) - restriction: || (&& (== net461) (>= netcoreapp3.0)) (&& (== net472) (>= netcoreapp3.0)) (== netcoreapp3.1) (&& (== netstandard2.0) (>= netcoreapp3.0))
      DevExpress.WindowsDesktop.Win.Layout (20.2.3-ctp) - restriction: || (&& (== net461) (>= netcoreapp3.0)) (&& (== net472) (>= netcoreapp3.0)) (== netcoreapp3.1) (&& (== netstandard2.0) (>= netcoreapp3.0))
      DevExpress.WindowsDesktop.Win.Printing (20.2.3-ctp) - restriction: || (&& (== net461) (>= netcoreapp3.0)) (&& (== net472) (>= netcoreapp3.0)) (== netcoreapp3.1) (&& (== netstandard2.0) (>= netcoreapp3.0))
      DevExpress.WindowsDesktop.Win.Utils (20.2.3-ctp) - restriction: || (&& (== net461) (>= netcoreapp3.0)) (&& (== net472) (>= netcoreapp3.0)) (== netcoreapp3.1) (&& (== netstandard2.0) (>= netcoreapp3.0))
    DevExpress.WindowsDesktop.XAF (20.2.3-ctp)
      DevExpress.WindowsDesktop.XAF.AuditTrail (20.2.3-ctp) - restriction: || (&& (== net461) (>= netcoreapp3.0)) (&& (== net472) (>= netcoreapp3.0)) (== netcoreapp3.1) (&& (== netstandard2.0) (>= netcoreapp3.0))
      DevExpress.WindowsDesktop.XAF.Chart.Win (20.2.3-ctp) - restriction: || (&& (== net461) (>= netcoreapp3.0)) (&& (== net472) (>= netcoreapp3.0)) (== netcoreapp3.1) (&& (== netstandard2.0) (>= netcoreapp3.0))
      DevExpress.WindowsDesktop.XAF.CloneObject (20.2.3-ctp) - restriction: || (&& (== net461) (>= netcoreapp3.0)) (&& (== net472) (>= netcoreapp3.0)) (== netcoreapp3.1) (&& (== netstandard2.0) (>= netcoreapp3.0))
      DevExpress.WindowsDesktop.XAF.ConditionalAppearance (20.2.3-ctp) - restriction: || (&& (== net461) (>= netcoreapp3.0)) (&& (== net472) (>= netcoreapp3.0)) (== netcoreapp3.1) (&& (== netstandard2.0) (>= netcoreapp3.0))
      DevExpress.WindowsDesktop.XAF.Dashboards.Win (20.2.3-ctp) - restriction: || (&& (== net461) (>= netcoreapp3.0)) (&& (== net472) (>= netcoreapp3.0)) (== netcoreapp3.1) (&& (== netstandard2.0) (>= netcoreapp3.0))
      DevExpress.WindowsDesktop.XAF.EasyTest.WinAdapter (20.2.3-ctp) - restriction: || (&& (== net461) (>= netcoreapp3.0)) (&& (== net472) (>= netcoreapp3.0)) (== netcoreapp3.1) (&& (== netstandard2.0) (>= netcoreapp3.0))
      DevExpress.WindowsDesktop.XAF.ExpressApp.Win (20.2.3-ctp) - restriction: || (&& (== net461) (>= netcoreapp3.0)) (&& (== net472) (>= netcoreapp3.0)) (== netcoreapp3.1) (&& (== netstandard2.0) (>= netcoreapp3.0))
      DevExpress.WindowsDesktop.XAF.FileAttachment.Win (20.2.3-ctp) - restriction: || (&& (== net461) (>= netcoreapp3.0)) (&& (== net472) (>= netcoreapp3.0)) (== netcoreapp3.1) (&& (== netstandard2.0) (>= netcoreapp3.0))
      DevExpress.WindowsDesktop.XAF.Kpi (20.2.3-ctp) - restriction: || (&& (== net461) (>= netcoreapp3.0)) (&& (== net472) (>= netcoreapp3.0)) (== netcoreapp3.1) (&& (== netstandard2.0) (>= netcoreapp3.0))
      DevExpress.WindowsDesktop.XAF.Notifications.Win (20.2.3-ctp) - restriction: || (&& (== net461) (>= netcoreapp3.0)) (&& (== net472) (>= netcoreapp3.0)) (== netcoreapp3.1) (&& (== netstandard2.0) (>= netcoreapp3.0))
      DevExpress.WindowsDesktop.XAF.Objects (20.2.3-ctp) - restriction: || (&& (== net461) (>= netcoreapp3.0)) (&& (== net472) (>= netcoreapp3.0)) (== netcoreapp3.1) (&& (== netstandard2.0) (>= netcoreapp3.0))
      DevExpress.WindowsDesktop.XAF.Office.Win (20.2.3-ctp) - restriction: || (&& (== net461) (>= netcoreapp3.0)) (&& (== net472) (>= netcoreapp3.0)) (== netcoreapp3.1) (&& (== netstandard2.0) (>= netcoreapp3.0))
      DevExpress.WindowsDesktop.XAF.Persistent.BaseImpl (20.2.3-ctp) - restriction: || (&& (== net461) (>= netcoreapp3.0)) (&& (== net472) (>= netcoreapp3.0)) (== netcoreapp3.1) (&& (== netstandard2.0) (>= netcoreapp3.0))
      DevExpress.WindowsDesktop.XAF.PivotChart.Win (20.2.3-ctp) - restriction: || (&& (== net461) (>= netcoreapp3.0)) (&& (== net472) (>= netcoreapp3.0)) (== netcoreapp3.1) (&& (== netstandard2.0) (>= netcoreapp3.0))
      DevExpress.WindowsDesktop.XAF.PivotGrid.Win (20.2.3-ctp) - restriction: || (&& (== net461) (>= netcoreapp3.0)) (&& (== net472) (>= netcoreapp3.0)) (== netcoreapp3.1) (&& (== netstandard2.0) (>= netcoreapp3.0))
      DevExpress.WindowsDesktop.XAF.ReportsV2.Win (20.2.3-ctp) - restriction: || (&& (== net461) (>= netcoreapp3.0)) (&& (== net472) (>= netcoreapp3.0)) (== netcoreapp3.1) (&& (== netstandard2.0) (>= netcoreapp3.0))
      DevExpress.WindowsDesktop.XAF.Scheduler.Win (20.2.3-ctp) - restriction: || (&& (== net461) (>= netcoreapp3.0)) (&& (== net472) (>= netcoreapp3.0)) (== netcoreapp3.1) (&& (== netstandard2.0) (>= netcoreapp3.0))
      DevExpress.WindowsDesktop.XAF.ScriptRecorder.Win (20.2.3-ctp) - restriction: || (&& (== net461) (>= netcoreapp3.0)) (&& (== net472) (>= netcoreapp3.0)) (== netcoreapp3.1) (&& (== netstandard2.0) (>= netcoreapp3.0))
      DevExpress.WindowsDesktop.XAF.Security.Xpo (20.2.3-ctp) - restriction: || (&& (== net461) (>= netcoreapp3.0)) (&& (== net472) (>= netcoreapp3.0)) (== netcoreapp3.1) (&& (== netstandard2.0) (>= netcoreapp3.0))
      DevExpress.WindowsDesktop.XAF.StateMachine (20.2.3-ctp) - restriction: || (&& (== net461) (>= netcoreapp3.0)) (&& (== net472) (>= netcoreapp3.0)) (== netcoreapp3.1) (&& (== netstandard2.0) (>= netcoreapp3.0))
      DevExpress.WindowsDesktop.XAF.TreeListEditors.Win (20.2.3-ctp) - restriction: || (&& (== net461) (>= netcoreapp3.0)) (&& (== net472) (>= netcoreapp3.0)) (== netcoreapp3.1) (&& (== netstandard2.0) (>= netcoreapp3.0))
      DevExpress.WindowsDesktop.XAF.Validation.Win (20.2.3-ctp) - restriction: || (&& (== net461) (>= netcoreapp3.0)) (&& (== net472) (>= netcoreapp3.0)) (== netcoreapp3.1) (&& (== netstandard2.0) (>= netcoreapp3.0))
      DevExpress.WindowsDesktop.XAF.ViewVariantsModule (20.2.3-ctp) - restriction: || (&& (== net461) (>= netcoreapp3.0)) (&& (== net472) (>= netcoreapp3.0)) (== netcoreapp3.1) (&& (== netstandard2.0) (>= netcoreapp3.0))
      DevExpress.WindowsDesktop.XAF.Xpo (20.2.3-ctp) - restriction: || (&& (== net461) (>= netcoreapp3.0)) (&& (== net472) (>= netcoreapp3.0)) (== netcoreapp3.1) (&& (== netstandard2.0) (>= netcoreapp3.0))
    DevExpress.WindowsDesktop.XAF.AuditTrail (20.2.3-ctp) - restriction: || (&& (== net461) (>= netcoreapp3.0)) (&& (== net472) (>= netcoreapp3.0)) (== netcoreapp3.1) (&& (== netstandard2.0) (>= netcoreapp3.0))
      DevExpress.WindowsDesktop.Data (20.2.3) - restriction: || (&& (== net461) (>= netstandard2.0)) (== net472) (== netcoreapp3.1) (== netstandard2.0)
      DevExpress.WindowsDesktop.XAF.ExpressApp (20.2.3-ctp) - restriction: || (&& (== net461) (>= netstandard2.0)) (== net472) (== netcoreapp3.1) (== netstandard2.0)
      DevExpress.WindowsDesktop.XAF.Persistent.BaseImpl (20.2.3-ctp) - restriction: || (&& (== net461) (>= netstandard2.0)) (== net472) (== netcoreapp3.1) (== netstandard2.0)
      DevExpress.WindowsDesktop.XAF.Xpo (20.2.3-ctp) - restriction: || (&& (== net461) (>= netstandard2.0)) (== net472) (== netcoreapp3.1) (== netstandard2.0)
      DevExpress.WindowsDesktop.Xpo (20.2.3) - restriction: || (&& (== net461) (>= netstandard2.0)) (== net472) (== netcoreapp3.1) (== netstandard2.0)
      NETStandard.Library (>= 2.0.3) - restriction: || (&& (== net461) (>= netstandard2.0)) (== net472) (== netcoreapp3.1) (== netstandard2.0)
      System.Configuration.ConfigurationManager (>= 4.5) - restriction: || (&& (== net461) (>= netstandard2.0)) (== net472) (== netcoreapp3.1) (== netstandard2.0)
      System.Drawing.Common (>= 4.5) - restriction: || (&& (== net461) (>= netstandard2.0)) (== net472) (== netcoreapp3.1) (== netstandard2.0)
    DevExpress.WindowsDesktop.XAF.Chart (20.2.3-ctp) - restriction: || (&& (== net461) (>= netcoreapp3.0)) (&& (== net472) (>= netcoreapp3.0)) (== netcoreapp3.1) (&& (== netstandard2.0) (>= netcoreapp3.0))
      DevExpress.WindowsDesktop.Charts (20.2.3) - restriction: || (&& (== net461) (>= netstandard2.0)) (== net472) (== netcoreapp3.1) (== netstandard2.0)
      DevExpress.WindowsDesktop.Data (20.2.3) - restriction: || (&& (== net461) (>= netstandard2.0)) (== net472) (== netcoreapp3.1) (== netstandard2.0)
      DevExpress.WindowsDesktop.XAF.ExpressApp (20.2.3-ctp) - restriction: || (&& (== net461) (>= netstandard2.0)) (== net472) (== netcoreapp3.1) (== netstandard2.0)
      DevExpress.WindowsDesktop.XAF.Persistent.Base (20.2.3-ctp) - restriction: || (&& (== net461) (>= netstandard2.0)) (== net472) (== netcoreapp3.1) (== netstandard2.0)
      NETStandard.Library (>= 2.0.3) - restriction: || (&& (== net461) (>= netstandard2.0)) (== net472) (== netcoreapp3.1) (== netstandard2.0)
      System.Drawing.Common (>= 4.5) - restriction: || (&& (== net461) (>= netstandard2.0)) (== net472) (== netcoreapp3.1) (== netstandard2.0)
    DevExpress.WindowsDesktop.XAF.Chart.Win (20.2.3-ctp) - restriction: || (&& (== net461) (>= netcoreapp3.0)) (&& (== net472) (>= netcoreapp3.0)) (== netcoreapp3.1) (&& (== netstandard2.0) (>= netcoreapp3.0))
      DevExpress.WindowsDesktop.Charts (20.2.3) - restriction: || (&& (== net461) (>= netcoreapp3.0)) (&& (== net472) (>= netcoreapp3.0)) (== netcoreapp3.1) (&& (== netstandard2.0) (>= netcoreapp3.0))
      DevExpress.WindowsDesktop.Data (20.2.3) - restriction: || (&& (== net461) (>= netcoreapp3.0)) (&& (== net472) (>= netcoreapp3.0)) (== netcoreapp3.1) (&& (== netstandard2.0) (>= netcoreapp3.0))
      DevExpress.WindowsDesktop.Printing.Core (20.2.3) - restriction: || (&& (== net461) (>= netcoreapp3.0)) (&& (== net472) (>= netcoreapp3.0)) (== netcoreapp3.1) (&& (== netstandard2.0) (>= netcoreapp3.0))
      DevExpress.WindowsDesktop.Win.Bars (20.2.3-ctp) - restriction: || (&& (== net461) (>= netcoreapp3.0)) (&& (== net472) (>= netcoreapp3.0)) (== netcoreapp3.1) (&& (== netstandard2.0) (>= netcoreapp3.0))
      DevExpress.WindowsDesktop.Win.Charts (20.2.3-ctp) - restriction: || (&& (== net461) (>= netcoreapp3.0)) (&& (== net472) (>= netcoreapp3.0)) (== netcoreapp3.1) (&& (== netstandard2.0) (>= netcoreapp3.0))
      DevExpress.WindowsDesktop.Win.Editors (20.2.3-ctp) - restriction: || (&& (== net461) (>= netcoreapp3.0)) (&& (== net472) (>= netcoreapp3.0)) (== netcoreapp3.1) (&& (== netstandard2.0) (>= netcoreapp3.0))
      DevExpress.WindowsDesktop.Win.Utils (20.2.3-ctp) - restriction: || (&& (== net461) (>= netcoreapp3.0)) (&& (== net472) (>= netcoreapp3.0)) (== netcoreapp3.1) (&& (== netstandard2.0) (>= netcoreapp3.0))
      DevExpress.WindowsDesktop.XAF.Chart (20.2.3-ctp) - restriction: || (&& (== net461) (>= netcoreapp3.0)) (&& (== net472) (>= netcoreapp3.0)) (== netcoreapp3.1) (&& (== netstandard2.0) (>= netcoreapp3.0))
      DevExpress.WindowsDesktop.XAF.ExpressApp (20.2.3-ctp) - restriction: || (&& (== net461) (>= netcoreapp3.0)) (&& (== net472) (>= netcoreapp3.0)) (== netcoreapp3.1) (&& (== netstandard2.0) (>= netcoreapp3.0))
      DevExpress.WindowsDesktop.XAF.ExpressApp.Win (20.2.3-ctp) - restriction: || (&& (== net461) (>= netcoreapp3.0)) (&& (== net472) (>= netcoreapp3.0)) (== netcoreapp3.1) (&& (== netstandard2.0) (>= netcoreapp3.0))
      DevExpress.WindowsDesktop.XAF.Persistent.Base (20.2.3-ctp) - restriction: || (&& (== net461) (>= netcoreapp3.0)) (&& (== net472) (>= netcoreapp3.0)) (== netcoreapp3.1) (&& (== netstandard2.0) (>= netcoreapp3.0))
    DevExpress.WindowsDesktop.XAF.CloneObject (20.2.3-ctp) - restriction: || (&& (== net461) (>= netcoreapp3.0)) (&& (== net472) (>= netcoreapp3.0)) (== netcoreapp3.1) (&& (== netstandard2.0) (>= netcoreapp3.0))
      DevExpress.WindowsDesktop.Data (20.2.3) - restriction: || (&& (== net461) (>= netstandard2.0)) (== net472) (== netcoreapp3.1) (== netstandard2.0)
      DevExpress.WindowsDesktop.XAF.ExpressApp (20.2.3-ctp) - restriction: || (&& (== net461) (>= netstandard2.0)) (== net472) (== netcoreapp3.1) (== netstandard2.0)
      DevExpress.WindowsDesktop.XAF.Persistent.Base (20.2.3-ctp) - restriction: || (&& (== net461) (>= netstandard2.0)) (== net472) (== netcoreapp3.1) (== netstandard2.0)
      NETStandard.Library (>= 2.0.3) - restriction: || (&& (== net461) (>= netstandard2.0)) (== net472) (== netcoreapp3.1) (== netstandard2.0)
      System.Drawing.Common (>= 4.5) - restriction: || (&& (== net461) (>= netstandard2.0)) (== net472) (== netcoreapp3.1) (== netstandard2.0)
    DevExpress.WindowsDesktop.XAF.ConditionalAppearance (20.2.3-ctp) - restriction: || (&& (== net461) (>= netcoreapp3.0)) (&& (== net472) (>= netcoreapp3.0)) (== netcoreapp3.1) (&& (== netstandard2.0) (>= netcoreapp3.0))
      DevExpress.WindowsDesktop.Data (20.2.3) - restriction: || (&& (== net461) (>= netstandard2.0)) (== net472) (== netcoreapp3.1) (== netstandard2.0)
      DevExpress.WindowsDesktop.XAF.ExpressApp (20.2.3-ctp) - restriction: || (&& (== net461) (>= netstandard2.0)) (== net472) (== netcoreapp3.1) (== netstandard2.0)
      DevExpress.WindowsDesktop.XAF.Persistent.Base (20.2.3-ctp) - restriction: || (&& (== net461) (>= netstandard2.0)) (== net472) (== netcoreapp3.1) (== netstandard2.0)
      NETStandard.Library (>= 2.0.3) - restriction: || (&& (== net461) (>= netstandard2.0)) (== net472) (== netcoreapp3.1) (== netstandard2.0)
      System.Drawing.Common (>= 4.5) - restriction: || (&& (== net461) (>= netstandard2.0)) (== net472) (== netcoreapp3.1) (== netstandard2.0)
    DevExpress.WindowsDesktop.XAF.Dashboards (20.2.3-ctp) - restriction: || (&& (== net461) (>= netcoreapp3.0)) (&& (== net472) (>= netcoreapp3.0)) (== netcoreapp3.1) (&& (== netstandard2.0) (>= netcoreapp3.0))
      DevExpress.WindowsDesktop.Dashboard.Core (20.2.3) - restriction: || (&& (== net461) (>= netstandard2.0)) (== net472) (== netcoreapp3.1) (== netstandard2.0)
      DevExpress.WindowsDesktop.Data (20.2.3) - restriction: || (&& (== net461) (>= netstandard2.0)) (== net472) (== netcoreapp3.1) (== netstandard2.0)
      DevExpress.WindowsDesktop.DataAccess (20.2.3) - restriction: || (&& (== net461) (>= netstandard2.0)) (== net472) (== netcoreapp3.1) (== netstandard2.0)
      DevExpress.WindowsDesktop.XAF.ExpressApp (20.2.3-ctp) - restriction: || (&& (== net461) (>= netstandard2.0)) (== net472) (== netcoreapp3.1) (== netstandard2.0)
      DevExpress.WindowsDesktop.XAF.Persistent.Base (20.2.3-ctp) - restriction: || (&& (== net461) (>= netstandard2.0)) (== net472) (== netcoreapp3.1) (== netstandard2.0)
      NETStandard.Library (>= 2.0.3) - restriction: || (&& (== net461) (>= netstandard2.0)) (== net472) (== netcoreapp3.1) (== netstandard2.0)
      System.Drawing.Common (>= 4.5) - restriction: || (&& (== net461) (>= netstandard2.0)) (== net472) (== netcoreapp3.1) (== netstandard2.0)
    DevExpress.WindowsDesktop.XAF.Dashboards.Win (20.2.3-ctp) - restriction: || (&& (== net461) (>= netcoreapp3.0)) (&& (== net472) (>= netcoreapp3.0)) (== netcoreapp3.1) (&& (== netstandard2.0) (>= netcoreapp3.0))
      DevExpress.WindowsDesktop.Dashboard.Core (20.2.3) - restriction: || (&& (== net461) (>= netcoreapp3.0)) (&& (== net472) (>= netcoreapp3.0)) (== netcoreapp3.1) (&& (== netstandard2.0) (>= netcoreapp3.0))
      DevExpress.WindowsDesktop.Data (20.2.3) - restriction: || (&& (== net461) (>= netcoreapp3.0)) (&& (== net472) (>= netcoreapp3.0)) (== netcoreapp3.1) (&& (== netstandard2.0) (>= netcoreapp3.0))
      DevExpress.WindowsDesktop.DataAccess (20.2.3) - restriction: || (&& (== net461) (>= netcoreapp3.0)) (&& (== net472) (>= netcoreapp3.0)) (== netcoreapp3.1) (&& (== netstandard2.0) (>= netcoreapp3.0))
      DevExpress.WindowsDesktop.Win.Bars (20.2.3-ctp) - restriction: || (&& (== net461) (>= netcoreapp3.0)) (&& (== net472) (>= netcoreapp3.0)) (== netcoreapp3.1) (&& (== netstandard2.0) (>= netcoreapp3.0))
      DevExpress.WindowsDesktop.Win.Dashboard (20.2.3) - restriction: || (&& (== net461) (>= netcoreapp3.0)) (&& (== net472) (>= netcoreapp3.0)) (== netcoreapp3.1) (&& (== netstandard2.0) (>= netcoreapp3.0))
      DevExpress.WindowsDesktop.Win.DataAccess.UI (20.2.3-ctp) - restriction: || (&& (== net461) (>= netcoreapp3.0)) (&& (== net472) (>= netcoreapp3.0)) (== netcoreapp3.1) (&& (== netstandard2.0) (>= netcoreapp3.0))
      DevExpress.WindowsDesktop.Win.Editors (20.2.3-ctp) - restriction: || (&& (== net461) (>= netcoreapp3.0)) (&& (== net472) (>= netcoreapp3.0)) (== netcoreapp3.1) (&& (== netstandard2.0) (>= netcoreapp3.0))
      DevExpress.WindowsDesktop.Win.Utils (20.2.3-ctp) - restriction: || (&& (== net461) (>= netcoreapp3.0)) (&& (== net472) (>= netcoreapp3.0)) (== netcoreapp3.1) (&& (== netstandard2.0) (>= netcoreapp3.0))
      DevExpress.WindowsDesktop.XAF.Dashboards (20.2.3-ctp) - restriction: || (&& (== net461) (>= netcoreapp3.0)) (&& (== net472) (>= netcoreapp3.0)) (== netcoreapp3.1) (&& (== netstandard2.0) (>= netcoreapp3.0))
      DevExpress.WindowsDesktop.XAF.ExpressApp (20.2.3-ctp) - restriction: || (&& (== net461) (>= netcoreapp3.0)) (&& (== net472) (>= netcoreapp3.0)) (== netcoreapp3.1) (&& (== netstandard2.0) (>= netcoreapp3.0))
      DevExpress.WindowsDesktop.XAF.ExpressApp.Win (20.2.3-ctp) - restriction: || (&& (== net461) (>= netcoreapp3.0)) (&& (== net472) (>= netcoreapp3.0)) (== netcoreapp3.1) (&& (== netstandard2.0) (>= netcoreapp3.0))
      DevExpress.WindowsDesktop.XAF.Persistent.Base (20.2.3-ctp) - restriction: || (&& (== net461) (>= netcoreapp3.0)) (&& (== net472) (>= netcoreapp3.0)) (== netcoreapp3.1) (&& (== netstandard2.0) (>= netcoreapp3.0))
    DevExpress.WindowsDesktop.XAF.EasyTest (20.2.3-ctp) - restriction: || (&& (== net461) (>= netcoreapp3.0)) (&& (== net472) (>= netcoreapp3.0)) (== netcoreapp3.1) (&& (== netstandard2.0) (>= netcoreapp3.0))
      Microsoft.Win32.Registry (>= 4.5) - restriction: || (&& (== net461) (>= netstandard2.0)) (== net472) (== netcoreapp3.1) (== netstandard2.0)
      NETStandard.Library (>= 2.0.3) - restriction: || (&& (== net461) (>= netstandard2.0)) (== net472) (== netcoreapp3.1) (== netstandard2.0)
      System.Configuration.ConfigurationManager (>= 4.5) - restriction: || (&& (== net461) (>= netstandard2.0)) (== net472) (== netcoreapp3.1) (== netstandard2.0)
      System.Data.SqlClient (>= 4.5) - restriction: || (&& (== net461) (>= netstandard2.0)) (== net472) (== netcoreapp3.1) (== netstandard2.0)
      System.Drawing.Common (>= 4.5) - restriction: || (&& (== net461) (>= netstandard2.0)) (== net472) (== netcoreapp3.1) (== netstandard2.0)
      System.ServiceProcess.ServiceController (>= 4.5) - restriction: || (&& (== net461) (>= netstandard2.0)) (== net472) (== netcoreapp3.1) (== netstandard2.0)
    DevExpress.WindowsDesktop.XAF.EasyTest.WinAdapter (20.2.3-ctp) - restriction: || (&& (== net461) (>= netcoreapp3.0)) (&& (== net472) (>= netcoreapp3.0)) (== netcoreapp3.1) (&& (== netstandard2.0) (>= netcoreapp3.0))
      DevExpress.WindowsDesktop.Data (20.2.3) - restriction: || (&& (== net461) (>= netcoreapp3.0)) (&& (== net472) (>= netcoreapp3.0)) (== netcoreapp3.1) (&& (== netstandard2.0) (>= netcoreapp3.0))
      DevExpress.WindowsDesktop.PivotGrid.Core (20.2.3) - restriction: || (&& (== net461) (>= netcoreapp3.0)) (&& (== net472) (>= netcoreapp3.0)) (== netcoreapp3.1) (&& (== netstandard2.0) (>= netcoreapp3.0))
      DevExpress.WindowsDesktop.Scheduler.Core (20.2.3) - restriction: || (&& (== net461) (>= netcoreapp3.0)) (&& (== net472) (>= netcoreapp3.0)) (== netcoreapp3.1) (&& (== netstandard2.0) (>= netcoreapp3.0))
      DevExpress.WindowsDesktop.Scheduler.CoreDesktop (20.2.3) - restriction: || (&& (== net461) (>= netcoreapp3.0)) (&& (== net472) (>= netcoreapp3.0)) (== netcoreapp3.1) (&& (== netstandard2.0) (>= netcoreapp3.0))
      DevExpress.WindowsDesktop.Spreadsheet.Core (20.2.3) - restriction: || (&& (== net461) (>= netcoreapp3.0)) (&& (== net472) (>= netcoreapp3.0)) (== netcoreapp3.1) (&& (== netstandard2.0) (>= netcoreapp3.0))
      DevExpress.WindowsDesktop.Win.Bars (20.2.3-ctp) - restriction: || (&& (== net461) (>= netcoreapp3.0)) (&& (== net472) (>= netcoreapp3.0)) (== netcoreapp3.1) (&& (== netstandard2.0) (>= netcoreapp3.0))
      DevExpress.WindowsDesktop.Win.DataAccess.UI (20.2.3-ctp) - restriction: || (&& (== net461) (>= netcoreapp3.0)) (&& (== net472) (>= netcoreapp3.0)) (== netcoreapp3.1) (&& (== netstandard2.0) (>= netcoreapp3.0))
      DevExpress.WindowsDesktop.Win.Editors (20.2.3-ctp) - restriction: || (&& (== net461) (>= netcoreapp3.0)) (&& (== net472) (>= netcoreapp3.0)) (== netcoreapp3.1) (&& (== netstandard2.0) (>= netcoreapp3.0))
      DevExpress.WindowsDesktop.Win.Grid (20.2.3-ctp) - restriction: || (&& (== net461) (>= netcoreapp3.0)) (&& (== net472) (>= netcoreapp3.0)) (== netcoreapp3.1) (&& (== netstandard2.0) (>= netcoreapp3.0))
      DevExpress.WindowsDesktop.Win.Layout (20.2.3-ctp) - restriction: || (&& (== net461) (>= netcoreapp3.0)) (&& (== net472) (>= netcoreapp3.0)) (== netcoreapp3.1) (&& (== netstandard2.0) (>= netcoreapp3.0))
      DevExpress.WindowsDesktop.Win.NavBar (20.2.3-ctp) - restriction: || (&& (== net461) (>= netcoreapp3.0)) (&& (== net472) (>= netcoreapp3.0)) (== netcoreapp3.1) (&& (== netstandard2.0) (>= netcoreapp3.0))
      DevExpress.WindowsDesktop.Win.PivotGrid (20.2.3-ctp) - restriction: || (&& (== net461) (>= netcoreapp3.0)) (&& (== net472) (>= netcoreapp3.0)) (== netcoreapp3.1) (&& (== netstandard2.0) (>= netcoreapp3.0))
      DevExpress.WindowsDesktop.Win.RichEdit (20.2.3-ctp) - restriction: || (&& (== net461) (>= netcoreapp3.0)) (&& (== net472) (>= netcoreapp3.0)) (== netcoreapp3.1) (&& (== netstandard2.0) (>= netcoreapp3.0))
      DevExpress.WindowsDesktop.Win.Scheduler (20.2.3-ctp) - restriction: || (&& (== net461) (>= netcoreapp3.0)) (&& (== net472) (>= netcoreapp3.0)) (== netcoreapp3.1) (&& (== netstandard2.0) (>= netcoreapp3.0))
      DevExpress.WindowsDesktop.Win.Spreadsheet (20.2.3-ctp) - restriction: || (&& (== net461) (>= netcoreapp3.0)) (&& (== net472) (>= netcoreapp3.0)) (== netcoreapp3.1) (&& (== netstandard2.0) (>= netcoreapp3.0))
      DevExpress.WindowsDesktop.Win.TreeList (20.2.3-ctp) - restriction: || (&& (== net461) (>= netcoreapp3.0)) (&& (== net472) (>= netcoreapp3.0)) (== netcoreapp3.1) (&& (== netstandard2.0) (>= netcoreapp3.0))
      DevExpress.WindowsDesktop.Win.Utils (20.2.3-ctp) - restriction: || (&& (== net461) (>= netcoreapp3.0)) (&& (== net472) (>= netcoreapp3.0)) (== netcoreapp3.1) (&& (== netstandard2.0) (>= netcoreapp3.0))
      DevExpress.WindowsDesktop.Win.VerticalGrid (20.2.3-ctp) - restriction: || (&& (== net461) (>= netcoreapp3.0)) (&& (== net472) (>= netcoreapp3.0)) (== netcoreapp3.1) (&& (== netstandard2.0) (>= netcoreapp3.0))
      DevExpress.WindowsDesktop.XAF.EasyTest (20.2.3-ctp) - restriction: || (&& (== net461) (>= netcoreapp3.0)) (&& (== net472) (>= netcoreapp3.0)) (== netcoreapp3.1) (&& (== netstandard2.0) (>= netcoreapp3.0))
      DevExpress.WindowsDesktop.XAF.ExpressApp (20.2.3-ctp) - restriction: || (&& (== net461) (>= netcoreapp3.0)) (&& (== net472) (>= netcoreapp3.0)) (== netcoreapp3.1) (&& (== netstandard2.0) (>= netcoreapp3.0))
      DevExpress.WindowsDesktop.XAF.ExpressApp.Win (20.2.3-ctp) - restriction: || (&& (== net461) (>= netcoreapp3.0)) (&& (== net472) (>= netcoreapp3.0)) (== netcoreapp3.1) (&& (== netstandard2.0) (>= netcoreapp3.0))
      DevExpress.WindowsDesktop.XAF.Office.Win (20.2.3-ctp) - restriction: || (&& (== net461) (>= netcoreapp3.0)) (&& (== net472) (>= netcoreapp3.0)) (== netcoreapp3.1) (&& (== netstandard2.0) (>= netcoreapp3.0))
      DevExpress.WindowsDesktop.XAF.PivotChart.Win (20.2.3-ctp) - restriction: || (&& (== net461) (>= netcoreapp3.0)) (&& (== net472) (>= netcoreapp3.0)) (== netcoreapp3.1) (&& (== netstandard2.0) (>= netcoreapp3.0))
    DevExpress.WindowsDesktop.XAF.ExpressApp (20.2.3-ctp) - restriction: || (&& (== net461) (>= netcoreapp3.0)) (&& (== net472) (>= netcoreapp3.0)) (== netcoreapp3.1) (&& (== netstandard2.0) (>= netcoreapp3.0))
      DevExpress.WindowsDesktop.Data (20.2.3) - restriction: || (&& (== net461) (>= netstandard2.0)) (== net472) (== netcoreapp3.1) (== netstandard2.0)
      DevExpress.WindowsDesktop.Images (20.2.3) - restriction: || (&& (== net461) (>= netstandard2.0)) (== net472) (== netcoreapp3.1) (== netstandard2.0)
      DevExpress.WindowsDesktop.Printing.Core (20.2.3) - restriction: || (&& (== net461) (>= netstandard2.0)) (== net472) (== netcoreapp3.1) (== netstandard2.0)
      Microsoft.CodeAnalysis.CSharp (>= 2.8) - restriction: || (&& (== net461) (>= netstandard2.0)) (== net472) (== netcoreapp3.1) (== netstandard2.0)
      Microsoft.Win32.Registry (>= 4.5) - restriction: || (&& (== net461) (>= netstandard2.0)) (== net472) (== netcoreapp3.1) (== netstandard2.0)
      NETStandard.Library (>= 2.0.3) - restriction: || (&& (== net461) (>= netstandard2.0)) (== net472) (== netcoreapp3.1) (== netstandard2.0)
      System.Configuration.ConfigurationManager (>= 4.5) - restriction: || (&& (== net461) (>= netstandard2.0)) (== net472) (== netcoreapp3.1) (== netstandard2.0)
      System.Diagnostics.EventLog (>= 4.5) - restriction: || (&& (== net461) (>= netstandard2.0)) (== net472) (== netcoreapp3.1) (== netstandard2.0)
      System.Drawing.Common (>= 4.5) - restriction: || (&& (== net461) (>= netstandard2.0)) (== net472) (== netcoreapp3.1) (== netstandard2.0)
      System.Reflection.Emit (>= 4.3) - restriction: || (&& (== net461) (>= netstandard2.0)) (== net472) (== netcoreapp3.1) (== netstandard2.0)
      System.Reflection.Emit.Lightweight (>= 4.3) - restriction: || (&& (== net461) (>= netstandard2.0)) (== net472) (== netcoreapp3.1) (== netstandard2.0)
      System.Resources.Extensions (>= 4.6) - restriction: || (&& (== net461) (>= netstandard2.0)) (== net472) (== netcoreapp3.1) (== netstandard2.0)
      System.ServiceModel.Primitives (>= 4.5.3) - restriction: || (&& (== net461) (>= netstandard2.0)) (== net472) (== netcoreapp3.1) (== netstandard2.0)
      System.Text.Encoding.CodePages (>= 4.6) - restriction: || (&& (== net461) (>= netstandard2.0)) (== net472) (== netcoreapp3.1) (== netstandard2.0)
    DevExpress.WindowsDesktop.XAF.ExpressApp.Win (20.2.3-ctp) - restriction: || (&& (== net461) (>= netcoreapp3.0)) (&& (== net472) (>= netcoreapp3.0)) (== netcoreapp3.1) (&& (== netstandard2.0) (>= netcoreapp3.0))
      DevExpress.WindowsDesktop.Data (20.2.3) - restriction: || (&& (== net461) (>= netcoreapp3.0)) (&& (== net472) (>= netcoreapp3.0)) (== netcoreapp3.1) (&& (== netstandard2.0) (>= netcoreapp3.0))
      DevExpress.WindowsDesktop.DataDesktop (20.2.3) - restriction: || (&& (== net461) (>= netcoreapp3.0)) (&& (== net472) (>= netcoreapp3.0)) (== netcoreapp3.1) (&& (== netstandard2.0) (>= netcoreapp3.0))
      DevExpress.WindowsDesktop.Office.Core (20.2.3) - restriction: || (&& (== net461) (>= netcoreapp3.0)) (&& (== net472) (>= netcoreapp3.0)) (== netcoreapp3.1) (&& (== netstandard2.0) (>= netcoreapp3.0))
      DevExpress.WindowsDesktop.Printing.Core (20.2.3) - restriction: || (&& (== net461) (>= netcoreapp3.0)) (&& (== net472) (>= netcoreapp3.0)) (== netcoreapp3.1) (&& (== netstandard2.0) (>= netcoreapp3.0))
      DevExpress.WindowsDesktop.RichEdit.Core (20.2.3) - restriction: || (&& (== net461) (>= netcoreapp3.0)) (&& (== net472) (>= netcoreapp3.0)) (== netcoreapp3.1) (&& (== netstandard2.0) (>= netcoreapp3.0))
      DevExpress.WindowsDesktop.Win.Bars (20.2.3-ctp) - restriction: || (&& (== net461) (>= netcoreapp3.0)) (&& (== net472) (>= netcoreapp3.0)) (== netcoreapp3.1) (&& (== netstandard2.0) (>= netcoreapp3.0))
      DevExpress.WindowsDesktop.Win.DataAccess.UI (20.2.3-ctp) - restriction: || (&& (== net461) (>= netcoreapp3.0)) (&& (== net472) (>= netcoreapp3.0)) (== netcoreapp3.1) (&& (== netstandard2.0) (>= netcoreapp3.0))
      DevExpress.WindowsDesktop.Win.Editors (20.2.3-ctp) - restriction: || (&& (== net461) (>= netcoreapp3.0)) (&& (== net472) (>= netcoreapp3.0)) (== netcoreapp3.1) (&& (== netstandard2.0) (>= netcoreapp3.0))
      DevExpress.WindowsDesktop.Win.Grid (20.2.3-ctp) - restriction: || (&& (== net461) (>= netcoreapp3.0)) (&& (== net472) (>= netcoreapp3.0)) (== netcoreapp3.1) (&& (== netstandard2.0) (>= netcoreapp3.0))
      DevExpress.WindowsDesktop.Win.Layout (20.2.3-ctp) - restriction: || (&& (== net461) (>= netcoreapp3.0)) (&& (== net472) (>= netcoreapp3.0)) (== netcoreapp3.1) (&& (== netstandard2.0) (>= netcoreapp3.0))
      DevExpress.WindowsDesktop.Win.NavBar (20.2.3-ctp) - restriction: || (&& (== net461) (>= netcoreapp3.0)) (&& (== net472) (>= netcoreapp3.0)) (== netcoreapp3.1) (&& (== netstandard2.0) (>= netcoreapp3.0))
      DevExpress.WindowsDesktop.Win.Printing (20.2.3-ctp) - restriction: || (&& (== net461) (>= netcoreapp3.0)) (&& (== net472) (>= netcoreapp3.0)) (== netcoreapp3.1) (&& (== netstandard2.0) (>= netcoreapp3.0))
      DevExpress.WindowsDesktop.Win.RichEdit (20.2.3-ctp) - restriction: || (&& (== net461) (>= netcoreapp3.0)) (&& (== net472) (>= netcoreapp3.0)) (== netcoreapp3.1) (&& (== netstandard2.0) (>= netcoreapp3.0))
      DevExpress.WindowsDesktop.Win.TreeList (20.2.3-ctp) - restriction: || (&& (== net461) (>= netcoreapp3.0)) (&& (== net472) (>= netcoreapp3.0)) (== netcoreapp3.1) (&& (== netstandard2.0) (>= netcoreapp3.0))
      DevExpress.WindowsDesktop.Win.Utils (20.2.3-ctp) - restriction: || (&& (== net461) (>= netcoreapp3.0)) (&& (== net472) (>= netcoreapp3.0)) (== netcoreapp3.1) (&& (== netstandard2.0) (>= netcoreapp3.0))
      DevExpress.WindowsDesktop.Win.VerticalGrid (20.2.3-ctp) - restriction: || (&& (== net461) (>= netcoreapp3.0)) (&& (== net472) (>= netcoreapp3.0)) (== netcoreapp3.1) (&& (== netstandard2.0) (>= netcoreapp3.0))
      DevExpress.WindowsDesktop.XAF.ExpressApp (20.2.3-ctp) - restriction: || (&& (== net461) (>= netcoreapp3.0)) (&& (== net472) (>= netcoreapp3.0)) (== netcoreapp3.1) (&& (== netstandard2.0) (>= netcoreapp3.0))
      DevExpress.WindowsDesktop.XAF.Persistent.Base (20.2.3-ctp) - restriction: || (&& (== net461) (>= netcoreapp3.0)) (&& (== net472) (>= netcoreapp3.0)) (== netcoreapp3.1) (&& (== netstandard2.0) (>= netcoreapp3.0))
    DevExpress.WindowsDesktop.XAF.FileAttachment.Win (20.2.3-ctp) - restriction: || (&& (== net461) (>= netcoreapp3.0)) (&& (== net472) (>= netcoreapp3.0)) (== netcoreapp3.1) (&& (== netstandard2.0) (>= netcoreapp3.0))
      DevExpress.WindowsDesktop.Data (20.2.3) - restriction: || (&& (== net461) (>= netcoreapp3.0)) (&& (== net472) (>= netcoreapp3.0)) (== netcoreapp3.1) (&& (== netstandard2.0) (>= netcoreapp3.0))
      DevExpress.WindowsDesktop.DataDesktop (20.2.3) - restriction: || (&& (== net461) (>= netcoreapp3.0)) (&& (== net472) (>= netcoreapp3.0)) (== netcoreapp3.1) (&& (== netstandard2.0) (>= netcoreapp3.0))
      DevExpress.WindowsDesktop.Win.Editors (20.2.3-ctp) - restriction: || (&& (== net461) (>= netcoreapp3.0)) (&& (== net472) (>= netcoreapp3.0)) (== netcoreapp3.1) (&& (== netstandard2.0) (>= netcoreapp3.0))
      DevExpress.WindowsDesktop.Win.Utils (20.2.3-ctp) - restriction: || (&& (== net461) (>= netcoreapp3.0)) (&& (== net472) (>= netcoreapp3.0)) (== netcoreapp3.1) (&& (== netstandard2.0) (>= netcoreapp3.0))
      DevExpress.WindowsDesktop.XAF.ExpressApp (20.2.3-ctp) - restriction: || (&& (== net461) (>= netcoreapp3.0)) (&& (== net472) (>= netcoreapp3.0)) (== netcoreapp3.1) (&& (== netstandard2.0) (>= netcoreapp3.0))
      DevExpress.WindowsDesktop.XAF.ExpressApp.Win (20.2.3-ctp) - restriction: || (&& (== net461) (>= netcoreapp3.0)) (&& (== net472) (>= netcoreapp3.0)) (== netcoreapp3.1) (&& (== netstandard2.0) (>= netcoreapp3.0))
      DevExpress.WindowsDesktop.XAF.Persistent.Base (20.2.3-ctp) - restriction: || (&& (== net461) (>= netcoreapp3.0)) (&& (== net472) (>= netcoreapp3.0)) (== netcoreapp3.1) (&& (== netstandard2.0) (>= netcoreapp3.0))
    DevExpress.WindowsDesktop.XAF.Kpi (20.2.3-ctp) - restriction: || (&& (== net461) (>= netcoreapp3.0)) (&& (== net472) (>= netcoreapp3.0)) (== netcoreapp3.1) (&& (== netstandard2.0) (>= netcoreapp3.0))
      DevExpress.WindowsDesktop.Data (20.2.3) - restriction: || (&& (== net461) (>= netstandard2.0)) (== net472) (== netcoreapp3.1) (== netstandard2.0)
      DevExpress.WindowsDesktop.XAF.ExpressApp (20.2.3-ctp) - restriction: || (&& (== net461) (>= netstandard2.0)) (== net472) (== netcoreapp3.1) (== netstandard2.0)
      DevExpress.WindowsDesktop.XAF.Persistent.Base (20.2.3-ctp) - restriction: || (&& (== net461) (>= netstandard2.0)) (== net472) (== netcoreapp3.1) (== netstandard2.0)
      DevExpress.WindowsDesktop.XAF.Validation (20.2.3-ctp) - restriction: || (&& (== net461) (>= netstandard2.0)) (== net472) (== netcoreapp3.1) (== netstandard2.0)
      NETStandard.Library (>= 2.0.3) - restriction: || (&& (== net461) (>= netstandard2.0)) (== net472) (== netcoreapp3.1) (== netstandard2.0)
      System.Drawing.Common (>= 4.5) - restriction: || (&& (== net461) (>= netstandard2.0)) (== net472) (== netcoreapp3.1) (== netstandard2.0)
    DevExpress.WindowsDesktop.XAF.Notifications (20.2.3-ctp) - restriction: || (&& (== net461) (>= netcoreapp3.0)) (&& (== net472) (>= netcoreapp3.0)) (== netcoreapp3.1) (&& (== netstandard2.0) (>= netcoreapp3.0))
      DevExpress.WindowsDesktop.Data (20.2.3) - restriction: || (&& (== net461) (>= netstandard2.0)) (== net472) (== netcoreapp3.1) (== netstandard2.0)
      DevExpress.WindowsDesktop.XAF.ExpressApp (20.2.3-ctp) - restriction: || (&& (== net461) (>= netstandard2.0)) (== net472) (== netcoreapp3.1) (== netstandard2.0)
      DevExpress.WindowsDesktop.XAF.Persistent.Base (20.2.3-ctp) - restriction: || (&& (== net461) (>= netstandard2.0)) (== net472) (== netcoreapp3.1) (== netstandard2.0)
      NETStandard.Library (>= 2.0.3) - restriction: || (&& (== net461) (>= netstandard2.0)) (== net472) (== netcoreapp3.1) (== netstandard2.0)
      System.Drawing.Common (>= 4.5) - restriction: || (&& (== net461) (>= netstandard2.0)) (== net472) (== netcoreapp3.1) (== netstandard2.0)
    DevExpress.WindowsDesktop.XAF.Notifications.Win (20.2.3-ctp) - restriction: || (&& (== net461) (>= netcoreapp3.0)) (&& (== net472) (>= netcoreapp3.0)) (== netcoreapp3.1) (&& (== netstandard2.0) (>= netcoreapp3.0))
      DevExpress.WindowsDesktop.Data (20.2.3) - restriction: || (&& (== net461) (>= netcoreapp3.0)) (&& (== net472) (>= netcoreapp3.0)) (== netcoreapp3.1) (&& (== netstandard2.0) (>= netcoreapp3.0))
      DevExpress.WindowsDesktop.Win.Bars (20.2.3-ctp) - restriction: || (&& (== net461) (>= netcoreapp3.0)) (&& (== net472) (>= netcoreapp3.0)) (== netcoreapp3.1) (&& (== netstandard2.0) (>= netcoreapp3.0))
      DevExpress.WindowsDesktop.Win.Editors (20.2.3-ctp) - restriction: || (&& (== net461) (>= netcoreapp3.0)) (&& (== net472) (>= netcoreapp3.0)) (== netcoreapp3.1) (&& (== netstandard2.0) (>= netcoreapp3.0))
      DevExpress.WindowsDesktop.Win.Grid (20.2.3-ctp) - restriction: || (&& (== net461) (>= netcoreapp3.0)) (&& (== net472) (>= netcoreapp3.0)) (== netcoreapp3.1) (&& (== netstandard2.0) (>= netcoreapp3.0))
      DevExpress.WindowsDesktop.Win.Utils (20.2.3-ctp) - restriction: || (&& (== net461) (>= netcoreapp3.0)) (&& (== net472) (>= netcoreapp3.0)) (== netcoreapp3.1) (&& (== netstandard2.0) (>= netcoreapp3.0))
      DevExpress.WindowsDesktop.XAF.ExpressApp (20.2.3-ctp) - restriction: || (&& (== net461) (>= netcoreapp3.0)) (&& (== net472) (>= netcoreapp3.0)) (== netcoreapp3.1) (&& (== netstandard2.0) (>= netcoreapp3.0))
      DevExpress.WindowsDesktop.XAF.ExpressApp.Win (20.2.3-ctp) - restriction: || (&& (== net461) (>= netcoreapp3.0)) (&& (== net472) (>= netcoreapp3.0)) (== netcoreapp3.1) (&& (== netstandard2.0) (>= netcoreapp3.0))
      DevExpress.WindowsDesktop.XAF.Notifications (20.2.3-ctp) - restriction: || (&& (== net461) (>= netcoreapp3.0)) (&& (== net472) (>= netcoreapp3.0)) (== netcoreapp3.1) (&& (== netstandard2.0) (>= netcoreapp3.0))
    DevExpress.WindowsDesktop.XAF.Objects (20.2.3-ctp) - restriction: || (&& (== net461) (>= netcoreapp3.0)) (&& (== net472) (>= netcoreapp3.0)) (== netcoreapp3.1) (&& (== netstandard2.0) (>= netcoreapp3.0))
      DevExpress.WindowsDesktop.Data (20.2.3) - restriction: || (&& (== net461) (>= netstandard2.0)) (== net472) (== netcoreapp3.1) (== netstandard2.0)
      DevExpress.WindowsDesktop.XAF.ExpressApp (20.2.3-ctp) - restriction: || (&& (== net461) (>= netstandard2.0)) (== net472) (== netcoreapp3.1) (== netstandard2.0)
      NETStandard.Library (>= 2.0.3) - restriction: || (&& (== net461) (>= netstandard2.0)) (== net472) (== netcoreapp3.1) (== netstandard2.0)
      System.Drawing.Common (>= 4.5) - restriction: || (&& (== net461) (>= netstandard2.0)) (== net472) (== netcoreapp3.1) (== netstandard2.0)
    DevExpress.WindowsDesktop.XAF.Office (20.2.3-ctp) - restriction: || (&& (== net461) (>= netcoreapp3.0)) (&& (== net472) (>= netcoreapp3.0)) (== netcoreapp3.1) (&& (== netstandard2.0) (>= netcoreapp3.0))
      DevExpress.WindowsDesktop.Data (20.2.3) - restriction: || (&& (== net461) (>= netstandard2.0)) (== net472) (== netcoreapp3.1) (== netstandard2.0)
      DevExpress.WindowsDesktop.Office.Core (20.2.3) - restriction: || (&& (== net461) (>= netstandard2.0)) (== net472) (== netcoreapp3.1) (== netstandard2.0)
      DevExpress.WindowsDesktop.RichEdit.Core (20.2.3) - restriction: || (&& (== net461) (>= netstandard2.0)) (== net472) (== netcoreapp3.1) (== netstandard2.0)
      DevExpress.WindowsDesktop.Spreadsheet.Core (20.2.3) - restriction: || (&& (== net461) (>= netstandard2.0)) (== net472) (== netcoreapp3.1) (== netstandard2.0)
      DevExpress.WindowsDesktop.XAF.ExpressApp (20.2.3-ctp) - restriction: || (&& (== net461) (>= netstandard2.0)) (== net472) (== netcoreapp3.1) (== netstandard2.0)
      DevExpress.WindowsDesktop.XAF.Persistent.Base (20.2.3-ctp) - restriction: || (&& (== net461) (>= netstandard2.0)) (== net472) (== netcoreapp3.1) (== netstandard2.0)
      NETStandard.Library (>= 2.0.3) - restriction: || (&& (== net461) (>= netstandard2.0)) (== net472) (== netcoreapp3.1) (== netstandard2.0)
      System.Drawing.Common (>= 4.5) - restriction: || (&& (== net461) (>= netstandard2.0)) (== net472) (== netcoreapp3.1) (== netstandard2.0)
    DevExpress.WindowsDesktop.XAF.Office.Win (20.2.3-ctp) - restriction: || (&& (== net461) (>= netcoreapp3.0)) (&& (== net472) (>= netcoreapp3.0)) (== netcoreapp3.1) (&& (== netstandard2.0) (>= netcoreapp3.0))
      DevExpress.WindowsDesktop.Data (20.2.3) - restriction: || (&& (== net461) (>= netcoreapp3.0)) (&& (== net472) (>= netcoreapp3.0)) (== netcoreapp3.1) (&& (== netstandard2.0) (>= netcoreapp3.0))
      DevExpress.WindowsDesktop.Office.Core (20.2.3) - restriction: || (&& (== net461) (>= netcoreapp3.0)) (&& (== net472) (>= netcoreapp3.0)) (== netcoreapp3.1) (&& (== netstandard2.0) (>= netcoreapp3.0))
      DevExpress.WindowsDesktop.RichEdit.Core (20.2.3) - restriction: || (&& (== net461) (>= netcoreapp3.0)) (&& (== net472) (>= netcoreapp3.0)) (== netcoreapp3.1) (&& (== netstandard2.0) (>= netcoreapp3.0))
      DevExpress.WindowsDesktop.Spreadsheet.Core (20.2.3) - restriction: || (&& (== net461) (>= netcoreapp3.0)) (&& (== net472) (>= netcoreapp3.0)) (== netcoreapp3.1) (&& (== netstandard2.0) (>= netcoreapp3.0))
      DevExpress.WindowsDesktop.Win.Bars (20.2.3-ctp) - restriction: || (&& (== net461) (>= netcoreapp3.0)) (&& (== net472) (>= netcoreapp3.0)) (== netcoreapp3.1) (&& (== netstandard2.0) (>= netcoreapp3.0))
      DevExpress.WindowsDesktop.Win.Editors (20.2.3-ctp) - restriction: || (&& (== net461) (>= netcoreapp3.0)) (&& (== net472) (>= netcoreapp3.0)) (== netcoreapp3.1) (&& (== netstandard2.0) (>= netcoreapp3.0))
      DevExpress.WindowsDesktop.Win.Grid (20.2.3-ctp) - restriction: || (&& (== net461) (>= netcoreapp3.0)) (&& (== net472) (>= netcoreapp3.0)) (== netcoreapp3.1) (&& (== netstandard2.0) (>= netcoreapp3.0))
      DevExpress.WindowsDesktop.Win.RichEdit (20.2.3-ctp) - restriction: || (&& (== net461) (>= netcoreapp3.0)) (&& (== net472) (>= netcoreapp3.0)) (== netcoreapp3.1) (&& (== netstandard2.0) (>= netcoreapp3.0))
      DevExpress.WindowsDesktop.Win.Spreadsheet (20.2.3-ctp) - restriction: || (&& (== net461) (>= netcoreapp3.0)) (&& (== net472) (>= netcoreapp3.0)) (== netcoreapp3.1) (&& (== netstandard2.0) (>= netcoreapp3.0))
      DevExpress.WindowsDesktop.Win.Utils (20.2.3-ctp) - restriction: || (&& (== net461) (>= netcoreapp3.0)) (&& (== net472) (>= netcoreapp3.0)) (== netcoreapp3.1) (&& (== netstandard2.0) (>= netcoreapp3.0))
      DevExpress.WindowsDesktop.XAF.ExpressApp (20.2.3-ctp) - restriction: || (&& (== net461) (>= netcoreapp3.0)) (&& (== net472) (>= netcoreapp3.0)) (== netcoreapp3.1) (&& (== netstandard2.0) (>= netcoreapp3.0))
      DevExpress.WindowsDesktop.XAF.ExpressApp.Win (20.2.3-ctp) - restriction: || (&& (== net461) (>= netcoreapp3.0)) (&& (== net472) (>= netcoreapp3.0)) (== netcoreapp3.1) (&& (== netstandard2.0) (>= netcoreapp3.0))
      DevExpress.WindowsDesktop.XAF.Office (20.2.3-ctp) - restriction: || (&& (== net461) (>= netcoreapp3.0)) (&& (== net472) (>= netcoreapp3.0)) (== netcoreapp3.1) (&& (== netstandard2.0) (>= netcoreapp3.0))
      DevExpress.WindowsDesktop.XAF.Persistent.Base (20.2.3-ctp) - restriction: || (&& (== net461) (>= netcoreapp3.0)) (&& (== net472) (>= netcoreapp3.0)) (== netcoreapp3.1) (&& (== netstandard2.0) (>= netcoreapp3.0))
    DevExpress.WindowsDesktop.XAF.Persistent.Base (20.2.3-ctp) - restriction: || (&& (== net461) (>= netcoreapp3.0)) (&& (== net472) (>= netcoreapp3.0)) (== netcoreapp3.1) (&& (== netstandard2.0) (>= netcoreapp3.0))
      DevExpress.WindowsDesktop.Data (20.2.3) - restriction: || (&& (== net461) (>= netstandard2.0)) (== net472) (== netcoreapp3.1) (== netstandard2.0)
      DevExpress.WindowsDesktop.Printing.Core (20.2.3) - restriction: || (&& (== net461) (>= netstandard2.0)) (== net472) (== netcoreapp3.1) (== netstandard2.0)
      DevExpress.WindowsDesktop.XAF.ExpressApp (20.2.3-ctp) - restriction: || (&& (== net461) (>= netstandard2.0)) (== net472) (== netcoreapp3.1) (== netstandard2.0)
      NETStandard.Library (>= 2.0.3) - restriction: || (&& (== net461) (>= netstandard2.0)) (== net472) (== netcoreapp3.1) (== netstandard2.0)
      System.Drawing.Common (>= 4.5) - restriction: || (&& (== net461) (>= netstandard2.0)) (== net472) (== netcoreapp3.1) (== netstandard2.0)
    DevExpress.WindowsDesktop.XAF.Persistent.BaseImpl (20.2.3-ctp) - restriction: || (&& (== net461) (>= netcoreapp3.0)) (&& (== net472) (>= netcoreapp3.0)) (== netcoreapp3.1) (&& (== netstandard2.0) (>= netcoreapp3.0))
      DevExpress.WindowsDesktop.Data (20.2.3) - restriction: || (&& (== net461) (>= netstandard2.0)) (== net472) (== netcoreapp3.1) (== netstandard2.0)
      DevExpress.WindowsDesktop.Reporting.Core (20.2.3) - restriction: || (&& (== net461) (>= netstandard2.0)) (== net472) (== netcoreapp3.1) (== netstandard2.0)
      DevExpress.WindowsDesktop.Scheduler.Core (20.2.3) - restriction: || (&& (== net461) (>= netstandard2.0)) (== net472) (== netcoreapp3.1) (== netstandard2.0)
      DevExpress.WindowsDesktop.XAF.ExpressApp (20.2.3-ctp) - restriction: || (&& (== net461) (>= netstandard2.0)) (== net472) (== netcoreapp3.1) (== netstandard2.0)
      DevExpress.WindowsDesktop.XAF.Objects (20.2.3-ctp) - restriction: || (&& (== net461) (>= netstandard2.0)) (== net472) (== netcoreapp3.1) (== netstandard2.0)
      DevExpress.WindowsDesktop.XAF.Persistent.Base (20.2.3-ctp) - restriction: || (&& (== net461) (>= netstandard2.0)) (== net472) (== netcoreapp3.1) (== netstandard2.0)
      DevExpress.WindowsDesktop.XAF.Xpo (20.2.3-ctp) - restriction: || (&& (== net461) (>= netstandard2.0)) (== net472) (== netcoreapp3.1) (== netstandard2.0)
      DevExpress.WindowsDesktop.Xpo (20.2.3) - restriction: || (&& (== net461) (>= netstandard2.0)) (== net472) (== netcoreapp3.1) (== netstandard2.0)
      NETStandard.Library (>= 2.0.3) - restriction: || (&& (== net461) (>= netstandard2.0)) (== net472) (== netcoreapp3.1) (== netstandard2.0)
      System.Drawing.Common (>= 4.5) - restriction: || (&& (== net461) (>= netstandard2.0)) (== net472) (== netcoreapp3.1) (== netstandard2.0)
    DevExpress.WindowsDesktop.XAF.PivotChart (20.2.3-ctp) - restriction: || (&& (== net461) (>= netcoreapp3.0)) (&& (== net472) (>= netcoreapp3.0)) (== netcoreapp3.1) (&& (== netstandard2.0) (>= netcoreapp3.0))
      DevExpress.WindowsDesktop.Charts (20.2.3) - restriction: || (&& (== net461) (>= netstandard2.0)) (== net472) (== netcoreapp3.1) (== netstandard2.0)
      DevExpress.WindowsDesktop.Data (20.2.3) - restriction: || (&& (== net461) (>= netstandard2.0)) (== net472) (== netcoreapp3.1) (== netstandard2.0)
      DevExpress.WindowsDesktop.PivotGrid.Core (20.2.3) - restriction: || (&& (== net461) (>= netstandard2.0)) (== net472) (== netcoreapp3.1) (== netstandard2.0)
      DevExpress.WindowsDesktop.XAF.ExpressApp (20.2.3-ctp) - restriction: || (&& (== net461) (>= netstandard2.0)) (== net472) (== netcoreapp3.1) (== netstandard2.0)
      DevExpress.WindowsDesktop.XAF.Persistent.Base (20.2.3-ctp) - restriction: || (&& (== net461) (>= netstandard2.0)) (== net472) (== netcoreapp3.1) (== netstandard2.0)
      NETStandard.Library (>= 2.0.3) - restriction: || (&& (== net461) (>= netstandard2.0)) (== net472) (== netcoreapp3.1) (== netstandard2.0)
      System.Drawing.Common (>= 4.5) - restriction: || (&& (== net461) (>= netstandard2.0)) (== net472) (== netcoreapp3.1) (== netstandard2.0)
    DevExpress.WindowsDesktop.XAF.PivotChart.Win (20.2.3-ctp) - restriction: || (&& (== net461) (>= netcoreapp3.0)) (&& (== net472) (>= netcoreapp3.0)) (== netcoreapp3.1) (&& (== netstandard2.0) (>= netcoreapp3.0))
      DevExpress.WindowsDesktop.Charts (20.2.3) - restriction: || (&& (== net461) (>= netcoreapp3.0)) (&& (== net472) (>= netcoreapp3.0)) (== netcoreapp3.1) (&& (== netstandard2.0) (>= netcoreapp3.0))
      DevExpress.WindowsDesktop.Data (20.2.3) - restriction: || (&& (== net461) (>= netcoreapp3.0)) (&& (== net472) (>= netcoreapp3.0)) (== netcoreapp3.1) (&& (== netstandard2.0) (>= netcoreapp3.0))
      DevExpress.WindowsDesktop.PivotGrid.Core (20.2.3) - restriction: || (&& (== net461) (>= netcoreapp3.0)) (&& (== net472) (>= netcoreapp3.0)) (== netcoreapp3.1) (&& (== netstandard2.0) (>= netcoreapp3.0))
      DevExpress.WindowsDesktop.Printing.Core (20.2.3) - restriction: || (&& (== net461) (>= netcoreapp3.0)) (&& (== net472) (>= netcoreapp3.0)) (== netcoreapp3.1) (&& (== netstandard2.0) (>= netcoreapp3.0))
      DevExpress.WindowsDesktop.Win.Charts (20.2.3-ctp) - restriction: || (&& (== net461) (>= netcoreapp3.0)) (&& (== net472) (>= netcoreapp3.0)) (== netcoreapp3.1) (&& (== netstandard2.0) (>= netcoreapp3.0))
      DevExpress.WindowsDesktop.Win.Editors (20.2.3-ctp) - restriction: || (&& (== net461) (>= netcoreapp3.0)) (&& (== net472) (>= netcoreapp3.0)) (== netcoreapp3.1) (&& (== netstandard2.0) (>= netcoreapp3.0))
      DevExpress.WindowsDesktop.Win.PivotGrid (20.2.3-ctp) - restriction: || (&& (== net461) (>= netcoreapp3.0)) (&& (== net472) (>= netcoreapp3.0)) (== netcoreapp3.1) (&& (== netstandard2.0) (>= netcoreapp3.0))
      DevExpress.WindowsDesktop.Win.Utils (20.2.3-ctp) - restriction: || (&& (== net461) (>= netcoreapp3.0)) (&& (== net472) (>= netcoreapp3.0)) (== netcoreapp3.1) (&& (== netstandard2.0) (>= netcoreapp3.0))
      DevExpress.WindowsDesktop.XAF.ExpressApp (20.2.3-ctp) - restriction: || (&& (== net461) (>= netcoreapp3.0)) (&& (== net472) (>= netcoreapp3.0)) (== netcoreapp3.1) (&& (== netstandard2.0) (>= netcoreapp3.0))
      DevExpress.WindowsDesktop.XAF.ExpressApp.Win (20.2.3-ctp) - restriction: || (&& (== net461) (>= netcoreapp3.0)) (&& (== net472) (>= netcoreapp3.0)) (== netcoreapp3.1) (&& (== netstandard2.0) (>= netcoreapp3.0))
      DevExpress.WindowsDesktop.XAF.Persistent.Base (20.2.3-ctp) - restriction: || (&& (== net461) (>= netcoreapp3.0)) (&& (== net472) (>= netcoreapp3.0)) (== netcoreapp3.1) (&& (== netstandard2.0) (>= netcoreapp3.0))
      DevExpress.WindowsDesktop.XAF.PivotChart (20.2.3-ctp) - restriction: || (&& (== net461) (>= netcoreapp3.0)) (&& (== net472) (>= netcoreapp3.0)) (== netcoreapp3.1) (&& (== netstandard2.0) (>= netcoreapp3.0))
    DevExpress.WindowsDesktop.XAF.PivotGrid (20.2.3-ctp) - restriction: || (&& (== net461) (>= netcoreapp3.0)) (&& (== net472) (>= netcoreapp3.0)) (== netcoreapp3.1) (&& (== netstandard2.0) (>= netcoreapp3.0))
      DevExpress.WindowsDesktop.Data (20.2.3) - restriction: || (&& (== net461) (>= netstandard2.0)) (== net472) (== netcoreapp3.1) (== netstandard2.0)
      DevExpress.WindowsDesktop.PivotGrid.Core (20.2.3) - restriction: || (&& (== net461) (>= netstandard2.0)) (== net472) (== netcoreapp3.1) (== netstandard2.0)
      DevExpress.WindowsDesktop.XAF.ExpressApp (20.2.3-ctp) - restriction: || (&& (== net461) (>= netstandard2.0)) (== net472) (== netcoreapp3.1) (== netstandard2.0)
      NETStandard.Library (>= 2.0.3) - restriction: || (&& (== net461) (>= netstandard2.0)) (== net472) (== netcoreapp3.1) (== netstandard2.0)
      System.Drawing.Common (>= 4.5) - restriction: || (&& (== net461) (>= netstandard2.0)) (== net472) (== netcoreapp3.1) (== netstandard2.0)
    DevExpress.WindowsDesktop.XAF.PivotGrid.Win (20.2.3-ctp) - restriction: || (&& (== net461) (>= netcoreapp3.0)) (&& (== net472) (>= netcoreapp3.0)) (== netcoreapp3.1) (&& (== netstandard2.0) (>= netcoreapp3.0))
      DevExpress.WindowsDesktop.Charts (20.2.3) - restriction: || (&& (== net461) (>= netcoreapp3.0)) (&& (== net472) (>= netcoreapp3.0)) (== netcoreapp3.1) (&& (== netstandard2.0) (>= netcoreapp3.0))
      DevExpress.WindowsDesktop.Data (20.2.3) - restriction: || (&& (== net461) (>= netcoreapp3.0)) (&& (== net472) (>= netcoreapp3.0)) (== netcoreapp3.1) (&& (== netstandard2.0) (>= netcoreapp3.0))
      DevExpress.WindowsDesktop.PivotGrid.Core (20.2.3) - restriction: || (&& (== net461) (>= netcoreapp3.0)) (&& (== net472) (>= netcoreapp3.0)) (== netcoreapp3.1) (&& (== netstandard2.0) (>= netcoreapp3.0))
      DevExpress.WindowsDesktop.Win.Bars (20.2.3-ctp) - restriction: || (&& (== net461) (>= netcoreapp3.0)) (&& (== net472) (>= netcoreapp3.0)) (== netcoreapp3.1) (&& (== netstandard2.0) (>= netcoreapp3.0))
      DevExpress.WindowsDesktop.Win.Charts (20.2.3-ctp) - restriction: || (&& (== net461) (>= netcoreapp3.0)) (&& (== net472) (>= netcoreapp3.0)) (== netcoreapp3.1) (&& (== netstandard2.0) (>= netcoreapp3.0))
      DevExpress.WindowsDesktop.Win.Editors (20.2.3-ctp) - restriction: || (&& (== net461) (>= netcoreapp3.0)) (&& (== net472) (>= netcoreapp3.0)) (== netcoreapp3.1) (&& (== netstandard2.0) (>= netcoreapp3.0))
      DevExpress.WindowsDesktop.Win.Layout (20.2.3-ctp) - restriction: || (&& (== net461) (>= netcoreapp3.0)) (&& (== net472) (>= netcoreapp3.0)) (== netcoreapp3.1) (&& (== netstandard2.0) (>= netcoreapp3.0))
      DevExpress.WindowsDesktop.Win.PivotGrid (20.2.3-ctp) - restriction: || (&& (== net461) (>= netcoreapp3.0)) (&& (== net472) (>= netcoreapp3.0)) (== netcoreapp3.1) (&& (== netstandard2.0) (>= netcoreapp3.0))
      DevExpress.WindowsDesktop.Win.Utils (20.2.3-ctp) - restriction: || (&& (== net461) (>= netcoreapp3.0)) (&& (== net472) (>= netcoreapp3.0)) (== netcoreapp3.1) (&& (== netstandard2.0) (>= netcoreapp3.0))
      DevExpress.WindowsDesktop.XAF.ExpressApp (20.2.3-ctp) - restriction: || (&& (== net461) (>= netcoreapp3.0)) (&& (== net472) (>= netcoreapp3.0)) (== netcoreapp3.1) (&& (== netstandard2.0) (>= netcoreapp3.0))
      DevExpress.WindowsDesktop.XAF.ExpressApp.Win (20.2.3-ctp) - restriction: || (&& (== net461) (>= netcoreapp3.0)) (&& (== net472) (>= netcoreapp3.0)) (== netcoreapp3.1) (&& (== netstandard2.0) (>= netcoreapp3.0))
      DevExpress.WindowsDesktop.XAF.PivotGrid (20.2.3-ctp) - restriction: || (&& (== net461) (>= netcoreapp3.0)) (&& (== net472) (>= netcoreapp3.0)) (== netcoreapp3.1) (&& (== netstandard2.0) (>= netcoreapp3.0))
    DevExpress.WindowsDesktop.XAF.ReportsV2 (20.2.3-ctp) - restriction: || (&& (== net461) (>= netcoreapp3.0)) (&& (== net472) (>= netcoreapp3.0)) (== netcoreapp3.1) (&& (== netstandard2.0) (>= netcoreapp3.0))
      DevExpress.WindowsDesktop.Data (20.2.3) - restriction: || (&& (== net461) (>= netstandard2.0)) (== net472) (== netcoreapp3.1) (== netstandard2.0)
      DevExpress.WindowsDesktop.Printing.Core (20.2.3) - restriction: || (&& (== net461) (>= netstandard2.0)) (== net472) (== netcoreapp3.1) (== netstandard2.0)
      DevExpress.WindowsDesktop.Reporting.Core (20.2.3) - restriction: || (&& (== net461) (>= netstandard2.0)) (== net472) (== netcoreapp3.1) (== netstandard2.0)
      DevExpress.WindowsDesktop.XAF.ExpressApp (20.2.3-ctp) - restriction: || (&& (== net461) (>= netstandard2.0)) (== net472) (== netcoreapp3.1) (== netstandard2.0)
      DevExpress.WindowsDesktop.XAF.Persistent.Base (20.2.3-ctp) - restriction: || (&& (== net461) (>= netstandard2.0)) (== net472) (== netcoreapp3.1) (== netstandard2.0)
      NETStandard.Library (>= 2.0.3) - restriction: || (&& (== net461) (>= netstandard2.0)) (== net472) (== netcoreapp3.1) (== netstandard2.0)
      System.Drawing.Common (>= 4.5) - restriction: || (&& (== net461) (>= netstandard2.0)) (== net472) (== netcoreapp3.1) (== netstandard2.0)
    DevExpress.WindowsDesktop.XAF.ReportsV2.Win (20.2.3-ctp) - restriction: || (&& (== net461) (>= netcoreapp3.0)) (&& (== net472) (>= netcoreapp3.0)) (== netcoreapp3.1) (&& (== netstandard2.0) (>= netcoreapp3.0))
      DevExpress.WindowsDesktop.Data (20.2.3) - restriction: || (&& (== net461) (>= netcoreapp3.0)) (&& (== net472) (>= netcoreapp3.0)) (== netcoreapp3.1) (&& (== netstandard2.0) (>= netcoreapp3.0))
      DevExpress.WindowsDesktop.DataAccess (20.2.3) - restriction: || (&& (== net461) (>= netcoreapp3.0)) (&& (== net472) (>= netcoreapp3.0)) (== netcoreapp3.1) (&& (== netstandard2.0) (>= netcoreapp3.0))
      DevExpress.WindowsDesktop.Printing.Core (20.2.3) - restriction: || (&& (== net461) (>= netcoreapp3.0)) (&& (== net472) (>= netcoreapp3.0)) (== netcoreapp3.1) (&& (== netstandard2.0) (>= netcoreapp3.0))
      DevExpress.WindowsDesktop.Reporting.Core (20.2.3) - restriction: || (&& (== net461) (>= netcoreapp3.0)) (&& (== net472) (>= netcoreapp3.0)) (== netcoreapp3.1) (&& (== netstandard2.0) (>= netcoreapp3.0))
      DevExpress.WindowsDesktop.Win.Bars (20.2.3-ctp) - restriction: || (&& (== net461) (>= netcoreapp3.0)) (&& (== net472) (>= netcoreapp3.0)) (== netcoreapp3.1) (&& (== netstandard2.0) (>= netcoreapp3.0))
      DevExpress.WindowsDesktop.Win.DataAccess.UI (20.2.3-ctp) - restriction: || (&& (== net461) (>= netcoreapp3.0)) (&& (== net472) (>= netcoreapp3.0)) (== netcoreapp3.1) (&& (== netstandard2.0) (>= netcoreapp3.0))
      DevExpress.WindowsDesktop.Win.Editors (20.2.3-ctp) - restriction: || (&& (== net461) (>= netcoreapp3.0)) (&& (== net472) (>= netcoreapp3.0)) (== netcoreapp3.1) (&& (== netstandard2.0) (>= netcoreapp3.0))
      DevExpress.WindowsDesktop.Win.Grid (20.2.3-ctp) - restriction: || (&& (== net461) (>= netcoreapp3.0)) (&& (== net472) (>= netcoreapp3.0)) (== netcoreapp3.1) (&& (== netstandard2.0) (>= netcoreapp3.0))
      DevExpress.WindowsDesktop.Win.Printing (20.2.3-ctp) - restriction: || (&& (== net461) (>= netcoreapp3.0)) (&& (== net472) (>= netcoreapp3.0)) (== netcoreapp3.1) (&& (== netstandard2.0) (>= netcoreapp3.0))
      DevExpress.WindowsDesktop.Win.Reporting (20.2.3-ctp) - restriction: || (&& (== net461) (>= netcoreapp3.0)) (&& (== net472) (>= netcoreapp3.0)) (== netcoreapp3.1) (&& (== netstandard2.0) (>= netcoreapp3.0))
      DevExpress.WindowsDesktop.Win.TreeList (20.2.3-ctp) - restriction: || (&& (== net461) (>= netcoreapp3.0)) (&& (== net472) (>= netcoreapp3.0)) (== netcoreapp3.1) (&& (== netstandard2.0) (>= netcoreapp3.0))
      DevExpress.WindowsDesktop.Win.Utils (20.2.3-ctp) - restriction: || (&& (== net461) (>= netcoreapp3.0)) (&& (== net472) (>= netcoreapp3.0)) (== netcoreapp3.1) (&& (== netstandard2.0) (>= netcoreapp3.0))
      DevExpress.WindowsDesktop.Win.Utils.UI (20.2.3-ctp) - restriction: || (&& (== net461) (>= netcoreapp3.0)) (&& (== net472) (>= netcoreapp3.0)) (== netcoreapp3.1) (&& (== netstandard2.0) (>= netcoreapp3.0))
      DevExpress.WindowsDesktop.XAF.ExpressApp (20.2.3-ctp) - restriction: || (&& (== net461) (>= netcoreapp3.0)) (&& (== net472) (>= netcoreapp3.0)) (== netcoreapp3.1) (&& (== netstandard2.0) (>= netcoreapp3.0))
      DevExpress.WindowsDesktop.XAF.ExpressApp.Win (20.2.3-ctp) - restriction: || (&& (== net461) (>= netcoreapp3.0)) (&& (== net472) (>= netcoreapp3.0)) (== netcoreapp3.1) (&& (== netstandard2.0) (>= netcoreapp3.0))
      DevExpress.WindowsDesktop.XAF.Persistent.Base (20.2.3-ctp) - restriction: || (&& (== net461) (>= netcoreapp3.0)) (&& (== net472) (>= netcoreapp3.0)) (== netcoreapp3.1) (&& (== netstandard2.0) (>= netcoreapp3.0))
      DevExpress.WindowsDesktop.XAF.ReportsV2 (20.2.3-ctp) - restriction: || (&& (== net461) (>= netcoreapp3.0)) (&& (== net472) (>= netcoreapp3.0)) (== netcoreapp3.1) (&& (== netstandard2.0) (>= netcoreapp3.0))
    DevExpress.WindowsDesktop.XAF.Scheduler.Win (20.2.3-ctp) - restriction: || (&& (== net461) (>= netcoreapp3.0)) (&& (== net472) (>= netcoreapp3.0)) (== netcoreapp3.1) (&& (== netstandard2.0) (>= netcoreapp3.0))
      DevExpress.WindowsDesktop.Data (20.2.3) - restriction: || (&& (== net461) (>= netcoreapp3.0)) (&& (== net472) (>= netcoreapp3.0)) (== netcoreapp3.1) (&& (== netstandard2.0) (>= netcoreapp3.0))
      DevExpress.WindowsDesktop.Scheduler.Core (20.2.3) - restriction: || (&& (== net461) (>= netcoreapp3.0)) (&& (== net472) (>= netcoreapp3.0)) (== netcoreapp3.1) (&& (== netstandard2.0) (>= netcoreapp3.0))
      DevExpress.WindowsDesktop.Scheduler.CoreDesktop (20.2.3) - restriction: || (&& (== net461) (>= netcoreapp3.0)) (&& (== net472) (>= netcoreapp3.0)) (== netcoreapp3.1) (&& (== netstandard2.0) (>= netcoreapp3.0))
      DevExpress.WindowsDesktop.Win.Bars (20.2.3-ctp) - restriction: || (&& (== net461) (>= netcoreapp3.0)) (&& (== net472) (>= netcoreapp3.0)) (== netcoreapp3.1) (&& (== netstandard2.0) (>= netcoreapp3.0))
      DevExpress.WindowsDesktop.Win.Editors (20.2.3-ctp) - restriction: || (&& (== net461) (>= netcoreapp3.0)) (&& (== net472) (>= netcoreapp3.0)) (== netcoreapp3.1) (&& (== netstandard2.0) (>= netcoreapp3.0))
      DevExpress.WindowsDesktop.Win.Scheduler (20.2.3-ctp) - restriction: || (&& (== net461) (>= netcoreapp3.0)) (&& (== net472) (>= netcoreapp3.0)) (== netcoreapp3.1) (&& (== netstandard2.0) (>= netcoreapp3.0))
      DevExpress.WindowsDesktop.Win.Utils (20.2.3-ctp) - restriction: || (&& (== net461) (>= netcoreapp3.0)) (&& (== net472) (>= netcoreapp3.0)) (== netcoreapp3.1) (&& (== netstandard2.0) (>= netcoreapp3.0))
      DevExpress.WindowsDesktop.XAF.ExpressApp (20.2.3-ctp) - restriction: || (&& (== net461) (>= netcoreapp3.0)) (&& (== net472) (>= netcoreapp3.0)) (== netcoreapp3.1) (&& (== netstandard2.0) (>= netcoreapp3.0))
      DevExpress.WindowsDesktop.XAF.ExpressApp.Win (20.2.3-ctp) - restriction: || (&& (== net461) (>= netcoreapp3.0)) (&& (== net472) (>= netcoreapp3.0)) (== netcoreapp3.1) (&& (== netstandard2.0) (>= netcoreapp3.0))
      DevExpress.WindowsDesktop.XAF.Persistent.Base (20.2.3-ctp) - restriction: || (&& (== net461) (>= netcoreapp3.0)) (&& (== net472) (>= netcoreapp3.0)) (== netcoreapp3.1) (&& (== netstandard2.0) (>= netcoreapp3.0))
    DevExpress.WindowsDesktop.XAF.ScriptRecorder (20.2.3-ctp) - restriction: || (&& (== net461) (>= netcoreapp3.0)) (&& (== net472) (>= netcoreapp3.0)) (== netcoreapp3.1) (&& (== netstandard2.0) (>= netcoreapp3.0))
      DevExpress.WindowsDesktop.XAF.ExpressApp (20.2.3-ctp) - restriction: || (&& (== net461) (>= netstandard2.0)) (== net472) (== netcoreapp3.1) (== netstandard2.0)
      NETStandard.Library (>= 2.0.3) - restriction: || (&& (== net461) (>= netstandard2.0)) (== net472) (== netcoreapp3.1) (== netstandard2.0)
      System.Drawing.Common (>= 4.5) - restriction: || (&& (== net461) (>= netstandard2.0)) (== net472) (== netcoreapp3.1) (== netstandard2.0)
    DevExpress.WindowsDesktop.XAF.ScriptRecorder.Win (20.2.3-ctp) - restriction: || (&& (== net461) (>= netcoreapp3.0)) (&& (== net472) (>= netcoreapp3.0)) (== netcoreapp3.1) (&& (== netstandard2.0) (>= netcoreapp3.0))
      DevExpress.WindowsDesktop.Data (20.2.3) - restriction: || (&& (== net461) (>= netcoreapp3.0)) (&& (== net472) (>= netcoreapp3.0)) (== netcoreapp3.1) (&& (== netstandard2.0) (>= netcoreapp3.0))
      DevExpress.WindowsDesktop.Win.Bars (20.2.3-ctp) - restriction: || (&& (== net461) (>= netcoreapp3.0)) (&& (== net472) (>= netcoreapp3.0)) (== netcoreapp3.1) (&& (== netstandard2.0) (>= netcoreapp3.0))
      DevExpress.WindowsDesktop.Win.Utils (20.2.3-ctp) - restriction: || (&& (== net461) (>= netcoreapp3.0)) (&& (== net472) (>= netcoreapp3.0)) (== netcoreapp3.1) (&& (== netstandard2.0) (>= netcoreapp3.0))
      DevExpress.WindowsDesktop.XAF.ExpressApp (20.2.3-ctp) - restriction: || (&& (== net461) (>= netcoreapp3.0)) (&& (== net472) (>= netcoreapp3.0)) (== netcoreapp3.1) (&& (== netstandard2.0) (>= netcoreapp3.0))
      DevExpress.WindowsDesktop.XAF.ExpressApp.Win (20.2.3-ctp) - restriction: || (&& (== net461) (>= netcoreapp3.0)) (&& (== net472) (>= netcoreapp3.0)) (== netcoreapp3.1) (&& (== netstandard2.0) (>= netcoreapp3.0))
      DevExpress.WindowsDesktop.XAF.ScriptRecorder (20.2.3-ctp) - restriction: || (&& (== net461) (>= netcoreapp3.0)) (&& (== net472) (>= netcoreapp3.0)) (== netcoreapp3.1) (&& (== netstandard2.0) (>= netcoreapp3.0))
    DevExpress.WindowsDesktop.XAF.Security (20.2.3-ctp) - restriction: || (&& (== net461) (>= netcoreapp3.0)) (&& (== net472) (>= netcoreapp3.0)) (== netcoreapp3.1) (&& (== netstandard2.0) (>= netcoreapp3.0))
      DevExpress.WindowsDesktop.Data (20.2.3) - restriction: || (&& (== net461) (>= netstandard2.0)) (== net472) (== netcoreapp3.1) (== netstandard2.0)
      DevExpress.WindowsDesktop.XAF.ExpressApp (20.2.3-ctp) - restriction: || (&& (== net461) (>= netstandard2.0)) (== net472) (== netcoreapp3.1) (== netstandard2.0)
      DevExpress.WindowsDesktop.XAF.Persistent.Base (20.2.3-ctp) - restriction: || (&& (== net461) (>= netstandard2.0)) (== net472) (== netcoreapp3.1) (== netstandard2.0)
      Microsoft.Extensions.Options (>= 3.1.5) - restriction: || (&& (== net461) (>= netstandard2.0)) (== net472) (== netcoreapp3.1) (== netstandard2.0)
      NETStandard.Library (>= 2.0.3) - restriction: || (&& (== net461) (>= netstandard2.0)) (== net472) (== netcoreapp3.1) (== netstandard2.0)
      System.Drawing.Common (>= 4.5) - restriction: || (&& (== net461) (>= netstandard2.0)) (== net472) (== netcoreapp3.1) (== netstandard2.0)
      System.Security.Permissions (>= 4.5) - restriction: || (&& (== net461) (>= netstandard2.0)) (== net472) (== netcoreapp3.1) (== netstandard2.0)
    DevExpress.WindowsDesktop.XAF.Security.Xpo (20.2.3-ctp) - restriction: || (&& (== net461) (>= netcoreapp3.0)) (&& (== net472) (>= netcoreapp3.0)) (== netcoreapp3.1) (&& (== netstandard2.0) (>= netcoreapp3.0))
      DevExpress.WindowsDesktop.Data (20.2.3) - restriction: || (&& (== net461) (>= netstandard2.0)) (== net472) (== netcoreapp3.1) (== netstandard2.0)
      DevExpress.WindowsDesktop.XAF.ExpressApp (20.2.3-ctp) - restriction: || (&& (== net461) (>= netstandard2.0)) (== net472) (== netcoreapp3.1) (== netstandard2.0)
      DevExpress.WindowsDesktop.XAF.Persistent.Base (20.2.3-ctp) - restriction: || (&& (== net461) (>= netstandard2.0)) (== net472) (== netcoreapp3.1) (== netstandard2.0)
      DevExpress.WindowsDesktop.XAF.Security (20.2.3-ctp) - restriction: || (&& (== net461) (>= netstandard2.0)) (== net472) (== netcoreapp3.1) (== netstandard2.0)
      DevExpress.WindowsDesktop.XAF.Xpo (20.2.3-ctp) - restriction: || (&& (== net461) (>= netstandard2.0)) (== net472) (== netcoreapp3.1) (== netstandard2.0)
      DevExpress.WindowsDesktop.Xpo (20.2.3) - restriction: || (&& (== net461) (>= netstandard2.0)) (== net472) (== netcoreapp3.1) (== netstandard2.0)
      NETStandard.Library (>= 2.0.3) - restriction: || (&& (== net461) (>= netstandard2.0)) (== net472) (== netcoreapp3.1) (== netstandard2.0)
      System.ServiceModel.Http (>= 4.6) - restriction: || (&& (== net461) (>= netstandard2.0)) (== net472) (== netcoreapp3.1) (== netstandard2.0)
      System.ServiceModel.NetTcp (>= 4.6) - restriction: || (&& (== net461) (>= netstandard2.0)) (== net472) (== netcoreapp3.1) (== netstandard2.0)
      System.ServiceModel.Primitives (>= 4.6) - restriction: || (&& (== net461) (>= netstandard2.0)) (== net472) (== netcoreapp3.1) (== netstandard2.0)
    DevExpress.WindowsDesktop.XAF.StateMachine (20.2.3-ctp) - restriction: || (&& (== net461) (>= netcoreapp3.0)) (&& (== net472) (>= netcoreapp3.0)) (== netcoreapp3.1) (&& (== netstandard2.0) (>= netcoreapp3.0))
      DevExpress.WindowsDesktop.Data (20.2.3) - restriction: || (&& (== net461) (>= netstandard2.0)) (== net472) (== netcoreapp3.1) (== netstandard2.0)
      DevExpress.WindowsDesktop.XAF.ConditionalAppearance (20.2.3-ctp) - restriction: || (&& (== net461) (>= netstandard2.0)) (== net472) (== netcoreapp3.1) (== netstandard2.0)
      DevExpress.WindowsDesktop.XAF.ExpressApp (20.2.3-ctp) - restriction: || (&& (== net461) (>= netstandard2.0)) (== net472) (== netcoreapp3.1) (== netstandard2.0)
      DevExpress.WindowsDesktop.XAF.Persistent.Base (20.2.3-ctp) - restriction: || (&& (== net461) (>= netstandard2.0)) (== net472) (== netcoreapp3.1) (== netstandard2.0)
      DevExpress.WindowsDesktop.XAF.Validation (20.2.3-ctp) - restriction: || (&& (== net461) (>= netstandard2.0)) (== net472) (== netcoreapp3.1) (== netstandard2.0)
      NETStandard.Library (>= 2.0.3) - restriction: || (&& (== net461) (>= netstandard2.0)) (== net472) (== netcoreapp3.1) (== netstandard2.0)
      System.Drawing.Common (>= 4.5) - restriction: || (&& (== net461) (>= netstandard2.0)) (== net472) (== netcoreapp3.1) (== netstandard2.0)
    DevExpress.WindowsDesktop.XAF.TreeListEditors (20.2.3-ctp) - restriction: || (&& (== net461) (>= netcoreapp3.0)) (&& (== net472) (>= netcoreapp3.0)) (== netcoreapp3.1) (&& (== netstandard2.0) (>= netcoreapp3.0))
      DevExpress.WindowsDesktop.Data (20.2.3) - restriction: || (&& (== net461) (>= netstandard2.0)) (== net472) (== netcoreapp3.1) (== netstandard2.0)
      DevExpress.WindowsDesktop.XAF.ExpressApp (20.2.3-ctp) - restriction: || (&& (== net461) (>= netstandard2.0)) (== net472) (== netcoreapp3.1) (== netstandard2.0)
      DevExpress.WindowsDesktop.XAF.Persistent.Base (20.2.3-ctp) - restriction: || (&& (== net461) (>= netstandard2.0)) (== net472) (== netcoreapp3.1) (== netstandard2.0)
      NETStandard.Library (>= 2.0.3) - restriction: || (&& (== net461) (>= netstandard2.0)) (== net472) (== netcoreapp3.1) (== netstandard2.0)
      System.Drawing.Common (>= 4.5) - restriction: || (&& (== net461) (>= netstandard2.0)) (== net472) (== netcoreapp3.1) (== netstandard2.0)
    DevExpress.WindowsDesktop.XAF.TreeListEditors.Win (20.2.3-ctp) - restriction: || (&& (== net461) (>= netcoreapp3.0)) (&& (== net472) (>= netcoreapp3.0)) (== netcoreapp3.1) (&& (== netstandard2.0) (>= netcoreapp3.0))
      DevExpress.WindowsDesktop.Data (20.2.3) - restriction: || (&& (== net461) (>= netcoreapp3.0)) (&& (== net472) (>= netcoreapp3.0)) (== netcoreapp3.1) (&& (== netstandard2.0) (>= netcoreapp3.0))
      DevExpress.WindowsDesktop.Win.Bars (20.2.3-ctp) - restriction: || (&& (== net461) (>= netcoreapp3.0)) (&& (== net472) (>= netcoreapp3.0)) (== netcoreapp3.1) (&& (== netstandard2.0) (>= netcoreapp3.0))
      DevExpress.WindowsDesktop.Win.Editors (20.2.3-ctp) - restriction: || (&& (== net461) (>= netcoreapp3.0)) (&& (== net472) (>= netcoreapp3.0)) (== netcoreapp3.1) (&& (== netstandard2.0) (>= netcoreapp3.0))
      DevExpress.WindowsDesktop.Win.TreeList (20.2.3-ctp) - restriction: || (&& (== net461) (>= netcoreapp3.0)) (&& (== net472) (>= netcoreapp3.0)) (== netcoreapp3.1) (&& (== netstandard2.0) (>= netcoreapp3.0))
      DevExpress.WindowsDesktop.Win.Utils (20.2.3-ctp) - restriction: || (&& (== net461) (>= netcoreapp3.0)) (&& (== net472) (>= netcoreapp3.0)) (== netcoreapp3.1) (&& (== netstandard2.0) (>= netcoreapp3.0))
      DevExpress.WindowsDesktop.XAF.ExpressApp (20.2.3-ctp) - restriction: || (&& (== net461) (>= netcoreapp3.0)) (&& (== net472) (>= netcoreapp3.0)) (== netcoreapp3.1) (&& (== netstandard2.0) (>= netcoreapp3.0))
      DevExpress.WindowsDesktop.XAF.ExpressApp.Win (20.2.3-ctp) - restriction: || (&& (== net461) (>= netcoreapp3.0)) (&& (== net472) (>= netcoreapp3.0)) (== netcoreapp3.1) (&& (== netstandard2.0) (>= netcoreapp3.0))
      DevExpress.WindowsDesktop.XAF.Persistent.Base (20.2.3-ctp) - restriction: || (&& (== net461) (>= netcoreapp3.0)) (&& (== net472) (>= netcoreapp3.0)) (== netcoreapp3.1) (&& (== netstandard2.0) (>= netcoreapp3.0))
      DevExpress.WindowsDesktop.XAF.TreeListEditors (20.2.3-ctp) - restriction: || (&& (== net461) (>= netcoreapp3.0)) (&& (== net472) (>= netcoreapp3.0)) (== netcoreapp3.1) (&& (== netstandard2.0) (>= netcoreapp3.0))
    DevExpress.WindowsDesktop.XAF.Validation (20.2.3-ctp) - restriction: || (&& (== net461) (>= netcoreapp3.0)) (&& (== net472) (>= netcoreapp3.0)) (== netcoreapp3.1) (&& (== netstandard2.0) (>= netcoreapp3.0))
      DevExpress.WindowsDesktop.Data (20.2.3) - restriction: || (&& (== net461) (>= netstandard2.0)) (== net472) (== netcoreapp3.1) (== netstandard2.0)
      DevExpress.WindowsDesktop.XAF.ExpressApp (20.2.3-ctp) - restriction: || (&& (== net461) (>= netstandard2.0)) (== net472) (== netcoreapp3.1) (== netstandard2.0)
      DevExpress.WindowsDesktop.XAF.Persistent.Base (20.2.3-ctp) - restriction: || (&& (== net461) (>= netstandard2.0)) (== net472) (== netcoreapp3.1) (== netstandard2.0)
      NETStandard.Library (>= 2.0.3) - restriction: || (&& (== net461) (>= netstandard2.0)) (== net472) (== netcoreapp3.1) (== netstandard2.0)
      System.Drawing.Common (>= 4.5) - restriction: || (&& (== net461) (>= netstandard2.0)) (== net472) (== netcoreapp3.1) (== netstandard2.0)
    DevExpress.WindowsDesktop.XAF.Validation.Win (20.2.3-ctp) - restriction: || (&& (== net461) (>= netcoreapp3.0)) (&& (== net472) (>= netcoreapp3.0)) (== netcoreapp3.1) (&& (== netstandard2.0) (>= netcoreapp3.0))
      DevExpress.WindowsDesktop.Data (20.2.3) - restriction: || (&& (== net461) (>= netcoreapp3.0)) (&& (== net472) (>= netcoreapp3.0)) (== netcoreapp3.1) (&& (== netstandard2.0) (>= netcoreapp3.0))
      DevExpress.WindowsDesktop.Win.Editors (20.2.3-ctp) - restriction: || (&& (== net461) (>= netcoreapp3.0)) (&& (== net472) (>= netcoreapp3.0)) (== netcoreapp3.1) (&& (== netstandard2.0) (>= netcoreapp3.0))
      DevExpress.WindowsDesktop.Win.Grid (20.2.3-ctp) - restriction: || (&& (== net461) (>= netcoreapp3.0)) (&& (== net472) (>= netcoreapp3.0)) (== netcoreapp3.1) (&& (== netstandard2.0) (>= netcoreapp3.0))
      DevExpress.WindowsDesktop.XAF.ExpressApp (20.2.3-ctp) - restriction: || (&& (== net461) (>= netcoreapp3.0)) (&& (== net472) (>= netcoreapp3.0)) (== netcoreapp3.1) (&& (== netstandard2.0) (>= netcoreapp3.0))
      DevExpress.WindowsDesktop.XAF.ExpressApp.Win (20.2.3-ctp) - restriction: || (&& (== net461) (>= netcoreapp3.0)) (&& (== net472) (>= netcoreapp3.0)) (== netcoreapp3.1) (&& (== netstandard2.0) (>= netcoreapp3.0))
      DevExpress.WindowsDesktop.XAF.Persistent.Base (20.2.3-ctp) - restriction: || (&& (== net461) (>= netcoreapp3.0)) (&& (== net472) (>= netcoreapp3.0)) (== netcoreapp3.1) (&& (== netstandard2.0) (>= netcoreapp3.0))
      DevExpress.WindowsDesktop.XAF.Validation (20.2.3-ctp) - restriction: || (&& (== net461) (>= netcoreapp3.0)) (&& (== net472) (>= netcoreapp3.0)) (== netcoreapp3.1) (&& (== netstandard2.0) (>= netcoreapp3.0))
    DevExpress.WindowsDesktop.XAF.ViewVariantsModule (20.2.3-ctp) - restriction: || (&& (== net461) (>= netcoreapp3.0)) (&& (== net472) (>= netcoreapp3.0)) (== netcoreapp3.1) (&& (== netstandard2.0) (>= netcoreapp3.0))
      DevExpress.WindowsDesktop.Data (20.2.3) - restriction: || (&& (== net461) (>= netstandard2.0)) (== net472) (== netcoreapp3.1) (== netstandard2.0)
      DevExpress.WindowsDesktop.XAF.ExpressApp (20.2.3-ctp) - restriction: || (&& (== net461) (>= netstandard2.0)) (== net472) (== netcoreapp3.1) (== netstandard2.0)
      NETStandard.Library (>= 2.0.3) - restriction: || (&& (== net461) (>= netstandard2.0)) (== net472) (== netcoreapp3.1) (== netstandard2.0)
      System.Drawing.Common (>= 4.5) - restriction: || (&& (== net461) (>= netstandard2.0)) (== net472) (== netcoreapp3.1) (== netstandard2.0)
    DevExpress.WindowsDesktop.XAF.Xpo (20.2.3-ctp) - restriction: || (&& (== net461) (>= netcoreapp3.0)) (&& (== net472) (>= netcoreapp3.0)) (== netcoreapp3.1) (&& (== netstandard2.0) (>= netcoreapp3.0))
      DevExpress.WindowsDesktop.Data (20.2.3) - restriction: || (&& (== net461) (>= netstandard2.0)) (== net472) (== netcoreapp3.1) (== netstandard2.0)
      DevExpress.WindowsDesktop.XAF.ExpressApp (20.2.3-ctp) - restriction: || (&& (== net461) (>= netstandard2.0)) (== net472) (== netcoreapp3.1) (== netstandard2.0)
      DevExpress.WindowsDesktop.Xpo (20.2.3) - restriction: || (&& (== net461) (>= netstandard2.0)) (== net472) (== netcoreapp3.1) (== netstandard2.0)
      NETStandard.Library (>= 2.0.3) - restriction: || (&& (== net461) (>= netstandard2.0)) (== net472) (== netcoreapp3.1) (== netstandard2.0)
      System.Drawing.Common (>= 4.5) - restriction: || (&& (== net461) (>= netstandard2.0)) (== net472) (== netcoreapp3.1) (== netstandard2.0)
      System.Security.Permissions (>= 4.5) - restriction: || (&& (== net461) (>= netstandard2.0)) (== net472) (== netcoreapp3.1) (== netstandard2.0)
    DevExpress.WindowsDesktop.Xpo (20.2.3) - restriction: || (&& (== net461) (>= netcoreapp3.0)) (&& (== net472) (>= netcoreapp3.0)) (== netcoreapp3.1) (&& (== netstandard2.0) (>= netcoreapp3.0))
      DevExpress.WindowsDesktop.Data (20.2.3) - restriction: || (&& (== net461) (>= netstandard2.0)) (== net472) (== netcoreapp3.1) (== netstandard2.0)
      Microsoft.Extensions.DependencyInjection (>= 2.0) - restriction: || (&& (== net461) (>= netstandard2.0)) (== net472) (== netcoreapp3.1) (== netstandard2.0)
      Microsoft.Win32.Registry (>= 4.5) - restriction: || (&& (== net461) (>= netstandard2.0)) (== net472) (== netcoreapp3.1) (== netstandard2.0)
      NETStandard.Library (>= 2.0.3) - restriction: || (&& (== net461) (>= netstandard2.0)) (== net472) (== netcoreapp3.1) (== netstandard2.0)
      System.Configuration.ConfigurationManager (>= 4.5) - restriction: || (&& (== net461) (>= netstandard2.0)) (== net472) (== netcoreapp3.1) (== netstandard2.0)
      System.Data.SqlClient (>= 4.5) - restriction: || (&& (== net461) (>= netstandard2.0)) (== net472) (== netcoreapp3.1) (== netstandard2.0)
      System.Drawing.Common (>= 4.5) - restriction: || (&& (== net461) (>= netstandard2.0)) (== net472) (== netcoreapp3.1) (== netstandard2.0)
      System.ServiceModel.Http (>= 4.5) - restriction: || (&& (== net461) (>= netstandard2.0)) (== net472) (== netcoreapp3.1) (== netstandard2.0)
      System.ServiceModel.NetTcp (>= 4.4.1) - restriction: || (&& (== net461) (>= netstandard2.0)) (== net472) (== netcoreapp3.1) (== netstandard2.0)
      System.ServiceModel.Security (>= 4.4.3) - restriction: || (&& (== net461) (>= netstandard2.0)) (== net472) (== netcoreapp3.1) (== netstandard2.0)
